RESTRICTION: == net461
NUGET
  remote: https://api.nuget.org/v3/index.json
    AutoFixture (4.2)
    AutoFixture.AutoNSubstitute (4.2)
      AutoFixture (>= 4.2)
      NSubstitute (>= 2.0.3 < 4.0)
    AutoFixture.Xunit2 (4.1)
      AutoFixture (>= 4.1)
      xunit.extensibility.core (>= 2.0 < 3.0)
    Castle.Core (4.2.1)
    Microsoft.AspNet.WebApi.Client (5.2.2)
      Newtonsoft.Json (>= 6.0.4)
    Microsoft.AspNet.WebApi.Core (5.2.2)
      Microsoft.AspNet.WebApi.Client (>= 5.2.2)
    Microsoft.IdentityModel.Clients.ActiveDirectory (3.13.5)
      System.Collections (>= 4.0.11)
      System.Collections.Concurrent (>= 4.0.12)
      System.Diagnostics.Debug (>= 4.0.11)
      System.Globalization (>= 4.0.11)
      System.IO (>= 4.1)
      System.Linq (>= 4.1)
      System.Net.Http (>= 4.0.1)
      System.Net.Primitives (>= 4.0.11)
      System.Reflection (>= 4.1)
      System.Reflection.Extensions (>= 4.0.1)
      System.Runtime (>= 4.1)
      System.Runtime.Extensions (>= 4.1)
      System.Runtime.InteropServices (>= 4.1)
      System.Runtime.Serialization.Json (>= 4.0.2)
      System.Runtime.Serialization.Primitives (>= 4.1.1)
      System.Text.Encoding (>= 4.0.11)
      System.Text.Encoding.Extensions (>= 4.0.11)
      System.Text.RegularExpressions (>= 4.0.12)
      System.Threading (>= 4.0.11)
      System.Threading.Tasks (>= 4.0.11)
      System.Xml.ReaderWriter (>= 4.0.11)
      System.Xml.XDocument (>= 4.0.11)
    Microsoft.VisualStudio.SDK.Analyzers (15.8.36)
      Microsoft.VisualStudio.Threading.Analyzers (>= 15.8.168)
    Microsoft.VisualStudio.Services.Client (15.112.1)
      Microsoft.AspNet.WebApi.Client (>= 5.2.2)
      Newtonsoft.Json (>= 8.0.3)
    Microsoft.VisualStudio.Services.InteractiveClient (15.112.1)
      Microsoft.AspNet.WebApi.Client (>= 5.2.2)
      Microsoft.IdentityModel.Clients.ActiveDirectory (>= 3.13.5)
      Microsoft.VisualStudio.Services.Client (15.112.1)
      Newtonsoft.Json (>= 8.0.3)
      System.IdentityModel.Tokens.Jwt (>= 4.0.2.206221351)
      WindowsAzure.ServiceBus (>= 3.3.2)
    Microsoft.VisualStudio.Threading.Analyzers (16.0.102)
    Microsoft.VSSDK.BuildTools (15.9.3039)
      Microsoft.VisualStudio.SDK.Analyzers (>= 15.8.33)
    Microsoft.Win32.Primitives (4.0.1)
    Newtonsoft.Json (11.0.1)
    NSubstitute (3.1)
      Castle.Core (>= 4.2)
      System.Threading.Tasks.Extensions (>= 4.3)
    Shouldly (3.0)
    StructureMap (4.6.1)
      System.Reflection.Emit.Lightweight (>= 4.3)
    System.Collections (4.3)
    System.Collections.Concurrent (4.0.12)
    System.Diagnostics.Debug (4.0.11)
    System.Diagnostics.DiagnosticSource (4.0)
    System.Globalization (4.0.11)
    System.IdentityModel.Tokens.Jwt (4.0.2.206221351)
    System.IO (4.1)
    System.Linq (4.1)
    System.Net.Http (4.1)
      Microsoft.Win32.Primitives (>= 4.0.1)
      System.Diagnostics.DiagnosticSource (>= 4.0)
      System.Security.Cryptography.X509Certificates (>= 4.1)
    System.Net.Primitives (4.0.11)
    System.Reflection (4.1)
    System.Reflection.Emit.Lightweight (4.3)
    System.Reflection.Extensions (4.0.1)
    System.Runtime (4.3)
    System.Runtime.Extensions (4.1)
    System.Runtime.InteropServices (4.1)
    System.Runtime.Serialization.Json (4.0.2)
    System.Runtime.Serialization.Primitives (4.1.1)
    System.Security.Cryptography.Algorithms (4.2)
      System.Security.Cryptography.Primitives (>= 4.0)
    System.Security.Cryptography.Encoding (4.0)
    System.Security.Cryptography.Primitives (4.0)
    System.Security.Cryptography.X509Certificates (4.1)
      System.Security.Cryptography.Algorithms (>= 4.2)
      System.Security.Cryptography.Encoding (>= 4.0)
    System.Text.Encoding (4.0.11)
    System.Text.Encoding.Extensions (4.0.11)
    System.Text.RegularExpressions (4.1)
    System.Threading (4.0.11)
    System.Threading.Tasks (4.3)
    System.Threading.Tasks.Extensions (4.4)
      System.Collections (>= 4.3)
      System.Runtime (>= 4.3)
      System.Threading.Tasks (>= 4.3)
    System.Xml.ReaderWriter (4.0.11)
    System.Xml.XDocument (4.0.11)
    WindowsAzure.ServiceBus (3.3.2)
    xunit (2.3.1)
      xunit.analyzers (>= 0.7)
      xunit.assert (2.3.1)
      xunit.core (2.3.1)
    xunit.abstractions (2.0.1)
    xunit.analyzers (0.8)
    xunit.assert (2.3.1)
    xunit.core (2.3.1)
      xunit.extensibility.core (2.3.1)
      xunit.extensibility.execution (2.3.1)
    xunit.extensibility.core (2.3.1)
      xunit.abstractions (>= 2.0.1)
    xunit.extensibility.execution (2.3.1)
      xunit.extensibility.core (2.3.1)
    xunit.runner.visualstudio (2.3.1) - version_in_path: true
    Xunit.StaFact (0.2.9)
      xunit.extensibility.execution (>= 2.2)

GROUP build-script
RESTRICTION: == netstandard2.0
NUGET
  remote: https://api.nuget.org/v3/index.json
    canopy (2.1)
      FSharp.Core (>= 4.3.4)
      Selenium.WebDriver (>= 3.14)
      System.Drawing.Common (>= 4.5)
    Fake (5.8.4)
    Fake.Api.GitHub (5.9.3)
      FSharp.Core (>= 4.3.4)
      Octokit (>= 0.32)
    Fake.Core (5.8.4)
    Fake.Core.CommandLineParsing (5.9.3)
      FParsec (>= 1.0.3)
      FSharp.Core (>= 4.3.4)
    Fake.Core.Context (5.9.3)
      FSharp.Core (>= 4.3.4)
    Fake.Core.Environment (5.9.3)
      FSharp.Core (>= 4.3.4)
    Fake.Core.FakeVar (5.9.3)
      Fake.Core.Context (>= 5.9.3)
      FSharp.Core (>= 4.3.4)
    Fake.Core.Process (5.9.3)
      Fake.Core.Environment (>= 5.9.3)
      Fake.Core.FakeVar (>= 5.9.3)
      Fake.Core.String (>= 5.9.3)
      Fake.Core.Trace (>= 5.9.3)
      Fake.IO.FileSystem (>= 5.9.3)
      FSharp.Core (>= 4.3.4)
      System.Diagnostics.Process (>= 4.3)
    Fake.Core.String (5.9.3)
      FSharp.Core (>= 4.3.4)
    Fake.Core.Target (5.9.3)
      Fake.Core.CommandLineParsing (>= 5.9.3)
      Fake.Core.Context (>= 5.9.3)
      Fake.Core.Environment (>= 5.9.3)
      Fake.Core.FakeVar (>= 5.9.3)
      Fake.Core.Process (>= 5.9.3)
      Fake.Core.String (>= 5.9.3)
      Fake.Core.Trace (>= 5.9.3)
      FSharp.Control.Reactive (>= 4.1)
      FSharp.Core (>= 4.3.4)
      System.Reactive.Compatibility (>= 4.1.2)
    Fake.Core.Trace (5.9.3)
      Fake.Core.Environment (>= 5.9.3)
      Fake.Core.FakeVar (>= 5.9.3)
      FSharp.Core (>= 4.3.4)
    Fake.IO.FileSystem (5.9.3)
      Fake.Core.String (>= 5.9.3)
      FSharp.Core (>= 4.3.4)
      System.Diagnostics.FileVersionInfo (>= 4.3)
      System.IO.FileSystem.Watcher (>= 4.3)
    FParsec (1.0.3)
      FSharp.Core (>= 4.2.3)
      NETStandard.Library (>= 1.6.1)
    FSharp.Control.Reactive (4.1)
      FSharp.Core (>= 4.2.3)
      System.Reactive (>= 4.0)
    FSharp.Core (4.5.2)
    Microsoft.NETCore.Platforms (2.1.1)
    Microsoft.NETCore.Targets (2.1)
    Microsoft.Win32.Primitives (4.3)
      Microsoft.NETCore.Platforms (>= 1.1)
      Microsoft.NETCore.Targets (>= 1.1)
      System.Runtime (>= 4.3)
    Microsoft.Win32.Registry (4.5)
      System.Buffers (>= 4.4)
      System.Memory (>= 4.5)
      System.Security.AccessControl (>= 4.5)
      System.Security.Principal.Windows (>= 4.5)
    NETStandard.Library (2.0.3)
      Microsoft.NETCore.Platforms (>= 1.1)
    Newtonsoft.Json (11.0.2)
    Octokit (0.32)
      NETStandard.Library (>= 1.6)
    runtime.native.System (4.3.1)
      Microsoft.NETCore.Platforms (>= 1.1.1)
      Microsoft.NETCore.Targets (>= 1.1.3)
    Selenium.Support (3.14)
      Selenium.WebDriver (>= 3.14)
    Selenium.WebDriver (3.14)
      Newtonsoft.Json (>= 10.0.3)
    Selenium.WebDriver.ChromeDriver (2.43)
    System.Buffers (4.5)
    System.Collections (4.3)
      Microsoft.NETCore.Platforms (>= 1.1)
      Microsoft.NETCore.Targets (>= 1.1)
      System.Runtime (>= 4.3)
    System.Collections.Immutable (1.5)
    System.Diagnostics.Debug (4.3)
      Microsoft.NETCore.Platforms (>= 1.1)
      Microsoft.NETCore.Targets (>= 1.1)
      System.Runtime (>= 4.3)
    System.Diagnostics.FileVersionInfo (4.3)
      Microsoft.NETCore.Platforms (>= 1.1)
      System.Globalization (>= 4.3)
      System.IO (>= 4.3)
      System.IO.FileSystem (>= 4.3)
      System.IO.FileSystem.Primitives (>= 4.3)
      System.Reflection.Metadata (>= 1.4.1)
      System.Runtime (>= 4.3)
      System.Runtime.Extensions (>= 4.3)
      System.Runtime.InteropServices (>= 4.3)
    System.Diagnostics.Process (4.3)
      Microsoft.NETCore.Platforms (>= 1.1)
      Microsoft.Win32.Primitives (>= 4.3)
      Microsoft.Win32.Registry (>= 4.3)
      runtime.native.System (>= 4.3)
      System.Collections (>= 4.3)
      System.Diagnostics.Debug (>= 4.3)
      System.Globalization (>= 4.3)
      System.IO (>= 4.3)
      System.IO.FileSystem (>= 4.3)
      System.IO.FileSystem.Primitives (>= 4.3)
      System.Resources.ResourceManager (>= 4.3)
      System.Runtime (>= 4.3)
      System.Runtime.Extensions (>= 4.3)
      System.Runtime.Handles (>= 4.3)
      System.Runtime.InteropServices (>= 4.3)
      System.Text.Encoding (>= 4.3)
      System.Text.Encoding.Extensions (>= 4.3)
      System.Threading (>= 4.3)
      System.Threading.Tasks (>= 4.3)
      System.Threading.Thread (>= 4.3)
      System.Threading.ThreadPool (>= 4.3)
    System.Drawing.Common (4.5.1)
    System.Globalization (4.3)
      Microsoft.NETCore.Platforms (>= 1.1)
      Microsoft.NETCore.Targets (>= 1.1)
      System.Runtime (>= 4.3)
    System.IO (4.3)
      Microsoft.NETCore.Platforms (>= 1.1)
      Microsoft.NETCore.Targets (>= 1.1)
      System.Runtime (>= 4.3)
      System.Text.Encoding (>= 4.3)
      System.Threading.Tasks (>= 4.3)
    System.IO.FileSystem (4.3)
      Microsoft.NETCore.Platforms (>= 1.1)
      Microsoft.NETCore.Targets (>= 1.1)
      System.IO (>= 4.3)
      System.IO.FileSystem.Primitives (>= 4.3)
      System.Runtime (>= 4.3)
      System.Runtime.Handles (>= 4.3)
      System.Text.Encoding (>= 4.3)
      System.Threading.Tasks (>= 4.3)
    System.IO.FileSystem.Primitives (4.3)
      System.Runtime (>= 4.3)
    System.IO.FileSystem.Watcher (4.3)
      Microsoft.NETCore.Platforms (>= 1.1)
      Microsoft.Win32.Primitives (>= 4.3)
      runtime.native.System (>= 4.3)
      System.Collections (>= 4.3)
      System.IO.FileSystem (>= 4.3)
      System.IO.FileSystem.Primitives (>= 4.3)
      System.Resources.ResourceManager (>= 4.3)
      System.Runtime (>= 4.3)
      System.Runtime.Extensions (>= 4.3)
      System.Runtime.Handles (>= 4.3)
      System.Runtime.InteropServices (>= 4.3)
      System.Text.Encoding (>= 4.3)
      System.Threading (>= 4.3)
      System.Threading.Overlapped (>= 4.3)
      System.Threading.Tasks (>= 4.3)
      System.Threading.Thread (>= 4.3)
    System.Memory (4.5.1)
      System.Buffers (>= 4.4)
      System.Numerics.Vectors (>= 4.4)
      System.Runtime.CompilerServices.Unsafe (>= 4.5)
    System.Numerics.Vectors (4.5)
    System.Reactive (4.1.2)
      System.Runtime.InteropServices.WindowsRuntime (>= 4.3)
      System.Threading.Tasks.Extensions (>= 4.5.1)
    System.Reactive.Compatibility (4.1.2)
      System.Reactive.Core (>= 4.1.2)
      System.Reactive.Interfaces (>= 4.1.2)
      System.Reactive.Linq (>= 4.1.2)
      System.Reactive.PlatformServices (>= 4.1.2)
      System.Reactive.Providers (>= 4.1.2)
    System.Reactive.Core (4.1.2)
      System.Reactive (>= 4.1.2)
      System.Threading.Tasks.Extensions (>= 4.5.1)
    System.Reactive.Interfaces (4.1.2)
      System.Reactive (>= 4.1.2)
      System.Threading.Tasks.Extensions (>= 4.5.1)
    System.Reactive.Linq (4.1.2)
      System.Reactive (>= 4.1.2)
      System.Threading.Tasks.Extensions (>= 4.5.1)
    System.Reactive.PlatformServices (4.1.2)
      System.Reactive (>= 4.1.2)
      System.Threading.Tasks.Extensions (>= 4.5.1)
    System.Reactive.Providers (4.1.2)
      System.Reactive (>= 4.1.2)
      System.Threading.Tasks.Extensions (>= 4.5.1)
    System.Reflection (4.3)
      Microsoft.NETCore.Platforms (>= 1.1)
      Microsoft.NETCore.Targets (>= 1.1)
      System.IO (>= 4.3)
      System.Reflection.Primitives (>= 4.3)
      System.Runtime (>= 4.3)
    System.Reflection.Metadata (1.6)
      System.Collections.Immutable (>= 1.5)
    System.Reflection.Primitives (4.3)
      Microsoft.NETCore.Platforms (>= 1.1)
      Microsoft.NETCore.Targets (>= 1.1)
      System.Runtime (>= 4.3)
    System.Resources.ResourceManager (4.3)
      Microsoft.NETCore.Platforms (>= 1.1)
      Microsoft.NETCore.Targets (>= 1.1)
      System.Globalization (>= 4.3)
      System.Reflection (>= 4.3)
      System.Runtime (>= 4.3)
    System.Runtime (4.3)
      Microsoft.NETCore.Platforms (>= 1.1)
      Microsoft.NETCore.Targets (>= 1.1)
    System.Runtime.CompilerServices.Unsafe (4.5.2)
    System.Runtime.Extensions (4.3)
      Microsoft.NETCore.Platforms (>= 1.1)
      Microsoft.NETCore.Targets (>= 1.1)
      System.Runtime (>= 4.3)
    System.Runtime.Handles (4.3)
      Microsoft.NETCore.Platforms (>= 1.1)
      Microsoft.NETCore.Targets (>= 1.1)
      System.Runtime (>= 4.3)
    System.Runtime.InteropServices (4.3)
      Microsoft.NETCore.Platforms (>= 1.1)
      Microsoft.NETCore.Targets (>= 1.1)
      System.Reflection (>= 4.3)
      System.Reflection.Primitives (>= 4.3)
      System.Runtime (>= 4.3)
      System.Runtime.Handles (>= 4.3)
    System.Runtime.InteropServices.WindowsRuntime (4.3)
      System.Runtime (>= 4.3)
    System.Security.AccessControl (4.5)
      System.Security.Principal.Windows (>= 4.5)
    System.Security.Principal.Windows (4.5.1)
    System.Text.Encoding (4.3)
      Microsoft.NETCore.Platforms (>= 1.1)
      Microsoft.NETCore.Targets (>= 1.1)
      System.Runtime (>= 4.3)
    System.Text.Encoding.Extensions (4.3)
      Microsoft.NETCore.Platforms (>= 1.1)
      Microsoft.NETCore.Targets (>= 1.1)
      System.Runtime (>= 4.3)
      System.Text.Encoding (>= 4.3)
    System.Threading (4.3)
      System.Runtime (>= 4.3)
      System.Threading.Tasks (>= 4.3)
    System.Threading.Overlapped (4.3)
      Microsoft.NETCore.Platforms (>= 1.1)
      System.Resources.ResourceManager (>= 4.3)
      System.Runtime (>= 4.3)
      System.Runtime.Handles (>= 4.3)
    System.Threading.Tasks (4.3)
      Microsoft.NETCore.Platforms (>= 1.1)
      Microsoft.NETCore.Targets (>= 1.1)
      System.Runtime (>= 4.3)
    System.Threading.Tasks.Extensions (4.5.1)
      System.Runtime.CompilerServices.Unsafe (>= 4.5)
    System.Threading.Thread (4.3)
      System.Runtime (>= 4.3)
    System.Threading.ThreadPool (4.3)
      System.Runtime (>= 4.3)
      System.Runtime.Handles (>= 4.3)

GROUP vs14
RESTRICTION: == net461
NUGET
  remote: https://api.nuget.org/v3/index.json
    Microsoft.AspNet.WebApi.Client (5.2.4) - copy_local: false, redirects: force
      Newtonsoft.Json (>= 6.0.4)
    Microsoft.AspNet.WebApi.Core (5.2.4) - copy_local: false, redirects: force
      Microsoft.AspNet.WebApi.Client (>= 5.2.4)
    Microsoft.IdentityModel.Clients.ActiveDirectory (3.19.1) - copy_local: false, redirects: force
    Microsoft.IdentityModel.Logging (5.2.1) - copy_local: false, redirects: force
    Microsoft.IdentityModel.Tokens (5.2.1) - copy_local: false, redirects: force
      Microsoft.IdentityModel.Logging (>= 5.2.1)
      Newtonsoft.Json (>= 10.0.1)
    Microsoft.TeamFoundationServer.Client (14.102) - copy_local: false, redirects: force
      Microsoft.AspNet.WebApi.Client (>= 5.2.2)
      Microsoft.VisualStudio.Services.Client (14.102)
      Newtonsoft.Json (>= 6.0.8)
    Microsoft.TeamFoundationServer.ExtendedClient (14.102) - copy_local: false, redirects: force
      Microsoft.AspNet.WebApi.Client (>= 5.2.2)
      Microsoft.AspNet.WebApi.Core (>= 5.2.2)
      Microsoft.IdentityModel.Clients.ActiveDirectory (>= 2.16.204221202)
      Microsoft.TeamFoundationServer.Client (14.102)
      Microsoft.VisualStudio.Services.Client (14.102)
      Microsoft.VisualStudio.Services.InteractiveClient (14.102)
      Newtonsoft.Json (>= 6.0.8)
      System.IdentityModel.Tokens.Jwt (>= 4.0)
    Microsoft.VisualStudio.CoreUtility (15.5.27130) - copy_local: false
    Microsoft.VisualStudio.ImageCatalog (15.6.27413) - copy_local: false
    Microsoft.VisualStudio.Imaging (15.5.27130) - copy_local: false
      Microsoft.VisualStudio.CoreUtility (>= 15.5.27130)
      Microsoft.VisualStudio.ImageCatalog (>= 15.5.27130)
    Microsoft.VisualStudio.OLE.Interop (7.10.6071) - copy_local: false
    Microsoft.VisualStudio.Services.Client (14.102) - copy_local: false, redirects: force
      Microsoft.AspNet.WebApi.Client (>= 5.2.2)
      Newtonsoft.Json (>= 6.0.8)
    Microsoft.VisualStudio.Services.InteractiveClient (14.102) - copy_local: false, redirects: force
      Microsoft.AspNet.WebApi.Client (>= 5.2.2)
      Microsoft.IdentityModel.Clients.ActiveDirectory (>= 2.16.204221202)
      Microsoft.VisualStudio.Services.Client (14.102)
      Newtonsoft.Json (>= 6.0.8)
      System.IdentityModel.Tokens.Jwt (>= 4.0)
      WindowsAzure.ServiceBus (>= 2.5.1)
    Microsoft.VisualStudio.Shell.14.0 (14.3.25407) - copy_local: false
      Microsoft.VisualStudio.Imaging (>= 14.3.25407)
      Microsoft.VisualStudio.OLE.Interop (>= 7.10.6070)
      Microsoft.VisualStudio.Shell.Immutable.10.0 (>= 10.0.30319)
      Microsoft.VisualStudio.Shell.Immutable.11.0 (>= 11.0.50727)
      Microsoft.VisualStudio.Shell.Immutable.12.0 (>= 12.0.21003)
      Microsoft.VisualStudio.Shell.Immutable.14.0 (>= 14.3.25407)
      Microsoft.VisualStudio.Shell.Interop (>= 7.10.6071)
      Microsoft.VisualStudio.Shell.Interop.8.0 (>= 8.0.50727)
      Microsoft.VisualStudio.Shell.Interop.9.0 (>= 9.0.30729)
      Microsoft.VisualStudio.TextManager.Interop (>= 7.10.6070)
      Microsoft.VisualStudio.Threading (>= 14.1.111)
      Microsoft.VisualStudio.Utilities (>= 14.3.25407)
    Microsoft.VisualStudio.Shell.Immutable.10.0 (10.0.30319)
    Microsoft.VisualStudio.Shell.Immutable.11.0 (11.0.50727)
      Microsoft.VisualStudio.OLE.Interop (>= 7.10.6070)
      Microsoft.VisualStudio.Shell.Interop (>= 7.10.6071)
    Microsoft.VisualStudio.Shell.Immutable.12.0 (12.0.21003)
    Microsoft.VisualStudio.Shell.Immutable.14.0 (14.3.25407)
      Microsoft.VisualStudio.Shell.Immutable.11.0 (>= 11.0.50727)
    Microsoft.VisualStudio.Shell.Interop (7.10.6072) - copy_local: false
      Microsoft.VisualStudio.TextManager.Interop (>= 7.10.6071)
    Microsoft.VisualStudio.Shell.Interop.10.0 (10.0.30320)
      Microsoft.VisualStudio.Shell.Interop.8.0 (>= 8.0.50728)
    Microsoft.VisualStudio.Shell.Interop.11.0 (11.0.61031)
      Microsoft.VisualStudio.Shell.Interop.10.0 (>= 10.0.30320)
    Microsoft.VisualStudio.Shell.Interop.12.0 (12.0.30111)
      Microsoft.VisualStudio.Shell.Interop.11.0 (>= 11.0.61031)
    Microsoft.VisualStudio.Shell.Interop.8.0 (8.0.50728) - copy_local: false
      Microsoft.VisualStudio.Shell.Interop (>= 7.10.6072)
      Microsoft.VisualStudio.TextManager.Interop.8.0 (>= 8.0.50728)
    Microsoft.VisualStudio.Shell.Interop.9.0 (9.0.30730) - copy_local: false
      Microsoft.VisualStudio.Shell.Interop.8.0 (>= 8.0.50728)
    Microsoft.VisualStudio.TextManager.Interop (7.10.6071) - copy_local: false
      Microsoft.VisualStudio.OLE.Interop (>= 7.10.6071)
    Microsoft.VisualStudio.TextManager.Interop.8.0 (8.0.50728) - copy_local: false
      Microsoft.VisualStudio.Shell.Interop (>= 7.10.6072)
    Microsoft.VisualStudio.Threading (14.1.131)
      Microsoft.VisualStudio.Validation (>= 14.1.111)
    Microsoft.VisualStudio.Utilities (15.5.27130) - copy_local: false
    Microsoft.VisualStudio.Validation (15.3.32)
    Newtonsoft.Json (11.0.1) - copy_local: false, redirects: force
    System.IdentityModel.Tokens.Jwt (5.2.1) - copy_local: false, redirects: force
      Microsoft.IdentityModel.Tokens (>= 5.2.1)
      Newtonsoft.Json (>= 10.0.1)
    WindowsAzure.ServiceBus (4.1.7) - copy_local: false, redirects: force

GROUP vs15
RESTRICTION: == net461
NUGET
  remote: https://api.nuget.org/v3/index.json
    Microsoft.AspNet.WebApi.Client (5.2.4) - copy_local: false, redirects: force
      Newtonsoft.Json (>= 6.0.4)
    Microsoft.AspNet.WebApi.Core (5.2.4) - copy_local: false, redirects: force
      Microsoft.AspNet.WebApi.Client (>= 5.2.4)
    Microsoft.IdentityModel.Clients.ActiveDirectory (3.19.1) - copy_local: false, redirects: force
    Microsoft.IdentityModel.Logging (5.2.1) - copy_local: false, redirects: force
    Microsoft.IdentityModel.Tokens (5.2.1) - copy_local: false, redirects: force
      Microsoft.IdentityModel.Logging (>= 5.2.1)
      Newtonsoft.Json (>= 10.0.1)
    Microsoft.TeamFoundation.DistributedTask.Common (15.112.1) - copy_local: false, redirects: force
      Microsoft.Tpl.Dataflow (>= 4.5.24)
      Microsoft.VisualStudio.Services.Client (15.112.1)
      Newtonsoft.Json (>= 8.0.3)
    Microsoft.TeamFoundationServer.Client (15.112.1) - copy_local: false, redirects: force
      Microsoft.AspNet.WebApi.Client (>= 5.2.2)
      Microsoft.TeamFoundation.DistributedTask.Common (15.112.1)
      Microsoft.VisualStudio.Services.Client (15.112.1)
      Newtonsoft.Json (>= 8.0.3)
    Microsoft.TeamFoundationServer.ExtendedClient (15.112.1) - copy_local: false, redirects: force
      Microsoft.AspNet.WebApi.Client (>= 5.2.2)
      Microsoft.AspNet.WebApi.Core (>= 5.2.2)
      Microsoft.IdentityModel.Clients.ActiveDirectory (>= 3.13.5)
      Microsoft.TeamFoundationServer.Client (15.112.1)
      Microsoft.VisualStudio.Services.Client (15.112.1)
      Microsoft.VisualStudio.Services.InteractiveClient (15.112.1)
      Newtonsoft.Json (>= 8.0.3)
      System.IdentityModel.Tokens.Jwt (>= 4.0.2.206221351)
    Microsoft.Tpl.Dataflow (4.5.24) - copy_local: false, redirects: force
    Microsoft.VisualStudio.CoreUtility (15.6.27740) - copy_local: false
      Microsoft.VisualStudio.Threading (>= 15.3.23)
      Microsoft.VisualStudio.Validation (>= 15.3.15)
    Microsoft.VisualStudio.ImageCatalog (15.6.27413) - copy_local: false
    Microsoft.VisualStudio.Imaging (15.6.27413) - copy_local: false
      Microsoft.VisualStudio.CoreUtility (>= 15.6.27413)
      Microsoft.VisualStudio.ImageCatalog (>= 15.6.27413)
      Microsoft.VisualStudio.Utilities (>= 15.6.27413)
    Microsoft.VisualStudio.OLE.Interop (7.10.6071) - copy_local: false
    Microsoft.VisualStudio.SDK.EmbedInteropTypes (15.0.16) - copy_local: false
    Microsoft.VisualStudio.Services.Client (15.112.1) - copy_local: false, redirects: force
      Microsoft.AspNet.WebApi.Client (>= 5.2.2)
      Newtonsoft.Json (>= 8.0.3)
    Microsoft.VisualStudio.Services.InteractiveClient (15.112.1) - copy_local: false, redirects: force
      Microsoft.AspNet.WebApi.Client (>= 5.2.2)
      Microsoft.IdentityModel.Clients.ActiveDirectory (>= 3.13.5)
      Microsoft.VisualStudio.Services.Client (15.112.1)
      Newtonsoft.Json (>= 8.0.3)
      System.IdentityModel.Tokens.Jwt (>= 4.0.2.206221351)
      WindowsAzure.ServiceBus (>= 3.3.2)
    Microsoft.VisualStudio.Shell.14.0 (14.3.25407) - copy_local: false
      Microsoft.VisualStudio.Imaging (>= 14.3.25407)
      Microsoft.VisualStudio.OLE.Interop (>= 7.10.6070)
      Microsoft.VisualStudio.Shell.Immutable.10.0 (>= 10.0.30319)
      Microsoft.VisualStudio.Shell.Immutable.11.0 (>= 11.0.50727)
      Microsoft.VisualStudio.Shell.Immutable.12.0 (>= 12.0.21003)
      Microsoft.VisualStudio.Shell.Immutable.14.0 (>= 14.3.25407)
      Microsoft.VisualStudio.Shell.Interop (>= 7.10.6071)
      Microsoft.VisualStudio.Shell.Interop.8.0 (>= 8.0.50727)
      Microsoft.VisualStudio.Shell.Interop.9.0 (>= 9.0.30729)
      Microsoft.VisualStudio.TextManager.Interop (>= 7.10.6070)
      Microsoft.VisualStudio.Threading (>= 14.1.111)
      Microsoft.VisualStudio.Utilities (>= 14.3.25407)
    Microsoft.VisualStudio.Shell.15.0 (15.6.27413) - copy_local: false
      Microsoft.VisualStudio.Imaging (>= 15.6.27413)
      Microsoft.VisualStudio.SDK.EmbedInteropTypes (>= 15.0.16)
      Microsoft.VisualStudio.Shell.Framework (>= 15.6.27413)
      Microsoft.VisualStudio.Shell.Interop.15.3.DesignTime (>= 15.0.26929)
      Microsoft.VisualStudio.Shell.Interop.15.6.DesignTime (>= 15.6.27413)
      Microsoft.VisualStudio.Shell.Interop.9.0 (>= 9.0.30730)
      Microsoft.VisualStudio.Text.Data (>= 15.6.27413)
      Microsoft.VisualStudio.Threading (>= 15.4.4)
    Microsoft.VisualStudio.Shell.Framework (15.6.27413) - copy_local: false
      Microsoft.VisualStudio.CoreUtility (>= 15.6.27413)
      Microsoft.VisualStudio.OLE.Interop (>= 7.10.6071)
      Microsoft.VisualStudio.Utilities (>= 15.6.27413)
    Microsoft.VisualStudio.Shell.Immutable.10.0 (15.0.25415) - copy_local: false
      Microsoft.VisualStudio.Shell.Framework (>= 15.0.25415)
    Microsoft.VisualStudio.Shell.Immutable.11.0 (15.0.25415) - copy_local: false
      Microsoft.VisualStudio.Shell.Framework (>= 15.0.25415)
    Microsoft.VisualStudio.Shell.Immutable.12.0 (15.0.25415) - copy_local: false
      Microsoft.VisualStudio.Shell.Framework (>= 15.0.25415)
    Microsoft.VisualStudio.Shell.Immutable.14.0 (15.0.25405) - copy_local: false
      Microsoft.VisualStudio.Shell.Framework (>= 15.0.25405)
    Microsoft.VisualStudio.Shell.Interop (7.10.6072) - copy_local: false
      Microsoft.VisualStudio.TextManager.Interop (>= 7.10.6071)
    Microsoft.VisualStudio.Shell.Interop.10.0 (10.0.30320)
      Microsoft.VisualStudio.Shell.Interop.8.0 (>= 8.0.50728)
    Microsoft.VisualStudio.Shell.Interop.11.0 (11.0.61031)
      Microsoft.VisualStudio.Shell.Interop.10.0 (>= 10.0.30320)
    Microsoft.VisualStudio.Shell.Interop.12.0 (12.0.30111)
      Microsoft.VisualStudio.Shell.Interop.11.0 (>= 11.0.61031)
    Microsoft.VisualStudio.Shell.Interop.15.3.DesignTime (15.0.26929) - copy_local: false
      Microsoft.VisualStudio.SDK.EmbedInteropTypes (>= 15.0.12)
      Microsoft.VisualStudio.Shell.Interop.11.0 (>= 11.0.61031)
    Microsoft.VisualStudio.Shell.Interop.15.6.DesignTime (15.6.27413) - copy_local: false
      Microsoft.VisualStudio.SDK.EmbedInteropTypes (>= 15.0.16)
      Microsoft.VisualStudio.Shell.Interop.11.0 (>= 11.0.61031)
    Microsoft.VisualStudio.Shell.Interop.8.0 (8.0.50728) - copy_local: false
      Microsoft.VisualStudio.Shell.Interop (>= 7.10.6072)
      Microsoft.VisualStudio.TextManager.Interop.8.0 (>= 8.0.50728)
    Microsoft.VisualStudio.Shell.Interop.9.0 (9.0.30730) - copy_local: false
      Microsoft.VisualStudio.Shell.Interop.8.0 (>= 8.0.50728)
    Microsoft.VisualStudio.Text.Data (15.6.27740) - copy_local: false
      Microsoft.VisualStudio.CoreUtility (>= 15.6.27740)
      Microsoft.VisualStudio.Threading (>= 15.3.23)
      Microsoft.VisualStudio.Validation (>= 15.3.15)
    Microsoft.VisualStudio.TextManager.Interop (7.10.6071) - copy_local: false
      Microsoft.VisualStudio.OLE.Interop (>= 7.10.6071)
    Microsoft.VisualStudio.TextManager.Interop.8.0 (8.0.50728) - copy_local: false
      Microsoft.VisualStudio.Shell.Interop (>= 7.10.6072)
    Microsoft.VisualStudio.Threading (15.6.46)
      Microsoft.VisualStudio.Threading.Analyzers (>= 15.6.46)
      Microsoft.VisualStudio.Validation (>= 15.3.15)
    Microsoft.VisualStudio.Threading.Analyzers (15.6.46)
    Microsoft.VisualStudio.Utilities (15.6.27413) - copy_local: false
      Microsoft.VisualStudio.Threading (>= 15.4.4)
      StreamJsonRpc (>= 1.2.8)
    Microsoft.VisualStudio.Validation (15.3.32) - copy_local: false
    Newtonsoft.Json (11.0.1) - copy_local: false, redirects: force
    StreamJsonRpc (1.3.23) - copy_local: false
      Microsoft.VisualStudio.Threading (>= 15.3.20)
      Newtonsoft.Json (>= 6.0.6)
    System.IdentityModel.Tokens.Jwt (5.2.1) - copy_local: false, redirects: force
      Microsoft.IdentityModel.Tokens (>= 5.2.1)
      Newtonsoft.Json (>= 10.0.1)
    WindowsAzure.ServiceBus (4.1.7) - copy_local: false, redirects: force

GROUP vs16
RESTRICTION: == net461
NUGET
  remote: https://api.nuget.org/v3/index.json
    Ben.Demystifier (0.1.4) - copy_local: false, redirects: force
      System.Reflection.Metadata (>= 1.5)
    Microsoft.AspNet.WebApi.Client (5.2.7) - copy_local: false, redirects: force
      Newtonsoft.Json (>= 6.0.4)
    Microsoft.AspNet.WebApi.Core (5.2.7) - copy_local: false, redirects: force
      Microsoft.AspNet.WebApi.Client (>= 5.2.7)
    Microsoft.IdentityModel.Clients.ActiveDirectory (4.5.1) - copy_local: false, redirects: force
    Microsoft.IdentityModel.JsonWebTokens (5.4) - copy_local: false, redirects: force
      Microsoft.IdentityModel.Tokens (>= 5.4)
      Newtonsoft.Json (>= 10.0.1)
    Microsoft.IdentityModel.Logging (5.4) - copy_local: false, redirects: force
    Microsoft.IdentityModel.Tokens (5.4) - copy_local: false, redirects: force
      Microsoft.IdentityModel.Logging (>= 5.4)
      Newtonsoft.Json (>= 10.0.1)
    Microsoft.TeamFoundation.DistributedTask.Common.Contracts (16.147.0-preview) - copy_local: false, redirects: force
      Microsoft.VisualStudio.Services.Client (16.147.0-preview)
    Microsoft.TeamFoundationServer.Client (16.147.0-preview) - copy_local: false, redirects: force
      Microsoft.AspNet.WebApi.Client (>= 5.2.3)
      Microsoft.TeamFoundation.DistributedTask.Common.Contracts (16.147.0-preview)
      Microsoft.VisualStudio.Services.Client (16.147.0-preview)
      Newtonsoft.Json (>= 10.0.3)
    Microsoft.TeamFoundationServer.ExtendedClient (16.147.0-preview) - copy_local: false, redirects: force
      Microsoft.AspNet.WebApi.Client (>= 5.2.3)
      Microsoft.AspNet.WebApi.Core (>= 5.2.3)
      Microsoft.IdentityModel.Clients.ActiveDirectory (>= 3.17.2)
      Microsoft.TeamFoundationServer.Client (16.147.0-preview)
      Microsoft.VisualStudio.Services.Client (16.147.0-preview)
      Microsoft.VisualStudio.Services.InteractiveClient (16.147.0-preview)
      Newtonsoft.Json (>= 10.0.3)
      System.IdentityModel.Tokens.Jwt (>= 5.2.1)
    Microsoft.VisualStudio.CoreUtility (16.0.428) - copy_local: false
    Microsoft.VisualStudio.ImageCatalog (15.9.28307) - copy_local: false
    Microsoft.VisualStudio.Imaging (15.9.28307) - copy_local: false
      Microsoft.VisualStudio.ImageCatalog (>= 15.9.28307)
      Microsoft.VisualStudio.Utilities (>= 15.9.28307)
    Microsoft.VisualStudio.Imaging.Interop.14.0.DesignTime (14.3.26930) - copy_local: false
      Microsoft.VisualStudio.SDK.EmbedInteropTypes (>= 15.0.16)
    Microsoft.VisualStudio.OLE.Interop (7.10.6071) - copy_local: false
    Microsoft.VisualStudio.SDK.EmbedInteropTypes (15.0.27) - copy_local: false
    Microsoft.VisualStudio.Services.Client (16.147.0-preview) - copy_local: false, redirects: force
      Microsoft.AspNet.WebApi.Client (>= 5.2.3)
      Microsoft.IdentityModel.Tokens (>= 5.2.1)
      Newtonsoft.Json (>= 10.0.3)
      System.IdentityModel.Tokens.Jwt (>= 5.2.1)
    Microsoft.VisualStudio.Services.InteractiveClient (16.147.0-preview) - copy_local: false, redirects: force
      Ben.Demystifier (>= 0.1.2)
      Microsoft.IdentityModel.Clients.ActiveDirectory (>= 3.17.2)
      Microsoft.IdentityModel.Logging (>= 5.2.1)
      Microsoft.IdentityModel.Tokens (>= 5.2.1)
      Microsoft.VisualStudio.Services.Client (16.147.0-preview)
      Newtonsoft.Json (>= 10.0.3)
      System.IdentityModel.Tokens.Jwt (>= 5.2.1)
    Microsoft.VisualStudio.Shell.14.0 (14.3.25407) - copy_local: false
      Microsoft.VisualStudio.Imaging (>= 14.3.25407)
      Microsoft.VisualStudio.OLE.Interop (>= 7.10.6070)
      Microsoft.VisualStudio.Shell.Immutable.10.0 (>= 10.0.30319)
      Microsoft.VisualStudio.Shell.Immutable.11.0 (>= 11.0.50727)
      Microsoft.VisualStudio.Shell.Immutable.12.0 (>= 12.0.21003)
      Microsoft.VisualStudio.Shell.Immutable.14.0 (>= 14.3.25407)
      Microsoft.VisualStudio.Shell.Interop (>= 7.10.6071)
      Microsoft.VisualStudio.Shell.Interop.8.0 (>= 8.0.50727)
      Microsoft.VisualStudio.Shell.Interop.9.0 (>= 9.0.30729)
      Microsoft.VisualStudio.TextManager.Interop (>= 7.10.6070)
      Microsoft.VisualStudio.Threading (>= 14.1.111)
      Microsoft.VisualStudio.Utilities (>= 14.3.25407)
    Microsoft.VisualStudio.Shell.15.0 (15.9.28307) - copy_local: false
      Microsoft.VisualStudio.Imaging (>= 15.9.28307)
      Microsoft.VisualStudio.SDK.EmbedInteropTypes (>= 15.0.16)
      Microsoft.VisualStudio.Shell.Framework (>= 15.9.28307)
      Microsoft.VisualStudio.Shell.Interop.14.0.DesignTime (>= 14.3.26929)
      Microsoft.VisualStudio.Shell.Interop.15.3.DesignTime (>= 15.0.26929)
      Microsoft.VisualStudio.Shell.Interop.15.6.DesignTime (>= 15.6.27413)
      Microsoft.VisualStudio.Shell.Interop.9.0 (>= 9.0.30730)
      Microsoft.VisualStudio.Text.Data (>= 15.6.27740)
      Microsoft.VisualStudio.Threading (>= 15.6.31)
    Microsoft.VisualStudio.Shell.Framework (15.9.28307) - copy_local: false
      Microsoft.VisualStudio.CoreUtility (>= 15.6.27740)
      Microsoft.VisualStudio.OLE.Interop (>= 7.10.6071)
      Microsoft.VisualStudio.Utilities (>= 15.9.28307)
    Microsoft.VisualStudio.Shell.Immutable.10.0 (15.0.25415) - copy_local: false
      Microsoft.VisualStudio.Shell.Framework (>= 15.0.25415)
    Microsoft.VisualStudio.Shell.Immutable.11.0 (15.0.25415) - copy_local: false
      Microsoft.VisualStudio.Shell.Framework (>= 15.0.25415)
    Microsoft.VisualStudio.Shell.Immutable.12.0 (15.0.25415) - copy_local: false
      Microsoft.VisualStudio.Shell.Framework (>= 15.0.25415)
    Microsoft.VisualStudio.Shell.Immutable.14.0 (15.0.25405) - copy_local: false
      Microsoft.VisualStudio.Shell.Framework (>= 15.0.25405)
    Microsoft.VisualStudio.Shell.Interop (7.10.6072) - copy_local: false
      Microsoft.VisualStudio.TextManager.Interop (>= 7.10.6071)
    Microsoft.VisualStudio.Shell.Interop.10.0 (10.0.30320)
      Microsoft.VisualStudio.Shell.Interop.8.0 (>= 8.0.50728)
    Microsoft.VisualStudio.Shell.Interop.11.0 (11.0.61031)
      Microsoft.VisualStudio.Shell.Interop.10.0 (>= 10.0.30320)
    Microsoft.VisualStudio.Shell.Interop.12.0 (12.0.30111)
      Microsoft.VisualStudio.Shell.Interop.11.0 (>= 11.0.61031)
    Microsoft.VisualStudio.Shell.Interop.14.0.DesignTime (14.3.26929) - copy_local: false
      Microsoft.VisualStudio.Imaging.Interop.14.0.DesignTime (>= 14.3.26930)
      Microsoft.VisualStudio.SDK.EmbedInteropTypes (>= 15.0.16)
      Microsoft.VisualStudio.Shell.Interop.12.0 (>= 12.0.30111)
    Microsoft.VisualStudio.Shell.Interop.15.3.DesignTime (15.0.26929) - copy_local: false
      Microsoft.VisualStudio.SDK.EmbedInteropTypes (>= 15.0.12)
      Microsoft.VisualStudio.Shell.Interop.11.0 (>= 11.0.61031)
    Microsoft.VisualStudio.Shell.Interop.15.6.DesignTime (15.6.27413) - copy_local: false
      Microsoft.VisualStudio.SDK.EmbedInteropTypes (>= 15.0.16)
      Microsoft.VisualStudio.Shell.Interop.11.0 (>= 11.0.61031)
    Microsoft.VisualStudio.Shell.Interop.8.0 (8.0.50728) - copy_local: false
      Microsoft.VisualStudio.Shell.Interop (>= 7.10.6072)
      Microsoft.VisualStudio.TextManager.Interop.8.0 (>= 8.0.50728)
    Microsoft.VisualStudio.Shell.Interop.9.0 (9.0.30730) - copy_local: false
      Microsoft.VisualStudio.Shell.Interop.8.0 (>= 8.0.50728)
    Microsoft.VisualStudio.Text.Data (16.0.428) - copy_local: false
    Microsoft.VisualStudio.TextManager.Interop (7.10.6071) - copy_local: false
      Microsoft.VisualStudio.OLE.Interop (>= 7.10.6071)
    Microsoft.VisualStudio.TextManager.Interop.8.0 (8.0.50728) - copy_local: false
      Microsoft.VisualStudio.Shell.Interop (>= 7.10.6072)
    Microsoft.VisualStudio.Threading (15.8.209)
      Microsoft.VisualStudio.Threading.Analyzers (>= 15.8.209)
      Microsoft.VisualStudio.Validation (>= 15.3.15)
    Microsoft.VisualStudio.Threading.Analyzers (16.0.102)
    Microsoft.VisualStudio.Utilities (15.9.28307) - copy_local: false
      Microsoft.VisualStudio.Threading (>= 15.6.31)
      StreamJsonRpc (>= 1.3.23)
    Microsoft.VisualStudio.Validation (15.3.58)
    Nerdbank.Streams (2.0.214) - copy_local: false
      Microsoft.VisualStudio.Threading (>= 15.8.192)
      System.Buffers (>= 4.5)
      System.IO.Pipelines (>= 4.5.3)
      System.Net.WebSockets (>= 4.3)
      System.ValueTuple (>= 4.5)
    Newtonsoft.Json (12.0.1) - copy_local: false, redirects: force
    StreamJsonRpc (2.0.146) - copy_local: false
      Microsoft.VisualStudio.Threading (>= 15.8.209)
      Nerdbank.Streams (>= 2.0.206)
      Newtonsoft.Json (>= 9.0.1)
      System.IO.Pipelines (>= 4.5.3)
      System.Memory (>= 4.5.2)
      System.Net.Http (>= 4.3.3)
      System.Net.WebSockets (>= 4.3)
      System.Reflection.Emit (>= 4.3)
      System.Threading.Tasks.Extensions (>= 4.5.2)
    System.Buffers (4.5) - copy_local: false
    System.Collections.Immutable (1.5) - copy_local: false, redirects: force
    System.IdentityModel.Tokens.Jwt (5.4) - copy_local: false, redirects: force
      Microsoft.IdentityModel.JsonWebTokens (>= 5.4)
      Microsoft.IdentityModel.Tokens (>= 5.4)
      Newtonsoft.Json (>= 10.0.1)
    System.IO.Pipelines (4.5.3) - copy_local: false
      System.Buffers (>= 4.4)
      System.Memory (>= 4.5.1)
      System.Threading.Tasks.Extensions (>= 4.5.1)
    System.Memory (4.5.2) - copy_local: false
      System.Buffers (>= 4.4)
      System.Numerics.Vectors (>= 4.4)
      System.Runtime.CompilerServices.Unsafe (>= 4.5.2)
    System.Net.Http (4.3.4) - copy_local: false
      System.Security.Cryptography.X509Certificates (>= 4.3)
    System.Net.WebSockets (4.3) - copy_local: false
    System.Numerics.Vectors (4.5) - copy_local: false
    System.Reflection.Emit (4.3) - copy_local: false
    System.Reflection.Metadata (1.6) - copy_local: false, redirects: force
      System.Collections.Immutable (>= 1.5)
    System.Runtime.CompilerServices.Unsafe (4.5.2) - copy_local: false
    System.Security.Cryptography.Algorithms (4.3.1) - copy_local: false
      System.Security.Cryptography.Primitives (>= 4.3)
    System.Security.Cryptography.Encoding (4.3) - copy_local: false
    System.Security.Cryptography.Primitives (4.3) - copy_local: false
    System.Security.Cryptography.X509Certificates (4.3.2) - copy_local: false
      System.Security.Cryptography.Algorithms (>= 4.3)
      System.Security.Cryptography.Encoding (>= 4.3)
    System.Threading.Tasks.Extensions (4.5.2) - copy_local: false
      System.Runtime.CompilerServices.Unsafe (>= 4.5.2)
    System.ValueTuple (4.5) - copy_local: false
