RESTRICTION: == net48

GROUP build-script
RESTRICTION: == netstandard2.0
NUGET
  remote: https://api.nuget.org/v3/index.json
    canopy (2.1.5)
      FSharp.Core (>= 4.7)
      Selenium.WebDriver (>= 3.141)
      System.Drawing.Common (>= 4.6)
    FAKE (5.16)
    Fake.Api.GitHub (5.19.1)
      FSharp.Core (>= 4.7)
      Octokit (>= 0.36)
    FAKE.Core (5.16)
    Fake.Core.CommandLineParsing (5.20.0-alpha.1566)
      FParsec (>= 1.1.1)
      FSharp.Core (>= 4.7)
    Fake.Core.Context (5.20.0-alpha.1566)
      FSharp.Core (>= 4.7)
    Fake.Core.Environment (5.20.0-alpha.1566)
      FSharp.Core (>= 4.7)
    Fake.Core.FakeVar (5.20.0-alpha.1566)
      Fake.Core.Context (>= 5.20.0-alpha.1566)
      FSharp.Core (>= 4.7)
    Fake.Core.Process (5.20.0-alpha.1566)
      Fake.Core.Environment (>= 5.20.0-alpha.1566)
      Fake.Core.FakeVar (>= 5.20.0-alpha.1566)
      Fake.Core.String (>= 5.20.0-alpha.1566)
      Fake.Core.Trace (>= 5.20.0-alpha.1566)
      Fake.IO.FileSystem (>= 5.20.0-alpha.1566)
      FSharp.Core (>= 4.7)
      System.Collections.Immutable (>= 1.7)
    Fake.Core.String (5.20.0-alpha.1566)
      FSharp.Core (>= 4.7)
    Fake.Core.Target (5.20.0-alpha.1566)
      Fake.Core.CommandLineParsing (>= 5.20.0-alpha.1566)
      Fake.Core.Context (>= 5.20.0-alpha.1566)
      Fake.Core.Environment (>= 5.20.0-alpha.1566)
      Fake.Core.FakeVar (>= 5.20.0-alpha.1566)
      Fake.Core.Process (>= 5.20.0-alpha.1566)
      Fake.Core.String (>= 5.20.0-alpha.1566)
      Fake.Core.Trace (>= 5.20.0-alpha.1566)
      FSharp.Control.Reactive (>= 4.2)
      FSharp.Core (>= 4.7)
    Fake.Core.Trace (5.20.0-alpha.1566)
      Fake.Core.Environment (>= 5.20.0-alpha.1566)
      Fake.Core.FakeVar (>= 5.20.0-alpha.1566)
      FSharp.Core (>= 4.7)
    Fake.IO.FileSystem (5.20.0-alpha.1566)
      Fake.Core.String (>= 5.20.0-alpha.1566)
      FSharp.Core (>= 4.7)
    FParsec (1.1.1)
      FSharp.Core (>= 4.3.4)
    FSharp.Control.Reactive (4.2)
      FSharp.Core (>= 4.2.3)
      System.Reactive (>= 4.0)
    FSharp.Core (4.7.1)
    Microsoft.NETCore.Platforms (3.1)
    Microsoft.NETCore.Targets (3.1)
    Newtonsoft.Json (12.0.3)
    Octokit (0.47)
    Selenium.Support (3.141)
      Selenium.WebDriver (>= 3.141)
    Selenium.WebDriver (3.141)
      Newtonsoft.Json (>= 10.0.3)
    Selenium.WebDriver.ChromeDriver (81.0.4044.6900)
    System.Buffers (4.5.1)
    System.Collections.Immutable (1.7)
      System.Memory (>= 4.5.3)
    System.Drawing.Common (4.7)
    System.Memory (4.5.4)
      System.Buffers (>= 4.5.1)
      System.Numerics.Vectors (>= 4.4)
      System.Runtime.CompilerServices.Unsafe (>= 4.5.3)
    System.Numerics.Vectors (4.5)
    System.Reactive (4.4.1)
      System.Runtime.InteropServices.WindowsRuntime (>= 4.3)
      System.Threading.Tasks.Extensions (>= 4.5.4)
    System.Runtime (4.3.1)
      Microsoft.NETCore.Platforms (>= 1.1.1)
      Microsoft.NETCore.Targets (>= 1.1.3)
    System.Runtime.CompilerServices.Unsafe (4.7.1)
    System.Runtime.InteropServices.WindowsRuntime (4.3)
      System.Runtime (>= 4.3)
    System.Threading.Tasks.Extensions (4.5.4)
      System.Runtime.CompilerServices.Unsafe (>= 4.5.3)

GROUP common
NUGET
  remote: https://api.nuget.org/v3/index.json
    EnvDTE (16.9.31023.347) - restriction: >= net472
      Microsoft.VisualStudio.SDK.EmbedInteropTypes (>= 15.0.34) - restriction: || (>= net45) (>= netstandard2.0)
      stdole (>= 16.9.31023.347) - restriction: || (>= net45) (>= netstandard2.0)
    EnvDTE100 (16.9.31023.347) - restriction: >= net472
      EnvDTE90a (>= 16.9.31023.347) - restriction: || (>= net45) (>= netstandard2.0)
      Microsoft.VisualStudio.SDK.EmbedInteropTypes (>= 15.0.34) - restriction: || (>= net45) (>= netstandard2.0)
    EnvDTE80 (16.9.31023.347) - restriction: >= net472
      EnvDTE (>= 16.9.31023.347) - restriction: || (>= net45) (>= netstandard2.0)
      Microsoft.VisualStudio.SDK.EmbedInteropTypes (>= 15.0.34) - restriction: || (>= net45) (>= netstandard2.0)
    EnvDTE90 (16.9.31023.347) - restriction: >= net472
      EnvDTE80 (>= 16.9.31023.347) - restriction: || (>= net45) (>= netstandard2.0)
      Microsoft.VisualStudio.SDK.EmbedInteropTypes (>= 15.0.34) - restriction: || (>= net45) (>= netstandard2.0)
    EnvDTE90a (16.9.31023.347) - restriction: >= net472
      EnvDTE90 (>= 16.9.31023.347) - restriction: || (>= net45) (>= netstandard2.0)
      Microsoft.VisualStudio.SDK.EmbedInteropTypes (>= 15.0.34) - restriction: || (>= net45) (>= netstandard2.0)
    MessagePack (2.2.85) - restriction: >= net472
      MessagePack.Annotations (>= 2.2.85) - restriction: >= netstandard2.0
      Microsoft.Bcl.AsyncInterfaces (>= 1.0) - restriction: >= netstandard2.0
      System.Collections.Immutable (>= 1.5) - restriction: >= netstandard2.0
      System.Memory (>= 4.5.3) - restriction: >= netstandard2.0
      System.Reflection.Emit (>= 4.6) - restriction: >= netstandard2.0
      System.Reflection.Emit.Lightweight (>= 4.6) - restriction: >= netstandard2.0
      System.Runtime.CompilerServices.Unsafe (>= 4.5.2) - restriction: >= netstandard2.0
      System.Threading.Tasks.Extensions (>= 4.5.3) - restriction: >= netstandard2.0
    MessagePack.Annotations (2.2.85) - restriction: >= net472
    Microsoft.Bcl.AsyncInterfaces (5.0) - restriction: >= net472
      System.Threading.Tasks.Extensions (>= 4.5.4) - restriction: || (>= net461) (&& (< netcoreapp2.1) (>= netstandard2.0) (< netstandard2.1))
    Microsoft.Build.Framework (16.9) - restriction: >= net472
    Microsoft.CodeAnalysis.BannedApiAnalyzers (3.3.2) - restriction: >= net472
    Microsoft.CSharp (4.7) - redirects: on, restriction: || (&& (< net20) (>= netstandard1.0) (< netstandard1.3)) (&& (< net20) (>= netstandard1.3) (< netstandard2.0))
      NETStandard.Library (>= 1.6.1) - restriction: || (&& (< monoandroid) (< monotouch) (< net45) (>= netstandard1.3) (< netstandard2.0) (< win8) (< wpa81) (< xamarintvos) (< xamarinwatchos)) (&& (< monoandroid) (< net45) (>= netstandard1.0) (< netstandard1.3) (< win8) (< wp8) (< wpa81))
      System.Dynamic.Runtime (>= 4.3) - restriction: || (&& (< monoandroid) (< monotouch) (< net45) (>= netstandard1.3) (< netstandard2.0) (< win8) (< wpa81) (< xamarintvos) (< xamarinwatchos)) (&& (< monoandroid) (< net45) (>= netstandard1.0) (< netstandard1.3) (< win8) (< wp8) (< wpa81))
      System.Reflection.TypeExtensions (>= 4.7) - restriction: && (< monoandroid) (< monotouch) (< net45) (>= netstandard1.3) (< netstandard2.0) (< win8) (< wpa81) (< xamarintvos) (< xamarinwatchos)
    Microsoft.Diagnostics.Tracing.EventSource.Redist (5.0) - restriction: >= net472
    Microsoft.NETCore.Platforms (5.0.2) - redirects: on, restriction: || (&& (< monoandroid) (< monotouch) (< net20) (>= netstandard1.5) (< netstandard2.0) (< win8) (< wpa81) (< xamarintvos) (< xamarinwatchos)) (&& (< monoandroid) (< net20) (< netstandard1.1) (>= netstandard1.2) (< win8)) (&& (< monoandroid) (< net20) (< netstandard1.1) (>= netstandard1.3) (< win8)) (&& (< monoandroid) (< net20) (< netstandard1.1) (>= netstandard1.4) (< win8)) (&& (< monoandroid) (< net20) (< netstandard1.1) (>= netstandard1.5) (< win8)) (&& (< monoandroid) (< net20) (< netstandard1.1) (>= netstandard1.6) (< win8)) (&& (< monoandroid) (< net20) (< netstandard1.2) (>= netstandard1.4) (< win8)) (&& (< monoandroid) (< net20) (< netstandard1.2) (>= netstandard1.5) (< win8)) (&& (< monoandroid) (< net20) (< netstandard1.2) (>= netstandard1.6) (< win8)) (&& (< monoandroid) (< net20) (< netstandard1.4) (>= netstandard1.5) (< win8) (< wpa81)) (&& (< monoandroid) (< net20) (< netstandard1.4) (>= netstandard1.6) (< win8) (< wpa81)) (&& (< monoandroid) (< net20) (< netstandard1.5) (>= netstandard1.6) (< win8) (< wpa81)) (&& (< net20) (>= net45) (< netstandard1.3)) (&& (< net20) (>= net46) (< netstandard1.3)) (&& (< net20) (>= net46) (< netstandard1.4)) (&& (< net20) (>= net461) (< netstandard1.3)) (&& (< net20) (>= net461) (< netstandard2.0)) (&& (< net20) (>= netstandard1.0) (< portable-net45+win8+wpa81)) (&& (< net20) (< netstandard1.0) (>= netstandard1.3) (< portable-net45+win8)) (&& (< net20) (< netstandard1.0) (>= netstandard1.3) (< win8)) (&& (< net20) (>= netstandard1.1) (< netstandard1.2) (< win8)) (&& (< net20) (>= netstandard1.1) (< portable-net45+win8+wpa81)) (&& (< net20) (>= netstandard1.2) (< netstandard1.3) (< win8) (< wpa81)) (&& (< net20) (< netstandard1.2) (>= netstandard1.3) (< win8)) (&& (< net20) (>= netstandard1.3) (< netstandard1.4) (< win8) (< wpa81)) (&& (< net20) (>= netstandard1.3) (< portable-net45+win8+wpa81)) (&& (< net20) (< netstandard1.3) (>= netstandard1.4) (< win8) (< wpa81)) (&& (< net20) (< netstandard1.3) (>= netstandard1.5) (< win8) (< wpa81)) (&& (< net20) (< netstandard1.3) (>= netstandard1.6) (< win8) (< wpa81)) (&& (< net20) (< netstandard1.3) (>= netstandard2.0)) (&& (< net20) (>= netstandard1.4) (< netstandard1.5) (< win8) (< wpa81)) (&& (< net20) (>= netstandard1.5) (< netstandard1.6) (< win8) (< wpa81)) (&& (< net20) (>= netstandard1.6) (< netstandard2.0) (< win8) (< wpa81)) (>= net472) (&& (>= netcoreapp2.0) (< netstandard1.3)) (&& (>= netcoreapp2.0) (< netstandard2.0)) (&& (< netstandard1.0) (>= netstandard1.3) (>= win8)) (&& (< netstandard1.1) (>= uap10.0) (< win8)) (&& (< netstandard1.2) (>= uap10.0) (< win8)) (&& (< netstandard1.3) (>= uap10.0)) (&& (< netstandard1.3) (< win8) (>= wpa81)) (&& (< netstandard1.5) (>= uap10.0)) (>= uap10.1) (>= wp8)
    Microsoft.NETCore.Targets (5.0) - redirects: on, restriction: || (&& (< monoandroid) (< monotouch) (< net20) (>= netstandard1.6) (< netstandard2.0) (< win8) (< wpa81) (< xamarintvos) (< xamarinwatchos)) (&& (< monoandroid) (< net20) (>= netstandard1.1) (< netstandard1.2) (< win8)) (&& (< monoandroid) (< net20) (< netstandard1.1) (>= netstandard1.2) (< win8)) (&& (< monoandroid) (< net20) (< netstandard1.1) (>= netstandard1.3) (< win8)) (&& (< monoandroid) (< net20) (< netstandard1.1) (>= netstandard1.4) (< win8)) (&& (< monoandroid) (< net20) (< netstandard1.1) (>= netstandard1.5) (< win8)) (&& (< monoandroid) (< net20) (< netstandard1.1) (>= netstandard1.6) (< win8)) (&& (< monoandroid) (< net20) (>= netstandard1.2) (< netstandard1.3) (< win8) (< wpa81)) (&& (< monoandroid) (< net20) (< netstandard1.2) (>= netstandard1.3) (< win8)) (&& (< monoandroid) (< net20) (< netstandard1.2) (>= netstandard1.4) (< win8)) (&& (< monoandroid) (< net20) (< netstandard1.2) (>= netstandard1.5) (< win8)) (&& (< monoandroid) (< net20) (< netstandard1.2) (>= netstandard1.6) (< win8)) (&& (< monoandroid) (< net20) (>= netstandard1.3) (< netstandard1.4) (< win8) (< wpa81)) (&& (< monoandroid) (< net20) (< netstandard1.3) (>= netstandard1.4) (< win8) (< wpa81)) (&& (< monoandroid) (< net20) (< netstandard1.3) (>= netstandard1.5) (< win8) (< wpa81)) (&& (< monoandroid) (< net20) (< netstandard1.3) (>= netstandard1.6) (< win8) (< wpa81)) (&& (< monoandroid) (< net20) (>= netstandard1.4) (< netstandard1.5) (< win8) (< wpa81)) (&& (< monoandroid) (< net20) (< netstandard1.4) (>= netstandard1.5) (< win8) (< wpa81)) (&& (< monoandroid) (< net20) (< netstandard1.4) (>= netstandard1.6) (< win8) (< wpa81)) (&& (< monoandroid) (< net20) (>= netstandard1.5) (< netstandard1.6) (< win8) (< wpa81)) (&& (< monoandroid) (< net20) (< netstandard1.5) (>= netstandard1.6) (< win8) (< wpa81)) (&& (< net20) (>= net46) (< netstandard1.3)) (&& (< net20) (>= net46) (< netstandard1.4)) (&& (< net20) (>= netstandard1.0) (< portable-net45+win8+wpa81) (< wp8)) (&& (< net20) (>= netstandard1.1) (< portable-net45+win8+wpa81)) (&& (< net20) (>= netstandard1.3) (< portable-net45+win8+wpa81)) (>= net472) (&& (< netstandard1.1) (>= uap10.0) (< win8)) (&& (< netstandard1.2) (>= uap10.0) (< win8)) (&& (< netstandard1.3) (>= uap10.0)) (&& (< netstandard1.5) (>= netstandard1.6) (>= uap10.0)) (&& (< netstandard1.5) (>= uap10.0) (< uap10.1)) (&& (< netstandard1.5) (>= uap10.0) (< win8) (< wpa81)) (&& (< netstandard1.5) (>= uap10.0) (< win81) (< wpa81))
    Microsoft.ServiceHub.Analyzers (2.7.2466) - restriction: >= net472
    Microsoft.ServiceHub.Client (2.7.2466) - restriction: >= net472
      Microsoft.ServiceHub.Framework (>= 2.7.2466) - restriction: >= netstandard2.0
      Microsoft.ServiceHub.Resources (>= 2.7.2466) - restriction: >= netstandard2.0
      Microsoft.VisualStudio.RemoteControl (>= 16.3.32) - restriction: >= netstandard2.0
      Microsoft.VisualStudio.Telemetry (>= 16.3.104) - restriction: >= netstandard2.0
      StreamJsonRpc (>= 2.7.67) - restriction: >= netstandard2.0
      System.Collections.Immutable (>= 5.0) - restriction: >= netstandard2.0
    Microsoft.ServiceHub.Framework (2.7.2466) - restriction: >= net472
      Microsoft.ServiceHub.Analyzers (>= 2.7.2466) - restriction: >= netstandard2.0
      StreamJsonRpc (>= 2.7.67) - restriction: >= netstandard2.0
      System.Collections.Immutable (>= 5.0) - restriction: >= netstandard2.0
    Microsoft.ServiceHub.Resources (2.7.2466) - restriction: >= net472
    Microsoft.VisualStudio.CommandBars (16.9.31023.347) - restriction: >= net472
      Microsoft.VisualStudio.SDK.EmbedInteropTypes (>= 15.0.34) - restriction: || (>= net45) (>= netstandard2.0)
      stdole (>= 16.9.31023.347) - restriction: || (>= net45) (>= netstandard2.0)
    Microsoft.VisualStudio.ComponentModelHost (16.9.227) - restriction: >= net472
      Microsoft.VisualStudio.Shell.Interop.10.0 (>= 16.9.30921.310) - restriction: >= net472
    Microsoft.VisualStudio.CoreUtility (16.10.44) - restriction: >= net472
      Microsoft.VisualStudio.Threading (>= 16.9.51) - restriction: >= netstandard2.0
      System.Collections.Immutable (>= 5.0) - restriction: >= netstandard2.0
      System.ComponentModel.Composition (>= 4.5) - restriction: >= netstandard2.0
    Microsoft.VisualStudio.Debugger.Interop.10.0 (16.9.31023.347) - restriction: >= net472
      Microsoft.VisualStudio.Debugger.InteropA (>= 16.9.31023.347) - restriction: || (>= net45) (>= netstandard2.0)
      Microsoft.VisualStudio.SDK.EmbedInteropTypes (>= 15.0.34) - restriction: || (>= net45) (>= netstandard2.0)
    Microsoft.VisualStudio.Debugger.Interop.11.0 (16.9.31023.347) - restriction: >= net472
      Microsoft.VisualStudio.Debugger.InteropA (>= 16.9.31023.347) - restriction: || (>= net45) (>= netstandard2.0)
      Microsoft.VisualStudio.SDK.EmbedInteropTypes (>= 15.0.34) - restriction: || (>= net45) (>= netstandard2.0)
    Microsoft.VisualStudio.Debugger.Interop.12.0 (16.9.31023.347) - restriction: >= net472
      Microsoft.VisualStudio.Debugger.InteropA (>= 16.9.31023.347) - restriction: || (>= net45) (>= netstandard2.0)
      Microsoft.VisualStudio.SDK.EmbedInteropTypes (>= 15.0.34) - restriction: || (>= net45) (>= netstandard2.0)
    Microsoft.VisualStudio.Debugger.Interop.14.0 (16.9.31023.347) - restriction: >= net472
      Microsoft.VisualStudio.Debugger.Interop.11.0 (>= 16.9.31023.347) - restriction: || (>= net45) (>= netstandard2.0)
      Microsoft.VisualStudio.SDK.EmbedInteropTypes (>= 15.0.34) - restriction: || (>= net45) (>= netstandard2.0)
    Microsoft.VisualStudio.Debugger.Interop.15.0 (16.9.31023.347) - restriction: >= net472
      Microsoft.VisualStudio.Debugger.Interop.10.0 (>= 16.9.31023.347) - restriction: || (>= net45) (>= netstandard2.0)
      Microsoft.VisualStudio.SDK.EmbedInteropTypes (>= 15.0.34) - restriction: || (>= net45) (>= netstandard2.0)
    Microsoft.VisualStudio.Debugger.Interop.16.0 (16.9.31024.71) - restriction: >= net472
      Microsoft.VisualStudio.Debugger.Interop.10.0 (>= 16.9.31023.347) - restriction: || (>= net45) (>= netstandard2.0)
      Microsoft.VisualStudio.Debugger.Interop.11.0 (>= 16.9.31023.347) - restriction: || (>= net45) (>= netstandard2.0)
      Microsoft.VisualStudio.SDK.EmbedInteropTypes (>= 15.0.34) - restriction: || (>= net45) (>= netstandard2.0)
    Microsoft.VisualStudio.Debugger.InteropA (16.9.31023.347) - restriction: >= net472
      Microsoft.VisualStudio.SDK.EmbedInteropTypes (>= 15.0.34) - restriction: || (>= net45) (>= netstandard2.0)
    Microsoft.VisualStudio.Designer.Interfaces (1.1.4323) - restriction: >= net472
    Microsoft.VisualStudio.Editor (16.9.227) - restriction: >= net472
      Microsoft.VisualStudio.CoreUtility (>= 16.9.227) - restriction: >= net472
      Microsoft.VisualStudio.Language (>= 16.9.227) - restriction: >= net472
      Microsoft.VisualStudio.RpcContracts (>= 16.9.63) - restriction: >= net472
      Microsoft.VisualStudio.Shell.15.0 (>= 16.9.30921.310) - restriction: >= net472
      Microsoft.VisualStudio.Shell.Interop.11.0 (>= 16.9.30921.310) - restriction: >= net472
      Microsoft.VisualStudio.Text.Data (>= 16.9.227) - restriction: >= net472
      Microsoft.VisualStudio.Text.Logic (>= 16.9.227) - restriction: >= net472
      Microsoft.VisualStudio.Text.UI (>= 16.9.227) - restriction: >= net472
      Microsoft.VisualStudio.Text.UI.Wpf (>= 16.9.227) - restriction: >= net472
      Microsoft.VisualStudio.TextManager.Interop (>= 16.9.30921.310) - restriction: >= net472
      Microsoft.VisualStudio.TextManager.Interop.8.0 (>= 16.9.30921.310) - restriction: >= net472
      Microsoft.VisualStudio.Threading (>= 16.9.51) - restriction: >= net472
      Microsoft.VisualStudio.Validation (>= 16.9.28) - restriction: >= net472
    Microsoft.VisualStudio.GraphModel (16.9.31023.347) - restriction: >= net472
      Microsoft.VisualStudio.OLE.Interop (>= 16.9.31023.347) - restriction: >= net472
      System.ComponentModel.Composition (>= 4.5) - restriction: >= net472
    Microsoft.VisualStudio.ImageCatalog (16.9.31023.347) - restriction: >= net472
      Microsoft.VisualStudio.Imaging.Interop.14.0.DesignTime (>= 16.9.31023.347) - restriction: >= netstandard2.0
    Microsoft.VisualStudio.Imaging (16.9.31024.71) - restriction: >= net472
      Microsoft.VisualStudio.ImageCatalog (>= 16.9.31023.347) - restriction: >= net472
      Microsoft.VisualStudio.Imaging.Interop.14.0.DesignTime (>= 16.9.31023.347) - restriction: >= net472
      Microsoft.VisualStudio.Threading (>= 16.9.54) - restriction: >= net472
      Microsoft.VisualStudio.Utilities (>= 16.9.31024.71) - restriction: >= net472
      stdole (>= 16.9.31023.347) - restriction: >= net472
      System.Collections.Immutable (>= 5.0) - restriction: >= net472
    Microsoft.VisualStudio.Imaging.Interop.14.0.DesignTime (16.9.31023.347) - restriction: >= net472
      Microsoft.VisualStudio.SDK.EmbedInteropTypes (>= 15.0.34) - restriction: || (>= net45) (>= netstandard2.0)
    Microsoft.VisualStudio.Language (16.9.227) - restriction: >= net472
      Microsoft.VisualStudio.CoreUtility (>= 16.9.227) - restriction: >= netstandard2.0
      Microsoft.VisualStudio.Text.Data (>= 16.9.227) - restriction: >= netstandard2.0
      Microsoft.VisualStudio.Text.Logic (>= 16.9.227) - restriction: >= netstandard2.0
      Microsoft.VisualStudio.Text.UI (>= 16.9.227) - restriction: >= netstandard2.0
      Newtonsoft.Json (>= 12.0.2) - restriction: >= netstandard2.0
      System.Collections.Immutable (>= 5.0) - restriction: >= netstandard2.0
      System.ComponentModel.Composition (>= 4.5) - restriction: >= netstandard2.0
      System.Private.Uri (>= 4.3.2) - restriction: >= netstandard2.0
    Microsoft.VisualStudio.Language.Intellisense (16.9.227) - restriction: >= net472
      Microsoft.VisualStudio.CoreUtility (>= 16.9.227) - restriction: >= net472
      Microsoft.VisualStudio.Imaging.Interop.14.0.DesignTime (>= 16.9.30921.310) - restriction: >= net472
      Microsoft.VisualStudio.Language (>= 16.9.227) - restriction: >= net472
      Microsoft.VisualStudio.Text.Data (>= 16.9.227) - restriction: >= net472
      Microsoft.VisualStudio.Text.Logic (>= 16.9.227) - restriction: >= net472
      Microsoft.VisualStudio.Text.UI (>= 16.9.227) - restriction: >= net472
      System.Runtime.CompilerServices.Unsafe (>= 4.7.1) - restriction: >= net472
    Microsoft.VisualStudio.Language.NavigateTo.Interfaces (16.9.227) - restriction: >= net472
      Microsoft.VisualStudio.ImageCatalog (>= 16.9.30921.310) - restriction: >= net472
      Microsoft.VisualStudio.Imaging (>= 16.9.30921.310) - restriction: >= net472
      Microsoft.VisualStudio.Imaging.Interop.14.0.DesignTime (>= 16.9.30921.310) - restriction: >= net472
      Microsoft.VisualStudio.OLE.Interop (>= 16.9.30921.310) - restriction: >= net472
      Microsoft.VisualStudio.Shell.Interop (>= 16.9.30921.310) - restriction: >= net472
      Microsoft.VisualStudio.Shell.Interop.10.0 (>= 16.9.30921.310) - restriction: >= net472
      Microsoft.VisualStudio.Shell.Interop.11.0 (>= 16.9.30921.310) - restriction: >= net472
      Microsoft.VisualStudio.Shell.Interop.12.0 (>= 16.9.30921.310) - restriction: >= net472
      Microsoft.VisualStudio.Shell.Interop.14.0.DesignTime (>= 16.9.30921.310) - restriction: >= net472
      Microsoft.VisualStudio.Shell.Interop.8.0 (>= 16.9.30921.310) - restriction: >= net472
      Microsoft.VisualStudio.Text.Logic (>= 16.9.205) - restriction: >= net472
      Microsoft.VisualStudio.TextManager.Interop (>= 16.9.30921.310) - restriction: >= net472
      Microsoft.VisualStudio.TextManager.Interop.8.0 (>= 16.9.30921.310) - restriction: >= net472
      Microsoft.VisualStudio.Utilities (>= 16.9.30921.310) - restriction: >= net472
    Microsoft.VisualStudio.Language.StandardClassification (16.9.227) - restriction: >= net472
      Microsoft.VisualStudio.Text.Logic (>= 16.9.227) - restriction: >= netstandard2.0
    Microsoft.VisualStudio.LanguageServer.Client (16.9.1180) - restriction: >= net472
      Microsoft.VisualStudio.CoreUtility (>= 16.9.214) - restriction: >= net472
      Microsoft.VisualStudio.LanguageServer.Protocol (>= 16.9.1180) - restriction: >= net472
      Microsoft.VisualStudio.Shell.15.0 (>= 16.9.30927.25) - restriction: >= net472
      Microsoft.VisualStudio.Shell.Framework (>= 16.9.30927.25) - restriction: >= net472
      Microsoft.VisualStudio.Utilities (>= 16.9.30927.25) - restriction: >= net472
      StreamJsonRpc (>= 2.7.70) - restriction: >= net472
    Microsoft.VisualStudio.LanguageServer.Protocol (16.9.1180) - restriction: >= net472
      Newtonsoft.Json (>= 9.0.1) - restriction: >= netstandard1.0
    Microsoft.VisualStudio.OLE.Interop (16.9.31023.347) - restriction: >= net472
      Microsoft.VisualStudio.SDK.EmbedInteropTypes (>= 15.0.34) - restriction: || (>= net45) (>= netstandard2.0)
    Microsoft.VisualStudio.Package.LanguageService.15.0 (16.9.31025.104) - restriction: >= net472
      Microsoft.VisualStudio.Shell.Framework (>= 16.9.31024.71)
    Microsoft.VisualStudio.ProjectAggregator (16.9.31023.347) - restriction: >= net472
      Microsoft.VisualStudio.SDK.EmbedInteropTypes (>= 15.0.34) - restriction: || (>= net45) (>= netstandard2.0)
    Microsoft.VisualStudio.RemoteControl (16.3.32) - restriction: >= net472
      Microsoft.VisualStudio.Utilities.Internal (>= 16.3.23) - restriction: || (>= net45) (>= netstandard2.0)
    Microsoft.VisualStudio.RpcContracts (16.9.65) - restriction: >= net472
      Microsoft.ServiceHub.Framework (>= 2.7.339) - restriction: >= netstandard2.0
      StreamJsonRpc (>= 2.7.67) - restriction: >= netstandard2.0
    Microsoft.VisualStudio.SDK (16.9.31025.194)
      EnvDTE100 (>= 16.9.31023.347) - restriction: >= net472
      Microsoft.VisualStudio.CommandBars (>= 16.9.31023.347) - restriction: >= net472
      Microsoft.VisualStudio.ComponentModelHost (>= 16.9.227) - restriction: >= net472
      Microsoft.VisualStudio.CoreUtility (>= 16.9.227) - restriction: >= net472
      Microsoft.VisualStudio.Debugger.Interop.12.0 (>= 16.9.31023.347) - restriction: >= net472
      Microsoft.VisualStudio.Debugger.Interop.14.0 (>= 16.9.31023.347) - restriction: >= net472
      Microsoft.VisualStudio.Debugger.Interop.15.0 (>= 16.9.31023.347) - restriction: >= net472
      Microsoft.VisualStudio.Debugger.Interop.16.0 (>= 16.9.31024.71) - restriction: >= net472
      Microsoft.VisualStudio.Editor (>= 16.9.227) - restriction: >= net472
      Microsoft.VisualStudio.ImageCatalog (>= 16.9.31023.347) - restriction: >= net472
      Microsoft.VisualStudio.Imaging (>= 16.9.31024.71) - restriction: >= net472
      Microsoft.VisualStudio.Language (>= 16.9.227) - restriction: >= net472
      Microsoft.VisualStudio.Language.Intellisense (>= 16.9.227) - restriction: >= net472
      Microsoft.VisualStudio.Language.NavigateTo.Interfaces (>= 16.9.227) - restriction: >= net472
      Microsoft.VisualStudio.Language.StandardClassification (>= 16.9.227) - restriction: >= net472
      Microsoft.VisualStudio.LanguageServer.Client (>= 16.9.1180) - restriction: >= net472
      Microsoft.VisualStudio.OLE.Interop (>= 16.9.31023.347) - restriction: >= net472
      Microsoft.VisualStudio.Package.LanguageService.15.0 (>= 16.9.31025.104) - restriction: >= net472
      Microsoft.VisualStudio.ProjectAggregator (>= 16.9.31023.347) - restriction: >= net472
      Microsoft.VisualStudio.SDK.Analyzers (>= 16.7.9) - restriction: >= net472
      Microsoft.VisualStudio.SDK.EmbedInteropTypes (>= 15.0.34) - restriction: >= net472
      Microsoft.VisualStudio.Shell.Design (>= 16.9.31025.104) - restriction: >= net472
      Microsoft.VisualStudio.Shell.Embeddable (>= 16.9.31023.347) - restriction: >= net472
      Microsoft.VisualStudio.Shell.Immutable.10.0 (>= 16.9.31024.71) - restriction: >= net472
      Microsoft.VisualStudio.Shell.Immutable.11.0 (>= 16.9.31024.71) - restriction: >= net472
      Microsoft.VisualStudio.Shell.Immutable.12.0 (>= 16.9.31024.71) - restriction: >= net472
      Microsoft.VisualStudio.Shell.Immutable.14.0 (>= 16.9.31024.71) - restriction: >= net472
      Microsoft.VisualStudio.Shell.Interop (>= 16.9.31023.347) - restriction: >= net472
      Microsoft.VisualStudio.Shell.Interop.15.1.DesignTime (>= 16.9.31023.347) - restriction: >= net472
      Microsoft.VisualStudio.Shell.Interop.15.5.DesignTime (>= 16.9.31023.347) - restriction: >= net472
      Microsoft.VisualStudio.Shell.Interop.15.7.DesignTime (>= 16.9.31023.347) - restriction: >= net472
      Microsoft.VisualStudio.Shell.Interop.15.8.DesignTime (>= 16.9.31023.347) - restriction: >= net472
      Microsoft.VisualStudio.Shell.Interop.16.0.DesignTime (>= 16.9.31024.71) - restriction: >= net472
      Microsoft.VisualStudio.Shell.Interop.16.1.DesignTime (>= 16.9.31024.71) - restriction: >= net472
      Microsoft.VisualStudio.Shell.Interop.16.2.DesignTime (>= 16.9.31024.71) - restriction: >= net472
      Microsoft.VisualStudio.Shell.Interop.16.3.DesignTime (>= 16.9.31024.71) - restriction: >= net472
      Microsoft.VisualStudio.Shell.Interop.16.4.DesignTime (>= 16.9.31024.71) - restriction: >= net472
      Microsoft.VisualStudio.Shell.Interop.16.5.DesignTime (>= 16.9.31024.71) - restriction: >= net472
      Microsoft.VisualStudio.Shell.Interop.16.6.DesignTime (>= 16.9.31024.71) - restriction: >= net472
      Microsoft.VisualStudio.Shell.Interop.16.7.DesignTime (>= 16.9.31024.71) - restriction: >= net472
      Microsoft.VisualStudio.Shell.Interop.16.9.DesignTime (>= 16.9.31024.71) - restriction: >= net472
      Microsoft.VisualStudio.TaskRunnerExplorer.14.0 (>= 14.0) - restriction: >= net472
      Microsoft.VisualStudio.Text.Logic (>= 16.9.227) - restriction: >= net472
      Microsoft.VisualStudio.TextManager.Interop.12.1.DesignTime (>= 16.9.31023.347) - restriction: >= net472
      Microsoft.VisualStudio.TextTemplating.15.0 (>= 16.9.31025.194) - restriction: >= net472
      Microsoft.VisualStudio.TextTemplating.Interfaces.15.0 (>= 16.9.31025.104) - restriction: >= net472
      Microsoft.VisualStudio.TextTemplating.VSHost.15.0 (>= 16.9.31025.194) - restriction: >= net472
      Microsoft.VisualStudio.Web.BrowserLink.12.0 (>= 12.0) - restriction: >= net472
      Microsoft.Win32.Primitives (>= 4.3) - restriction: >= net472
      System.ComponentModel.Composition (>= 4.5) - restriction: >= net472
      VSLangProj100 (>= 16.9.31023.347) - restriction: >= net472
      VSLangProj150 (>= 16.9.31023.347) - restriction: >= net472
      VSLangProj157 (>= 16.9.31023.347) - restriction: >= net472
      VSLangProj158 (>= 16.9.31023.347) - restriction: >= net472
      VSLangProj165 (>= 16.9.31024.71) - restriction: >= net472
      VSLangProj2 (>= 16.9.31023.347) - restriction: >= net472
    Microsoft.VisualStudio.SDK.Analyzers (16.7.9) - restriction: >= net46
      Microsoft.CodeAnalysis.BannedApiAnalyzers (>= 3.0) - restriction: >= netstandard2.0
      Microsoft.VisualStudio.Threading.Analyzers (>= 16.7.40) - restriction: >= netstandard2.0
    Microsoft.VisualStudio.SDK.EmbedInteropTypes (15.0.36) - restriction: >= net472
    Microsoft.VisualStudio.Shell.15.0 (16.9.31025.104) - restriction: >= net472
      EnvDTE (>= 16.9.31023.347) - restriction: >= net472
      EnvDTE80 (>= 16.9.31023.347) - restriction: >= net472
      Microsoft.VisualStudio.ComponentModelHost (>= 16.9.227) - restriction: >= net472
      Microsoft.VisualStudio.Designer.Interfaces (>= 1.1.4323) - restriction: >= net472
      Microsoft.VisualStudio.ImageCatalog (>= 16.9.31023.347) - restriction: >= net472
      Microsoft.VisualStudio.Imaging (>= 16.9.31024.71) - restriction: >= net472
      Microsoft.VisualStudio.Imaging.Interop.14.0.DesignTime (>= 16.9.31023.347) - restriction: >= net472
      Microsoft.VisualStudio.OLE.Interop (>= 16.9.31023.347) - restriction: >= net472
      Microsoft.VisualStudio.ProjectAggregator (>= 16.9.31023.347) - restriction: >= net472
      Microsoft.VisualStudio.SDK.Analyzers (>= 16.7.9) - restriction: >= net472
      Microsoft.VisualStudio.Shell.Embeddable (>= 16.9.31023.347) - restriction: >= net472
      Microsoft.VisualStudio.Shell.Framework (>= 16.9.31024.71) - restriction: >= net472
      Microsoft.VisualStudio.Shell.Interop (>= 16.9.31023.347) - restriction: >= net472
      Microsoft.VisualStudio.Shell.Interop.10.0 (>= 16.9.31023.347) - restriction: >= net472
      Microsoft.VisualStudio.Shell.Interop.11.0 (>= 16.9.31023.347) - restriction: >= net472
      Microsoft.VisualStudio.Shell.Interop.12.0 (>= 16.9.31023.347) - restriction: >= net472
      Microsoft.VisualStudio.Shell.Interop.12.1.DesignTime (>= 16.9.31023.347) - restriction: >= net472
      Microsoft.VisualStudio.Shell.Interop.14.0.DesignTime (>= 16.9.31023.347) - restriction: >= net472
      Microsoft.VisualStudio.Shell.Interop.15.0.DesignTime (>= 16.9.31023.347) - restriction: >= net472
      Microsoft.VisualStudio.Shell.Interop.15.3.DesignTime (>= 16.9.31023.347) - restriction: >= net472
      Microsoft.VisualStudio.Shell.Interop.15.6.DesignTime (>= 16.9.31023.347) - restriction: >= net472
      Microsoft.VisualStudio.Shell.Interop.15.7.DesignTime (>= 16.9.31023.347) - restriction: >= net472
      Microsoft.VisualStudio.Shell.Interop.15.8.DesignTime (>= 16.9.31023.347) - restriction: >= net472
      Microsoft.VisualStudio.Shell.Interop.16.0.DesignTime (>= 16.9.31024.71) - restriction: >= net472
      Microsoft.VisualStudio.Shell.Interop.16.3.DesignTime (>= 16.9.31024.71) - restriction: >= net472
      Microsoft.VisualStudio.Shell.Interop.16.5.DesignTime (>= 16.9.31024.71) - restriction: >= net472
      Microsoft.VisualStudio.Shell.Interop.8.0 (>= 16.9.31023.347) - restriction: >= net472
      Microsoft.VisualStudio.Shell.Interop.9.0 (>= 16.9.31023.347) - restriction: >= net472
      Microsoft.VisualStudio.Text.Data (>= 16.9.227) - restriction: >= net472
      Microsoft.VisualStudio.TextManager.Interop (>= 16.9.31023.347) - restriction: >= net472
      Microsoft.VisualStudio.TextManager.Interop.8.0 (>= 16.9.31023.347) - restriction: >= net472
      Microsoft.VisualStudio.Utilities (>= 16.9.31024.71) - restriction: >= net472
      stdole (>= 16.9.31023.347) - restriction: >= net472
    Microsoft.VisualStudio.Shell.Design (16.9.31025.104) - restriction: >= net472
      EnvDTE (>= 16.9.31023.347) - restriction: >= net472
      Microsoft.VisualStudio.Designer.Interfaces (>= 1.1.4323) - restriction: >= net472
      Microsoft.VisualStudio.OLE.Interop (>= 16.9.31023.347) - restriction: >= net472
      Microsoft.VisualStudio.Shell.15.0 (>= 16.9.31025.104) - restriction: >= net472
      Microsoft.VisualStudio.Shell.Framework (>= 16.9.31024.71) - restriction: >= net472
      Microsoft.VisualStudio.Shell.Interop (>= 16.9.31023.347) - restriction: >= net472
      Microsoft.VisualStudio.Shell.Interop.10.0 (>= 16.9.31023.347) - restriction: >= net472
      Microsoft.VisualStudio.Shell.Interop.11.0 (>= 16.9.31023.347) - restriction: >= net472
      Microsoft.VisualStudio.Shell.Interop.15.0.DesignTime (>= 16.9.31023.347) - restriction: >= net472
      Microsoft.VisualStudio.Shell.Interop.8.0 (>= 16.9.31023.347) - restriction: >= net472
      Microsoft.VisualStudio.Shell.Interop.9.0 (>= 16.9.31023.347) - restriction: >= net472
      Microsoft.VisualStudio.TextManager.Interop (>= 16.9.31023.347) - restriction: >= net472
    Microsoft.VisualStudio.Shell.Embeddable (16.9.31023.347) - restriction: >= net472
      Microsoft.ServiceHub.Framework (>= 2.7.345) - restriction: >= netstandard2.0
      Microsoft.VisualStudio.Imaging.Interop.14.0.DesignTime (>= 14.3.26931) - restriction: >= netstandard2.0
    Microsoft.VisualStudio.Shell.Framework (16.9.31024.71) - restriction: >= net472
      Microsoft.Build.Framework (>= 16.5) - restriction: >= net472
      Microsoft.VisualStudio.GraphModel (>= 16.9.31023.347) - restriction: >= net472
      Microsoft.VisualStudio.Imaging.Interop.14.0.DesignTime (>= 16.9.31023.347) - restriction: >= net472
      Microsoft.VisualStudio.OLE.Interop (>= 16.9.31023.347) - restriction: >= net472
      Microsoft.VisualStudio.SDK.Analyzers (>= 16.7.9) - restriction: >= net472
      Microsoft.VisualStudio.Shell.Interop (>= 16.9.31023.347) - restriction: >= net472
      Microsoft.VisualStudio.Shell.Interop.10.0 (>= 16.9.31023.347) - restriction: >= net472
      Microsoft.VisualStudio.Shell.Interop.11.0 (>= 16.9.31023.347) - restriction: >= net472
      Microsoft.VisualStudio.Shell.Interop.12.0 (>= 16.9.31023.347) - restriction: >= net472
      Microsoft.VisualStudio.Shell.Interop.12.1.DesignTime (>= 16.9.31023.347) - restriction: >= net472
      Microsoft.VisualStudio.Shell.Interop.14.0.DesignTime (>= 16.9.31023.347) - restriction: >= net472
      Microsoft.VisualStudio.Shell.Interop.15.0.DesignTime (>= 16.9.31023.347) - restriction: >= net472
      Microsoft.VisualStudio.Shell.Interop.15.3.DesignTime (>= 16.9.31023.347) - restriction: >= net472
      Microsoft.VisualStudio.Shell.Interop.15.6.DesignTime (>= 16.9.31023.347) - restriction: >= net472
      Microsoft.VisualStudio.Shell.Interop.15.7.DesignTime (>= 16.9.31023.347) - restriction: >= net472
      Microsoft.VisualStudio.Shell.Interop.16.0.DesignTime (>= 16.9.31024.71) - restriction: >= net472
      Microsoft.VisualStudio.Shell.Interop.16.5.DesignTime (>= 16.9.31024.71) - restriction: >= net472
      Microsoft.VisualStudio.Shell.Interop.8.0 (>= 16.9.31023.347) - restriction: >= net472
      Microsoft.VisualStudio.Shell.Interop.9.0 (>= 16.9.31023.347) - restriction: >= net472
      Microsoft.VisualStudio.Telemetry (>= 16.3.104) - restriction: >= net472
      Microsoft.VisualStudio.Text.Data (>= 16.9.227) - restriction: >= net472
      Microsoft.VisualStudio.TextManager.Interop (>= 16.9.31023.347) - restriction: >= net472
      Microsoft.VisualStudio.TextManager.Interop.8.0 (>= 16.9.31023.347) - restriction: >= net472
      Microsoft.VisualStudio.Threading (>= 16.9.54) - restriction: >= net472
      Microsoft.VisualStudio.Utilities (>= 16.9.31024.71) - restriction: >= net472
      Newtonsoft.Json (>= 12.0.2) - restriction: >= net472
      System.ComponentModel.Composition (>= 4.5) - restriction: >= net472
      System.Threading.Tasks.Dataflow (>= 5.0) - restriction: >= net472
      System.Threading.Tasks.Extensions (>= 4.5.4) - restriction: >= net472
    Microsoft.VisualStudio.Shell.Immutable.10.0 (16.9.31024.71) - restriction: >= net472
      Microsoft.VisualStudio.SDK.EmbedInteropTypes (>= 15.0.34) - restriction: >= net472
      Microsoft.VisualStudio.Shell.Framework (>= 16.9.31024.71) - restriction: >= net472
    Microsoft.VisualStudio.Shell.Immutable.11.0 (16.9.31024.71) - restriction: >= net472
      Microsoft.VisualStudio.SDK.EmbedInteropTypes (>= 15.0.34) - restriction: >= net472
      Microsoft.VisualStudio.Shell.Framework (>= 16.9.31024.71) - restriction: >= net472
    Microsoft.VisualStudio.Shell.Immutable.12.0 (16.9.31024.71) - restriction: >= net472
      Microsoft.VisualStudio.SDK.EmbedInteropTypes (>= 15.0.34) - restriction: >= net472
      Microsoft.VisualStudio.Shell.Framework (>= 16.9.31024.71) - restriction: >= net472
    Microsoft.VisualStudio.Shell.Immutable.14.0 (16.9.31024.71) - restriction: >= net472
      Microsoft.VisualStudio.SDK.EmbedInteropTypes (>= 15.0.34) - restriction: >= net472
      Microsoft.VisualStudio.Shell.Framework (>= 16.9.31024.71) - restriction: >= net472
    Microsoft.VisualStudio.Shell.Interop (16.9.31023.347) - restriction: >= net472
      Microsoft.VisualStudio.SDK.EmbedInteropTypes (>= 15.0.34) - restriction: || (>= net45) (>= netstandard2.0)
      Microsoft.VisualStudio.TextManager.Interop (>= 16.9.31023.347) - restriction: || (>= net45) (>= netstandard2.0)
    Microsoft.VisualStudio.Shell.Interop.10.0 (16.9.31023.347) - restriction: >= net472
      Microsoft.VisualStudio.SDK.EmbedInteropTypes (>= 15.0.34) - restriction: || (>= net45) (>= netstandard2.0)
      Microsoft.VisualStudio.Shell.Interop.8.0 (>= 16.9.31023.347) - restriction: || (>= net45) (>= netstandard2.0)
    Microsoft.VisualStudio.Shell.Interop.11.0 (16.9.31023.347) - restriction: >= net472
      Microsoft.VisualStudio.SDK.EmbedInteropTypes (>= 15.0.34) - restriction: || (>= net45) (>= netstandard2.0)
      Microsoft.VisualStudio.Shell.Interop.10.0 (>= 16.9.31023.347) - restriction: || (>= net45) (>= netstandard2.0)
    Microsoft.VisualStudio.Shell.Interop.12.0 (16.9.31023.347) - restriction: >= net472
      Microsoft.VisualStudio.SDK.EmbedInteropTypes (>= 15.0.34) - restriction: || (>= net45) (>= netstandard2.0)
      Microsoft.VisualStudio.Shell.Interop.11.0 (>= 16.9.31023.347) - restriction: || (>= net45) (>= netstandard2.0)
    Microsoft.VisualStudio.Shell.Interop.12.1.DesignTime (16.9.31023.347) - restriction: >= net472
      Microsoft.VisualStudio.SDK.EmbedInteropTypes (>= 15.0.34) - restriction: || (>= net45) (>= netstandard2.0)
      Microsoft.VisualStudio.Shell.Interop.12.0 (>= 16.9.31023.347) - restriction: || (>= net45) (>= netstandard2.0)
    Microsoft.VisualStudio.Shell.Interop.14.0.DesignTime (16.9.31023.347) - restriction: >= net472
      Microsoft.VisualStudio.Imaging.Interop.14.0.DesignTime (>= 16.9.31023.347) - restriction: || (>= net45) (>= netstandard2.0)
      Microsoft.VisualStudio.SDK.EmbedInteropTypes (>= 15.0.34) - restriction: || (>= net45) (>= netstandard2.0)
      Microsoft.VisualStudio.Shell.Interop.12.0 (>= 16.9.31023.347) - restriction: || (>= net45) (>= netstandard2.0)
    Microsoft.VisualStudio.Shell.Interop.15.0.DesignTime (16.9.31023.347) - restriction: >= net472
      Microsoft.VisualStudio.SDK.EmbedInteropTypes (>= 15.0.34) - restriction: || (>= net45) (>= netstandard2.0)
      Microsoft.VisualStudio.Shell.Interop.12.0 (>= 16.9.31023.347) - restriction: || (>= net45) (>= netstandard2.0)
    Microsoft.VisualStudio.Shell.Interop.15.1.DesignTime (16.9.31023.347) - restriction: >= net472
      Microsoft.VisualStudio.SDK.EmbedInteropTypes (>= 15.0.34) - restriction: || (>= net45) (>= netstandard2.0)
    Microsoft.VisualStudio.Shell.Interop.15.3.DesignTime (16.9.31023.347) - restriction: >= net472
      Microsoft.VisualStudio.SDK.EmbedInteropTypes (>= 15.0.34) - restriction: || (>= net45) (>= netstandard2.0)
      Microsoft.VisualStudio.Shell.Interop.11.0 (>= 16.9.31023.347) - restriction: || (>= net45) (>= netstandard2.0)
    Microsoft.VisualStudio.Shell.Interop.15.5.DesignTime (16.9.31023.347) - restriction: >= net472
      Microsoft.VisualStudio.SDK.EmbedInteropTypes (>= 15.0.34) - restriction: || (>= net45) (>= netstandard2.0)
      Microsoft.VisualStudio.Shell.Interop.12.0 (>= 16.9.31023.347) - restriction: || (>= net45) (>= netstandard2.0)
    Microsoft.VisualStudio.Shell.Interop.15.6.DesignTime (16.9.31023.347) - restriction: >= net472
      Microsoft.VisualStudio.SDK.EmbedInteropTypes (>= 15.0.34) - restriction: || (>= net45) (>= netstandard2.0)
      Microsoft.VisualStudio.Shell.Interop.11.0 (>= 16.9.31023.347) - restriction: || (>= net45) (>= netstandard2.0)
    Microsoft.VisualStudio.Shell.Interop.15.7.DesignTime (16.9.31023.347) - restriction: >= net472
      Microsoft.VisualStudio.SDK.EmbedInteropTypes (>= 15.0.34) - restriction: || (>= net45) (>= netstandard2.0)
      Microsoft.VisualStudio.Shell.Interop.15.0.DesignTime (>= 16.9.31023.347) - restriction: || (>= net45) (>= netstandard2.0)
    Microsoft.VisualStudio.Shell.Interop.15.8.DesignTime (16.9.31023.347) - restriction: >= net472
      Microsoft.VisualStudio.SDK.EmbedInteropTypes (>= 15.0.34) - restriction: || (>= net45) (>= netstandard2.0)
      Microsoft.VisualStudio.Shell.Interop.15.7.DesignTime (>= 16.9.31023.347) - restriction: || (>= net45) (>= netstandard2.0)
    Microsoft.VisualStudio.Shell.Interop.16.0.DesignTime (16.9.31024.71) - restriction: >= net472
      Microsoft.VisualStudio.OLE.Interop (>= 16.9.31023.347) - restriction: || (>= net45) (>= netstandard2.0)
      Microsoft.VisualStudio.SDK.EmbedInteropTypes (>= 15.0.34) - restriction: || (>= net45) (>= netstandard2.0)
      Microsoft.VisualStudio.Shell.Interop (>= 16.9.31023.347) - restriction: || (>= net45) (>= netstandard2.0)
      Microsoft.VisualStudio.Shell.Interop.11.0 (>= 16.9.31023.347) - restriction: || (>= net45) (>= netstandard2.0)
    Microsoft.VisualStudio.Shell.Interop.16.1.DesignTime (16.9.31024.71) - restriction: >= net472
      Microsoft.VisualStudio.SDK.EmbedInteropTypes (>= 15.0.34) - restriction: || (>= net45) (>= netstandard2.0)
      Microsoft.VisualStudio.Shell.Interop.16.0.DesignTime (>= 16.9.31024.71) - restriction: || (>= net45) (>= netstandard2.0)
    Microsoft.VisualStudio.Shell.Interop.16.2.DesignTime (16.9.31024.71) - restriction: >= net472
      Microsoft.VisualStudio.SDK.EmbedInteropTypes (>= 15.0.34) - restriction: || (>= net45) (>= netstandard2.0)
      Microsoft.VisualStudio.Shell.Interop.16.1.DesignTime (>= 16.9.31024.71) - restriction: || (>= net45) (>= netstandard2.0)
    Microsoft.VisualStudio.Shell.Interop.16.3.DesignTime (16.9.31024.71) - restriction: >= net472
      Microsoft.VisualStudio.SDK.EmbedInteropTypes (>= 15.0.34) - restriction: || (>= net45) (>= netstandard2.0)
      Microsoft.VisualStudio.Shell.Interop.12.0 (>= 16.9.31023.347) - restriction: || (>= net45) (>= netstandard2.0)
      Microsoft.VisualStudio.Shell.Interop.16.2.DesignTime (>= 16.9.31024.71) - restriction: || (>= net45) (>= netstandard2.0)
    Microsoft.VisualStudio.Shell.Interop.16.4.DesignTime (16.9.31024.71) - restriction: >= net472
      Microsoft.VisualStudio.SDK.EmbedInteropTypes (>= 15.0.34) - restriction: || (>= net45) (>= netstandard2.0)
      Microsoft.VisualStudio.Shell.Interop (>= 16.9.31023.347) - restriction: || (>= net45) (>= netstandard2.0)
      Microsoft.VisualStudio.Shell.Interop.14.0.DesignTime (>= 16.9.31023.347) - restriction: || (>= net45) (>= netstandard2.0)
      Microsoft.VisualStudio.Shell.Interop.16.3.DesignTime (>= 16.9.31024.71) - restriction: || (>= net45) (>= netstandard2.0)
    Microsoft.VisualStudio.Shell.Interop.16.5.DesignTime (16.9.31024.71) - restriction: >= net472
      Microsoft.VisualStudio.SDK.EmbedInteropTypes (>= 15.0.34) - restriction: || (>= net45) (>= netstandard2.0)
      Microsoft.VisualStudio.Shell.Interop.11.0 (>= 16.9.31023.347) - restriction: || (>= net45) (>= netstandard2.0)
      Microsoft.VisualStudio.Shell.Interop.16.4.DesignTime (>= 16.9.31024.71) - restriction: || (>= net45) (>= netstandard2.0)
    Microsoft.VisualStudio.Shell.Interop.16.6.DesignTime (16.9.31024.71) - restriction: >= net472
      Microsoft.VisualStudio.SDK.EmbedInteropTypes (>= 15.0.34) - restriction: || (>= net45) (>= netstandard2.0)
      Microsoft.VisualStudio.Shell.Interop.11.0 (>= 16.9.31023.347) - restriction: || (>= net45) (>= netstandard2.0)
      Microsoft.VisualStudio.Shell.Interop.16.5.DesignTime (>= 16.9.31024.71) - restriction: || (>= net45) (>= netstandard2.0)
    Microsoft.VisualStudio.Shell.Interop.16.7.DesignTime (16.9.31024.71) - restriction: >= net472
      Microsoft.VisualStudio.SDK.EmbedInteropTypes (>= 15.0.34) - restriction: || (>= net45) (>= netstandard2.0)
      Microsoft.VisualStudio.Shell.Interop.16.6.DesignTime (>= 16.9.31024.71) - restriction: || (>= net45) (>= netstandard2.0)
    Microsoft.VisualStudio.Shell.Interop.16.9.DesignTime (16.9.31024.71) - restriction: >= net472
      Microsoft.VisualStudio.SDK.EmbedInteropTypes (>= 15.0.34) - restriction: || (>= net45) (>= netstandard2.0)
    Microsoft.VisualStudio.Shell.Interop.8.0 (16.9.31023.347) - restriction: >= net472
      Microsoft.VisualStudio.SDK.EmbedInteropTypes (>= 15.0.34) - restriction: || (>= net45) (>= netstandard2.0)
      Microsoft.VisualStudio.TextManager.Interop.8.0 (>= 16.9.31023.347) - restriction: || (>= net45) (>= netstandard2.0)
    Microsoft.VisualStudio.Shell.Interop.9.0 (16.9.31023.347) - restriction: >= net472
      Microsoft.VisualStudio.SDK.EmbedInteropTypes (>= 15.0.34) - restriction: || (>= net45) (>= netstandard2.0)
      Microsoft.VisualStudio.Shell.Interop.8.0 (>= 16.9.31023.347) - restriction: || (>= net45) (>= netstandard2.0)
    Microsoft.VisualStudio.TaskRunnerExplorer.14.0 (14.0) - restriction: >= net472
    Microsoft.VisualStudio.Telemetry (16.3.176) - restriction: >= net472
      Microsoft.Diagnostics.Tracing.EventSource.Redist (>= 1.1.28) - restriction: >= net45
      Microsoft.VisualStudio.RemoteControl (>= 16.3.32) - restriction: || (>= net45) (>= netstandard2.0)
      Microsoft.VisualStudio.Utilities.Internal (>= 16.3.23) - restriction: || (>= net45) (>= netstandard2.0)
      Newtonsoft.Json (>= 9.0.1) - restriction: || (>= net45) (>= netstandard2.0)
    Microsoft.VisualStudio.Text.Data (16.9.227) - restriction: >= net472
      Microsoft.VisualStudio.CoreUtility (>= 16.9.227) - restriction: >= netstandard2.0
      Microsoft.VisualStudio.Threading (>= 16.9.51) - restriction: >= netstandard2.0
    Microsoft.VisualStudio.Text.Logic (16.9.227) - restriction: >= net472
      Microsoft.VisualStudio.CoreUtility (>= 16.9.227) - restriction: >= netstandard2.0
      Microsoft.VisualStudio.Text.Data (>= 16.9.227) - restriction: >= netstandard2.0
      System.Collections.Immutable (>= 5.0) - restriction: >= netstandard2.0
      System.ComponentModel.Composition (>= 4.5) - restriction: >= netstandard2.0
    Microsoft.VisualStudio.Text.UI (16.9.227) - restriction: >= net472
      Microsoft.VisualStudio.CoreUtility (>= 16.9.227) - restriction: >= netstandard2.0
      Microsoft.VisualStudio.Text.Data (>= 16.9.227) - restriction: >= netstandard2.0
      Microsoft.VisualStudio.Text.Logic (>= 16.9.227) - restriction: >= netstandard2.0
      System.ComponentModel.Composition (>= 4.5) - restriction: >= netstandard2.0
    Microsoft.VisualStudio.Text.UI.Wpf (16.9.227) - restriction: >= net472
      Microsoft.VisualStudio.CoreUtility (>= 16.9.227) - restriction: >= net472
      Microsoft.VisualStudio.Imaging.Interop.14.0.DesignTime (>= 16.9.30921.310) - restriction: >= net472
      Microsoft.VisualStudio.Text.Data (>= 16.9.227) - restriction: >= net472
      Microsoft.VisualStudio.Text.Logic (>= 16.9.227) - restriction: >= net472
      Microsoft.VisualStudio.Text.UI (>= 16.9.227) - restriction: >= net472
    Microsoft.VisualStudio.TextManager.Interop (16.9.31023.347) - restriction: >= net472
      Microsoft.VisualStudio.OLE.Interop (>= 16.9.31023.347) - restriction: || (>= net45) (>= netstandard2.0)
      Microsoft.VisualStudio.SDK.EmbedInteropTypes (>= 15.0.34) - restriction: || (>= net45) (>= netstandard2.0)
    Microsoft.VisualStudio.TextManager.Interop.12.1.DesignTime (16.9.31023.347) - restriction: >= net472
      Microsoft.VisualStudio.SDK.EmbedInteropTypes (>= 15.0.34) - restriction: || (>= net45) (>= netstandard2.0)
    Microsoft.VisualStudio.TextManager.Interop.8.0 (16.9.31023.347) - restriction: >= net472
      Microsoft.VisualStudio.SDK.EmbedInteropTypes (>= 15.0.34) - restriction: || (>= net45) (>= netstandard2.0)
      Microsoft.VisualStudio.Shell.Interop (>= 16.9.31023.347) - restriction: || (>= net45) (>= netstandard2.0)
    Microsoft.VisualStudio.TextTemplating.15.0 (16.9.31025.194) - restriction: >= net472
      Microsoft.VisualStudio.TextTemplating.Interfaces.11.0 (>= 11.0.50728)
    Microsoft.VisualStudio.TextTemplating.Interfaces.10.0 (10.0.30320) - restriction: >= net472
    Microsoft.VisualStudio.TextTemplating.Interfaces.11.0 (11.0.50728) - restriction: >= net472
      Microsoft.VisualStudio.TextTemplating.Interfaces.10.0 (>= 10.0.30320)
    Microsoft.VisualStudio.TextTemplating.Interfaces.15.0 (16.9.31025.104) - restriction: >= net472
    Microsoft.VisualStudio.TextTemplating.VSHost.15.0 (16.9.31025.194) - restriction: >= net472
      Microsoft.VisualStudio.Shell.Framework (>= 16.9.31024.71)
      Microsoft.VisualStudio.TextTemplating.15.0 (>= 16.9.31025.194)
    Microsoft.VisualStudio.Threading (16.9.60) - restriction: >= net472
      Microsoft.Bcl.AsyncInterfaces (>= 5.0) - restriction: >= netstandard2.0
      Microsoft.VisualStudio.Threading.Analyzers (>= 16.9.60) - restriction: >= netstandard2.0
      Microsoft.VisualStudio.Validation (>= 16.8.33) - restriction: >= netstandard2.0
      Microsoft.Win32.Registry (>= 5.0) - restriction: >= netstandard2.0
      System.Threading.Tasks.Extensions (>= 4.5.4) - restriction: >= netstandard2.0
    Microsoft.VisualStudio.Threading.Analyzers (16.9.60) - restriction: >= net472
    Microsoft.VisualStudio.Utilities (16.9.31024.71) - restriction: >= net472
      Microsoft.ServiceHub.Client (>= 2.7.345) - restriction: >= netstandard2.0
      Microsoft.VisualStudio.RpcContracts (>= 16.9.65) - restriction: >= netstandard2.0
      Microsoft.VisualStudio.Shell.Embeddable (>= 16.9.31023.347) - restriction: >= netstandard2.0
      Microsoft.VisualStudio.Telemetry (>= 16.3.104) - restriction: >= netstandard2.0
      System.ComponentModel.Composition (>= 4.5) - restriction: >= netstandard2.0
      System.Threading.AccessControl (>= 4.7) - restriction: >= netstandard2.0
      System.Threading.Tasks.Dataflow (>= 5.0) - restriction: >= netstandard2.0
    Microsoft.VisualStudio.Utilities.Internal (16.3.23) - restriction: >= net472
    Microsoft.VisualStudio.Validation (16.9.32) - restriction: >= net472
    Microsoft.VisualStudio.Web.BrowserLink.12.0 (12.0) - restriction: >= net472
    Microsoft.VSSDK.BuildTools (16.9.1050)
      Microsoft.VisualStudio.SDK.Analyzers (>= 15.8.33) - restriction: >= net46
    Microsoft.Win32.Primitives (4.3) - restriction: || (&& (< monoandroid) (< net20) (< netstandard1.2) (>= netstandard1.3) (< win8)) (&& (< net20) (>= net46) (< netstandard1.3)) (&& (< net20) (>= net46) (< netstandard1.4)) (&& (< net20) (>= netstandard1.3) (< netstandard1.4) (< win8) (< wpa81)) (&& (< net20) (< netstandard1.3) (>= netstandard1.4) (< win8) (< wpa81)) (&& (< net20) (< netstandard1.3) (>= netstandard1.5) (< win8) (< wpa81)) (&& (< net20) (< netstandard1.3) (>= netstandard1.6) (< win8) (< wpa81)) (&& (< net20) (>= netstandard1.4) (< netstandard1.5) (< win8) (< wpa81)) (&& (< net20) (>= netstandard1.5) (< netstandard1.6) (< win8) (< wpa81)) (&& (< net20) (>= netstandard1.6) (< netstandard2.0) (< win8) (< wpa81)) (>= net472) (&& (< netstandard1.3) (>= uap10.0)) (&& (< netstandard1.5) (>= uap10.0) (< uap10.1)) (&& (< netstandard1.5) (>= uap10.0) (< win8) (< wpa81))
    Microsoft.Win32.Registry (5.0) - restriction: >= net472
      System.Security.AccessControl (>= 5.0) - restriction: || (&& (>= monoandroid) (< netcoreapp2.0)) (&& (< monoandroid) (< net46) (< netcoreapp2.0) (>= netstandard2.0)) (&& (< monoandroid) (>= netcoreapp2.0)) (>= monotouch) (>= net461) (>= netcoreapp2.1) (>= uap10.1) (>= xamarinios) (>= xamarinmac) (>= xamarintvos) (>= xamarinwatchos)
      System.Security.Principal.Windows (>= 5.0) - restriction: || (&& (>= monoandroid) (< netcoreapp2.0)) (&& (< monoandroid) (< net46) (< netcoreapp2.0) (>= netstandard2.0)) (&& (< monoandroid) (>= netcoreapp2.0)) (>= monotouch) (>= net461) (>= netcoreapp2.1) (>= uap10.1) (>= xamarinios) (>= xamarinmac) (>= xamarintvos) (>= xamarinwatchos)
    Nerdbank.Streams (2.7.74) - restriction: >= net472
      Microsoft.Bcl.AsyncInterfaces (>= 5.0) - restriction: >= netstandard2.0
      Microsoft.VisualStudio.Threading (>= 16.9.60) - restriction: >= netstandard2.0
      System.IO.Pipelines (>= 5.0.1) - restriction: >= netstandard2.0
      System.Net.WebSockets (>= 4.3) - restriction: >= netstandard2.0
      System.Runtime.CompilerServices.Unsafe (>= 5.0) - restriction: >= netstandard2.0
    NETStandard.Library (2.0.3) - redirects: on, restriction: || (&& (< net20) (>= netstandard1.0) (< netstandard1.3)) (&& (< net20) (>= netstandard1.3) (< netstandard2.0)) (&& (< net45) (>= netstandard1.3) (< netstandard1.5)) (&& (< net45) (>= netstandard1.5) (< netstandard2.0))
      Microsoft.NETCore.Platforms (>= 1.1) - restriction: || (&& (>= net45) (< netstandard1.3)) (&& (< net45) (>= netstandard1.1) (< netstandard1.2) (< win8)) (&& (< net45) (>= netstandard1.2) (< netstandard1.3) (< win8) (< wpa81)) (&& (< net45) (>= netstandard1.3) (< netstandard1.4) (< win8) (< wpa81)) (&& (< net45) (>= netstandard1.4) (< netstandard1.5) (< win8) (< wpa81)) (&& (< net45) (>= netstandard1.5) (< netstandard1.6) (< win8) (< wpa81)) (&& (< net45) (>= netstandard1.6) (< netstandard2.0) (< win8) (< wpa81)) (&& (< net45) (>= netstandard2.0)) (&& (>= net46) (< netstandard1.4)) (>= net461) (>= netcoreapp2.0) (&& (>= netstandard1.0) (< portable-net45+win8+wpa81)) (&& (< netstandard1.0) (>= portable-net45+win8) (< win8)) (&& (< netstandard1.0) (< portable-net45+win8) (>= portable-net45+win8+wpa81)) (&& (< netstandard1.0) (>= portable-net45+win8+wp8+wpa81) (< portable-net45+win8+wpa81)) (&& (< netstandard1.0) (>= win8)) (&& (< netstandard1.3) (< win8) (>= wpa81)) (&& (< netstandard1.5) (>= uap10.0)) (>= uap10.1) (>= wp8)
      Microsoft.Win32.Primitives (>= 4.3) - restriction: || (&& (< net45) (>= netstandard1.3) (< netstandard1.4) (< win8) (< wpa81)) (&& (< net45) (>= netstandard1.4) (< netstandard1.5) (< win8) (< wpa81)) (&& (< net45) (>= netstandard1.5) (< netstandard1.6) (< win8) (< wpa81)) (&& (< net45) (>= netstandard1.6) (< netstandard2.0) (< win8) (< wpa81)) (&& (>= net46) (< netstandard1.4)) (&& (< netstandard1.5) (>= uap10.0) (< uap10.1))
      System.AppContext (>= 4.3) - restriction: || (&& (< net45) (>= netstandard1.3) (< netstandard1.4) (< win8) (< wpa81)) (&& (< net45) (>= netstandard1.4) (< netstandard1.5) (< win8) (< wpa81)) (&& (< net45) (>= netstandard1.5) (< netstandard1.6) (< win8) (< wpa81)) (&& (< net45) (>= netstandard1.6) (< netstandard2.0) (< win8) (< wpa81)) (&& (>= net46) (< netstandard1.4)) (&& (< netstandard1.5) (>= uap10.0) (< uap10.1))
      System.Collections (>= 4.3) - restriction: || (&& (< net45) (>= netstandard1.1) (< netstandard1.2) (< win8)) (&& (< net45) (>= netstandard1.2) (< netstandard1.3) (< win8) (< wpa81)) (&& (< net45) (>= netstandard1.3) (< netstandard1.4) (< win8) (< wpa81)) (&& (< net45) (>= netstandard1.4) (< netstandard1.5) (< win8) (< wpa81)) (&& (< net45) (>= netstandard1.5) (< netstandard1.6) (< win8) (< wpa81)) (&& (< net45) (>= netstandard1.6) (< netstandard2.0) (< win8) (< wpa81)) (&& (>= netstandard1.0) (< portable-net45+win8+wpa81) (< wp8)) (&& (< netstandard1.5) (>= uap10.0) (< uap10.1))
      System.Collections.Concurrent (>= 4.3) - restriction: || (&& (< net45) (>= netstandard1.1) (< netstandard1.2) (< win8)) (&& (< net45) (>= netstandard1.2) (< netstandard1.3) (< win8) (< wpa81)) (&& (< net45) (>= netstandard1.3) (< netstandard1.4) (< win8) (< wpa81)) (&& (< net45) (>= netstandard1.4) (< netstandard1.5) (< win8) (< wpa81)) (&& (< net45) (>= netstandard1.5) (< netstandard1.6) (< win8) (< wpa81)) (&& (< net45) (>= netstandard1.6) (< netstandard2.0) (< win8) (< wpa81)) (&& (< netstandard1.5) (>= uap10.0) (< uap10.1))
      System.Console (>= 4.3) - restriction: || (&& (< net45) (>= netstandard1.3) (< netstandard1.4) (< win8) (< wpa81)) (&& (< net45) (>= netstandard1.4) (< netstandard1.5) (< win8) (< wpa81)) (&& (< net45) (>= netstandard1.5) (< netstandard1.6) (< win8) (< wpa81)) (&& (< net45) (>= netstandard1.6) (< netstandard2.0) (< win8) (< wpa81)) (&& (>= net46) (< netstandard1.4)) (&& (< netstandard1.5) (>= uap10.0) (< uap10.1))
      System.Diagnostics.Debug (>= 4.3) - restriction: || (&& (< net45) (>= netstandard1.1) (< netstandard1.2) (< win8)) (&& (< net45) (>= netstandard1.2) (< netstandard1.3) (< win8) (< wpa81)) (&& (< net45) (>= netstandard1.3) (< netstandard1.4) (< win8) (< wpa81)) (&& (< net45) (>= netstandard1.4) (< netstandard1.5) (< win8) (< wpa81)) (&& (< net45) (>= netstandard1.5) (< netstandard1.6) (< win8) (< wpa81)) (&& (< net45) (>= netstandard1.6) (< netstandard2.0) (< win8) (< wpa81)) (&& (>= netstandard1.0) (< portable-net45+win8+wpa81) (< wp8)) (&& (< netstandard1.5) (>= uap10.0) (< uap10.1))
      System.Diagnostics.Tools (>= 4.3) - restriction: || (&& (< net45) (>= netstandard1.1) (< netstandard1.2) (< win8)) (&& (< net45) (>= netstandard1.2) (< netstandard1.3) (< win8) (< wpa81)) (&& (< net45) (>= netstandard1.3) (< netstandard1.4) (< win8) (< wpa81)) (&& (< net45) (>= netstandard1.4) (< netstandard1.5) (< win8) (< wpa81)) (&& (< net45) (>= netstandard1.5) (< netstandard1.6) (< win8) (< wpa81)) (&& (< net45) (>= netstandard1.6) (< netstandard2.0) (< win8) (< wpa81)) (&& (>= netstandard1.0) (< portable-net45+win8+wpa81) (< wp8)) (&& (< netstandard1.5) (>= uap10.0) (< uap10.1))
      System.Diagnostics.Tracing (>= 4.3) - restriction: || (&& (< net45) (>= netstandard1.1) (< netstandard1.2) (< win8)) (&& (< net45) (>= netstandard1.2) (< netstandard1.3) (< win8) (< wpa81)) (&& (< net45) (>= netstandard1.3) (< netstandard1.4) (< win8) (< wpa81)) (&& (< net45) (>= netstandard1.4) (< netstandard1.5) (< win8) (< wpa81)) (&& (< net45) (>= netstandard1.5) (< netstandard1.6) (< win8) (< wpa81)) (&& (< net45) (>= netstandard1.6) (< netstandard2.0) (< win8) (< wpa81)) (&& (< netstandard1.5) (>= uap10.0) (< uap10.1))
      System.Globalization (>= 4.3) - restriction: || (&& (< net45) (>= netstandard1.1) (< netstandard1.2) (< win8)) (&& (< net45) (>= netstandard1.2) (< netstandard1.3) (< win8) (< wpa81)) (&& (< net45) (>= netstandard1.3) (< netstandard1.4) (< win8) (< wpa81)) (&& (< net45) (>= netstandard1.4) (< netstandard1.5) (< win8) (< wpa81)) (&& (< net45) (>= netstandard1.5) (< netstandard1.6) (< win8) (< wpa81)) (&& (< net45) (>= netstandard1.6) (< netstandard2.0) (< win8) (< wpa81)) (&& (>= netstandard1.0) (< portable-net45+win8+wpa81) (< wp8)) (&& (< netstandard1.5) (>= uap10.0) (< uap10.1))
      System.Globalization.Calendars (>= 4.3) - restriction: || (&& (< net45) (>= netstandard1.3) (< netstandard1.4) (< win8) (< wpa81)) (&& (< net45) (>= netstandard1.4) (< netstandard1.5) (< win8) (< wpa81)) (&& (< net45) (>= netstandard1.5) (< netstandard1.6) (< win8) (< wpa81)) (&& (< net45) (>= netstandard1.6) (< netstandard2.0) (< win8) (< wpa81)) (&& (>= net46) (< netstandard1.4)) (&& (< netstandard1.5) (>= uap10.0) (< uap10.1))
      System.IO (>= 4.3) - restriction: || (&& (< net45) (>= netstandard1.1) (< netstandard1.2) (< win8)) (&& (< net45) (>= netstandard1.2) (< netstandard1.3) (< win8) (< wpa81)) (&& (< net45) (>= netstandard1.3) (< netstandard1.4) (< win8) (< wpa81)) (&& (< net45) (>= netstandard1.4) (< netstandard1.5) (< win8) (< wpa81)) (&& (< net45) (>= netstandard1.5) (< netstandard1.6) (< win8) (< wpa81)) (&& (< net45) (>= netstandard1.6) (< netstandard2.0) (< win8) (< wpa81)) (&& (>= netstandard1.0) (< portable-net45+win8+wpa81) (< wp8)) (&& (< netstandard1.5) (>= uap10.0) (< uap10.1))
      System.IO.Compression (>= 4.3) - restriction: || (&& (< net45) (>= netstandard1.1) (< netstandard1.2) (< win8)) (&& (< net45) (>= netstandard1.2) (< netstandard1.3) (< win8) (< wpa81)) (&& (< net45) (>= netstandard1.3) (< netstandard1.4) (< win8) (< wpa81)) (&& (< net45) (>= netstandard1.4) (< netstandard1.5) (< win8) (< wpa81)) (&& (< net45) (>= netstandard1.5) (< netstandard1.6) (< win8) (< wpa81)) (&& (< net45) (>= netstandard1.6) (< netstandard2.0) (< win8) (< wpa81)) (&& (>= net46) (< netstandard1.4)) (&& (< netstandard1.5) (>= uap10.0) (< uap10.1))
      System.IO.Compression.ZipFile (>= 4.3) - restriction: || (&& (< net45) (>= netstandard1.3) (< netstandard1.4) (< win8) (< wpa81)) (&& (< net45) (>= netstandard1.4) (< netstandard1.5) (< win8) (< wpa81)) (&& (< net45) (>= netstandard1.5) (< netstandard1.6) (< win8) (< wpa81)) (&& (< net45) (>= netstandard1.6) (< netstandard2.0) (< win8) (< wpa81)) (&& (>= net46) (< netstandard1.4)) (&& (< netstandard1.5) (>= uap10.0) (< uap10.1))
      System.IO.FileSystem (>= 4.3) - restriction: || (&& (< net45) (>= netstandard1.3) (< netstandard1.4) (< win8) (< wpa81)) (&& (< net45) (>= netstandard1.4) (< netstandard1.5) (< win8) (< wpa81)) (&& (< net45) (>= netstandard1.5) (< netstandard1.6) (< win8) (< wpa81)) (&& (< net45) (>= netstandard1.6) (< netstandard2.0) (< win8) (< wpa81)) (&& (>= net46) (< netstandard1.4)) (&& (< netstandard1.5) (>= uap10.0) (< uap10.1))
      System.IO.FileSystem.Primitives (>= 4.3) - restriction: || (&& (< net45) (>= netstandard1.3) (< netstandard1.4) (< win8) (< wpa81)) (&& (< net45) (>= netstandard1.4) (< netstandard1.5) (< win8) (< wpa81)) (&& (< net45) (>= netstandard1.5) (< netstandard1.6) (< win8) (< wpa81)) (&& (< net45) (>= netstandard1.6) (< netstandard2.0) (< win8) (< wpa81)) (&& (>= net46) (< netstandard1.4)) (&& (< netstandard1.5) (>= uap10.0) (< uap10.1))
      System.Linq (>= 4.3) - restriction: || (&& (< net45) (>= netstandard1.1) (< netstandard1.2) (< win8)) (&& (< net45) (>= netstandard1.2) (< netstandard1.3) (< win8) (< wpa81)) (&& (< net45) (>= netstandard1.3) (< netstandard1.4) (< win8) (< wpa81)) (&& (< net45) (>= netstandard1.4) (< netstandard1.5) (< win8) (< wpa81)) (&& (< net45) (>= netstandard1.5) (< netstandard1.6) (< win8) (< wpa81)) (&& (< net45) (>= netstandard1.6) (< netstandard2.0) (< win8) (< wpa81)) (&& (>= netstandard1.0) (< portable-net45+win8+wpa81) (< wp8)) (&& (< netstandard1.5) (>= uap10.0) (< uap10.1))
      System.Linq.Expressions (>= 4.3) - restriction: || (&& (< net45) (>= netstandard1.1) (< netstandard1.2) (< win8)) (&& (< net45) (>= netstandard1.2) (< netstandard1.3) (< win8) (< wpa81)) (&& (< net45) (>= netstandard1.3) (< netstandard1.4) (< win8) (< wpa81)) (&& (< net45) (>= netstandard1.4) (< netstandard1.5) (< win8) (< wpa81)) (&& (< net45) (>= netstandard1.5) (< netstandard1.6) (< win8) (< wpa81)) (&& (< net45) (>= netstandard1.6) (< netstandard2.0) (< win8) (< wpa81)) (&& (>= netstandard1.0) (< portable-net45+win8+wpa81) (< wp8)) (&& (< netstandard1.5) (>= uap10.0) (< uap10.1))
      System.Net.Http (>= 4.3.2) - restriction: || (&& (< net45) (>= netstandard1.1) (< netstandard1.2) (< win8)) (&& (< net45) (>= netstandard1.2) (< netstandard1.3) (< win8) (< wpa81)) (&& (< net45) (>= netstandard1.3) (< netstandard1.4) (< win8) (< wpa81)) (&& (< net45) (>= netstandard1.4) (< netstandard1.5) (< win8) (< wpa81)) (&& (< net45) (>= netstandard1.5) (< netstandard1.6) (< win8) (< wpa81)) (&& (< net45) (>= netstandard1.6) (< netstandard2.0) (< win8) (< wpa81)) (&& (>= net46) (< netstandard1.4)) (&& (< netstandard1.5) (>= uap10.0) (< uap10.1))
      System.Net.Primitives (>= 4.3) - restriction: || (&& (< net45) (>= netstandard1.1) (< netstandard1.2) (< win8)) (&& (< net45) (>= netstandard1.2) (< netstandard1.3) (< win8) (< wpa81)) (&& (< net45) (>= netstandard1.3) (< netstandard1.4) (< win8) (< wpa81)) (&& (< net45) (>= netstandard1.4) (< netstandard1.5) (< win8) (< wpa81)) (&& (< net45) (>= netstandard1.5) (< netstandard1.6) (< win8) (< wpa81)) (&& (< net45) (>= netstandard1.6) (< netstandard2.0) (< win8) (< wpa81)) (&& (>= netstandard1.0) (< portable-net45+win8+wpa81) (< wp8)) (&& (< netstandard1.5) (>= uap10.0) (< uap10.1))
      System.Net.Sockets (>= 4.3) - restriction: || (&& (< net45) (>= netstandard1.3) (< netstandard1.4) (< win8) (< wpa81)) (&& (< net45) (>= netstandard1.4) (< netstandard1.5) (< win8) (< wpa81)) (&& (< net45) (>= netstandard1.5) (< netstandard1.6) (< win8) (< wpa81)) (&& (< net45) (>= netstandard1.6) (< netstandard2.0) (< win8) (< wpa81)) (&& (>= net46) (< netstandard1.4)) (&& (< netstandard1.5) (>= uap10.0) (< uap10.1))
      System.ObjectModel (>= 4.3) - restriction: || (&& (< net45) (>= netstandard1.1) (< netstandard1.2) (< win8)) (&& (< net45) (>= netstandard1.2) (< netstandard1.3) (< win8) (< wpa81)) (&& (< net45) (>= netstandard1.3) (< netstandard1.4) (< win8) (< wpa81)) (&& (< net45) (>= netstandard1.4) (< netstandard1.5) (< win8) (< wpa81)) (&& (< net45) (>= netstandard1.5) (< netstandard1.6) (< win8) (< wpa81)) (&& (< net45) (>= netstandard1.6) (< netstandard2.0) (< win8) (< wpa81)) (&& (>= netstandard1.0) (< portable-net45+win8+wpa81) (< wp8)) (&& (< netstandard1.5) (>= uap10.0) (< uap10.1))
      System.Reflection (>= 4.3) - restriction: || (&& (< net45) (>= netstandard1.1) (< netstandard1.2) (< win8)) (&& (< net45) (>= netstandard1.2) (< netstandard1.3) (< win8) (< wpa81)) (&& (< net45) (>= netstandard1.3) (< netstandard1.4) (< win8) (< wpa81)) (&& (< net45) (>= netstandard1.4) (< netstandard1.5) (< win8) (< wpa81)) (&& (< net45) (>= netstandard1.5) (< netstandard1.6) (< win8) (< wpa81)) (&& (< net45) (>= netstandard1.6) (< netstandard2.0) (< win8) (< wpa81)) (&& (>= netstandard1.0) (< portable-net45+win8+wpa81) (< wp8)) (&& (< netstandard1.5) (>= uap10.0) (< uap10.1))
      System.Reflection.Extensions (>= 4.3) - restriction: || (&& (< net45) (>= netstandard1.1) (< netstandard1.2) (< win8)) (&& (< net45) (>= netstandard1.2) (< netstandard1.3) (< win8) (< wpa81)) (&& (< net45) (>= netstandard1.3) (< netstandard1.4) (< win8) (< wpa81)) (&& (< net45) (>= netstandard1.4) (< netstandard1.5) (< win8) (< wpa81)) (&& (< net45) (>= netstandard1.5) (< netstandard1.6) (< win8) (< wpa81)) (&& (< net45) (>= netstandard1.6) (< netstandard2.0) (< win8) (< wpa81)) (&& (>= netstandard1.0) (< portable-net45+win8+wpa81) (< wp8)) (&& (< netstandard1.5) (>= uap10.0) (< uap10.1))
      System.Reflection.Primitives (>= 4.3) - restriction: || (&& (< net45) (>= netstandard1.1) (< netstandard1.2) (< win8)) (&& (< net45) (>= netstandard1.2) (< netstandard1.3) (< win8) (< wpa81)) (&& (< net45) (>= netstandard1.3) (< netstandard1.4) (< win8) (< wpa81)) (&& (< net45) (>= netstandard1.4) (< netstandard1.5) (< win8) (< wpa81)) (&& (< net45) (>= netstandard1.5) (< netstandard1.6) (< win8) (< wpa81)) (&& (< net45) (>= netstandard1.6) (< netstandard2.0) (< win8) (< wpa81)) (&& (>= netstandard1.0) (< portable-net45+win8+wpa81) (< wp8)) (&& (< netstandard1.5) (>= uap10.0) (< uap10.1))
      System.Resources.ResourceManager (>= 4.3) - restriction: || (&& (< net45) (>= netstandard1.1) (< netstandard1.2) (< win8)) (&& (< net45) (>= netstandard1.2) (< netstandard1.3) (< win8) (< wpa81)) (&& (< net45) (>= netstandard1.3) (< netstandard1.4) (< win8) (< wpa81)) (&& (< net45) (>= netstandard1.4) (< netstandard1.5) (< win8) (< wpa81)) (&& (< net45) (>= netstandard1.5) (< netstandard1.6) (< win8) (< wpa81)) (&& (< net45) (>= netstandard1.6) (< netstandard2.0) (< win8) (< wpa81)) (&& (>= netstandard1.0) (< portable-net45+win8+wpa81) (< wp8)) (&& (< netstandard1.5) (>= uap10.0) (< uap10.1))
      System.Runtime (>= 4.3) - restriction: || (&& (< net45) (>= netstandard1.1) (< netstandard1.2) (< win8)) (&& (< net45) (>= netstandard1.2) (< netstandard1.3) (< win8) (< wpa81)) (&& (< net45) (>= netstandard1.3) (< netstandard1.4) (< win8) (< wpa81)) (&& (< net45) (>= netstandard1.4) (< netstandard1.5) (< win8) (< wpa81)) (&& (< net45) (>= netstandard1.5) (< netstandard1.6) (< win8) (< wpa81)) (&& (< net45) (>= netstandard1.6) (< netstandard2.0) (< win8) (< wpa81)) (&& (>= netstandard1.0) (< portable-net45+win8+wpa81) (< wp8)) (&& (< netstandard1.5) (>= uap10.0) (< uap10.1))
      System.Runtime.Extensions (>= 4.3) - restriction: || (&& (< net45) (>= netstandard1.1) (< netstandard1.2) (< win8)) (&& (< net45) (>= netstandard1.2) (< netstandard1.3) (< win8) (< wpa81)) (&& (< net45) (>= netstandard1.3) (< netstandard1.4) (< win8) (< wpa81)) (&& (< net45) (>= netstandard1.4) (< netstandard1.5) (< win8) (< wpa81)) (&& (< net45) (>= netstandard1.5) (< netstandard1.6) (< win8) (< wpa81)) (&& (< net45) (>= netstandard1.6) (< netstandard2.0) (< win8) (< wpa81)) (&& (>= netstandard1.0) (< portable-net45+win8+wpa81) (< wp8)) (&& (< netstandard1.5) (>= uap10.0) (< uap10.1))
      System.Runtime.Handles (>= 4.3) - restriction: || (&& (< net45) (>= netstandard1.3) (< netstandard1.4) (< win8) (< wpa81)) (&& (< net45) (>= netstandard1.4) (< netstandard1.5) (< win8) (< wpa81)) (&& (< net45) (>= netstandard1.5) (< netstandard1.6) (< win8) (< wpa81)) (&& (< net45) (>= netstandard1.6) (< netstandard2.0) (< win8) (< wpa81)) (&& (< netstandard1.5) (>= uap10.0) (< uap10.1))
      System.Runtime.InteropServices (>= 4.3) - restriction: || (&& (< net45) (>= netstandard1.1) (< netstandard1.2) (< win8)) (&& (< net45) (>= netstandard1.2) (< netstandard1.3) (< win8) (< wpa81)) (&& (< net45) (>= netstandard1.3) (< netstandard1.4) (< win8) (< wpa81)) (&& (< net45) (>= netstandard1.4) (< netstandard1.5) (< win8) (< wpa81)) (&& (< net45) (>= netstandard1.5) (< netstandard1.6) (< win8) (< wpa81)) (&& (< net45) (>= netstandard1.6) (< netstandard2.0) (< win8) (< wpa81)) (&& (< netstandard1.5) (>= uap10.0) (< uap10.1))
      System.Runtime.InteropServices.RuntimeInformation (>= 4.3) - restriction: || (&& (>= net45) (< netstandard1.3)) (&& (< net45) (>= netstandard1.1) (< netstandard1.2) (< win8)) (&& (< net45) (>= netstandard1.2) (< netstandard1.3) (< win8) (< wpa81)) (&& (< net45) (>= netstandard1.3) (< netstandard1.4) (< win8) (< wpa81)) (&& (< net45) (>= netstandard1.4) (< netstandard1.5) (< win8) (< wpa81)) (&& (< net45) (>= netstandard1.5) (< netstandard1.6) (< win8) (< wpa81)) (&& (< net45) (>= netstandard1.6) (< netstandard2.0) (< win8) (< wpa81)) (&& (>= net46) (< netstandard1.4)) (&& (< netstandard1.0) (>= portable-net45+win8) (< win8)) (&& (< netstandard1.0) (< portable-net45+win8) (>= portable-net45+win8+wpa81)) (&& (< netstandard1.0) (>= win8)) (&& (< netstandard1.3) (< win8) (>= wpa81)) (&& (< netstandard1.5) (>= uap10.0) (< uap10.1))
      System.Runtime.Numerics (>= 4.3) - restriction: || (&& (< net45) (>= netstandard1.1) (< netstandard1.2) (< win8)) (&& (< net45) (>= netstandard1.2) (< netstandard1.3) (< win8) (< wpa81)) (&& (< net45) (>= netstandard1.3) (< netstandard1.4) (< win8) (< wpa81)) (&& (< net45) (>= netstandard1.4) (< netstandard1.5) (< win8) (< wpa81)) (&& (< net45) (>= netstandard1.5) (< netstandard1.6) (< win8) (< wpa81)) (&& (< net45) (>= netstandard1.6) (< netstandard2.0) (< win8) (< wpa81)) (&& (< netstandard1.5) (>= uap10.0) (< uap10.1))
      System.Security.Cryptography.Algorithms (>= 4.3) - restriction: || (&& (< net45) (>= netstandard1.3) (< netstandard1.4) (< win8) (< wpa81)) (&& (< net45) (>= netstandard1.4) (< netstandard1.5) (< win8) (< wpa81)) (&& (< net45) (>= netstandard1.5) (< netstandard1.6) (< win8) (< wpa81)) (&& (< net45) (>= netstandard1.6) (< netstandard2.0) (< win8) (< wpa81)) (&& (>= net46) (< netstandard1.4)) (&& (< netstandard1.5) (>= uap10.0) (< uap10.1))
      System.Security.Cryptography.Encoding (>= 4.3) - restriction: || (&& (< net45) (>= netstandard1.3) (< netstandard1.4) (< win8) (< wpa81)) (&& (< net45) (>= netstandard1.4) (< netstandard1.5) (< win8) (< wpa81)) (&& (< net45) (>= netstandard1.5) (< netstandard1.6) (< win8) (< wpa81)) (&& (< net45) (>= netstandard1.6) (< netstandard2.0) (< win8) (< wpa81)) (&& (>= net46) (< netstandard1.4)) (&& (< netstandard1.5) (>= uap10.0) (< uap10.1))
      System.Security.Cryptography.Primitives (>= 4.3) - restriction: || (&& (< net45) (>= netstandard1.3) (< netstandard1.4) (< win8) (< wpa81)) (&& (< net45) (>= netstandard1.4) (< netstandard1.5) (< win8) (< wpa81)) (&& (< net45) (>= netstandard1.5) (< netstandard1.6) (< win8) (< wpa81)) (&& (< net45) (>= netstandard1.6) (< netstandard2.0) (< win8) (< wpa81)) (&& (>= net46) (< netstandard1.4)) (&& (< netstandard1.5) (>= uap10.0) (< uap10.1))
      System.Security.Cryptography.X509Certificates (>= 4.3) - restriction: || (&& (< net45) (>= netstandard1.3) (< netstandard1.4) (< win8) (< wpa81)) (&& (< net45) (>= netstandard1.4) (< netstandard1.5) (< win8) (< wpa81)) (&& (< net45) (>= netstandard1.5) (< netstandard1.6) (< win8) (< wpa81)) (&& (< net45) (>= netstandard1.6) (< netstandard2.0) (< win8) (< wpa81)) (&& (>= net46) (< netstandard1.4)) (&& (< netstandard1.5) (>= uap10.0) (< uap10.1))
      System.Text.Encoding (>= 4.3) - restriction: || (&& (< net45) (>= netstandard1.1) (< netstandard1.2) (< win8)) (&& (< net45) (>= netstandard1.2) (< netstandard1.3) (< win8) (< wpa81)) (&& (< net45) (>= netstandard1.3) (< netstandard1.4) (< win8) (< wpa81)) (&& (< net45) (>= netstandard1.4) (< netstandard1.5) (< win8) (< wpa81)) (&& (< net45) (>= netstandard1.5) (< netstandard1.6) (< win8) (< wpa81)) (&& (< net45) (>= netstandard1.6) (< netstandard2.0) (< win8) (< wpa81)) (&& (>= netstandard1.0) (< portable-net45+win8+wpa81) (< wp8)) (&& (< netstandard1.5) (>= uap10.0) (< uap10.1))
      System.Text.Encoding.Extensions (>= 4.3) - restriction: || (&& (< net45) (>= netstandard1.1) (< netstandard1.2) (< win8)) (&& (< net45) (>= netstandard1.2) (< netstandard1.3) (< win8) (< wpa81)) (&& (< net45) (>= netstandard1.3) (< netstandard1.4) (< win8) (< wpa81)) (&& (< net45) (>= netstandard1.4) (< netstandard1.5) (< win8) (< wpa81)) (&& (< net45) (>= netstandard1.5) (< netstandard1.6) (< win8) (< wpa81)) (&& (< net45) (>= netstandard1.6) (< netstandard2.0) (< win8) (< wpa81)) (&& (>= netstandard1.0) (< portable-net45+win8+wpa81) (< wp8)) (&& (< netstandard1.5) (>= uap10.0) (< uap10.1))
      System.Text.RegularExpressions (>= 4.3) - restriction: || (&& (< net45) (>= netstandard1.1) (< netstandard1.2) (< win8)) (&& (< net45) (>= netstandard1.2) (< netstandard1.3) (< win8) (< wpa81)) (&& (< net45) (>= netstandard1.3) (< netstandard1.4) (< win8) (< wpa81)) (&& (< net45) (>= netstandard1.4) (< netstandard1.5) (< win8) (< wpa81)) (&& (< net45) (>= netstandard1.5) (< netstandard1.6) (< win8) (< wpa81)) (&& (< net45) (>= netstandard1.6) (< netstandard2.0) (< win8) (< wpa81)) (&& (>= netstandard1.0) (< portable-net45+win8+wpa81) (< wp8)) (&& (< netstandard1.5) (>= uap10.0) (< uap10.1))
      System.Threading (>= 4.3) - restriction: || (&& (< net45) (>= netstandard1.1) (< netstandard1.2) (< win8)) (&& (< net45) (>= netstandard1.2) (< netstandard1.3) (< win8) (< wpa81)) (&& (< net45) (>= netstandard1.3) (< netstandard1.4) (< win8) (< wpa81)) (&& (< net45) (>= netstandard1.4) (< netstandard1.5) (< win8) (< wpa81)) (&& (< net45) (>= netstandard1.5) (< netstandard1.6) (< win8) (< wpa81)) (&& (< net45) (>= netstandard1.6) (< netstandard2.0) (< win8) (< wpa81)) (&& (>= netstandard1.0) (< portable-net45+win8+wpa81) (< wp8)) (&& (< netstandard1.5) (>= uap10.0) (< uap10.1))
      System.Threading.Tasks (>= 4.3) - restriction: || (&& (< net45) (>= netstandard1.1) (< netstandard1.2) (< win8)) (&& (< net45) (>= netstandard1.2) (< netstandard1.3) (< win8) (< wpa81)) (&& (< net45) (>= netstandard1.3) (< netstandard1.4) (< win8) (< wpa81)) (&& (< net45) (>= netstandard1.4) (< netstandard1.5) (< win8) (< wpa81)) (&& (< net45) (>= netstandard1.5) (< netstandard1.6) (< win8) (< wpa81)) (&& (< net45) (>= netstandard1.6) (< netstandard2.0) (< win8) (< wpa81)) (&& (>= netstandard1.0) (< portable-net45+win8+wpa81) (< wp8)) (&& (< netstandard1.5) (>= uap10.0) (< uap10.1))
      System.Threading.Timer (>= 4.3) - restriction: || (&& (< net45) (>= netstandard1.2) (< netstandard1.3) (< win8) (< wpa81)) (&& (< net45) (>= netstandard1.3) (< netstandard1.4) (< win8) (< wpa81)) (&& (< net45) (>= netstandard1.4) (< netstandard1.5) (< win8) (< wpa81)) (&& (< net45) (>= netstandard1.5) (< netstandard1.6) (< win8) (< wpa81)) (&& (< net45) (>= netstandard1.6) (< netstandard2.0) (< win8) (< wpa81)) (&& (< netstandard1.5) (>= uap10.0) (< uap10.1))
      System.Xml.ReaderWriter (>= 4.3) - restriction: || (&& (< net45) (>= netstandard1.1) (< netstandard1.2) (< win8)) (&& (< net45) (>= netstandard1.2) (< netstandard1.3) (< win8) (< wpa81)) (&& (< net45) (>= netstandard1.3) (< netstandard1.4) (< win8) (< wpa81)) (&& (< net45) (>= netstandard1.4) (< netstandard1.5) (< win8) (< wpa81)) (&& (< net45) (>= netstandard1.5) (< netstandard1.6) (< win8) (< wpa81)) (&& (< net45) (>= netstandard1.6) (< netstandard2.0) (< win8) (< wpa81)) (&& (>= net46) (< netstandard1.4)) (&& (>= netstandard1.0) (< portable-net45+win8+wpa81) (< wp8)) (&& (< netstandard1.5) (>= uap10.0) (< uap10.1))
      System.Xml.XDocument (>= 4.3) - restriction: || (&& (< net45) (>= netstandard1.1) (< netstandard1.2) (< win8)) (&& (< net45) (>= netstandard1.2) (< netstandard1.3) (< win8) (< wpa81)) (&& (< net45) (>= netstandard1.3) (< netstandard1.4) (< win8) (< wpa81)) (&& (< net45) (>= netstandard1.4) (< netstandard1.5) (< win8) (< wpa81)) (&& (< net45) (>= netstandard1.5) (< netstandard1.6) (< win8) (< wpa81)) (&& (< net45) (>= netstandard1.6) (< netstandard2.0) (< win8) (< wpa81)) (&& (>= netstandard1.0) (< portable-net45+win8+wpa81) (< wp8)) (&& (< netstandard1.5) (>= uap10.0) (< uap10.1))
    Newtonsoft.Json (12.0.3) - redirects: on
      Microsoft.CSharp (>= 4.3) - restriction: || (&& (< net20) (>= netstandard1.0) (< netstandard1.3)) (&& (< net20) (>= netstandard1.3) (< netstandard2.0))
      NETStandard.Library (>= 1.6.1) - restriction: || (&& (< net20) (>= netstandard1.0) (< netstandard1.3)) (&& (< net20) (>= netstandard1.3) (< netstandard2.0))
      System.ComponentModel.TypeConverter (>= 4.3) - restriction: || (&& (< net20) (>= netstandard1.0) (< netstandard1.3)) (&& (< net20) (>= netstandard1.3) (< netstandard2.0))
      System.Runtime.Serialization.Formatters (>= 4.3) - restriction: && (< net20) (>= netstandard1.3) (< netstandard2.0)
      System.Runtime.Serialization.Primitives (>= 4.3) - restriction: || (&& (< net20) (>= netstandard1.0) (< netstandard1.3)) (&& (< net20) (>= netstandard1.3) (< netstandard2.0))
      System.Xml.XmlDocument (>= 4.3) - restriction: && (< net20) (>= netstandard1.3) (< netstandard2.0)
    runtime.debian.8-x64.runtime.native.System.Security.Cryptography.OpenSsl (4.3.3) - redirects: on, restriction: || (&& (< monoandroid) (< monotouch) (< net20) (>= netstandard1.6) (< netstandard2.0) (< win8) (< wpa81) (< xamarintvos) (< xamarinwatchos)) (&& (< monoandroid) (< net20) (< netstandard1.2) (>= netstandard1.6) (< win8)) (&& (< monoandroid) (< net20) (< netstandard1.3) (>= netstandard1.6) (< win8) (< wpa81)) (&& (< monoandroid) (< net20) (< netstandard1.4) (>= netstandard1.6) (< win8) (< wpa81)) (&& (< monoandroid) (< net20) (< netstandard1.5) (>= netstandard1.6) (< win8) (< wpa81)) (&& (< net20) (>= net46) (< netstandard1.3) (>= netstandard1.6)) (&& (< net20) (>= net46) (< netstandard1.4) (>= netstandard1.6)) (&& (< netstandard1.3) (>= netstandard1.6) (>= uap10.0)) (&& (< netstandard1.5) (>= netstandard1.6) (>= uap10.0))
    runtime.debian.9-x64.runtime.native.System.Security.Cryptography.OpenSsl (4.3.3) - redirects: on, restriction: || (&& (< monoandroid) (< monotouch) (< net20) (>= netstandard1.6) (< netstandard2.0) (< win8) (< wpa81) (< xamarintvos) (< xamarinwatchos)) (&& (< monoandroid) (< net20) (< netstandard1.2) (>= netstandard1.6) (< win8)) (&& (< monoandroid) (< net20) (< netstandard1.3) (>= netstandard1.6) (< win8) (< wpa81)) (&& (< monoandroid) (< net20) (< netstandard1.4) (>= netstandard1.6) (< win8) (< wpa81)) (&& (< monoandroid) (< net20) (< netstandard1.5) (>= netstandard1.6) (< win8) (< wpa81)) (&& (< net20) (>= net46) (< netstandard1.3) (>= netstandard1.6)) (&& (< net20) (>= net46) (< netstandard1.4) (>= netstandard1.6)) (&& (< netstandard1.3) (>= netstandard1.6) (>= uap10.0)) (&& (< netstandard1.5) (>= netstandard1.6) (>= uap10.0))
    runtime.fedora.23-x64.runtime.native.System.Security.Cryptography.OpenSsl (4.3.3) - redirects: on, restriction: || (&& (< monoandroid) (< monotouch) (< net20) (>= netstandard1.6) (< netstandard2.0) (< win8) (< wpa81) (< xamarintvos) (< xamarinwatchos)) (&& (< monoandroid) (< net20) (< netstandard1.2) (>= netstandard1.6) (< win8)) (&& (< monoandroid) (< net20) (< netstandard1.3) (>= netstandard1.6) (< win8) (< wpa81)) (&& (< monoandroid) (< net20) (< netstandard1.4) (>= netstandard1.6) (< win8) (< wpa81)) (&& (< monoandroid) (< net20) (< netstandard1.5) (>= netstandard1.6) (< win8) (< wpa81)) (&& (< net20) (>= net46) (< netstandard1.3) (>= netstandard1.6)) (&& (< net20) (>= net46) (< netstandard1.4) (>= netstandard1.6)) (&& (< netstandard1.3) (>= netstandard1.6) (>= uap10.0)) (&& (< netstandard1.5) (>= netstandard1.6) (>= uap10.0))
    runtime.fedora.24-x64.runtime.native.System.Security.Cryptography.OpenSsl (4.3.3) - redirects: on, restriction: || (&& (< monoandroid) (< monotouch) (< net20) (>= netstandard1.6) (< netstandard2.0) (< win8) (< wpa81) (< xamarintvos) (< xamarinwatchos)) (&& (< monoandroid) (< net20) (< netstandard1.2) (>= netstandard1.6) (< win8)) (&& (< monoandroid) (< net20) (< netstandard1.3) (>= netstandard1.6) (< win8) (< wpa81)) (&& (< monoandroid) (< net20) (< netstandard1.4) (>= netstandard1.6) (< win8) (< wpa81)) (&& (< monoandroid) (< net20) (< netstandard1.5) (>= netstandard1.6) (< win8) (< wpa81)) (&& (< net20) (>= net46) (< netstandard1.3) (>= netstandard1.6)) (&& (< net20) (>= net46) (< netstandard1.4) (>= netstandard1.6)) (&& (< netstandard1.3) (>= netstandard1.6) (>= uap10.0)) (&& (< netstandard1.5) (>= netstandard1.6) (>= uap10.0))
    runtime.fedora.27-x64.runtime.native.System.Security.Cryptography.OpenSsl (4.3.3) - redirects: on, restriction: || (&& (< monoandroid) (< monotouch) (< net20) (>= netstandard1.6) (< netstandard2.0) (< win8) (< wpa81) (< xamarintvos) (< xamarinwatchos)) (&& (< monoandroid) (< net20) (< netstandard1.2) (>= netstandard1.6) (< win8)) (&& (< monoandroid) (< net20) (< netstandard1.3) (>= netstandard1.6) (< win8) (< wpa81)) (&& (< monoandroid) (< net20) (< netstandard1.4) (>= netstandard1.6) (< win8) (< wpa81)) (&& (< monoandroid) (< net20) (< netstandard1.5) (>= netstandard1.6) (< win8) (< wpa81)) (&& (< net20) (>= net46) (< netstandard1.3) (>= netstandard1.6)) (&& (< net20) (>= net46) (< netstandard1.4) (>= netstandard1.6)) (&& (< netstandard1.3) (>= netstandard1.6) (>= uap10.0)) (&& (< netstandard1.5) (>= netstandard1.6) (>= uap10.0))
    runtime.fedora.28-x64.runtime.native.System.Security.Cryptography.OpenSsl (4.3.3) - redirects: on, restriction: || (&& (< monoandroid) (< monotouch) (< net20) (>= netstandard1.6) (< netstandard2.0) (< win8) (< wpa81) (< xamarintvos) (< xamarinwatchos)) (&& (< monoandroid) (< net20) (< netstandard1.2) (>= netstandard1.6) (< win8)) (&& (< monoandroid) (< net20) (< netstandard1.3) (>= netstandard1.6) (< win8) (< wpa81)) (&& (< monoandroid) (< net20) (< netstandard1.4) (>= netstandard1.6) (< win8) (< wpa81)) (&& (< monoandroid) (< net20) (< netstandard1.5) (>= netstandard1.6) (< win8) (< wpa81)) (&& (< net20) (>= net46) (< netstandard1.3) (>= netstandard1.6)) (&& (< net20) (>= net46) (< netstandard1.4) (>= netstandard1.6)) (&& (< netstandard1.3) (>= netstandard1.6) (>= uap10.0)) (&& (< netstandard1.5) (>= netstandard1.6) (>= uap10.0))
    runtime.native.System (4.3.1) - redirects: on, restriction: || (&& (< monoandroid) (< monotouch) (< net20) (>= netstandard1.6) (< netstandard2.0) (< win8) (< wpa81) (< xamarintvos) (< xamarinwatchos)) (&& (< monoandroid) (< net20) (< netstandard1.0) (>= netstandard1.3) (< win8)) (&& (< monoandroid) (< net20) (>= netstandard1.1) (< netstandard1.2) (< win8)) (&& (< monoandroid) (< net20) (>= netstandard1.2) (< netstandard1.3) (< win8) (< wpa81)) (&& (< monoandroid) (< net20) (< netstandard1.2) (>= netstandard1.3) (< win8)) (&& (< monoandroid) (< net20) (< netstandard1.2) (>= netstandard1.6) (< win8)) (&& (< monoandroid) (< net20) (>= netstandard1.3) (< netstandard1.4) (< win8) (< wpa81)) (&& (< monoandroid) (< net20) (< netstandard1.3) (>= netstandard1.4) (< win8) (< wpa81)) (&& (< monoandroid) (< net20) (< netstandard1.3) (>= netstandard1.5) (< win8) (< wpa81)) (&& (< monoandroid) (< net20) (< netstandard1.3) (>= netstandard1.6) (< win8) (< wpa81)) (&& (< monoandroid) (< net20) (>= netstandard1.4) (< netstandard1.5) (< win8) (< wpa81)) (&& (< monoandroid) (< net20) (< netstandard1.4) (>= netstandard1.6) (< win8) (< wpa81)) (&& (< monoandroid) (< net20) (>= netstandard1.5) (< netstandard1.6) (< win8) (< wpa81)) (&& (< monoandroid) (< net20) (< netstandard1.5) (>= netstandard1.6) (< win8) (< wpa81)) (&& (< net20) (>= net45) (< netstandard1.3)) (&& (< net20) (>= net46) (< netstandard1.3)) (&& (< net20) (>= net46) (< netstandard1.4)) (&& (< net20) (< netstandard1.0) (>= netstandard1.3) (< portable-net45+win8)) (&& (< netstandard1.3) (>= netstandard1.6) (>= uap10.0)) (&& (< netstandard1.3) (>= uap10.0) (< win8) (< wpa81)) (&& (< netstandard1.5) (>= netstandard1.6) (>= uap10.0)) (&& (< netstandard1.5) (>= uap10.0) (< win8) (< wpa81))
      Microsoft.NETCore.Platforms (>= 1.1.1)
      Microsoft.NETCore.Targets (>= 1.1.3)
    runtime.native.System.IO.Compression (4.3.2) - redirects: on, restriction: || (&& (< monoandroid) (< monotouch) (< net20) (>= netstandard1.6) (< netstandard2.0) (< win8) (< wpa81) (< xamarintvos) (< xamarinwatchos)) (&& (< monoandroid) (< net20) (< netstandard1.2) (>= netstandard1.3) (< win8)) (&& (< monoandroid) (< net20) (>= netstandard1.3) (< netstandard1.4) (< win8) (< wpa81)) (&& (< monoandroid) (< net20) (< netstandard1.3) (>= netstandard1.4) (< win8) (< wpa81)) (&& (< monoandroid) (< net20) (< netstandard1.3) (>= netstandard1.5) (< win8) (< wpa81)) (&& (< monoandroid) (< net20) (< netstandard1.3) (>= netstandard1.6) (< win8) (< wpa81)) (&& (< monoandroid) (< net20) (>= netstandard1.4) (< netstandard1.5) (< win8) (< wpa81)) (&& (< monoandroid) (< net20) (>= netstandard1.5) (< netstandard1.6) (< win8) (< wpa81)) (&& (< net20) (>= net46) (< netstandard1.3)) (&& (< net20) (>= net46) (< netstandard1.4)) (&& (< netstandard1.3) (>= uap10.0) (< win8) (< wpa81)) (&& (< netstandard1.5) (>= uap10.0) (< win8) (< wpa81))
      Microsoft.NETCore.Platforms (>= 1.1.1)
      Microsoft.NETCore.Targets (>= 1.1.3)
    runtime.native.System.Net.Http (4.3.1) - redirects: on, restriction: || (&& (< monoandroid) (< monotouch) (< net20) (>= netstandard1.6) (< netstandard2.0) (< win8) (< wpa81) (< xamarintvos) (< xamarinwatchos)) (&& (< monoandroid) (< net20) (< netstandard1.2) (>= netstandard1.6) (< win8)) (&& (< monoandroid) (< net20) (< netstandard1.3) (>= netstandard1.6) (< win8) (< wpa81)) (&& (< monoandroid) (< net20) (< netstandard1.4) (>= netstandard1.6) (< win8) (< wpa81)) (&& (< monoandroid) (< net20) (< netstandard1.5) (>= netstandard1.6) (< win8) (< wpa81)) (&& (< net20) (>= net46) (< netstandard1.3) (>= netstandard1.6)) (&& (< net20) (>= net46) (< netstandard1.4) (>= netstandard1.6)) (&& (< netstandard1.3) (>= netstandard1.6) (>= uap10.0)) (&& (< netstandard1.5) (>= netstandard1.6) (>= uap10.0))
      Microsoft.NETCore.Platforms (>= 1.1.1)
      Microsoft.NETCore.Targets (>= 1.1.3)
    runtime.native.System.Security.Cryptography.Apple (4.3.1) - redirects: on, restriction: || (&& (< monoandroid) (< monotouch) (< net20) (>= netstandard1.6) (< netstandard2.0) (< win8) (< wpa81) (< xamarintvos) (< xamarinwatchos)) (&& (< monoandroid) (< net20) (< netstandard1.3) (>= netstandard1.6) (< win8) (< wpa81)) (&& (< monoandroid) (< net20) (< netstandard1.4) (>= netstandard1.6) (< win8) (< wpa81)) (&& (< monoandroid) (< net20) (< netstandard1.5) (>= netstandard1.6) (< win8) (< wpa81)) (&& (< net20) (>= net46) (< netstandard1.3) (>= netstandard1.6)) (&& (< net20) (>= net46) (< netstandard1.4) (>= netstandard1.6)) (&& (< netstandard1.3) (>= netstandard1.6) (>= uap10.0)) (&& (< netstandard1.5) (>= netstandard1.6) (>= uap10.0))
      runtime.osx.10.10-x64.runtime.native.System.Security.Cryptography.Apple (>= 4.3.1)
    runtime.native.System.Security.Cryptography.OpenSsl (4.3.3) - redirects: on, restriction: || (&& (< monoandroid) (< monotouch) (< net20) (>= netstandard1.6) (< netstandard2.0) (< win8) (< wpa81) (< xamarintvos) (< xamarinwatchos)) (&& (< monoandroid) (< net20) (< netstandard1.2) (>= netstandard1.6) (< win8)) (&& (< monoandroid) (< net20) (>= netstandard1.3) (< netstandard1.4) (< win8) (< wpa81)) (&& (< monoandroid) (< net20) (< netstandard1.3) (>= netstandard1.4) (< win8) (< wpa81)) (&& (< monoandroid) (< net20) (< netstandard1.3) (>= netstandard1.5) (< win8) (< wpa81)) (&& (< monoandroid) (< net20) (< netstandard1.3) (>= netstandard1.6) (< win8) (< wpa81)) (&& (< monoandroid) (< net20) (>= netstandard1.4) (< netstandard1.5) (< win8) (< wpa81)) (&& (< monoandroid) (< net20) (< netstandard1.4) (>= netstandard1.6) (< win8) (< wpa81)) (&& (< monoandroid) (< net20) (>= netstandard1.5) (< netstandard1.6) (< win8) (< wpa81)) (&& (< monoandroid) (< net20) (< netstandard1.5) (>= netstandard1.6) (< win8) (< wpa81)) (&& (< net20) (>= net46) (< netstandard1.3)) (&& (< net20) (>= net46) (< netstandard1.4)) (&& (< netstandard1.3) (>= uap10.0)) (&& (< netstandard1.5) (>= netstandard1.6) (>= uap10.0)) (&& (< netstandard1.5) (>= uap10.0) (< uap10.1))
      runtime.debian.8-x64.runtime.native.System.Security.Cryptography.OpenSsl (>= 4.3.3)
      runtime.debian.9-x64.runtime.native.System.Security.Cryptography.OpenSsl (>= 4.3.3)
      runtime.fedora.23-x64.runtime.native.System.Security.Cryptography.OpenSsl (>= 4.3.3)
      runtime.fedora.24-x64.runtime.native.System.Security.Cryptography.OpenSsl (>= 4.3.3)
      runtime.fedora.27-x64.runtime.native.System.Security.Cryptography.OpenSsl (>= 4.3.3)
      runtime.fedora.28-x64.runtime.native.System.Security.Cryptography.OpenSsl (>= 4.3.3)
      runtime.opensuse.13.2-x64.runtime.native.System.Security.Cryptography.OpenSsl (>= 4.3.3)
      runtime.opensuse.42.1-x64.runtime.native.System.Security.Cryptography.OpenSsl (>= 4.3.3)
      runtime.opensuse.42.3-x64.runtime.native.System.Security.Cryptography.OpenSsl (>= 4.3.3)
      runtime.osx.10.10-x64.runtime.native.System.Security.Cryptography.OpenSsl (>= 4.3.3)
      runtime.rhel.7-x64.runtime.native.System.Security.Cryptography.OpenSsl (>= 4.3.3)
      runtime.ubuntu.14.04-x64.runtime.native.System.Security.Cryptography.OpenSsl (>= 4.3.3)
      runtime.ubuntu.16.04-x64.runtime.native.System.Security.Cryptography.OpenSsl (>= 4.3.3)
      runtime.ubuntu.16.10-x64.runtime.native.System.Security.Cryptography.OpenSsl (>= 4.3.3)
      runtime.ubuntu.18.04-x64.runtime.native.System.Security.Cryptography.OpenSsl (>= 4.3.3)
    runtime.opensuse.13.2-x64.runtime.native.System.Security.Cryptography.OpenSsl (4.3.3) - redirects: on, restriction: || (&& (< monoandroid) (< monotouch) (< net20) (>= netstandard1.6) (< netstandard2.0) (< win8) (< wpa81) (< xamarintvos) (< xamarinwatchos)) (&& (< monoandroid) (< net20) (< netstandard1.2) (>= netstandard1.6) (< win8)) (&& (< monoandroid) (< net20) (< netstandard1.3) (>= netstandard1.6) (< win8) (< wpa81)) (&& (< monoandroid) (< net20) (< netstandard1.4) (>= netstandard1.6) (< win8) (< wpa81)) (&& (< monoandroid) (< net20) (< netstandard1.5) (>= netstandard1.6) (< win8) (< wpa81)) (&& (< net20) (>= net46) (< netstandard1.3) (>= netstandard1.6)) (&& (< net20) (>= net46) (< netstandard1.4) (>= netstandard1.6)) (&& (< netstandard1.3) (>= netstandard1.6) (>= uap10.0)) (&& (< netstandard1.5) (>= netstandard1.6) (>= uap10.0))
    runtime.opensuse.42.1-x64.runtime.native.System.Security.Cryptography.OpenSsl (4.3.3) - redirects: on, restriction: || (&& (< monoandroid) (< monotouch) (< net20) (>= netstandard1.6) (< netstandard2.0) (< win8) (< wpa81) (< xamarintvos) (< xamarinwatchos)) (&& (< monoandroid) (< net20) (< netstandard1.2) (>= netstandard1.6) (< win8)) (&& (< monoandroid) (< net20) (< netstandard1.3) (>= netstandard1.6) (< win8) (< wpa81)) (&& (< monoandroid) (< net20) (< netstandard1.4) (>= netstandard1.6) (< win8) (< wpa81)) (&& (< monoandroid) (< net20) (< netstandard1.5) (>= netstandard1.6) (< win8) (< wpa81)) (&& (< net20) (>= net46) (< netstandard1.3) (>= netstandard1.6)) (&& (< net20) (>= net46) (< netstandard1.4) (>= netstandard1.6)) (&& (< netstandard1.3) (>= netstandard1.6) (>= uap10.0)) (&& (< netstandard1.5) (>= netstandard1.6) (>= uap10.0))
    runtime.opensuse.42.3-x64.runtime.native.System.Security.Cryptography.OpenSsl (4.3.3) - redirects: on, restriction: || (&& (< monoandroid) (< monotouch) (< net20) (>= netstandard1.6) (< netstandard2.0) (< win8) (< wpa81) (< xamarintvos) (< xamarinwatchos)) (&& (< monoandroid) (< net20) (< netstandard1.2) (>= netstandard1.6) (< win8)) (&& (< monoandroid) (< net20) (< netstandard1.3) (>= netstandard1.6) (< win8) (< wpa81)) (&& (< monoandroid) (< net20) (< netstandard1.4) (>= netstandard1.6) (< win8) (< wpa81)) (&& (< monoandroid) (< net20) (< netstandard1.5) (>= netstandard1.6) (< win8) (< wpa81)) (&& (< net20) (>= net46) (< netstandard1.3) (>= netstandard1.6)) (&& (< net20) (>= net46) (< netstandard1.4) (>= netstandard1.6)) (&& (< netstandard1.3) (>= netstandard1.6) (>= uap10.0)) (&& (< netstandard1.5) (>= netstandard1.6) (>= uap10.0))
    runtime.osx.10.10-x64.runtime.native.System.Security.Cryptography.Apple (4.3.1) - redirects: on, restriction: || (&& (< monoandroid) (< monotouch) (< net20) (>= netstandard1.6) (< netstandard2.0) (< win8) (< wpa81) (< xamarintvos) (< xamarinwatchos)) (&& (< monoandroid) (< net20) (< netstandard1.3) (>= netstandard1.6) (< win8) (< wpa81)) (&& (< monoandroid) (< net20) (< netstandard1.4) (>= netstandard1.6) (< win8) (< wpa81)) (&& (< monoandroid) (< net20) (< netstandard1.5) (>= netstandard1.6) (< win8) (< wpa81)) (&& (< net20) (>= net46) (< netstandard1.3) (>= netstandard1.6)) (&& (< net20) (>= net46) (< netstandard1.4) (>= netstandard1.6)) (&& (< netstandard1.3) (>= netstandard1.6) (>= uap10.0)) (&& (< netstandard1.5) (>= netstandard1.6) (>= uap10.0))
    runtime.osx.10.10-x64.runtime.native.System.Security.Cryptography.OpenSsl (4.3.3) - redirects: on, restriction: || (&& (< monoandroid) (< monotouch) (< net20) (>= netstandard1.6) (< netstandard2.0) (< win8) (< wpa81) (< xamarintvos) (< xamarinwatchos)) (&& (< monoandroid) (< net20) (< netstandard1.2) (>= netstandard1.6) (< win8)) (&& (< monoandroid) (< net20) (< netstandard1.3) (>= netstandard1.6) (< win8) (< wpa81)) (&& (< monoandroid) (< net20) (< netstandard1.4) (>= netstandard1.6) (< win8) (< wpa81)) (&& (< monoandroid) (< net20) (< netstandard1.5) (>= netstandard1.6) (< win8) (< wpa81)) (&& (< net20) (>= net46) (< netstandard1.3) (>= netstandard1.6)) (&& (< net20) (>= net46) (< netstandard1.4) (>= netstandard1.6)) (&& (< netstandard1.3) (>= netstandard1.6) (>= uap10.0)) (&& (< netstandard1.5) (>= netstandard1.6) (>= uap10.0))
    runtime.rhel.7-x64.runtime.native.System.Security.Cryptography.OpenSsl (4.3.3) - redirects: on, restriction: || (&& (< monoandroid) (< monotouch) (< net20) (>= netstandard1.6) (< netstandard2.0) (< win8) (< wpa81) (< xamarintvos) (< xamarinwatchos)) (&& (< monoandroid) (< net20) (< netstandard1.2) (>= netstandard1.6) (< win8)) (&& (< monoandroid) (< net20) (< netstandard1.3) (>= netstandard1.6) (< win8) (< wpa81)) (&& (< monoandroid) (< net20) (< netstandard1.4) (>= netstandard1.6) (< win8) (< wpa81)) (&& (< monoandroid) (< net20) (< netstandard1.5) (>= netstandard1.6) (< win8) (< wpa81)) (&& (< net20) (>= net46) (< netstandard1.3) (>= netstandard1.6)) (&& (< net20) (>= net46) (< netstandard1.4) (>= netstandard1.6)) (&& (< netstandard1.3) (>= netstandard1.6) (>= uap10.0)) (&& (< netstandard1.5) (>= netstandard1.6) (>= uap10.0))
    runtime.ubuntu.14.04-x64.runtime.native.System.Security.Cryptography.OpenSsl (4.3.3) - redirects: on, restriction: || (&& (< monoandroid) (< monotouch) (< net20) (>= netstandard1.6) (< netstandard2.0) (< win8) (< wpa81) (< xamarintvos) (< xamarinwatchos)) (&& (< monoandroid) (< net20) (< netstandard1.2) (>= netstandard1.6) (< win8)) (&& (< monoandroid) (< net20) (< netstandard1.3) (>= netstandard1.6) (< win8) (< wpa81)) (&& (< monoandroid) (< net20) (< netstandard1.4) (>= netstandard1.6) (< win8) (< wpa81)) (&& (< monoandroid) (< net20) (< netstandard1.5) (>= netstandard1.6) (< win8) (< wpa81)) (&& (< net20) (>= net46) (< netstandard1.3) (>= netstandard1.6)) (&& (< net20) (>= net46) (< netstandard1.4) (>= netstandard1.6)) (&& (< netstandard1.3) (>= netstandard1.6) (>= uap10.0)) (&& (< netstandard1.5) (>= netstandard1.6) (>= uap10.0))
    runtime.ubuntu.16.04-x64.runtime.native.System.Security.Cryptography.OpenSsl (4.3.3) - redirects: on, restriction: || (&& (< monoandroid) (< monotouch) (< net20) (>= netstandard1.6) (< netstandard2.0) (< win8) (< wpa81) (< xamarintvos) (< xamarinwatchos)) (&& (< monoandroid) (< net20) (< netstandard1.2) (>= netstandard1.6) (< win8)) (&& (< monoandroid) (< net20) (< netstandard1.3) (>= netstandard1.6) (< win8) (< wpa81)) (&& (< monoandroid) (< net20) (< netstandard1.4) (>= netstandard1.6) (< win8) (< wpa81)) (&& (< monoandroid) (< net20) (< netstandard1.5) (>= netstandard1.6) (< win8) (< wpa81)) (&& (< net20) (>= net46) (< netstandard1.3) (>= netstandard1.6)) (&& (< net20) (>= net46) (< netstandard1.4) (>= netstandard1.6)) (&& (< netstandard1.3) (>= netstandard1.6) (>= uap10.0)) (&& (< netstandard1.5) (>= netstandard1.6) (>= uap10.0))
    runtime.ubuntu.16.10-x64.runtime.native.System.Security.Cryptography.OpenSsl (4.3.3) - redirects: on, restriction: || (&& (< monoandroid) (< monotouch) (< net20) (>= netstandard1.6) (< netstandard2.0) (< win8) (< wpa81) (< xamarintvos) (< xamarinwatchos)) (&& (< monoandroid) (< net20) (< netstandard1.2) (>= netstandard1.6) (< win8)) (&& (< monoandroid) (< net20) (< netstandard1.3) (>= netstandard1.6) (< win8) (< wpa81)) (&& (< monoandroid) (< net20) (< netstandard1.4) (>= netstandard1.6) (< win8) (< wpa81)) (&& (< monoandroid) (< net20) (< netstandard1.5) (>= netstandard1.6) (< win8) (< wpa81)) (&& (< net20) (>= net46) (< netstandard1.3) (>= netstandard1.6)) (&& (< net20) (>= net46) (< netstandard1.4) (>= netstandard1.6)) (&& (< netstandard1.3) (>= netstandard1.6) (>= uap10.0)) (&& (< netstandard1.5) (>= netstandard1.6) (>= uap10.0))
    runtime.ubuntu.18.04-x64.runtime.native.System.Security.Cryptography.OpenSsl (4.3.3) - redirects: on, restriction: || (&& (< monoandroid) (< monotouch) (< net20) (>= netstandard1.6) (< netstandard2.0) (< win8) (< wpa81) (< xamarintvos) (< xamarinwatchos)) (&& (< monoandroid) (< net20) (< netstandard1.2) (>= netstandard1.6) (< win8)) (&& (< monoandroid) (< net20) (< netstandard1.3) (>= netstandard1.6) (< win8) (< wpa81)) (&& (< monoandroid) (< net20) (< netstandard1.4) (>= netstandard1.6) (< win8) (< wpa81)) (&& (< monoandroid) (< net20) (< netstandard1.5) (>= netstandard1.6) (< win8) (< wpa81)) (&& (< net20) (>= net46) (< netstandard1.3) (>= netstandard1.6)) (&& (< net20) (>= net46) (< netstandard1.4) (>= netstandard1.6)) (&& (< netstandard1.3) (>= netstandard1.6) (>= uap10.0)) (&& (< netstandard1.5) (>= netstandard1.6) (>= uap10.0))
    stdole (16.9.31023.347) - restriction: >= net472
      Microsoft.VisualStudio.SDK.EmbedInteropTypes (>= 15.0.34) - restriction: || (>= net45) (>= netstandard2.0)
    StreamJsonRpc (2.7.76) - restriction: >= net472
      MessagePack (>= 2.2.85) - restriction: >= netstandard2.0
      Microsoft.Bcl.AsyncInterfaces (>= 5.0) - restriction: >= netstandard2.0
      Microsoft.VisualStudio.Threading (>= 16.8.55) - restriction: >= netstandard2.0
      Nerdbank.Streams (>= 2.6.81) - restriction: >= netstandard2.0
      Newtonsoft.Json (>= 12.0.2) - restriction: >= netstandard2.0
      System.Collections.Immutable (>= 5.0) - restriction: >= netstandard2.0
      System.Diagnostics.DiagnosticSource (>= 5.0) - restriction: >= netstandard2.0
      System.IO.Pipelines (>= 5.0.1) - restriction: >= netstandard2.0
      System.Memory (>= 4.5.4) - restriction: >= netstandard2.0
      System.Net.Http (>= 4.3.4) - restriction: >= netstandard2.0
      System.Net.WebSockets (>= 4.3) - restriction: >= netstandard2.0
      System.Reflection.Emit (>= 4.7) - restriction: >= netstandard2.0
      System.Threading.Tasks.Dataflow (>= 5.0) - restriction: >= netstandard2.0
      System.Threading.Tasks.Extensions (>= 4.5.4) - restriction: >= netstandard2.0
    StructureMap (4.6.1)
      NETStandard.Library (>= 1.6) - restriction: || (&& (< net45) (>= netstandard1.3) (< netstandard1.5)) (&& (< net45) (>= netstandard1.5) (< netstandard2.0))
      System.Collections.Concurrent (>= 4.0.12) - restriction: || (&& (< net45) (>= netstandard1.3) (< netstandard1.5)) (&& (< net45) (>= netstandard1.5) (< netstandard2.0))
      System.Collections.Concurrent (>= 4.3) - restriction: && (< net45) (>= netstandard2.0)
      System.Reflection.Emit.Lightweight (>= 4.3) - restriction: || (>= net45) (>= netstandard1.3)
      System.Reflection.TypeExtensions (>= 4.1) - restriction: || (&& (< net45) (>= netstandard1.3) (< netstandard1.5)) (&& (< net45) (>= netstandard1.5) (< netstandard2.0))
      System.Reflection.TypeExtensions (>= 4.4) - restriction: && (< net45) (>= netstandard2.0)
      System.Runtime.Loader (>= 4.0) - restriction: && (< net45) (>= netstandard1.5) (< netstandard2.0)
      System.Runtime.Loader (>= 4.3) - restriction: && (< net45) (>= netstandard2.0)
    System.AppContext (4.3) - redirects: on, restriction: || (&& (< net20) (>= net46) (< netstandard1.3)) (&& (< net20) (>= net46) (< netstandard1.4)) (&& (< net20) (>= netstandard1.3) (< netstandard1.4) (< win8) (< wpa81)) (&& (< net20) (< netstandard1.3) (>= netstandard1.4) (< win8) (< wpa81)) (&& (< net20) (< netstandard1.3) (>= netstandard1.5) (< win8) (< wpa81)) (&& (< net20) (< netstandard1.3) (>= netstandard1.6) (< win8) (< wpa81)) (&& (< net20) (>= netstandard1.4) (< netstandard1.5) (< win8) (< wpa81)) (&& (< net20) (>= netstandard1.5) (< netstandard1.6) (< win8) (< wpa81)) (&& (< net20) (>= netstandard1.6) (< netstandard2.0) (< win8) (< wpa81)) (&& (< netstandard1.3) (>= uap10.0)) (&& (< netstandard1.5) (>= uap10.0) (< uap10.1))
      System.Runtime (>= 4.3) - restriction: || (&& (< monoandroid) (< monotouch) (< net46) (>= netstandard1.6) (< xamarinios) (< xamarinmac) (< xamarintvos) (< xamarinwatchos)) (&& (< monoandroid) (< net46) (>= netstandard1.3) (< netstandard1.6))
    System.Buffers (4.5.1) - redirects: on, restriction: || (&& (< monoandroid) (< monotouch) (< net20) (>= netstandard1.6) (< netstandard2.0) (< win8) (< wpa81) (< xamarintvos) (< xamarinwatchos)) (&& (< monoandroid) (< net20) (< netstandard1.2) (>= netstandard1.3) (< win8)) (&& (< monoandroid) (< net20) (>= netstandard1.3) (< netstandard1.4) (< win8) (< wpa81)) (&& (< monoandroid) (< net20) (< netstandard1.3) (>= netstandard1.4) (< win8) (< wpa81)) (&& (< monoandroid) (< net20) (< netstandard1.3) (>= netstandard1.5) (< win8) (< wpa81)) (&& (< monoandroid) (< net20) (< netstandard1.3) (>= netstandard1.6) (< win8) (< wpa81)) (&& (< monoandroid) (< net20) (>= netstandard1.4) (< netstandard1.5) (< win8) (< wpa81)) (&& (< monoandroid) (< net20) (>= netstandard1.5) (< netstandard1.6) (< win8) (< wpa81)) (&& (< net20) (>= net46) (< netstandard1.3)) (&& (< net20) (>= net46) (< netstandard1.4)) (>= net472) (&& (< netstandard1.3) (>= uap10.0)) (&& (< netstandard1.5) (>= uap10.0) (< uap10.1)) (&& (< netstandard1.5) (>= uap10.0) (< win8) (< wpa81))
      System.Diagnostics.Debug (>= 4.3) - restriction: && (< net45) (>= netstandard1.1) (< netstandard2.0) (< win8) (< wpa81)
      System.Diagnostics.Tracing (>= 4.3) - restriction: && (< net45) (>= netstandard1.1) (< netstandard2.0) (< win8) (< wpa81)
      System.Resources.ResourceManager (>= 4.3) - restriction: && (< net45) (>= netstandard1.1) (< netstandard2.0) (< win8) (< wpa81)
      System.Runtime (>= 4.3) - restriction: && (< net45) (>= netstandard1.1) (< netstandard2.0) (< win8) (< wpa81)
      System.Threading (>= 4.3) - restriction: && (< net45) (>= netstandard1.1) (< netstandard2.0) (< win8) (< wpa81)
    System.Collections (4.3) - redirects: on, restriction: || (&& (< monoandroid) (< monotouch) (< net20) (>= netstandard1.3) (< netstandard2.0) (< xamarintvos) (< xamarinwatchos)) (&& (< monoandroid) (< monotouch) (< net20) (>= netstandard1.4) (< netstandard2.0) (< xamarintvos) (< xamarinwatchos)) (&& (< monoandroid) (< monotouch) (< net20) (>= netstandard1.5) (< netstandard2.0) (< win8) (< wpa81) (< xamarintvos) (< xamarinwatchos)) (&& (< monoandroid) (< monotouch) (< net45) (>= netstandard1.5) (< netstandard2.0) (< win8) (< wpa81) (< xamarintvos) (< xamarinwatchos)) (&& (< monoandroid) (< net20) (>= netstandard1.0) (< netstandard1.3) (< win8) (< wp8) (< wpa81)) (&& (< monoandroid) (< net20) (< netstandard1.2) (>= netstandard1.6) (< win8)) (&& (< monoandroid) (< net20) (>= netstandard1.3) (< netstandard1.5) (< win8) (< wpa81)) (&& (< monoandroid) (< net20) (< netstandard1.4) (>= netstandard1.6) (< win8) (< wpa81)) (&& (< monoandroid) (< net20) (< netstandard1.5) (>= netstandard1.6) (< win8) (< wpa81)) (&& (< monoandroid) (< net45) (>= netstandard1.3) (< netstandard1.5) (< win8) (< wpa81)) (&& (< monoandroid) (< net45) (>= netstandard2.0) (< win8) (< wpa81) (< xamarinios) (< xamarinmac) (< xamarintvos) (< xamarinwatchos)) (&& (< net20) (>= net46) (< netstandard1.3)) (&& (< net20) (>= net46) (< netstandard1.4)) (&& (< net20) (>= netstandard1.0) (< portable-net45+win8+wpa81) (< wp8)) (&& (< net20) (>= netstandard1.1) (< netstandard1.2) (< win8)) (&& (< net20) (>= netstandard1.2) (< netstandard1.3) (< win8) (< wpa81)) (&& (< net20) (< netstandard1.2) (>= netstandard1.3) (< win8)) (&& (< net20) (>= netstandard1.3) (< netstandard1.4) (< win8) (< wpa81)) (&& (< net20) (>= netstandard1.3) (< portable-net45+win8+wpa81)) (&& (< net20) (< netstandard1.3) (>= netstandard1.4) (< win8) (< wpa81)) (&& (< net20) (< netstandard1.3) (>= netstandard1.5) (< win8) (< wpa81)) (&& (< net20) (< netstandard1.3) (>= netstandard1.6) (< win8) (< wpa81)) (&& (< net20) (>= netstandard1.4) (< netstandard1.5) (< win8) (< wpa81)) (&& (< net20) (>= netstandard1.5) (< netstandard1.6) (< win8) (< wpa81)) (&& (< net20) (>= netstandard1.6) (< netstandard2.0) (< win8) (< wpa81)) (&& (< net20) (>= netstandard1.6) (< portable-net45+win8+wpa81)) (&& (< netstandard1.3) (>= uap10.0)) (&& (< netstandard1.5) (>= netstandard1.6) (>= uap10.0)) (&& (< netstandard1.5) (>= uap10.0) (< uap10.1)) (&& (< netstandard1.5) (>= uap10.0) (< win8) (< wpa81))
      Microsoft.NETCore.Platforms (>= 1.1) - restriction: || (&& (< monoandroid) (< monotouch) (< net45) (>= netstandard1.3) (< win8) (< wpa81) (< xamarinios) (< xamarinmac) (< xamarintvos) (< xamarinwatchos)) (&& (< monoandroid) (< net45) (>= netstandard1.0) (< netstandard1.3) (< win8) (< wp8) (< wpa81))
      Microsoft.NETCore.Targets (>= 1.1) - restriction: || (&& (< monoandroid) (< monotouch) (< net45) (>= netstandard1.3) (< win8) (< wpa81) (< xamarinios) (< xamarinmac) (< xamarintvos) (< xamarinwatchos)) (&& (< monoandroid) (< net45) (>= netstandard1.0) (< netstandard1.3) (< win8) (< wp8) (< wpa81))
      System.Runtime (>= 4.3) - restriction: || (&& (< monoandroid) (< monotouch) (< net45) (>= netstandard1.3) (< win8) (< wpa81) (< xamarinios) (< xamarinmac) (< xamarintvos) (< xamarinwatchos)) (&& (< monoandroid) (< net45) (>= netstandard1.0) (< netstandard1.3) (< win8) (< wp8) (< wpa81))
    System.Collections.Concurrent (4.3) - restriction: || (&& (< net20) (>= net46) (< netstandard1.3)) (&& (< net20) (>= net46) (< netstandard1.4)) (&& (< net20) (>= netstandard1.1) (< netstandard1.2) (< win8)) (&& (< net20) (>= netstandard1.2) (< netstandard1.3) (< win8) (< wpa81)) (&& (< net20) (< netstandard1.2) (>= netstandard1.3) (< win8)) (&& (< net20) (>= netstandard1.3) (< netstandard1.4) (< win8) (< wpa81)) (&& (< net20) (< netstandard1.3) (>= netstandard1.4) (< win8) (< wpa81)) (&& (< net20) (< netstandard1.3) (>= netstandard1.5) (< win8) (< wpa81)) (&& (< net20) (< netstandard1.3) (>= netstandard1.6) (< win8) (< wpa81)) (&& (< net20) (>= netstandard1.4) (< netstandard1.5) (< win8) (< wpa81)) (&& (< net20) (>= netstandard1.5) (< netstandard1.6) (< win8) (< wpa81)) (&& (< net20) (>= netstandard1.6) (< netstandard2.0) (< win8) (< wpa81)) (&& (< net45) (>= netstandard1.3) (< netstandard1.5)) (&& (< net45) (>= netstandard1.5) (< netstandard2.0)) (&& (< net45) (>= netstandard2.0)) (&& (< netstandard1.3) (>= uap10.0)) (&& (< netstandard1.5) (>= uap10.0) (< uap10.1))
      System.Collections (>= 4.3) - restriction: && (< monoandroid) (< monotouch) (< net45) (>= netstandard1.3) (< win8) (< wpa81) (< xamarinios) (< xamarinmac) (< xamarintvos) (< xamarinwatchos)
      System.Diagnostics.Debug (>= 4.3) - restriction: && (< monoandroid) (< monotouch) (< net45) (>= netstandard1.3) (< win8) (< wpa81) (< xamarinios) (< xamarinmac) (< xamarintvos) (< xamarinwatchos)
      System.Diagnostics.Tracing (>= 4.3) - restriction: && (< monoandroid) (< monotouch) (< net45) (>= netstandard1.3) (< win8) (< wpa81) (< xamarinios) (< xamarinmac) (< xamarintvos) (< xamarinwatchos)
      System.Globalization (>= 4.3) - restriction: && (< monoandroid) (< monotouch) (< net45) (>= netstandard1.3) (< win8) (< wpa81) (< xamarinios) (< xamarinmac) (< xamarintvos) (< xamarinwatchos)
      System.Reflection (>= 4.3) - restriction: && (< monoandroid) (< monotouch) (< net45) (>= netstandard1.3) (< win8) (< wpa81) (< xamarinios) (< xamarinmac) (< xamarintvos) (< xamarinwatchos)
      System.Resources.ResourceManager (>= 4.3) - restriction: && (< monoandroid) (< monotouch) (< net45) (>= netstandard1.3) (< win8) (< wpa81) (< xamarinios) (< xamarinmac) (< xamarintvos) (< xamarinwatchos)
      System.Runtime (>= 4.3) - restriction: || (&& (< monoandroid) (< monotouch) (< net45) (>= netstandard1.3) (< win8) (< wpa81) (< xamarinios) (< xamarinmac) (< xamarintvos) (< xamarinwatchos)) (&& (< monoandroid) (< net45) (>= netstandard1.1) (< netstandard1.3) (< win8) (< wpa81))
      System.Runtime.Extensions (>= 4.3) - restriction: && (< monoandroid) (< monotouch) (< net45) (>= netstandard1.3) (< win8) (< wpa81) (< xamarinios) (< xamarinmac) (< xamarintvos) (< xamarinwatchos)
      System.Threading (>= 4.3) - restriction: && (< monoandroid) (< monotouch) (< net45) (>= netstandard1.3) (< win8) (< wpa81) (< xamarinios) (< xamarinmac) (< xamarintvos) (< xamarinwatchos)
      System.Threading.Tasks (>= 4.3) - restriction: || (&& (< monoandroid) (< monotouch) (< net45) (>= netstandard1.3) (< win8) (< wpa81) (< xamarinios) (< xamarinmac) (< xamarintvos) (< xamarinwatchos)) (&& (< monoandroid) (< net45) (>= netstandard1.1) (< netstandard1.3) (< win8) (< wpa81))
    System.Collections.Immutable (5.0) - restriction: >= net472
      System.Memory (>= 4.5.4) - restriction: || (&& (< monoandroid) (< monotouch) (< net45) (>= netstandard1.3) (< netstandard2.0) (< win8) (< wpa81) (< xamarintvos) (< xamarinwatchos)) (&& (< monoandroid) (< net45) (< netcoreapp2.1) (>= netstandard2.0) (< xamarinios) (< xamarinmac) (< xamarintvos) (< xamarinwatchos)) (&& (>= net46) (< netstandard2.0)) (>= net461) (>= uap10.1)
    System.Collections.NonGeneric (4.3) - redirects: on, restriction: || (&& (< monoandroid) (< monotouch) (< net20) (>= netstandard1.5) (< netstandard2.0) (< win8) (< wpa81) (< xamarintvos) (< xamarinwatchos)) (&& (< monoandroid) (< net20) (< netstandard1.3) (>= netstandard1.5) (< win8) (< wpa81)) (&& (< net20) (>= net462) (< netstandard1.3)) (&& (< net20) (>= net462) (< netstandard2.0))
      System.Diagnostics.Debug (>= 4.3) - restriction: && (< monoandroid) (< monotouch) (< net46) (>= netstandard1.3) (< xamarinios) (< xamarinmac) (< xamarintvos) (< xamarinwatchos)
      System.Globalization (>= 4.3) - restriction: && (< monoandroid) (< monotouch) (< net46) (>= netstandard1.3) (< xamarinios) (< xamarinmac) (< xamarintvos) (< xamarinwatchos)
      System.Resources.ResourceManager (>= 4.3) - restriction: && (< monoandroid) (< monotouch) (< net46) (>= netstandard1.3) (< xamarinios) (< xamarinmac) (< xamarintvos) (< xamarinwatchos)
      System.Runtime (>= 4.3) - restriction: && (< monoandroid) (< monotouch) (< net46) (>= netstandard1.3) (< xamarinios) (< xamarinmac) (< xamarintvos) (< xamarinwatchos)
      System.Runtime.Extensions (>= 4.3) - restriction: && (< monoandroid) (< monotouch) (< net46) (>= netstandard1.3) (< xamarinios) (< xamarinmac) (< xamarintvos) (< xamarinwatchos)
      System.Threading (>= 4.3) - restriction: && (< monoandroid) (< monotouch) (< net46) (>= netstandard1.3) (< xamarinios) (< xamarinmac) (< xamarintvos) (< xamarinwatchos)
    System.Collections.Specialized (4.3) - redirects: on, restriction: || (&& (< monoandroid) (< monotouch) (< net20) (>= netstandard1.5) (< netstandard2.0) (< win8) (< wpa81) (< xamarintvos) (< xamarinwatchos)) (&& (< monoandroid) (< net20) (< netstandard1.3) (>= netstandard1.5) (< win8) (< wpa81))
      System.Collections.NonGeneric (>= 4.3) - restriction: && (< monoandroid) (< monotouch) (< net46) (>= netstandard1.3) (< xamarinios) (< xamarinmac) (< xamarintvos) (< xamarinwatchos)
      System.Globalization (>= 4.3) - restriction: && (< monoandroid) (< monotouch) (< net46) (>= netstandard1.3) (< xamarinios) (< xamarinmac) (< xamarintvos) (< xamarinwatchos)
      System.Globalization.Extensions (>= 4.3) - restriction: && (< monoandroid) (< monotouch) (< net46) (>= netstandard1.3) (< xamarinios) (< xamarinmac) (< xamarintvos) (< xamarinwatchos)
      System.Resources.ResourceManager (>= 4.3) - restriction: && (< monoandroid) (< monotouch) (< net46) (>= netstandard1.3) (< xamarinios) (< xamarinmac) (< xamarintvos) (< xamarinwatchos)
      System.Runtime (>= 4.3) - restriction: && (< monoandroid) (< monotouch) (< net46) (>= netstandard1.3) (< xamarinios) (< xamarinmac) (< xamarintvos) (< xamarinwatchos)
      System.Runtime.Extensions (>= 4.3) - restriction: && (< monoandroid) (< monotouch) (< net46) (>= netstandard1.3) (< xamarinios) (< xamarinmac) (< xamarintvos) (< xamarinwatchos)
      System.Threading (>= 4.3) - restriction: && (< monoandroid) (< monotouch) (< net46) (>= netstandard1.3) (< xamarinios) (< xamarinmac) (< xamarintvos) (< xamarinwatchos)
    System.ComponentModel (4.3) - redirects: on, restriction: || (&& (< monoandroid) (< monotouch) (< net20) (>= netstandard1.5) (< netstandard2.0) (< win8) (< wpa81) (< xamarintvos) (< xamarinwatchos)) (&& (< monoandroid) (< net20) (>= netstandard1.0) (< netstandard1.3) (< win8) (< wp8) (< wpa81)) (&& (< monoandroid) (< net20) (>= netstandard1.3) (< netstandard1.5) (< win8) (< wpa81)) (&& (< monoandroid) (< net20) (< netstandard1.3) (>= netstandard1.5) (< win8) (< wpa81))
      System.Runtime (>= 4.3) - restriction: || (&& (< monoandroid) (< monotouch) (< net45) (>= netstandard1.3) (< win8) (< wpa81) (< xamarinios) (< xamarinmac) (< xamarintvos) (< xamarinwatchos)) (&& (< monoandroid) (< net45) (>= netstandard1.0) (< netstandard1.3) (< win8) (< wp8) (< wpa81))
    System.ComponentModel.Composition (5.0) - restriction: >= net472
    System.ComponentModel.Primitives (4.3) - redirects: on, restriction: || (&& (< monoandroid) (< monotouch) (< net20) (>= netstandard1.5) (< netstandard2.0) (< win8) (< xamarintvos) (< xamarinwatchos)) (&& (< monoandroid) (< net20) (>= netstandard1.0) (< netstandard1.3) (< win8)) (&& (< monoandroid) (< net20) (>= netstandard1.3) (< netstandard1.5) (< win8)) (&& (< monoandroid) (< net20) (< netstandard1.3) (>= netstandard1.5) (< win8)) (&& (< net20) (>= net45) (>= netstandard1.3) (< netstandard1.5)) (&& (< net20) (>= net45) (< netstandard1.3)) (&& (< net20) (>= net462) (< netstandard1.3)) (&& (< net20) (>= net462) (< netstandard2.0)) (&& (< netstandard1.0) (>= netstandard1.3) (>= win8)) (&& (>= netstandard1.3) (< netstandard2.0) (>= wpa81)) (&& (< netstandard1.3) (>= wpa81)) (>= wp8)
      System.ComponentModel (>= 4.3) - restriction: && (< monoandroid) (< monotouch) (< net45) (>= netstandard1.0) (< win8) (< wp8) (< wpa81) (< xamarinios) (< xamarinmac) (< xamarintvos) (< xamarinwatchos)
      System.Resources.ResourceManager (>= 4.3) - restriction: && (< monoandroid) (< monotouch) (< net45) (>= netstandard1.0) (< win8) (< wp8) (< wpa81) (< xamarinios) (< xamarinmac) (< xamarintvos) (< xamarinwatchos)
      System.Runtime (>= 4.3) - restriction: && (< monoandroid) (< monotouch) (< net45) (>= netstandard1.0) (< win8) (< wp8) (< wpa81) (< xamarinios) (< xamarinmac) (< xamarintvos) (< xamarinwatchos)
    System.ComponentModel.TypeConverter (4.3) - redirects: on, restriction: || (&& (< net20) (>= netstandard1.0) (< netstandard1.3)) (&& (< net20) (>= netstandard1.3) (< netstandard2.0))
      System.Collections (>= 4.3) - restriction: || (&& (< monoandroid) (< monotouch) (< net45) (>= netstandard1.5) (< win8) (< wpa81) (< xamarinios) (< xamarinmac) (< xamarintvos) (< xamarinwatchos)) (&& (< monoandroid) (< net45) (>= netstandard1.0) (< netstandard1.5) (< win8) (< wp8) (< wpa81))
      System.Collections.NonGeneric (>= 4.3) - restriction: || (&& (< monoandroid) (< monotouch) (< net45) (>= netstandard1.5) (< win8) (< wpa81) (< xamarinios) (< xamarinmac) (< xamarintvos) (< xamarinwatchos)) (>= net462)
      System.Collections.Specialized (>= 4.3) - restriction: && (< monoandroid) (< monotouch) (< net45) (>= netstandard1.5) (< win8) (< wpa81) (< xamarinios) (< xamarinmac) (< xamarintvos) (< xamarinwatchos)
      System.ComponentModel (>= 4.3) - restriction: || (&& (< monoandroid) (< monotouch) (< net45) (>= netstandard1.5) (< win8) (< wpa81) (< xamarinios) (< xamarinmac) (< xamarintvos) (< xamarinwatchos)) (&& (< monoandroid) (< net45) (>= netstandard1.0) (< netstandard1.5) (< win8) (< wp8) (< wpa81))
      System.ComponentModel.Primitives (>= 4.3) - restriction: || (&& (< monoandroid) (< monotouch) (< net45) (>= netstandard1.5) (< win8) (< xamarinios) (< xamarinmac) (< xamarintvos) (< xamarinwatchos)) (&& (< monoandroid) (< net45) (>= netstandard1.0) (< netstandard1.5) (< win8)) (&& (>= net45) (< netstandard1.5)) (>= net462) (&& (< netstandard1.0) (>= win8)) (>= wp8) (>= wpa81)
      System.Globalization (>= 4.3) - restriction: || (&& (< monoandroid) (< monotouch) (< net45) (>= netstandard1.5) (< win8) (< wpa81) (< xamarinios) (< xamarinmac) (< xamarintvos) (< xamarinwatchos)) (&& (< monoandroid) (< net45) (>= netstandard1.0) (< netstandard1.5) (< win8) (< wp8) (< wpa81))
      System.Linq (>= 4.3) - restriction: && (< monoandroid) (< monotouch) (< net45) (>= netstandard1.5) (< win8) (< wpa81) (< xamarinios) (< xamarinmac) (< xamarintvos) (< xamarinwatchos)
      System.Reflection (>= 4.3) - restriction: || (&& (< monoandroid) (< monotouch) (< net45) (>= netstandard1.5) (< win8) (< wpa81) (< xamarinios) (< xamarinmac) (< xamarintvos) (< xamarinwatchos)) (&& (< monoandroid) (< net45) (>= netstandard1.0) (< netstandard1.5) (< win8) (< wp8) (< wpa81))
      System.Reflection.Extensions (>= 4.3) - restriction: || (&& (< monoandroid) (< monotouch) (< net45) (>= netstandard1.5) (< win8) (< wpa81) (< xamarinios) (< xamarinmac) (< xamarintvos) (< xamarinwatchos)) (&& (< monoandroid) (< net45) (>= netstandard1.0) (< netstandard1.5) (< win8) (< wp8) (< wpa81))
      System.Reflection.Primitives (>= 4.3) - restriction: || (&& (< monoandroid) (< monotouch) (< net45) (>= netstandard1.5) (< win8) (< wpa81) (< xamarinios) (< xamarinmac) (< xamarintvos) (< xamarinwatchos)) (&& (< monoandroid) (< net45) (>= netstandard1.0) (< netstandard1.5) (< win8) (< wp8) (< wpa81))
      System.Reflection.TypeExtensions (>= 4.3) - restriction: && (< monoandroid) (< monotouch) (< net45) (>= netstandard1.5) (< win8) (< wpa81) (< xamarinios) (< xamarinmac) (< xamarintvos) (< xamarinwatchos)
      System.Resources.ResourceManager (>= 4.3) - restriction: || (&& (< monoandroid) (< monotouch) (< net45) (>= netstandard1.5) (< win8) (< wpa81) (< xamarinios) (< xamarinmac) (< xamarintvos) (< xamarinwatchos)) (&& (< monoandroid) (< net45) (>= netstandard1.0) (< netstandard1.5) (< win8) (< wp8) (< wpa81))
      System.Runtime (>= 4.3) - restriction: || (&& (< monoandroid) (< monotouch) (< net45) (>= netstandard1.5) (< win8) (< wpa81) (< xamarinios) (< xamarinmac) (< xamarintvos) (< xamarinwatchos)) (&& (< monoandroid) (< net45) (>= netstandard1.0) (< netstandard1.5) (< win8) (< wp8) (< wpa81))
      System.Runtime.Extensions (>= 4.3) - restriction: || (&& (< monoandroid) (< monotouch) (< net45) (>= netstandard1.5) (< win8) (< wpa81) (< xamarinios) (< xamarinmac) (< xamarintvos) (< xamarinwatchos)) (&& (< monoandroid) (< net45) (>= netstandard1.0) (< netstandard1.5) (< win8) (< wp8) (< wpa81))
      System.Threading (>= 4.3) - restriction: || (&& (< monoandroid) (< monotouch) (< net45) (>= netstandard1.5) (< win8) (< wpa81) (< xamarinios) (< xamarinmac) (< xamarintvos) (< xamarinwatchos)) (&& (< monoandroid) (< net45) (>= netstandard1.0) (< netstandard1.5) (< win8) (< wp8) (< wpa81))
    System.Console (4.3.1) - redirects: on, restriction: || (&& (< net20) (>= net46) (< netstandard1.3)) (&& (< net20) (>= net46) (< netstandard1.4)) (&& (< net20) (>= netstandard1.3) (< netstandard1.4) (< win8) (< wpa81)) (&& (< net20) (< netstandard1.3) (>= netstandard1.4) (< win8) (< wpa81)) (&& (< net20) (< netstandard1.3) (>= netstandard1.5) (< win8) (< wpa81)) (&& (< net20) (< netstandard1.3) (>= netstandard1.6) (< win8) (< wpa81)) (&& (< net20) (>= netstandard1.4) (< netstandard1.5) (< win8) (< wpa81)) (&& (< net20) (>= netstandard1.5) (< netstandard1.6) (< win8) (< wpa81)) (&& (< net20) (>= netstandard1.6) (< netstandard2.0) (< win8) (< wpa81)) (&& (< netstandard1.3) (>= uap10.0)) (&& (< netstandard1.5) (>= uap10.0) (< uap10.1))
      Microsoft.NETCore.Platforms (>= 1.1) - restriction: && (< monoandroid) (< monotouch) (< net46) (>= netstandard1.3) (< xamarinios) (< xamarinmac) (< xamarintvos) (< xamarinwatchos)
      Microsoft.NETCore.Targets (>= 1.1.2) - restriction: && (< monoandroid) (< monotouch) (< net46) (>= netstandard1.3) (< xamarinios) (< xamarinmac) (< xamarintvos) (< xamarinwatchos)
      System.IO (>= 4.3) - restriction: && (< monoandroid) (< monotouch) (< net46) (>= netstandard1.3) (< xamarinios) (< xamarinmac) (< xamarintvos) (< xamarinwatchos)
      System.Runtime (>= 4.3) - restriction: && (< monoandroid) (< monotouch) (< net46) (>= netstandard1.3) (< xamarinios) (< xamarinmac) (< xamarintvos) (< xamarinwatchos)
      System.Text.Encoding (>= 4.3) - restriction: && (< monoandroid) (< monotouch) (< net46) (>= netstandard1.3) (< xamarinios) (< xamarinmac) (< xamarintvos) (< xamarinwatchos)
    System.Diagnostics.Debug (4.3) - redirects: on, restriction: || (&& (< monoandroid) (< monotouch) (< net20) (>= netstandard1.3) (< netstandard2.0) (< xamarintvos) (< xamarinwatchos)) (&& (< monoandroid) (< monotouch) (< net20) (>= netstandard1.5) (< netstandard2.0) (< win8) (< wpa81) (< xamarintvos) (< xamarinwatchos)) (&& (< monoandroid) (< monotouch) (< net45) (>= netstandard1.5) (< netstandard2.0) (< win8) (< wpa81) (< xamarintvos) (< xamarinwatchos)) (&& (< monoandroid) (< net20) (< netstandard1.2) (>= netstandard1.6) (< win8)) (&& (< monoandroid) (< net20) (< netstandard1.4) (>= netstandard1.6) (< win8) (< wpa81)) (&& (< monoandroid) (< net20) (< netstandard1.5) (>= netstandard1.6) (< win8) (< wpa81)) (&& (< monoandroid) (< net45) (>= netstandard1.3) (< netstandard1.5) (< win8) (< wpa81)) (&& (< monoandroid) (< net45) (>= netstandard2.0) (< win8) (< wpa81) (< xamarinios) (< xamarinmac) (< xamarintvos) (< xamarinwatchos)) (&& (< net20) (>= net46) (< netstandard1.3)) (&& (< net20) (>= net46) (< netstandard1.4)) (&& (< net20) (>= net462) (< netstandard1.3)) (&& (< net20) (>= net462) (< netstandard2.0)) (&& (< net20) (>= netstandard1.0) (< portable-net45+win8+wpa81) (< wp8)) (&& (< net20) (>= netstandard1.1) (< netstandard1.2) (< win8)) (&& (< net20) (>= netstandard1.2) (< netstandard1.3) (< win8) (< wpa81)) (&& (< net20) (< netstandard1.2) (>= netstandard1.3) (< win8)) (&& (< net20) (>= netstandard1.3) (< netstandard1.4) (< win8) (< wpa81)) (&& (< net20) (>= netstandard1.3) (< portable-net45+win8+wpa81)) (&& (< net20) (< netstandard1.3) (>= netstandard1.4) (< win8) (< wpa81)) (&& (< net20) (< netstandard1.3) (>= netstandard1.5) (< win8) (< wpa81)) (&& (< net20) (< netstandard1.3) (>= netstandard1.6) (< win8) (< wpa81)) (&& (< net20) (>= netstandard1.4) (< netstandard1.5) (< win8) (< wpa81)) (&& (< net20) (>= netstandard1.5) (< netstandard1.6) (< win8) (< wpa81)) (&& (< net20) (>= netstandard1.6) (< netstandard2.0) (< win8) (< wpa81)) (&& (< net20) (>= netstandard1.6) (< portable-net45+win8+wpa81)) (&& (< netstandard1.3) (>= uap10.0)) (&& (< netstandard1.5) (>= netstandard1.6) (>= uap10.0)) (&& (< netstandard1.5) (>= uap10.0) (< uap10.1)) (&& (< netstandard1.5) (>= uap10.0) (< win8) (< wpa81))
      Microsoft.NETCore.Platforms (>= 1.1) - restriction: || (&& (< monoandroid) (< monotouch) (< net45) (>= netstandard1.3) (< win8) (< wpa81) (< xamarinios) (< xamarinmac) (< xamarintvos) (< xamarinwatchos)) (&& (< monoandroid) (< net45) (>= netstandard1.0) (< netstandard1.3) (< win8) (< wp8) (< wpa81))
      Microsoft.NETCore.Targets (>= 1.1) - restriction: || (&& (< monoandroid) (< monotouch) (< net45) (>= netstandard1.3) (< win8) (< wpa81) (< xamarinios) (< xamarinmac) (< xamarintvos) (< xamarinwatchos)) (&& (< monoandroid) (< net45) (>= netstandard1.0) (< netstandard1.3) (< win8) (< wp8) (< wpa81))
      System.Runtime (>= 4.3) - restriction: || (&& (< monoandroid) (< monotouch) (< net45) (>= netstandard1.3) (< win8) (< wpa81) (< xamarinios) (< xamarinmac) (< xamarintvos) (< xamarinwatchos)) (&& (< monoandroid) (< net45) (>= netstandard1.0) (< netstandard1.3) (< win8) (< wp8) (< wpa81))
    System.Diagnostics.DiagnosticSource (5.0.1) - restriction: || (&& (< monoandroid) (< monotouch) (< net20) (>= netstandard1.6) (< netstandard2.0) (< win8) (< wpa81) (< xamarintvos) (< xamarinwatchos)) (&& (< monoandroid) (< net20) (< netstandard1.2) (>= netstandard1.3) (< win8)) (&& (< monoandroid) (< net20) (< netstandard1.2) (>= netstandard1.6) (< win8)) (&& (< monoandroid) (< net20) (>= netstandard1.3) (< netstandard1.4) (< win8) (< wpa81)) (&& (< monoandroid) (< net20) (< netstandard1.3) (>= netstandard1.4) (< win8) (< wpa81)) (&& (< monoandroid) (< net20) (< netstandard1.3) (>= netstandard1.5) (< win8) (< wpa81)) (&& (< monoandroid) (< net20) (< netstandard1.3) (>= netstandard1.6) (< win8) (< wpa81)) (&& (< monoandroid) (< net20) (>= netstandard1.4) (< netstandard1.5) (< win8) (< wpa81)) (&& (< monoandroid) (< net20) (< netstandard1.4) (>= netstandard1.6) (< win8) (< wpa81)) (&& (< monoandroid) (< net20) (>= netstandard1.5) (< netstandard1.6) (< win8) (< wpa81)) (&& (< monoandroid) (< net20) (< netstandard1.5) (>= netstandard1.6) (< win8) (< wpa81)) (&& (< net20) (>= net46) (< netstandard1.3)) (&& (< net20) (>= net46) (< netstandard1.4)) (>= net472) (&& (< netstandard1.3) (>= netstandard1.6) (>= uap10.0)) (&& (< netstandard1.3) (>= uap10.0) (< win8) (< wpa81)) (&& (< netstandard1.5) (>= netstandard1.6) (>= uap10.0)) (&& (< netstandard1.5) (>= uap10.0) (< win8) (< wpa81))
      System.Memory (>= 4.5.4) - restriction: || (&& (< monoandroid) (< monotouch) (< net45) (>= netstandard1.3) (< netstandard2.0) (< win8) (< wpa81) (< xamarintvos) (< xamarinwatchos)) (&& (< monoandroid) (< net45) (< netcoreapp2.1) (>= netstandard2.0) (< xamarinios) (< xamarinmac) (< xamarintvos) (< xamarinwatchos)) (&& (>= net45) (< netstandard1.3)) (>= net46) (>= uap10.1)
      System.Runtime.CompilerServices.Unsafe (>= 5.0) - restriction: || (&& (>= monoandroid) (< netcoreapp2.1)) (&& (< monoandroid) (< net45) (< netcoreapp2.1) (>= netstandard2.0) (< xamarinios) (< xamarinmac) (< xamarintvos) (< xamarinwatchos)) (&& (< monoandroid) (< net45) (>= netstandard1.3) (< netstandard2.0) (< win8) (< wpa81) (< xamarintvos) (< xamarinwatchos)) (&& (< monoandroid) (>= netcoreapp2.1) (< netcoreapp3.0) (< xamarinios) (< xamarinmac) (< xamarintvos) (< xamarinwatchos)) (>= monotouch) (&& (>= net45) (< netstandard1.3)) (>= net46) (&& (< netcoreapp2.1) (>= xamarinios)) (&& (< netcoreapp2.1) (>= xamarinmac)) (&& (< netstandard2.0) (>= xamarintvos)) (&& (< netstandard2.0) (>= xamarinwatchos)) (>= uap10.1)
    System.Diagnostics.Tools (4.3) - redirects: on, restriction: || (&& (< net20) (>= netstandard1.0) (< portable-net45+win8+wpa81) (< wp8)) (&& (< net20) (>= netstandard1.1) (< netstandard1.2) (< win8)) (&& (< net20) (>= netstandard1.2) (< netstandard1.3) (< win8) (< wpa81)) (&& (< net20) (< netstandard1.2) (>= netstandard1.3) (< win8)) (&& (< net20) (>= netstandard1.3) (< netstandard1.4) (< win8) (< wpa81)) (&& (< net20) (>= netstandard1.3) (< portable-net45+win8+wpa81)) (&& (< net20) (< netstandard1.3) (>= netstandard1.4) (< win8) (< wpa81)) (&& (< net20) (< netstandard1.3) (>= netstandard1.5) (< win8) (< wpa81)) (&& (< net20) (< netstandard1.3) (>= netstandard1.6) (< win8) (< wpa81)) (&& (< net20) (>= netstandard1.4) (< netstandard1.5) (< win8) (< wpa81)) (&& (< net20) (>= netstandard1.5) (< netstandard1.6) (< win8) (< wpa81)) (&& (< net20) (>= netstandard1.6) (< netstandard2.0) (< win8) (< wpa81)) (&& (< netstandard1.3) (>= uap10.0)) (&& (< netstandard1.5) (>= uap10.0) (< uap10.1)) (&& (< netstandard1.5) (>= uap10.0) (< win8) (< wpa81))
      Microsoft.NETCore.Platforms (>= 1.1) - restriction: && (< monoandroid) (< monotouch) (< net45) (>= netstandard1.0) (< win8) (< wp8) (< wpa81) (< xamarinios) (< xamarinmac) (< xamarintvos) (< xamarinwatchos)
      Microsoft.NETCore.Targets (>= 1.1) - restriction: && (< monoandroid) (< monotouch) (< net45) (>= netstandard1.0) (< win8) (< wp8) (< wpa81) (< xamarinios) (< xamarinmac) (< xamarintvos) (< xamarinwatchos)
      System.Runtime (>= 4.3) - restriction: && (< monoandroid) (< monotouch) (< net45) (>= netstandard1.0) (< win8) (< wp8) (< wpa81) (< xamarinios) (< xamarinmac) (< xamarintvos) (< xamarinwatchos)
    System.Diagnostics.Tracing (4.3) - redirects: on, restriction: || (&& (< monoandroid) (< monotouch) (< net45) (>= netstandard1.5) (< netstandard2.0) (< win8) (< wpa81) (< xamarintvos) (< xamarinwatchos)) (&& (< monoandroid) (< net20) (< netstandard1.2) (>= netstandard1.6) (< win8)) (&& (< monoandroid) (< net20) (< netstandard1.4) (>= netstandard1.6) (< win8) (< wpa81)) (&& (< monoandroid) (< net20) (< netstandard1.5) (>= netstandard1.6) (< win8) (< wpa81)) (&& (< monoandroid) (< net45) (>= netstandard1.3) (< netstandard1.5) (< win8) (< wpa81)) (&& (< monoandroid) (< net45) (>= netstandard2.0) (< win8) (< wpa81) (< xamarinios) (< xamarinmac) (< xamarintvos) (< xamarinwatchos)) (&& (< net20) (>= net46) (< netstandard1.3)) (&& (< net20) (>= net46) (< netstandard1.4)) (&& (< net20) (>= netstandard1.1) (< netstandard1.2) (< win8)) (&& (< net20) (>= netstandard1.2) (< netstandard1.3) (< win8) (< wpa81)) (&& (< net20) (< netstandard1.2) (>= netstandard1.3) (< win8)) (&& (< net20) (>= netstandard1.3) (< netstandard1.4) (< win8) (< wpa81)) (&& (< net20) (< netstandard1.3) (>= netstandard1.4) (< win8) (< wpa81)) (&& (< net20) (< netstandard1.3) (>= netstandard1.5) (< win8) (< wpa81)) (&& (< net20) (< netstandard1.3) (>= netstandard1.6) (< win8) (< wpa81)) (&& (< net20) (>= netstandard1.4) (< netstandard1.5) (< win8) (< wpa81)) (&& (< net20) (>= netstandard1.5) (< netstandard1.6) (< win8) (< wpa81)) (&& (< net20) (>= netstandard1.6) (< netstandard2.0) (< win8) (< wpa81)) (&& (< netstandard1.3) (>= uap10.0)) (&& (< netstandard1.5) (>= netstandard1.6) (>= uap10.0)) (&& (< netstandard1.5) (>= uap10.0) (< uap10.1)) (&& (< netstandard1.5) (>= uap10.0) (< win8) (< wpa81))
      Microsoft.NETCore.Platforms (>= 1.1) - restriction: || (&& (< monoandroid) (< monotouch) (< net45) (>= netstandard1.5) (< win8) (< wpa81) (< xamarinios) (< xamarinmac) (< xamarintvos) (< xamarinwatchos)) (&& (< monoandroid) (< net45) (>= netstandard1.1) (< netstandard1.2) (< win8)) (&& (< monoandroid) (< net45) (>= netstandard1.2) (< netstandard1.3) (< win8) (< wpa81)) (&& (< monoandroid) (< net45) (>= netstandard1.3) (< netstandard1.5) (< win8) (< wpa81))
      Microsoft.NETCore.Targets (>= 1.1) - restriction: || (&& (< monoandroid) (< monotouch) (< net45) (>= netstandard1.5) (< win8) (< wpa81) (< xamarinios) (< xamarinmac) (< xamarintvos) (< xamarinwatchos)) (&& (< monoandroid) (< net45) (>= netstandard1.1) (< netstandard1.2) (< win8)) (&& (< monoandroid) (< net45) (>= netstandard1.2) (< netstandard1.3) (< win8) (< wpa81)) (&& (< monoandroid) (< net45) (>= netstandard1.3) (< netstandard1.5) (< win8) (< wpa81))
      System.Runtime (>= 4.3) - restriction: || (&& (< monoandroid) (< monotouch) (< net45) (>= netstandard1.5) (< win8) (< wpa81) (< xamarinios) (< xamarinmac) (< xamarintvos) (< xamarinwatchos)) (&& (< monoandroid) (< net45) (>= netstandard1.1) (< netstandard1.2) (< win8)) (&& (< monoandroid) (< net45) (>= netstandard1.2) (< netstandard1.3) (< win8) (< wpa81)) (&& (< monoandroid) (< net45) (>= netstandard1.3) (< netstandard1.5) (< win8) (< wpa81))
    System.Dynamic.Runtime (4.3) - redirects: on, restriction: || (&& (< monoandroid) (< monotouch) (< net20) (>= netstandard1.3) (< netstandard2.0) (< win8) (< wpa81) (< xamarintvos) (< xamarinwatchos)) (&& (< monoandroid) (< net20) (>= netstandard1.0) (< netstandard1.3) (< win8) (< wp8) (< wpa81))
      System.Collections (>= 4.3) - restriction: && (< monoandroid) (< monotouch) (< net45) (>= netstandard1.3) (< win8) (< wpa81) (< xamarinios) (< xamarinmac) (< xamarintvos) (< xamarinwatchos)
      System.Diagnostics.Debug (>= 4.3) - restriction: && (< monoandroid) (< monotouch) (< net45) (>= netstandard1.3) (< win8) (< wpa81) (< xamarinios) (< xamarinmac) (< xamarintvos) (< xamarinwatchos)
      System.Linq (>= 4.3) - restriction: && (< monoandroid) (< monotouch) (< net45) (>= netstandard1.3) (< win8) (< wpa81) (< xamarinios) (< xamarinmac) (< xamarintvos) (< xamarinwatchos)
      System.Linq.Expressions (>= 4.3) - restriction: || (&& (< monoandroid) (< monotouch) (< net45) (>= netstandard1.3) (< win8) (< wpa81) (< xamarinios) (< xamarinmac) (< xamarintvos) (< xamarinwatchos)) (&& (< monoandroid) (< net45) (>= netstandard1.0) (< netstandard1.3) (< win8) (< wp8) (< wpa81))
      System.ObjectModel (>= 4.3) - restriction: || (&& (< monoandroid) (< monotouch) (< net45) (>= netstandard1.3) (< win8) (< wpa81) (< xamarinios) (< xamarinmac) (< xamarintvos) (< xamarinwatchos)) (&& (< monoandroid) (< net45) (>= netstandard1.0) (< netstandard1.3) (< win8) (< wp8) (< wpa81))
      System.Reflection (>= 4.3) - restriction: || (&& (< monoandroid) (< monotouch) (< net45) (>= netstandard1.3) (< win8) (< wpa81) (< xamarinios) (< xamarinmac) (< xamarintvos) (< xamarinwatchos)) (&& (< monoandroid) (< net45) (>= netstandard1.0) (< netstandard1.3) (< win8) (< wp8) (< wpa81))
      System.Reflection.Emit (>= 4.3) - restriction: && (< monoandroid) (< monotouch) (< net45) (>= netstandard1.3) (< win8) (< wpa81) (< xamarinios) (< xamarinmac) (< xamarintvos) (< xamarinwatchos)
      System.Reflection.Emit.ILGeneration (>= 4.3) - restriction: && (< monoandroid) (< monotouch) (< net45) (>= netstandard1.3) (< win8) (< wpa81) (< xamarinios) (< xamarinmac) (< xamarintvos) (< xamarinwatchos)
      System.Reflection.Primitives (>= 4.3) - restriction: && (< monoandroid) (< monotouch) (< net45) (>= netstandard1.3) (< win8) (< wpa81) (< xamarinios) (< xamarinmac) (< xamarintvos) (< xamarinwatchos)
      System.Reflection.TypeExtensions (>= 4.3) - restriction: && (< monoandroid) (< monotouch) (< net45) (>= netstandard1.3) (< win8) (< wpa81) (< xamarinios) (< xamarinmac) (< xamarintvos) (< xamarinwatchos)
      System.Resources.ResourceManager (>= 4.3) - restriction: && (< monoandroid) (< monotouch) (< net45) (>= netstandard1.3) (< win8) (< wpa81) (< xamarinios) (< xamarinmac) (< xamarintvos) (< xamarinwatchos)
      System.Runtime (>= 4.3) - restriction: || (&& (< monoandroid) (< monotouch) (< net45) (>= netstandard1.3) (< win8) (< wpa81) (< xamarinios) (< xamarinmac) (< xamarintvos) (< xamarinwatchos)) (&& (< monoandroid) (< net45) (>= netstandard1.0) (< netstandard1.3) (< win8) (< wp8) (< wpa81))
      System.Runtime.Extensions (>= 4.3) - restriction: && (< monoandroid) (< monotouch) (< net45) (>= netstandard1.3) (< win8) (< wpa81) (< xamarinios) (< xamarinmac) (< xamarintvos) (< xamarinwatchos)
      System.Threading (>= 4.3) - restriction: && (< monoandroid) (< monotouch) (< net45) (>= netstandard1.3) (< win8) (< wpa81) (< xamarinios) (< xamarinmac) (< xamarintvos) (< xamarinwatchos)
    System.Globalization (4.3) - redirects: on, restriction: || (&& (< monoandroid) (< monotouch) (< net20) (>= netstandard1.3) (< netstandard2.0) (< xamarintvos) (< xamarinwatchos)) (&& (< monoandroid) (< monotouch) (< net20) (>= netstandard1.5) (< netstandard2.0) (< win8) (< wpa81) (< xamarintvos) (< xamarinwatchos)) (&& (< monoandroid) (< monotouch) (< net45) (>= netstandard1.5) (< netstandard2.0) (< win8) (< wpa81) (< xamarintvos) (< xamarinwatchos)) (&& (< monoandroid) (< net20) (>= netstandard1.0) (< netstandard1.3) (< win8) (< wp8) (< wpa81)) (&& (< monoandroid) (< net20) (< netstandard1.2) (>= netstandard1.6) (< win8)) (&& (< monoandroid) (< net20) (>= netstandard1.3) (< netstandard1.5) (< win8) (< wpa81)) (&& (< monoandroid) (< net20) (< netstandard1.4) (>= netstandard1.6) (< win8) (< wpa81)) (&& (< monoandroid) (< net20) (< netstandard1.5) (>= netstandard1.6) (< win8) (< wpa81)) (&& (< monoandroid) (< net45) (>= netstandard1.3) (< netstandard1.5) (< win8) (< wpa81)) (&& (< monoandroid) (< net45) (>= netstandard2.0) (< win8) (< wpa81) (< xamarinios) (< xamarinmac) (< xamarintvos) (< xamarinwatchos)) (&& (< net20) (>= net46) (< netstandard1.3)) (&& (< net20) (>= net46) (< netstandard1.4)) (&& (< net20) (>= net462) (< netstandard1.3)) (&& (< net20) (>= net462) (< netstandard2.0)) (&& (< net20) (>= netstandard1.0) (< portable-net45+win8+wpa81) (< wp8)) (&& (< net20) (>= netstandard1.1) (< netstandard1.2) (< win8)) (&& (< net20) (>= netstandard1.2) (< netstandard1.3) (< win8) (< wpa81)) (&& (< net20) (< netstandard1.2) (>= netstandard1.3) (< win8)) (&& (< net20) (>= netstandard1.3) (< netstandard1.4) (< win8) (< wpa81)) (&& (< net20) (>= netstandard1.3) (< portable-net45+win8+wpa81)) (&& (< net20) (< netstandard1.3) (>= netstandard1.4) (< win8) (< wpa81)) (&& (< net20) (< netstandard1.3) (>= netstandard1.5) (< win8) (< wpa81)) (&& (< net20) (< netstandard1.3) (>= netstandard1.6) (< win8) (< wpa81)) (&& (< net20) (>= netstandard1.4) (< netstandard1.5) (< win8) (< wpa81)) (&& (< net20) (>= netstandard1.5) (< netstandard1.6) (< win8) (< wpa81)) (&& (< net20) (>= netstandard1.6) (< netstandard2.0) (< win8) (< wpa81)) (&& (< net20) (>= netstandard1.6) (< portable-net45+win8+wpa81)) (&& (< netstandard1.3) (>= uap10.0)) (&& (< netstandard1.5) (>= netstandard1.6) (>= uap10.0)) (&& (< netstandard1.5) (>= uap10.0) (< uap10.1)) (&& (< netstandard1.5) (>= uap10.0) (< win8) (< wpa81))
      Microsoft.NETCore.Platforms (>= 1.1) - restriction: || (&& (< monoandroid) (< monotouch) (< net45) (>= netstandard1.3) (< win8) (< wpa81) (< xamarinios) (< xamarinmac) (< xamarintvos) (< xamarinwatchos)) (&& (< monoandroid) (< net45) (>= netstandard1.0) (< netstandard1.3) (< win8) (< wp8) (< wpa81))
      Microsoft.NETCore.Targets (>= 1.1) - restriction: || (&& (< monoandroid) (< monotouch) (< net45) (>= netstandard1.3) (< win8) (< wpa81) (< xamarinios) (< xamarinmac) (< xamarintvos) (< xamarinwatchos)) (&& (< monoandroid) (< net45) (>= netstandard1.0) (< netstandard1.3) (< win8) (< wp8) (< wpa81))
      System.Runtime (>= 4.3) - restriction: || (&& (< monoandroid) (< monotouch) (< net45) (>= netstandard1.3) (< win8) (< wpa81) (< xamarinios) (< xamarinmac) (< xamarintvos) (< xamarinwatchos)) (&& (< monoandroid) (< net45) (>= netstandard1.0) (< netstandard1.3) (< win8) (< wp8) (< wpa81))
    System.Globalization.Calendars (4.3) - redirects: on, restriction: || (&& (< monoandroid) (< net20) (< netstandard1.4) (>= netstandard1.6) (< win8) (< wpa81)) (&& (< monoandroid) (< net20) (< netstandard1.5) (>= netstandard1.6) (< win8) (< wpa81)) (&& (< net20) (>= net46) (< netstandard1.3)) (&& (< net20) (>= net46) (< netstandard1.4)) (&& (< net20) (>= netstandard1.3) (< netstandard1.4) (< win8) (< wpa81)) (&& (< net20) (< netstandard1.3) (>= netstandard1.4) (< win8) (< wpa81)) (&& (< net20) (< netstandard1.3) (>= netstandard1.5) (< win8) (< wpa81)) (&& (< net20) (< netstandard1.3) (>= netstandard1.6) (< win8) (< wpa81)) (&& (< net20) (>= netstandard1.4) (< netstandard1.5) (< win8) (< wpa81)) (&& (< net20) (>= netstandard1.5) (< netstandard1.6) (< win8) (< wpa81)) (&& (< net20) (>= netstandard1.6) (< netstandard2.0) (< win8) (< wpa81)) (&& (< netstandard1.3) (>= uap10.0)) (&& (< netstandard1.5) (>= netstandard1.6) (>= uap10.0)) (&& (< netstandard1.5) (>= uap10.0) (< uap10.1))
      Microsoft.NETCore.Platforms (>= 1.1) - restriction: && (< monoandroid) (< monotouch) (< net46) (>= netstandard1.3) (< xamarinios) (< xamarinmac) (< xamarintvos) (< xamarinwatchos)
      Microsoft.NETCore.Targets (>= 1.1) - restriction: && (< monoandroid) (< monotouch) (< net46) (>= netstandard1.3) (< xamarinios) (< xamarinmac) (< xamarintvos) (< xamarinwatchos)
      System.Globalization (>= 4.3) - restriction: && (< monoandroid) (< monotouch) (< net46) (>= netstandard1.3) (< xamarinios) (< xamarinmac) (< xamarintvos) (< xamarinwatchos)
      System.Runtime (>= 4.3) - restriction: && (< monoandroid) (< monotouch) (< net46) (>= netstandard1.3) (< xamarinios) (< xamarinmac) (< xamarintvos) (< xamarinwatchos)
    System.Globalization.Extensions (4.3) - redirects: on, restriction: || (&& (< monoandroid) (< monotouch) (< net20) (>= netstandard1.5) (< netstandard2.0) (< win8) (< wpa81) (< xamarintvos) (< xamarinwatchos)) (&& (< monoandroid) (< monotouch) (< net20) (>= netstandard1.6) (< netstandard2.0) (< win8) (< wpa81) (< xamarintvos) (< xamarinwatchos)) (&& (< monoandroid) (< net20) (< netstandard1.2) (>= netstandard1.6) (< win8)) (&& (< monoandroid) (< net20) (< netstandard1.3) (>= netstandard1.5) (< win8) (< wpa81)) (&& (< monoandroid) (< net20) (< netstandard1.3) (>= netstandard1.6) (< win8) (< wpa81)) (&& (< monoandroid) (< net20) (< netstandard1.4) (>= netstandard1.6) (< win8) (< wpa81)) (&& (< monoandroid) (< net20) (< netstandard1.5) (>= netstandard1.6) (< win8) (< wpa81)) (&& (< net20) (>= net46) (< netstandard1.3) (>= netstandard1.6)) (&& (< net20) (>= net46) (< netstandard1.4) (>= netstandard1.6)) (&& (< netstandard1.3) (>= netstandard1.6) (>= uap10.0)) (&& (< netstandard1.5) (>= netstandard1.6) (>= uap10.0))
      Microsoft.NETCore.Platforms (>= 1.1) - restriction: && (< monoandroid) (< monotouch) (< net46) (>= netstandard1.3) (< xamarinios) (< xamarinmac) (< xamarintvos) (< xamarinwatchos)
      System.Globalization (>= 4.3) - restriction: && (< monoandroid) (< monotouch) (< net46) (>= netstandard1.3) (< xamarinios) (< xamarinmac) (< xamarintvos) (< xamarinwatchos)
      System.Resources.ResourceManager (>= 4.3) - restriction: && (< monoandroid) (< monotouch) (< net46) (>= netstandard1.3) (< xamarinios) (< xamarinmac) (< xamarintvos) (< xamarinwatchos)
      System.Runtime (>= 4.3) - restriction: && (< monoandroid) (< monotouch) (< net46) (>= netstandard1.3) (< xamarinios) (< xamarinmac) (< xamarintvos) (< xamarinwatchos)
      System.Runtime.Extensions (>= 4.3) - restriction: && (< monoandroid) (< monotouch) (< net46) (>= netstandard1.3) (< xamarinios) (< xamarinmac) (< xamarintvos) (< xamarinwatchos)
      System.Runtime.InteropServices (>= 4.3) - restriction: && (< monoandroid) (< monotouch) (< net46) (>= netstandard1.3) (< xamarinios) (< xamarinmac) (< xamarintvos) (< xamarinwatchos)
    System.IO (4.3) - redirects: on, restriction: || (&& (< monoandroid) (< monotouch) (< net20) (>= netstandard1.3) (< netstandard2.0) (< xamarintvos) (< xamarinwatchos)) (&& (< monoandroid) (< monotouch) (< net45) (>= netstandard1.5) (< netstandard2.0) (< xamarintvos) (< xamarinwatchos)) (&& (< monoandroid) (< net20) (< netstandard1.2) (>= netstandard1.5) (< win8)) (&& (< monoandroid) (< net20) (< netstandard1.2) (>= netstandard1.6) (< win8)) (&& (< monoandroid) (< net20) (< netstandard1.4) (>= netstandard1.5) (< win8) (< wpa81)) (&& (< monoandroid) (< net20) (< netstandard1.4) (>= netstandard1.6) (< win8) (< wpa81)) (&& (< monoandroid) (< net20) (< netstandard1.5) (>= netstandard1.6) (< win8) (< wpa81)) (&& (< monoandroid) (< net45) (>= netstandard2.0) (< xamarinios) (< xamarinmac) (< xamarintvos) (< xamarinwatchos)) (&& (< net20) (>= net46) (< netstandard1.3)) (&& (< net20) (>= net46) (< netstandard1.4)) (&& (< net20) (>= netstandard1.0) (< portable-net45+win8+wpa81) (< wp8)) (&& (< net20) (>= netstandard1.1) (< netstandard1.2) (< win8)) (&& (< net20) (>= netstandard1.2) (< netstandard1.3) (< win8) (< wpa81)) (&& (< net20) (< netstandard1.2) (>= netstandard1.3) (< win8)) (&& (< net20) (>= netstandard1.3) (< netstandard1.4) (< win8) (< wpa81)) (&& (< net20) (>= netstandard1.3) (< portable-net45+win8+wpa81)) (&& (< net20) (< netstandard1.3) (>= netstandard1.4) (< win8) (< wpa81)) (&& (< net20) (< netstandard1.3) (>= netstandard1.5) (< win8) (< wpa81)) (&& (< net20) (< netstandard1.3) (>= netstandard1.6) (< win8) (< wpa81)) (&& (< net20) (>= netstandard1.4) (< netstandard1.5) (< win8) (< wpa81)) (&& (< net20) (>= netstandard1.5) (< netstandard1.6) (< win8) (< wpa81)) (&& (< net20) (>= netstandard1.5) (< portable-net45+win8+wpa81)) (&& (< net20) (>= netstandard1.6) (< netstandard2.0) (< win8) (< wpa81)) (&& (< net20) (>= netstandard1.6) (< portable-net45+win8+wpa81)) (&& (< netstandard1.3) (>= uap10.0)) (&& (< netstandard1.5) (>= netstandard1.6) (>= uap10.0)) (&& (< netstandard1.5) (>= uap10.0) (< uap10.1)) (&& (< netstandard1.5) (>= uap10.0) (< win8) (< wpa81))
      Microsoft.NETCore.Platforms (>= 1.1) - restriction: || (&& (< monoandroid) (< monotouch) (< net45) (>= netstandard1.5) (< win8) (< wpa81) (< xamarinios) (< xamarinmac) (< xamarintvos) (< xamarinwatchos)) (&& (< monoandroid) (< net45) (>= netstandard1.0) (< netstandard1.3) (< win8) (< wp8) (< wpa81)) (&& (< monoandroid) (< net45) (>= netstandard1.3) (< netstandard1.5) (< win8) (< wpa81))
      Microsoft.NETCore.Targets (>= 1.1) - restriction: || (&& (< monoandroid) (< monotouch) (< net45) (>= netstandard1.5) (< win8) (< wpa81) (< xamarinios) (< xamarinmac) (< xamarintvos) (< xamarinwatchos)) (&& (< monoandroid) (< net45) (>= netstandard1.0) (< netstandard1.3) (< win8) (< wp8) (< wpa81)) (&& (< monoandroid) (< net45) (>= netstandard1.3) (< netstandard1.5) (< win8) (< wpa81))
      System.Runtime (>= 4.3) - restriction: || (&& (< monoandroid) (< monotouch) (< net45) (>= netstandard1.5) (< win8) (< wpa81) (< xamarinios) (< xamarinmac) (< xamarintvos) (< xamarinwatchos)) (&& (< monoandroid) (< net45) (>= netstandard1.0) (< netstandard1.3) (< win8) (< wp8) (< wpa81)) (&& (< monoandroid) (< net45) (>= netstandard1.3) (< netstandard1.5) (< win8) (< wpa81))
      System.Text.Encoding (>= 4.3) - restriction: || (&& (< monoandroid) (< monotouch) (< net45) (>= netstandard1.5) (< win8) (< wpa81) (< xamarinios) (< xamarinmac) (< xamarintvos) (< xamarinwatchos)) (&& (< monoandroid) (< net45) (>= netstandard1.0) (< netstandard1.3) (< win8) (< wp8) (< wpa81)) (&& (< monoandroid) (< net45) (>= netstandard1.3) (< netstandard1.5) (< win8) (< wpa81))
      System.Threading.Tasks (>= 4.3) - restriction: || (&& (< monoandroid) (< monotouch) (< net45) (>= netstandard1.5) (< win8) (< wpa81) (< xamarinios) (< xamarinmac) (< xamarintvos) (< xamarinwatchos)) (&& (< monoandroid) (< net45) (>= netstandard1.0) (< netstandard1.3) (< win8) (< wp8) (< wpa81)) (&& (< monoandroid) (< net45) (>= netstandard1.3) (< netstandard1.5) (< win8) (< wpa81))
    System.IO.Compression (4.3) - redirects: on, restriction: || (&& (< net20) (>= net46) (< netstandard1.3)) (&& (< net20) (>= net46) (< netstandard1.4)) (&& (< net20) (>= netstandard1.1) (< netstandard1.2) (< win8)) (&& (< net20) (>= netstandard1.2) (< netstandard1.3) (< win8) (< wpa81)) (&& (< net20) (< netstandard1.2) (>= netstandard1.3) (< win8)) (&& (< net20) (>= netstandard1.3) (< netstandard1.4) (< win8) (< wpa81)) (&& (< net20) (< netstandard1.3) (>= netstandard1.4) (< win8) (< wpa81)) (&& (< net20) (< netstandard1.3) (>= netstandard1.5) (< win8) (< wpa81)) (&& (< net20) (< netstandard1.3) (>= netstandard1.6) (< win8) (< wpa81)) (&& (< net20) (>= netstandard1.4) (< netstandard1.5) (< win8) (< wpa81)) (&& (< net20) (>= netstandard1.5) (< netstandard1.6) (< win8) (< wpa81)) (&& (< net20) (>= netstandard1.6) (< netstandard2.0) (< win8) (< wpa81)) (&& (< netstandard1.3) (>= uap10.0)) (&& (< netstandard1.5) (>= uap10.0) (< uap10.1)) (&& (< netstandard1.5) (>= uap10.0) (< win8) (< wpa81))
      Microsoft.NETCore.Platforms (>= 1.1) - restriction: && (< monoandroid) (< monotouch) (< net45) (>= netstandard1.3) (< win8) (< wpa81) (< xamarinios) (< xamarinmac) (< xamarintvos) (< xamarinwatchos)
      runtime.native.System (>= 4.3) - restriction: && (< monoandroid) (< monotouch) (< net45) (>= netstandard1.3) (< win8) (< wpa81) (< xamarinios) (< xamarinmac) (< xamarintvos) (< xamarinwatchos)
      runtime.native.System.IO.Compression (>= 4.3) - restriction: && (< monoandroid) (< monotouch) (< net45) (>= netstandard1.3) (< win8) (< wpa81) (< xamarinios) (< xamarinmac) (< xamarintvos) (< xamarinwatchos)
      System.Buffers (>= 4.3) - restriction: && (< monoandroid) (< monotouch) (< net45) (>= netstandard1.3) (< win8) (< wpa81) (< xamarinios) (< xamarinmac) (< xamarintvos) (< xamarinwatchos)
      System.Collections (>= 4.3) - restriction: && (< monoandroid) (< monotouch) (< net45) (>= netstandard1.3) (< win8) (< wpa81) (< xamarinios) (< xamarinmac) (< xamarintvos) (< xamarinwatchos)
      System.Diagnostics.Debug (>= 4.3) - restriction: && (< monoandroid) (< monotouch) (< net45) (>= netstandard1.3) (< win8) (< wpa81) (< xamarinios) (< xamarinmac) (< xamarintvos) (< xamarinwatchos)
      System.IO (>= 4.3) - restriction: || (&& (< monoandroid) (< monotouch) (< net45) (>= netstandard1.3) (< win8) (< wpa81) (< xamarinios) (< xamarinmac) (< xamarintvos) (< xamarinwatchos)) (&& (< monoandroid) (< net45) (>= netstandard1.1) (< netstandard1.3) (< win8) (< wpa81))
      System.Resources.ResourceManager (>= 4.3) - restriction: && (< monoandroid) (< monotouch) (< net45) (>= netstandard1.3) (< win8) (< wpa81) (< xamarinios) (< xamarinmac) (< xamarintvos) (< xamarinwatchos)
      System.Runtime (>= 4.3) - restriction: || (&& (< monoandroid) (< monotouch) (< net45) (>= netstandard1.3) (< win8) (< wpa81) (< xamarinios) (< xamarinmac) (< xamarintvos) (< xamarinwatchos)) (&& (< monoandroid) (< net45) (>= netstandard1.1) (< netstandard1.3) (< win8) (< wpa81))
      System.Runtime.Extensions (>= 4.3) - restriction: && (< monoandroid) (< monotouch) (< net45) (>= netstandard1.3) (< win8) (< wpa81) (< xamarinios) (< xamarinmac) (< xamarintvos) (< xamarinwatchos)
      System.Runtime.Handles (>= 4.3) - restriction: && (< monoandroid) (< monotouch) (< net45) (>= netstandard1.3) (< win8) (< wpa81) (< xamarinios) (< xamarinmac) (< xamarintvos) (< xamarinwatchos)
      System.Runtime.InteropServices (>= 4.3) - restriction: && (< monoandroid) (< monotouch) (< net45) (>= netstandard1.3) (< win8) (< wpa81) (< xamarinios) (< xamarinmac) (< xamarintvos) (< xamarinwatchos)
      System.Text.Encoding (>= 4.3) - restriction: || (&& (< monoandroid) (< monotouch) (< net45) (>= netstandard1.3) (< win8) (< wpa81) (< xamarinios) (< xamarinmac) (< xamarintvos) (< xamarinwatchos)) (&& (< monoandroid) (< net45) (>= netstandard1.1) (< netstandard1.3) (< win8) (< wpa81))
      System.Threading (>= 4.3) - restriction: && (< monoandroid) (< monotouch) (< net45) (>= netstandard1.3) (< win8) (< wpa81) (< xamarinios) (< xamarinmac) (< xamarintvos) (< xamarinwatchos)
      System.Threading.Tasks (>= 4.3) - restriction: && (< monoandroid) (< monotouch) (< net45) (>= netstandard1.3) (< win8) (< wpa81) (< xamarinios) (< xamarinmac) (< xamarintvos) (< xamarinwatchos)
    System.IO.Compression.ZipFile (4.3) - redirects: on, restriction: || (&& (< net20) (>= net46) (< netstandard1.3)) (&& (< net20) (>= net46) (< netstandard1.4)) (&& (< net20) (>= netstandard1.3) (< netstandard1.4) (< win8) (< wpa81)) (&& (< net20) (< netstandard1.3) (>= netstandard1.4) (< win8) (< wpa81)) (&& (< net20) (< netstandard1.3) (>= netstandard1.5) (< win8) (< wpa81)) (&& (< net20) (< netstandard1.3) (>= netstandard1.6) (< win8) (< wpa81)) (&& (< net20) (>= netstandard1.4) (< netstandard1.5) (< win8) (< wpa81)) (&& (< net20) (>= netstandard1.5) (< netstandard1.6) (< win8) (< wpa81)) (&& (< net20) (>= netstandard1.6) (< netstandard2.0) (< win8) (< wpa81)) (&& (< netstandard1.3) (>= uap10.0)) (&& (< netstandard1.5) (>= uap10.0) (< uap10.1))
      System.Buffers (>= 4.3) - restriction: && (< monoandroid) (< monotouch) (< net46) (>= netstandard1.3) (< xamarinios) (< xamarinmac) (< xamarintvos) (< xamarinwatchos)
      System.IO (>= 4.3) - restriction: && (< monoandroid) (< monotouch) (< net46) (>= netstandard1.3) (< xamarinios) (< xamarinmac) (< xamarintvos) (< xamarinwatchos)
      System.IO.Compression (>= 4.3) - restriction: && (< monoandroid) (< monotouch) (< net46) (>= netstandard1.3) (< xamarinios) (< xamarinmac) (< xamarintvos) (< xamarinwatchos)
      System.IO.FileSystem (>= 4.3) - restriction: && (< monoandroid) (< monotouch) (< net46) (>= netstandard1.3) (< xamarinios) (< xamarinmac) (< xamarintvos) (< xamarinwatchos)
      System.IO.FileSystem.Primitives (>= 4.3) - restriction: && (< monoandroid) (< monotouch) (< net46) (>= netstandard1.3) (< xamarinios) (< xamarinmac) (< xamarintvos) (< xamarinwatchos)
      System.Resources.ResourceManager (>= 4.3) - restriction: && (< monoandroid) (< monotouch) (< net46) (>= netstandard1.3) (< xamarinios) (< xamarinmac) (< xamarintvos) (< xamarinwatchos)
      System.Runtime (>= 4.3) - restriction: && (< monoandroid) (< monotouch) (< net46) (>= netstandard1.3) (< xamarinios) (< xamarinmac) (< xamarintvos) (< xamarinwatchos)
      System.Runtime.Extensions (>= 4.3) - restriction: && (< monoandroid) (< monotouch) (< net46) (>= netstandard1.3) (< xamarinios) (< xamarinmac) (< xamarintvos) (< xamarinwatchos)
      System.Text.Encoding (>= 4.3) - restriction: && (< monoandroid) (< monotouch) (< net46) (>= netstandard1.3) (< xamarinios) (< xamarinmac) (< xamarintvos) (< xamarinwatchos)
    System.IO.FileSystem (4.3) - redirects: on, restriction: || (&& (< monoandroid) (< net20) (< netstandard1.2) (>= netstandard1.3) (< win8)) (&& (< monoandroid) (< net20) (< netstandard1.2) (>= netstandard1.6) (< win8)) (&& (< monoandroid) (< net20) (< netstandard1.4) (>= netstandard1.6) (< win8) (< wpa81)) (&& (< monoandroid) (< net20) (< netstandard1.5) (>= netstandard1.6) (< win8) (< wpa81)) (&& (< net20) (>= net46) (< netstandard1.3)) (&& (< net20) (>= net46) (< netstandard1.4)) (&& (< net20) (>= netstandard1.3) (< netstandard1.4) (< win8) (< wpa81)) (&& (< net20) (>= netstandard1.3) (< portable-net45+win8+wpa81)) (&& (< net20) (< netstandard1.3) (>= netstandard1.4) (< win8) (< wpa81)) (&& (< net20) (< netstandard1.3) (>= netstandard1.5) (< win8) (< wpa81)) (&& (< net20) (< netstandard1.3) (>= netstandard1.6) (< win8) (< wpa81)) (&& (< net20) (>= netstandard1.4) (< netstandard1.5) (< win8) (< wpa81)) (&& (< net20) (>= netstandard1.5) (< netstandard1.6) (< win8) (< wpa81)) (&& (< net20) (>= netstandard1.6) (< netstandard2.0) (< win8) (< wpa81)) (&& (< netstandard1.3) (>= uap10.0)) (&& (< netstandard1.5) (>= netstandard1.6) (>= uap10.0)) (&& (< netstandard1.5) (>= uap10.0) (< uap10.1)) (&& (< netstandard1.5) (>= uap10.0) (< win8) (< wpa81))
      Microsoft.NETCore.Platforms (>= 1.1) - restriction: && (< monoandroid) (< monotouch) (< net46) (>= netstandard1.3) (< xamarinios) (< xamarinmac) (< xamarintvos) (< xamarinwatchos)
      Microsoft.NETCore.Targets (>= 1.1) - restriction: && (< monoandroid) (< monotouch) (< net46) (>= netstandard1.3) (< xamarinios) (< xamarinmac) (< xamarintvos) (< xamarinwatchos)
      System.IO (>= 4.3) - restriction: && (< monoandroid) (< monotouch) (< net46) (>= netstandard1.3) (< xamarinios) (< xamarinmac) (< xamarintvos) (< xamarinwatchos)
      System.IO.FileSystem.Primitives (>= 4.3) - restriction: || (&& (< monoandroid) (< monotouch) (>= netstandard1.3) (< xamarinios) (< xamarinmac) (< xamarintvos) (< xamarinwatchos)) (>= net46)
      System.Runtime (>= 4.3) - restriction: && (< monoandroid) (< monotouch) (< net46) (>= netstandard1.3) (< xamarinios) (< xamarinmac) (< xamarintvos) (< xamarinwatchos)
      System.Runtime.Handles (>= 4.3) - restriction: && (< monoandroid) (< monotouch) (< net46) (>= netstandard1.3) (< xamarinios) (< xamarinmac) (< xamarintvos) (< xamarinwatchos)
      System.Text.Encoding (>= 4.3) - restriction: && (< monoandroid) (< monotouch) (< net46) (>= netstandard1.3) (< xamarinios) (< xamarinmac) (< xamarintvos) (< xamarinwatchos)
      System.Threading.Tasks (>= 4.3) - restriction: && (< monoandroid) (< monotouch) (< net46) (>= netstandard1.3) (< xamarinios) (< xamarinmac) (< xamarintvos) (< xamarinwatchos)
    System.IO.FileSystem.Primitives (4.3) - redirects: on, restriction: || (&& (< monoandroid) (< net20) (< netstandard1.2) (>= netstandard1.3) (< win8)) (&& (< monoandroid) (< net20) (< netstandard1.4) (>= netstandard1.6) (< win8) (< wpa81)) (&& (< monoandroid) (< net20) (< netstandard1.5) (>= netstandard1.6) (< win8) (< wpa81)) (&& (< net20) (>= net46) (< netstandard1.3)) (&& (< net20) (>= net46) (< netstandard1.4)) (&& (< net20) (>= netstandard1.3) (< netstandard1.4) (< win8) (< wpa81)) (&& (< net20) (>= netstandard1.3) (< portable-net45+win8+wpa81)) (&& (< net20) (< netstandard1.3) (>= netstandard1.4) (< win8) (< wpa81)) (&& (< net20) (< netstandard1.3) (>= netstandard1.5) (< win8) (< wpa81)) (&& (< net20) (< netstandard1.3) (>= netstandard1.6) (< win8) (< wpa81)) (&& (< net20) (>= netstandard1.4) (< netstandard1.5) (< win8) (< wpa81)) (&& (< net20) (>= netstandard1.5) (< netstandard1.6) (< win8) (< wpa81)) (&& (< net20) (>= netstandard1.6) (< netstandard2.0) (< win8) (< wpa81)) (&& (< netstandard1.3) (>= uap10.0)) (&& (< netstandard1.5) (>= netstandard1.6) (>= uap10.0)) (&& (< netstandard1.5) (>= uap10.0) (< uap10.1)) (&& (< netstandard1.5) (>= uap10.0) (< win8) (< wpa81))
      System.Runtime (>= 4.3) - restriction: && (< monoandroid) (< monotouch) (< net46) (>= netstandard1.3) (< xamarinios) (< xamarinmac) (< xamarintvos) (< xamarinwatchos)
    System.IO.Pipelines (5.0.1) - restriction: >= net472
      System.Buffers (>= 4.5.1) - restriction: || (&& (>= monoandroid) (< netcoreapp2.0)) (&& (< monoandroid) (< net46) (< netcoreapp2.0) (>= netstandard2.0)) (&& (< monoandroid) (< net46) (>= netstandard1.3) (< netstandard2.0) (< uap10.1)) (>= monotouch) (&& (>= net46) (< netstandard2.0)) (>= net461) (>= xamarinios) (>= xamarinmac) (>= xamarintvos) (>= xamarinwatchos)
      System.Memory (>= 4.5.4) - restriction: || (&& (< monoandroid) (< monotouch) (< net46) (>= netstandard1.3) (< netstandard2.0) (< xamarintvos) (< xamarinwatchos)) (&& (< monoandroid) (< net46) (< netcoreapp2.0) (>= netstandard2.0) (< xamarinios) (< xamarinmac) (< xamarintvos) (< xamarinwatchos)) (&& (< monoandroid) (>= netcoreapp2.0) (< netcoreapp2.1) (< xamarinios) (< xamarinmac) (< xamarintvos) (< xamarinwatchos)) (&& (>= net46) (< netstandard2.0)) (>= net461) (>= uap10.1)
      System.Threading.Tasks.Extensions (>= 4.5.4) - restriction: || (&& (< monoandroid) (< monotouch) (< net46) (>= netstandard1.3) (< netstandard2.0) (< xamarintvos) (< xamarinwatchos)) (&& (< monoandroid) (< net46) (< netcoreapp2.0) (>= netstandard2.0) (< xamarinios) (< xamarinmac) (< xamarintvos) (< xamarinwatchos)) (&& (< monoandroid) (>= netcoreapp2.0) (< netcoreapp2.1) (< xamarinios) (< xamarinmac) (< xamarintvos) (< xamarinwatchos)) (&& (>= net46) (< netstandard2.0)) (>= net461) (>= uap10.1)
    System.Linq (4.3) - redirects: on, restriction: || (&& (< monoandroid) (< monotouch) (< net20) (>= netstandard1.3) (< netstandard2.0) (< win8) (< wpa81) (< xamarintvos) (< xamarinwatchos)) (&& (< monoandroid) (< monotouch) (< net20) (>= netstandard1.5) (< netstandard2.0) (< win8) (< wpa81) (< xamarintvos) (< xamarinwatchos)) (&& (< monoandroid) (< net20) (< netstandard1.2) (>= netstandard1.6) (< win8)) (&& (< monoandroid) (< net20) (< netstandard1.4) (>= netstandard1.6) (< win8) (< wpa81)) (&& (< monoandroid) (< net20) (< netstandard1.5) (>= netstandard1.6) (< win8) (< wpa81)) (&& (< net20) (>= net46) (< netstandard1.3)) (&& (< net20) (>= net46) (< netstandard1.4)) (&& (< net20) (>= netstandard1.0) (< portable-net45+win8+wpa81) (< wp8)) (&& (< net20) (>= netstandard1.1) (< netstandard1.2) (< win8)) (&& (< net20) (>= netstandard1.2) (< netstandard1.3) (< win8) (< wpa81)) (&& (< net20) (< netstandard1.2) (>= netstandard1.3) (< win8)) (&& (< net20) (>= netstandard1.3) (< netstandard1.4) (< win8) (< wpa81)) (&& (< net20) (>= netstandard1.3) (< portable-net45+win8+wpa81)) (&& (< net20) (< netstandard1.3) (>= netstandard1.4) (< win8) (< wpa81)) (&& (< net20) (< netstandard1.3) (>= netstandard1.5) (< win8) (< wpa81)) (&& (< net20) (< netstandard1.3) (>= netstandard1.6) (< win8) (< wpa81)) (&& (< net20) (>= netstandard1.4) (< netstandard1.5) (< win8) (< wpa81)) (&& (< net20) (>= netstandard1.5) (< netstandard1.6) (< win8) (< wpa81)) (&& (< net20) (>= netstandard1.6) (< netstandard2.0) (< win8) (< wpa81)) (&& (< net20) (>= netstandard1.6) (< portable-net45+win8+wpa81)) (&& (< netstandard1.3) (>= uap10.0)) (&& (< netstandard1.5) (>= netstandard1.6) (>= uap10.0)) (&& (< netstandard1.5) (>= uap10.0) (< uap10.1))
      System.Collections (>= 4.3) - restriction: || (&& (< monoandroid) (< monotouch) (< net45) (>= netstandard1.6) (< xamarinios) (< xamarinmac) (< xamarintvos) (< xamarinwatchos)) (&& (< monoandroid) (< net45) (>= netstandard1.0) (< netstandard1.6) (< win8) (< wp8) (< wpa81))
      System.Diagnostics.Debug (>= 4.3) - restriction: && (< monoandroid) (< monotouch) (< net45) (>= netstandard1.6) (< xamarinios) (< xamarinmac) (< xamarintvos) (< xamarinwatchos)
      System.Resources.ResourceManager (>= 4.3) - restriction: && (< monoandroid) (< monotouch) (< net45) (>= netstandard1.6) (< xamarinios) (< xamarinmac) (< xamarintvos) (< xamarinwatchos)
      System.Runtime (>= 4.3) - restriction: || (&& (< monoandroid) (< monotouch) (< net45) (>= netstandard1.6) (< xamarinios) (< xamarinmac) (< xamarintvos) (< xamarinwatchos)) (&& (< monoandroid) (< net45) (>= netstandard1.0) (< netstandard1.6) (< win8) (< wp8) (< wpa81))
      System.Runtime.Extensions (>= 4.3) - restriction: && (< monoandroid) (< monotouch) (< net45) (>= netstandard1.6) (< xamarinios) (< xamarinmac) (< xamarintvos) (< xamarinwatchos)
    System.Linq.Expressions (4.3) - redirects: on, restriction: || (&& (< monoandroid) (< monotouch) (< net20) (>= netstandard1.3) (< netstandard2.0) (< win8) (< wpa81) (< xamarintvos) (< xamarinwatchos)) (&& (< monoandroid) (< net20) (>= netstandard1.0) (< netstandard1.3) (< win8) (< wp8) (< wpa81)) (&& (< net20) (>= netstandard1.0) (< portable-net45+win8+wpa81) (< wp8)) (&& (< net20) (>= netstandard1.1) (< netstandard1.2) (< win8)) (&& (< net20) (>= netstandard1.2) (< netstandard1.3) (< win8) (< wpa81)) (&& (< net20) (< netstandard1.2) (>= netstandard1.3) (< win8)) (&& (< net20) (>= netstandard1.3) (< netstandard1.4) (< win8) (< wpa81)) (&& (< net20) (>= netstandard1.3) (< portable-net45+win8+wpa81)) (&& (< net20) (< netstandard1.3) (>= netstandard1.4) (< win8) (< wpa81)) (&& (< net20) (< netstandard1.3) (>= netstandard1.5) (< win8) (< wpa81)) (&& (< net20) (< netstandard1.3) (>= netstandard1.6) (< win8) (< wpa81)) (&& (< net20) (>= netstandard1.4) (< netstandard1.5) (< win8) (< wpa81)) (&& (< net20) (>= netstandard1.5) (< netstandard1.6) (< win8) (< wpa81)) (&& (< net20) (>= netstandard1.6) (< netstandard2.0) (< win8) (< wpa81)) (&& (< netstandard1.3) (>= uap10.0)) (&& (< netstandard1.5) (>= uap10.0) (< uap10.1))
      System.Collections (>= 4.3) - restriction: && (< monoandroid) (< monotouch) (< net45) (>= netstandard1.6) (< xamarinios) (< xamarinmac) (< xamarintvos) (< xamarinwatchos)
      System.Diagnostics.Debug (>= 4.3) - restriction: && (< monoandroid) (< monotouch) (< net45) (>= netstandard1.6) (< xamarinios) (< xamarinmac) (< xamarintvos) (< xamarinwatchos)
      System.Globalization (>= 4.3) - restriction: && (< monoandroid) (< monotouch) (< net45) (>= netstandard1.6) (< xamarinios) (< xamarinmac) (< xamarintvos) (< xamarinwatchos)
      System.IO (>= 4.3) - restriction: && (< monoandroid) (< monotouch) (< net45) (>= netstandard1.6) (< xamarinios) (< xamarinmac) (< xamarintvos) (< xamarinwatchos)
      System.Linq (>= 4.3) - restriction: && (< monoandroid) (< monotouch) (< net45) (>= netstandard1.6) (< xamarinios) (< xamarinmac) (< xamarintvos) (< xamarinwatchos)
      System.ObjectModel (>= 4.3) - restriction: && (< monoandroid) (< monotouch) (< net45) (>= netstandard1.6) (< xamarinios) (< xamarinmac) (< xamarintvos) (< xamarinwatchos)
      System.Reflection (>= 4.3) - restriction: || (&& (< monoandroid) (< monotouch) (< net45) (>= netstandard1.6) (< xamarinios) (< xamarinmac) (< xamarintvos) (< xamarinwatchos)) (&& (< monoandroid) (< net45) (>= netstandard1.0) (< netstandard1.3) (< win8) (< wp8) (< wpa81)) (&& (< monoandroid) (< net45) (>= netstandard1.3) (< netstandard1.6) (< win8) (< wpa81))
      System.Reflection.Emit (>= 4.3) - restriction: && (< monoandroid) (< monotouch) (< net45) (>= netstandard1.6) (< xamarinios) (< xamarinmac) (< xamarintvos) (< xamarinwatchos)
      System.Reflection.Emit.ILGeneration (>= 4.3) - restriction: && (< monoandroid) (< monotouch) (< net45) (>= netstandard1.6) (< xamarinios) (< xamarinmac) (< xamarintvos) (< xamarinwatchos)
      System.Reflection.Emit.Lightweight (>= 4.3) - restriction: && (< monoandroid) (< monotouch) (< net45) (>= netstandard1.6) (< xamarinios) (< xamarinmac) (< xamarintvos) (< xamarinwatchos)
      System.Reflection.Extensions (>= 4.3) - restriction: && (< monoandroid) (< monotouch) (< net45) (>= netstandard1.6) (< xamarinios) (< xamarinmac) (< xamarintvos) (< xamarinwatchos)
      System.Reflection.Primitives (>= 4.3) - restriction: && (< monoandroid) (< monotouch) (< net45) (>= netstandard1.6) (< xamarinios) (< xamarinmac) (< xamarintvos) (< xamarinwatchos)
      System.Reflection.TypeExtensions (>= 4.3) - restriction: && (< monoandroid) (< monotouch) (< net45) (>= netstandard1.6) (< xamarinios) (< xamarinmac) (< xamarintvos) (< xamarinwatchos)
      System.Resources.ResourceManager (>= 4.3) - restriction: && (< monoandroid) (< monotouch) (< net45) (>= netstandard1.6) (< xamarinios) (< xamarinmac) (< xamarintvos) (< xamarinwatchos)
      System.Runtime (>= 4.3) - restriction: || (&& (< monoandroid) (< monotouch) (< net45) (>= netstandard1.6) (< xamarinios) (< xamarinmac) (< xamarintvos) (< xamarinwatchos)) (&& (< monoandroid) (< net45) (>= netstandard1.0) (< netstandard1.3) (< win8) (< wp8) (< wpa81)) (&& (< monoandroid) (< net45) (>= netstandard1.3) (< netstandard1.6) (< win8) (< wpa81))
      System.Runtime.Extensions (>= 4.3) - restriction: && (< monoandroid) (< monotouch) (< net45) (>= netstandard1.6) (< xamarinios) (< xamarinmac) (< xamarintvos) (< xamarinwatchos)
      System.Threading (>= 4.3) - restriction: && (< monoandroid) (< monotouch) (< net45) (>= netstandard1.6) (< xamarinios) (< xamarinmac) (< xamarintvos) (< xamarinwatchos)
    System.Memory (4.5.4) - restriction: >= net472
      System.Buffers (>= 4.5.1) - restriction: || (&& (>= monoandroid) (< netcoreapp2.0)) (&& (< monoandroid) (< net45) (< netcoreapp2.0) (>= netstandard2.0)) (&& (< monoandroid) (< net45) (>= netstandard1.1) (< netstandard2.0) (< win8) (< wpa81)) (&& (< monoandroid) (< netstandard1.1) (>= portable-net45+win8+wpa81) (< win8)) (>= monotouch) (&& (>= net45) (< netstandard2.0)) (>= net461) (&& (< netstandard1.1) (>= win8)) (&& (< netstandard2.0) (< uap10.1) (>= wpa81)) (>= xamarinios) (>= xamarinmac) (>= xamarintvos) (>= xamarinwatchos)
      System.Numerics.Vectors (>= 4.5) - restriction: >= net461
      System.Runtime.CompilerServices.Unsafe (>= 4.5.3) - restriction: || (&& (>= monoandroid) (< netcoreapp2.0)) (&& (< monoandroid) (< net45) (< netcoreapp2.0) (>= netstandard2.0)) (&& (< monoandroid) (< net45) (>= netstandard1.1) (< netstandard2.0) (< win8) (< wpa81)) (&& (< monoandroid) (>= netcoreapp2.0) (< netcoreapp2.1)) (&& (< monoandroid) (< netstandard1.1) (>= portable-net45+win8+wpa81) (< win8)) (>= monotouch) (&& (>= net45) (< netstandard2.0)) (>= net461) (&& (< netstandard1.1) (>= win8)) (&& (< netstandard2.0) (>= wpa81)) (>= uap10.1) (>= xamarinios) (>= xamarinmac) (>= xamarintvos) (>= xamarinwatchos)
    System.Net.Http (4.3.4) - redirects: on, restriction: || (&& (< net20) (>= net46) (< netstandard1.3)) (&& (< net20) (>= net46) (< netstandard1.4)) (&& (< net20) (>= netstandard1.1) (< netstandard1.2) (< win8)) (&& (< net20) (>= netstandard1.2) (< netstandard1.3) (< win8) (< wpa81)) (&& (< net20) (< netstandard1.2) (>= netstandard1.3) (< win8)) (&& (< net20) (>= netstandard1.3) (< netstandard1.4) (< win8) (< wpa81)) (&& (< net20) (< netstandard1.3) (>= netstandard1.4) (< win8) (< wpa81)) (&& (< net20) (< netstandard1.3) (>= netstandard1.5) (< win8) (< wpa81)) (&& (< net20) (< netstandard1.3) (>= netstandard1.6) (< win8) (< wpa81)) (&& (< net20) (>= netstandard1.4) (< netstandard1.5) (< win8) (< wpa81)) (&& (< net20) (>= netstandard1.5) (< netstandard1.6) (< win8) (< wpa81)) (&& (< net20) (>= netstandard1.6) (< netstandard2.0) (< win8) (< wpa81)) (>= net472) (&& (< netstandard1.3) (>= uap10.0)) (&& (< netstandard1.5) (>= uap10.0) (< uap10.1))
      Microsoft.NETCore.Platforms (>= 1.1.1) - restriction: || (&& (< monoandroid) (< monotouch) (< net45) (>= netstandard1.6) (< xamarinios) (< xamarinmac) (< xamarintvos) (< xamarinwatchos)) (&& (< monoandroid) (< net45) (>= netstandard1.3) (< netstandard1.6) (< win8) (< wpa81))
      Microsoft.Win32.Primitives (>= 4.3) - restriction: && (< monoandroid) (< net45) (>= netstandard1.3) (< netstandard1.6) (< win8) (< wpa81)
      runtime.native.System (>= 4.3) - restriction: && (< monoandroid) (< monotouch) (< net45) (>= netstandard1.6) (< xamarinios) (< xamarinmac) (< xamarintvos) (< xamarinwatchos)
      runtime.native.System.Net.Http (>= 4.3) - restriction: && (< monoandroid) (< monotouch) (< net45) (>= netstandard1.6) (< xamarinios) (< xamarinmac) (< xamarintvos) (< xamarinwatchos)
      runtime.native.System.Security.Cryptography.OpenSsl (>= 4.3.2) - restriction: && (< monoandroid) (< monotouch) (< net45) (>= netstandard1.6) (< xamarinios) (< xamarinmac) (< xamarintvos) (< xamarinwatchos)
      System.Collections (>= 4.3) - restriction: || (&& (< monoandroid) (< monotouch) (< net45) (>= netstandard1.6) (< xamarinios) (< xamarinmac) (< xamarintvos) (< xamarinwatchos)) (&& (< monoandroid) (< net45) (>= netstandard1.3) (< netstandard1.6) (< win8) (< wpa81))
      System.Diagnostics.Debug (>= 4.3) - restriction: || (&& (< monoandroid) (< monotouch) (< net45) (>= netstandard1.6) (< xamarinios) (< xamarinmac) (< xamarintvos) (< xamarinwatchos)) (&& (< monoandroid) (< net45) (>= netstandard1.3) (< netstandard1.6) (< win8) (< wpa81))
      System.Diagnostics.DiagnosticSource (>= 4.3) - restriction: || (&& (< monoandroid) (< monotouch) (< net45) (>= netstandard1.6) (< xamarinios) (< xamarinmac) (< xamarintvos) (< xamarinwatchos)) (&& (< monoandroid) (< net45) (>= netstandard1.3) (< netstandard1.6) (< win8) (< wpa81))
      System.Diagnostics.Tracing (>= 4.3) - restriction: || (&& (< monoandroid) (< monotouch) (< net45) (>= netstandard1.6) (< xamarinios) (< xamarinmac) (< xamarintvos) (< xamarinwatchos)) (&& (< monoandroid) (< net45) (>= netstandard1.3) (< netstandard1.6) (< win8) (< wpa81))
      System.Globalization (>= 4.3) - restriction: || (&& (< monoandroid) (< monotouch) (< net45) (>= netstandard1.6) (< xamarinios) (< xamarinmac) (< xamarintvos) (< xamarinwatchos)) (&& (< monoandroid) (< net45) (>= netstandard1.3) (< netstandard1.6) (< win8) (< wpa81))
      System.Globalization.Extensions (>= 4.3) - restriction: && (< monoandroid) (< monotouch) (< net45) (>= netstandard1.6) (< xamarinios) (< xamarinmac) (< xamarintvos) (< xamarinwatchos)
      System.IO (>= 4.3) - restriction: || (&& (< monoandroid) (< monotouch) (< net45) (>= netstandard1.6) (< xamarinios) (< xamarinmac) (< xamarintvos) (< xamarinwatchos)) (&& (< monoandroid) (< net45) (>= netstandard1.1) (< netstandard1.3) (< win8) (< wpa81)) (&& (< monoandroid) (< net45) (>= netstandard1.3) (< netstandard1.6) (< win8) (< wpa81))
      System.IO.Compression (>= 4.3) - restriction: && (< monoandroid) (< net45) (>= netstandard1.3) (< netstandard1.6) (< win8) (< wpa81)
      System.IO.FileSystem (>= 4.3) - restriction: && (< monoandroid) (< monotouch) (< net45) (>= netstandard1.6) (< xamarinios) (< xamarinmac) (< xamarintvos) (< xamarinwatchos)
      System.Net.Primitives (>= 4.3) - restriction: || (&& (< monoandroid) (< monotouch) (< net45) (>= netstandard1.6) (< xamarinios) (< xamarinmac) (< xamarintvos) (< xamarinwatchos)) (&& (< monoandroid) (< net45) (>= netstandard1.1) (< netstandard1.3) (< win8) (< wpa81)) (&& (< monoandroid) (< net45) (>= netstandard1.3) (< netstandard1.6) (< win8) (< wpa81))
      System.Resources.ResourceManager (>= 4.3) - restriction: || (&& (< monoandroid) (< monotouch) (< net45) (>= netstandard1.6) (< xamarinios) (< xamarinmac) (< xamarintvos) (< xamarinwatchos)) (&& (< monoandroid) (< net45) (>= netstandard1.3) (< netstandard1.6) (< win8) (< wpa81))
      System.Runtime (>= 4.3) - restriction: || (&& (< monoandroid) (< monotouch) (< net45) (>= netstandard1.6) (< xamarinios) (< xamarinmac) (< xamarintvos) (< xamarinwatchos)) (&& (< monoandroid) (< net45) (>= netstandard1.1) (< netstandard1.3) (< win8) (< wpa81)) (&& (< monoandroid) (< net45) (>= netstandard1.3) (< netstandard1.6) (< win8) (< wpa81))
      System.Runtime.Extensions (>= 4.3) - restriction: || (&& (< monoandroid) (< monotouch) (< net45) (>= netstandard1.6) (< xamarinios) (< xamarinmac) (< xamarintvos) (< xamarinwatchos)) (&& (< monoandroid) (< net45) (>= netstandard1.3) (< netstandard1.6) (< win8) (< wpa81))
      System.Runtime.Handles (>= 4.3) - restriction: || (&& (< monoandroid) (< monotouch) (< net45) (>= netstandard1.6) (< xamarinios) (< xamarinmac) (< xamarintvos) (< xamarinwatchos)) (&& (< monoandroid) (< net45) (>= netstandard1.3) (< netstandard1.6) (< win8) (< wpa81))
      System.Runtime.InteropServices (>= 4.3) - restriction: || (&& (< monoandroid) (< monotouch) (< net45) (>= netstandard1.6) (< xamarinios) (< xamarinmac) (< xamarintvos) (< xamarinwatchos)) (&& (< monoandroid) (< net45) (>= netstandard1.3) (< netstandard1.6) (< win8) (< wpa81))
      System.Security.Cryptography.Algorithms (>= 4.3) - restriction: && (< monoandroid) (< monotouch) (< net45) (>= netstandard1.6) (< xamarinios) (< xamarinmac) (< xamarintvos) (< xamarinwatchos)
      System.Security.Cryptography.Encoding (>= 4.3) - restriction: || (&& (< monoandroid) (< monotouch) (< net45) (>= netstandard1.6) (< xamarinios) (< xamarinmac) (< xamarintvos) (< xamarinwatchos)) (&& (< monoandroid) (< net45) (>= netstandard1.3) (< netstandard1.6) (< win8) (< wpa81))
      System.Security.Cryptography.OpenSsl (>= 4.3) - restriction: && (< monoandroid) (< monotouch) (< net45) (>= netstandard1.6) (< xamarinios) (< xamarinmac) (< xamarintvos) (< xamarinwatchos)
      System.Security.Cryptography.Primitives (>= 4.3) - restriction: && (< monoandroid) (< monotouch) (< net45) (>= netstandard1.6) (< xamarinios) (< xamarinmac) (< xamarintvos) (< xamarinwatchos)
      System.Security.Cryptography.X509Certificates (>= 4.3) - restriction: || (&& (< monoandroid) (< monotouch) (< net45) (>= netstandard1.6) (< xamarinios) (< xamarinmac) (< xamarintvos) (< xamarinwatchos)) (&& (< monoandroid) (< net45) (>= netstandard1.3) (< netstandard1.6) (< win8) (< wpa81)) (>= net46)
      System.Text.Encoding (>= 4.3) - restriction: || (&& (< monoandroid) (< monotouch) (< net45) (>= netstandard1.6) (< xamarinios) (< xamarinmac) (< xamarintvos) (< xamarinwatchos)) (&& (< monoandroid) (< net45) (>= netstandard1.1) (< netstandard1.3) (< win8) (< wpa81)) (&& (< monoandroid) (< net45) (>= netstandard1.3) (< netstandard1.6) (< win8) (< wpa81))
      System.Threading (>= 4.3) - restriction: || (&& (< monoandroid) (< monotouch) (< net45) (>= netstandard1.6) (< xamarinios) (< xamarinmac) (< xamarintvos) (< xamarinwatchos)) (&& (< monoandroid) (< net45) (>= netstandard1.3) (< netstandard1.6) (< win8) (< wpa81))
      System.Threading.Tasks (>= 4.3) - restriction: || (&& (< monoandroid) (< monotouch) (< net45) (>= netstandard1.6) (< xamarinios) (< xamarinmac) (< xamarintvos) (< xamarinwatchos)) (&& (< monoandroid) (< net45) (>= netstandard1.1) (< netstandard1.3) (< win8) (< wpa81)) (&& (< monoandroid) (< net45) (>= netstandard1.3) (< netstandard1.6) (< win8) (< wpa81))
    System.Net.Primitives (4.3.1) - redirects: on, restriction: || (&& (< monoandroid) (< net20) (< netstandard1.2) (>= netstandard1.6) (< win8)) (&& (< monoandroid) (< net20) (< netstandard1.4) (>= netstandard1.6) (< win8) (< wpa81)) (&& (< monoandroid) (< net20) (< netstandard1.5) (>= netstandard1.6) (< win8) (< wpa81)) (&& (< net20) (>= net46) (< netstandard1.3)) (&& (< net20) (>= net46) (< netstandard1.4)) (&& (< net20) (>= netstandard1.0) (< portable-net45+win8+wpa81) (< wp8)) (&& (< net20) (>= netstandard1.1) (< netstandard1.2) (< win8)) (&& (< net20) (>= netstandard1.2) (< netstandard1.3) (< win8) (< wpa81)) (&& (< net20) (< netstandard1.2) (>= netstandard1.3) (< win8)) (&& (< net20) (>= netstandard1.3) (< netstandard1.4) (< win8) (< wpa81)) (&& (< net20) (>= netstandard1.3) (< portable-net45+win8+wpa81)) (&& (< net20) (< netstandard1.3) (>= netstandard1.4) (< win8) (< wpa81)) (&& (< net20) (< netstandard1.3) (>= netstandard1.5) (< win8) (< wpa81)) (&& (< net20) (< netstandard1.3) (>= netstandard1.6) (< win8) (< wpa81)) (&& (< net20) (>= netstandard1.4) (< netstandard1.5) (< win8) (< wpa81)) (&& (< net20) (>= netstandard1.5) (< netstandard1.6) (< win8) (< wpa81)) (&& (< net20) (>= netstandard1.6) (< netstandard2.0) (< win8) (< wpa81)) (&& (< netstandard1.3) (>= uap10.0)) (&& (< netstandard1.5) (>= netstandard1.6) (>= uap10.0)) (&& (< netstandard1.5) (>= uap10.0) (< uap10.1)) (&& (< netstandard1.5) (>= uap10.0) (< win8) (< wpa81))
      Microsoft.NETCore.Platforms (>= 1.1.1) - restriction: || (&& (< monoandroid) (< monotouch) (< net45) (>= netstandard1.3) (< win8) (< wpa81) (< xamarinios) (< xamarinmac) (< xamarintvos) (< xamarinwatchos)) (&& (< monoandroid) (< net45) (>= netstandard1.1) (< netstandard1.3) (< win8) (< wpa81)) (&& (< monoandroid) (>= netstandard1.0) (< netstandard1.1) (< win8) (< wp8))
      Microsoft.NETCore.Targets (>= 1.1.3) - restriction: || (&& (< monoandroid) (< monotouch) (< net45) (>= netstandard1.3) (< win8) (< wpa81) (< xamarinios) (< xamarinmac) (< xamarintvos) (< xamarinwatchos)) (&& (< monoandroid) (< net45) (>= netstandard1.1) (< netstandard1.3) (< win8) (< wpa81)) (&& (< monoandroid) (>= netstandard1.0) (< netstandard1.1) (< win8) (< wp8))
      System.Runtime (>= 4.3.1) - restriction: || (&& (< monoandroid) (< monotouch) (< net45) (>= netstandard1.3) (< win8) (< wpa81) (< xamarinios) (< xamarinmac) (< xamarintvos) (< xamarinwatchos)) (&& (< monoandroid) (< net45) (>= netstandard1.1) (< netstandard1.3) (< win8) (< wpa81)) (&& (< monoandroid) (>= netstandard1.0) (< netstandard1.1) (< win8) (< wp8))
      System.Runtime.Handles (>= 4.3) - restriction: && (< monoandroid) (< monotouch) (< net45) (>= netstandard1.3) (< win8) (< wpa81) (< xamarinios) (< xamarinmac) (< xamarintvos) (< xamarinwatchos)
    System.Net.Sockets (4.3) - redirects: on, restriction: || (&& (< net20) (>= net46) (< netstandard1.3)) (&& (< net20) (>= net46) (< netstandard1.4)) (&& (< net20) (>= netstandard1.3) (< netstandard1.4) (< win8) (< wpa81)) (&& (< net20) (< netstandard1.3) (>= netstandard1.4) (< win8) (< wpa81)) (&& (< net20) (< netstandard1.3) (>= netstandard1.5) (< win8) (< wpa81)) (&& (< net20) (< netstandard1.3) (>= netstandard1.6) (< win8) (< wpa81)) (&& (< net20) (>= netstandard1.4) (< netstandard1.5) (< win8) (< wpa81)) (&& (< net20) (>= netstandard1.5) (< netstandard1.6) (< win8) (< wpa81)) (&& (< net20) (>= netstandard1.6) (< netstandard2.0) (< win8) (< wpa81)) (&& (< netstandard1.3) (>= uap10.0)) (&& (< netstandard1.5) (>= uap10.0) (< uap10.1))
      Microsoft.NETCore.Platforms (>= 1.1) - restriction: && (< monoandroid) (< monotouch) (< net46) (>= netstandard1.3) (< xamarinios) (< xamarinmac) (< xamarintvos) (< xamarinwatchos)
      Microsoft.NETCore.Targets (>= 1.1) - restriction: && (< monoandroid) (< monotouch) (< net46) (>= netstandard1.3) (< xamarinios) (< xamarinmac) (< xamarintvos) (< xamarinwatchos)
      System.IO (>= 4.3) - restriction: && (< monoandroid) (< monotouch) (< net46) (>= netstandard1.3) (< xamarinios) (< xamarinmac) (< xamarintvos) (< xamarinwatchos)
      System.Net.Primitives (>= 4.3) - restriction: && (< monoandroid) (< monotouch) (< net46) (>= netstandard1.3) (< xamarinios) (< xamarinmac) (< xamarintvos) (< xamarinwatchos)
      System.Runtime (>= 4.3) - restriction: && (< monoandroid) (< monotouch) (< net46) (>= netstandard1.3) (< xamarinios) (< xamarinmac) (< xamarintvos) (< xamarinwatchos)
      System.Threading.Tasks (>= 4.3) - restriction: && (< monoandroid) (< monotouch) (< net46) (>= netstandard1.3) (< xamarinios) (< xamarinmac) (< xamarintvos) (< xamarinwatchos)
    System.Net.WebSockets (4.3) - restriction: >= net472
    System.Numerics.Vectors (4.5) - restriction: >= net472
    System.ObjectModel (4.3) - redirects: on, restriction: || (&& (< monoandroid) (< monotouch) (< net20) (>= netstandard1.3) (< netstandard2.0) (< win8) (< wpa81) (< xamarintvos) (< xamarinwatchos)) (&& (< monoandroid) (< net20) (>= netstandard1.0) (< netstandard1.3) (< win8) (< wp8) (< wpa81)) (&& (< monoandroid) (< net20) (< netstandard1.2) (>= netstandard1.6) (< win8)) (&& (< monoandroid) (< net20) (< netstandard1.4) (>= netstandard1.6) (< win8) (< wpa81)) (&& (< monoandroid) (< net20) (< netstandard1.5) (>= netstandard1.6) (< win8) (< wpa81)) (&& (< net20) (>= netstandard1.0) (< portable-net45+win8+wpa81) (< wp8)) (&& (< net20) (>= netstandard1.1) (< netstandard1.2) (< win8)) (&& (< net20) (>= netstandard1.2) (< netstandard1.3) (< win8) (< wpa81)) (&& (< net20) (< netstandard1.2) (>= netstandard1.3) (< win8)) (&& (< net20) (>= netstandard1.3) (< netstandard1.4) (< win8) (< wpa81)) (&& (< net20) (>= netstandard1.3) (< portable-net45+win8+wpa81)) (&& (< net20) (< netstandard1.3) (>= netstandard1.4) (< win8) (< wpa81)) (&& (< net20) (< netstandard1.3) (>= netstandard1.5) (< win8) (< wpa81)) (&& (< net20) (< netstandard1.3) (>= netstandard1.6) (< win8) (< wpa81)) (&& (< net20) (>= netstandard1.4) (< netstandard1.5) (< win8) (< wpa81)) (&& (< net20) (>= netstandard1.5) (< netstandard1.6) (< win8) (< wpa81)) (&& (< net20) (>= netstandard1.6) (< netstandard2.0) (< win8) (< wpa81)) (&& (< net20) (>= netstandard1.6) (< portable-net45+win8+wpa81)) (&& (< netstandard1.3) (>= uap10.0)) (&& (< netstandard1.5) (>= netstandard1.6) (>= uap10.0)) (&& (< netstandard1.5) (>= uap10.0) (< uap10.1))
      System.Collections (>= 4.3) - restriction: && (< monoandroid) (< monotouch) (< net45) (>= netstandard1.3) (< win8) (< wpa81) (< xamarinios) (< xamarinmac) (< xamarintvos) (< xamarinwatchos)
      System.Diagnostics.Debug (>= 4.3) - restriction: && (< monoandroid) (< monotouch) (< net45) (>= netstandard1.3) (< win8) (< wpa81) (< xamarinios) (< xamarinmac) (< xamarintvos) (< xamarinwatchos)
      System.Resources.ResourceManager (>= 4.3) - restriction: && (< monoandroid) (< monotouch) (< net45) (>= netstandard1.3) (< win8) (< wpa81) (< xamarinios) (< xamarinmac) (< xamarintvos) (< xamarinwatchos)
      System.Runtime (>= 4.3) - restriction: || (&& (< monoandroid) (< monotouch) (< net45) (>= netstandard1.3) (< win8) (< wpa81) (< xamarinios) (< xamarinmac) (< xamarintvos) (< xamarinwatchos)) (&& (< monoandroid) (< net45) (>= netstandard1.0) (< netstandard1.3) (< win8) (< wp8) (< wpa81))
      System.Threading (>= 4.3) - restriction: && (< monoandroid) (< monotouch) (< net45) (>= netstandard1.3) (< win8) (< wpa81) (< xamarinios) (< xamarinmac) (< xamarintvos) (< xamarinwatchos)
    System.Private.Uri (4.3.2) - restriction: >= net472
      Microsoft.NETCore.Platforms (>= 1.1.1)
      Microsoft.NETCore.Targets (>= 1.1.3)
    System.Reflection (4.3) - redirects: on, restriction: || (&& (< monoandroid) (< monotouch) (< net20) (>= netstandard1.4) (< netstandard2.0) (< xamarintvos) (< xamarinwatchos)) (&& (< monoandroid) (< monotouch) (< net20) (>= netstandard1.5) (< netstandard2.0) (< win8) (< wpa81) (< xamarintvos) (< xamarinwatchos)) (&& (< monoandroid) (< monotouch) (< net45) (>= netstandard1.3) (< netstandard2.0) (< win8) (< wpa81) (< xamarintvos) (< xamarinwatchos)) (&& (< monoandroid) (< monotouch) (< net45) (>= netstandard1.5) (< netstandard2.0) (< xamarintvos) (< xamarinwatchos)) (&& (< monoandroid) (< net20) (>= netstandard1.0) (< netstandard1.3) (< win8) (< wp8) (< wpa81)) (&& (< monoandroid) (< net20) (< netstandard1.2) (>= netstandard1.4) (< win8)) (&& (< monoandroid) (< net20) (< netstandard1.2) (>= netstandard1.5) (< win8)) (&& (< monoandroid) (< net20) (< netstandard1.2) (>= netstandard1.6) (< win8)) (&& (< monoandroid) (< net20) (>= netstandard1.3) (< netstandard1.5) (< win8) (< wpa81)) (&& (< monoandroid) (< net20) (< netstandard1.4) (>= netstandard1.5) (< win8) (< wpa81)) (&& (< monoandroid) (< net20) (< netstandard1.4) (>= netstandard1.6) (< win8) (< wpa81)) (&& (< monoandroid) (< net20) (< netstandard1.5) (>= netstandard1.6) (< win8) (< wpa81)) (&& (< monoandroid) (< net45) (>= netstandard1.3) (< netstandard1.5) (< uap10.1)) (&& (< monoandroid) (< net45) (>= netstandard1.3) (< netstandard1.5) (< win8) (< wpa81)) (&& (< monoandroid) (< net45) (< netstandard1.5) (>= netstandard2.0)) (&& (< monoandroid) (< net45) (>= netstandard2.0) (< xamarinios) (< xamarinmac) (< xamarintvos) (< xamarinwatchos)) (&& (< net20) (>= net46) (< netstandard1.3) (>= netstandard1.6)) (&& (< net20) (>= net46) (< netstandard1.4) (>= netstandard1.6)) (&& (< net20) (>= netstandard1.0) (< portable-net45+win8+wpa81) (< wp8)) (&& (< net20) (>= netstandard1.1) (< netstandard1.2) (< win8)) (&& (< net20) (>= netstandard1.2) (< netstandard1.3) (< win8) (< wpa81)) (&& (< net20) (< netstandard1.2) (>= netstandard1.3) (< win8)) (&& (< net20) (>= netstandard1.3) (< netstandard1.4) (< win8) (< wpa81)) (&& (< net20) (>= netstandard1.3) (< portable-net45+win8+wpa81)) (&& (< net20) (< netstandard1.3) (>= netstandard1.4) (< win8) (< wpa81)) (&& (< net20) (< netstandard1.3) (>= netstandard1.5) (< win8) (< wpa81)) (&& (< net20) (< netstandard1.3) (>= netstandard1.6) (< win8) (< wpa81)) (&& (< net20) (>= netstandard1.4) (< netstandard1.5) (< win8) (< wpa81)) (&& (< net20) (>= netstandard1.5) (< netstandard1.6) (< win8) (< wpa81)) (&& (< net20) (>= netstandard1.6) (< netstandard2.0) (< win8) (< wpa81)) (&& (>= netcoreapp1.1) (< netstandard1.2)) (&& (>= netcoreapp1.1) (< netstandard1.3)) (&& (>= netcoreapp1.1) (< netstandard1.4)) (&& (>= netcoreapp1.1) (< netstandard1.5)) (&& (>= netcoreapp1.1) (< netstandard1.6)) (&& (>= netcoreapp1.1) (< netstandard2.0) (< xamarintvos) (< xamarinwatchos)) (&& (< netstandard1.2) (>= uap10.0) (< win8)) (&& (< netstandard1.3) (>= uap10.0)) (&& (< netstandard1.5) (>= netstandard1.6) (>= uap10.0)) (&& (< netstandard1.5) (>= uap10.0) (< uap10.1)) (&& (< netstandard1.5) (>= uap10.0) (< win8) (< wpa81))
      Microsoft.NETCore.Platforms (>= 1.1) - restriction: || (&& (< monoandroid) (< monotouch) (< net45) (>= netstandard1.5) (< win8) (< wpa81) (< xamarinios) (< xamarinmac) (< xamarintvos) (< xamarinwatchos)) (&& (< monoandroid) (< net45) (>= netstandard1.0) (< netstandard1.3) (< win8) (< wp8) (< wpa81)) (&& (< monoandroid) (< net45) (>= netstandard1.3) (< netstandard1.5) (< win8) (< wpa81))
      Microsoft.NETCore.Targets (>= 1.1) - restriction: || (&& (< monoandroid) (< monotouch) (< net45) (>= netstandard1.5) (< win8) (< wpa81) (< xamarinios) (< xamarinmac) (< xamarintvos) (< xamarinwatchos)) (&& (< monoandroid) (< net45) (>= netstandard1.0) (< netstandard1.3) (< win8) (< wp8) (< wpa81)) (&& (< monoandroid) (< net45) (>= netstandard1.3) (< netstandard1.5) (< win8) (< wpa81))
      System.IO (>= 4.3) - restriction: || (&& (< monoandroid) (< monotouch) (< net45) (>= netstandard1.5) (< win8) (< wpa81) (< xamarinios) (< xamarinmac) (< xamarintvos) (< xamarinwatchos)) (&& (< monoandroid) (< net45) (>= netstandard1.0) (< netstandard1.3) (< win8) (< wp8) (< wpa81)) (&& (< monoandroid) (< net45) (>= netstandard1.3) (< netstandard1.5) (< win8) (< wpa81))
      System.Reflection.Primitives (>= 4.3) - restriction: || (&& (< monoandroid) (< monotouch) (< net45) (>= netstandard1.5) (< win8) (< wpa81) (< xamarinios) (< xamarinmac) (< xamarintvos) (< xamarinwatchos)) (&& (< monoandroid) (< net45) (>= netstandard1.0) (< netstandard1.3) (< win8) (< wp8) (< wpa81)) (&& (< monoandroid) (< net45) (>= netstandard1.3) (< netstandard1.5) (< win8) (< wpa81))
      System.Runtime (>= 4.3) - restriction: || (&& (< monoandroid) (< monotouch) (< net45) (>= netstandard1.5) (< win8) (< wpa81) (< xamarinios) (< xamarinmac) (< xamarintvos) (< xamarinwatchos)) (&& (< monoandroid) (< net45) (>= netstandard1.0) (< netstandard1.3) (< win8) (< wp8) (< wpa81)) (&& (< monoandroid) (< net45) (>= netstandard1.3) (< netstandard1.5) (< win8) (< wpa81))
    System.Reflection.Emit (4.7) - restriction: || (&& (< monoandroid) (< monotouch) (< net20) (>= netstandard1.3) (< netstandard2.0) (< win8) (< wpa81) (< xamarintvos) (< xamarinwatchos)) (&& (< monoandroid) (< monotouch) (< net20) (>= netstandard1.6) (< netstandard2.0) (< win8) (< wpa81) (< xamarintvos) (< xamarinwatchos)) (&& (< monoandroid) (< net20) (< netstandard1.2) (>= netstandard1.6) (< win8)) (&& (< monoandroid) (< net20) (< netstandard1.3) (>= netstandard1.6) (< win8) (< wpa81)) (&& (< monoandroid) (< net20) (< netstandard1.4) (>= netstandard1.6) (< win8) (< wpa81)) (&& (< monoandroid) (< net20) (< netstandard1.5) (>= netstandard1.6) (< win8) (< wpa81)) (&& (< net20) (>= netstandard1.6) (< portable-net45+win8+wpa81)) (>= net472) (&& (< netstandard1.3) (>= netstandard1.6) (>= uap10.0)) (&& (< netstandard1.5) (>= netstandard1.6) (>= uap10.0))
    System.Reflection.Emit.ILGeneration (4.7) - restriction: || (&& (< monoandroid) (< monotouch) (< net20) (>= netstandard1.3) (< netstandard2.0) (< win8) (< wpa81) (< xamarintvos) (< xamarinwatchos)) (&& (< monoandroid) (< monotouch) (< net20) (>= netstandard1.6) (< netstandard2.0) (< win8) (< wpa81) (< xamarintvos) (< xamarinwatchos)) (&& (< monoandroid) (< monotouch) (< net45) (>= netstandard1.3) (< netstandard2.0) (< win8) (< wpa81) (< xamarintvos) (< xamarinwatchos)) (&& (< monoandroid) (< net20) (< netstandard1.2) (>= netstandard1.6) (< win8)) (&& (< monoandroid) (< net20) (< netstandard1.3) (>= netstandard1.6) (< win8) (< wpa81)) (&& (< monoandroid) (< net20) (< netstandard1.4) (>= netstandard1.6) (< win8) (< wpa81)) (&& (< monoandroid) (< net20) (< netstandard1.5) (>= netstandard1.6) (< win8) (< wpa81)) (&& (< monoandroid) (< net45) (< netcoreapp2.0) (>= netstandard2.0) (< netstandard2.1) (< xamarinios) (< xamarinmac) (< xamarintvos) (< xamarinwatchos)) (&& (< net20) (>= netstandard1.6) (< portable-net45+win8+wpa81)) (&& (>= net45) (< netstandard2.0) (>= wpa81)) (&& (>= net45) (< portable-net45+wp8)) (&& (>= netstandard1.3) (< netstandard2.0) (>= wpa81)) (&& (>= netstandard1.3) (< portable-net45+wp8) (>= win8)) (&& (>= netstandard1.3) (< portable-net45+wp8) (< win8)) (&& (< netstandard1.3) (>= netstandard1.6) (>= uap10.0)) (&& (< netstandard1.5) (>= netstandard1.6) (>= uap10.0)) (>= uap10.1)
      System.Reflection (>= 4.3) - restriction: && (< monoandroid) (< monotouch) (< net45) (>= netstandard1.0) (< netstandard2.0) (< win8) (< wp8) (< wpa81) (< xamarintvos) (< xamarinwatchos)
      System.Reflection.Primitives (>= 4.3) - restriction: && (< monoandroid) (< monotouch) (< net45) (>= netstandard1.0) (< netstandard2.0) (< win8) (< wp8) (< wpa81) (< xamarintvos) (< xamarinwatchos)
      System.Resources.ResourceManager (>= 4.3) - restriction: && (< monoandroid) (< monotouch) (< net45) (>= netstandard1.0) (< netstandard2.0) (< win8) (< wp8) (< wpa81) (< xamarintvos) (< xamarinwatchos)
      System.Runtime (>= 4.3) - restriction: && (< monoandroid) (< monotouch) (< net45) (>= netstandard1.0) (< netstandard2.0) (< win8) (< wp8) (< wpa81) (< xamarintvos) (< xamarinwatchos)
    System.Reflection.Emit.Lightweight (4.7) - restriction: || (&& (< monoandroid) (< net20) (< netstandard1.2) (>= netstandard1.6) (< win8)) (&& (< monoandroid) (< net20) (>= netstandard1.6) (< win8) (< wpa81)) (&& (< net20) (>= netstandard1.6) (< portable-net45+win8+wpa81)) (>= net45) (>= netstandard1.3) (&& (>= netstandard1.6) (>= uap10.0))
      System.Reflection (>= 4.3) - restriction: && (< monoandroid) (< monotouch) (< net45) (>= netstandard1.0) (< netstandard2.0) (< win8) (< wp8) (< wpa81) (< xamarintvos) (< xamarinwatchos)
      System.Reflection.Emit.ILGeneration (>= 4.7) - restriction: || (&& (< monoandroid) (< monotouch) (< net45) (>= netstandard1.0) (< netstandard2.0) (< win8) (< wp8) (< wpa81) (< xamarintvos) (< xamarinwatchos)) (&& (< monoandroid) (< net45) (< netcoreapp2.0) (>= netstandard2.0) (< netstandard2.1) (< xamarinios) (< xamarinmac) (< xamarintvos) (< xamarinwatchos)) (&& (< netstandard2.0) (>= wpa81)) (&& (>= portable-net45+win8+wp8+wpa81) (< portable-net45+wp8) (< win8)) (&& (< portable-net45+wp8) (>= win8)) (>= uap10.1)
      System.Reflection.Primitives (>= 4.3) - restriction: && (< monoandroid) (< monotouch) (< net45) (>= netstandard1.0) (< netstandard2.0) (< win8) (< wp8) (< wpa81) (< xamarintvos) (< xamarinwatchos)
      System.Resources.ResourceManager (>= 4.3) - restriction: && (< monoandroid) (< monotouch) (< net45) (>= netstandard1.0) (< netstandard2.0) (< win8) (< wp8) (< wpa81) (< xamarintvos) (< xamarinwatchos)
      System.Runtime (>= 4.3) - restriction: && (< monoandroid) (< monotouch) (< net45) (>= netstandard1.0) (< netstandard2.0) (< win8) (< wp8) (< wpa81) (< xamarintvos) (< xamarinwatchos)
    System.Reflection.Extensions (4.3) - redirects: on, restriction: || (&& (< monoandroid) (< monotouch) (< net20) (>= netstandard1.5) (< netstandard2.0) (< win8) (< wpa81) (< xamarintvos) (< xamarinwatchos)) (&& (< monoandroid) (< net20) (>= netstandard1.0) (< netstandard1.3) (< win8) (< wp8) (< wpa81)) (&& (< monoandroid) (< net20) (< netstandard1.0) (>= netstandard1.3) (< win8)) (&& (< monoandroid) (< net20) (< netstandard1.2) (>= netstandard1.6) (< win8)) (&& (< monoandroid) (< net20) (>= netstandard1.3) (< netstandard1.5) (< win8) (< wpa81)) (&& (< monoandroid) (< net20) (< netstandard1.4) (>= netstandard1.6) (< win8) (< wpa81)) (&& (< monoandroid) (< net20) (< netstandard1.5) (>= netstandard1.6) (< win8) (< wpa81)) (&& (< net20) (>= net45) (< netstandard1.3)) (&& (< net20) (>= net46) (< netstandard1.3)) (&& (< net20) (>= net46) (< netstandard1.4)) (&& (< net20) (>= netstandard1.0) (< portable-net45+win8+wpa81) (< wp8)) (&& (< net20) (< netstandard1.0) (>= netstandard1.3) (< portable-net45+win8)) (&& (< net20) (>= netstandard1.1) (< netstandard1.2) (< win8)) (&& (< net20) (>= netstandard1.2) (< netstandard1.3) (< win8) (< wpa81)) (&& (< net20) (< netstandard1.2) (>= netstandard1.3) (< win8)) (&& (< net20) (>= netstandard1.3) (< netstandard1.4) (< win8) (< wpa81)) (&& (< net20) (>= netstandard1.3) (< portable-net45+win8+wpa81)) (&& (< net20) (< netstandard1.3) (>= netstandard1.4) (< win8) (< wpa81)) (&& (< net20) (< netstandard1.3) (>= netstandard1.5) (< win8) (< wpa81)) (&& (< net20) (< netstandard1.3) (>= netstandard1.6) (< win8) (< wpa81)) (&& (< net20) (>= netstandard1.4) (< netstandard1.5) (< win8) (< wpa81)) (&& (< net20) (>= netstandard1.5) (< netstandard1.6) (< win8) (< wpa81)) (&& (< net20) (>= netstandard1.6) (< netstandard2.0) (< win8) (< wpa81)) (&& (< net20) (>= netstandard1.6) (< portable-net45+win8+wpa81)) (&& (< netstandard1.3) (>= uap10.0)) (&& (< netstandard1.5) (>= netstandard1.6) (>= uap10.0)) (&& (< netstandard1.5) (>= uap10.0) (< uap10.1)) (&& (< netstandard1.5) (>= uap10.0) (< win8) (< wpa81))
      Microsoft.NETCore.Platforms (>= 1.1) - restriction: && (< monoandroid) (< monotouch) (< net45) (>= netstandard1.0) (< win8) (< wp8) (< wpa81) (< xamarinios) (< xamarinmac) (< xamarintvos) (< xamarinwatchos)
      Microsoft.NETCore.Targets (>= 1.1) - restriction: && (< monoandroid) (< monotouch) (< net45) (>= netstandard1.0) (< win8) (< wp8) (< wpa81) (< xamarinios) (< xamarinmac) (< xamarintvos) (< xamarinwatchos)
      System.Reflection (>= 4.3) - restriction: && (< monoandroid) (< monotouch) (< net45) (>= netstandard1.0) (< win8) (< wp8) (< wpa81) (< xamarinios) (< xamarinmac) (< xamarintvos) (< xamarinwatchos)
      System.Runtime (>= 4.3) - restriction: && (< monoandroid) (< monotouch) (< net45) (>= netstandard1.0) (< win8) (< wp8) (< wpa81) (< xamarinios) (< xamarinmac) (< xamarintvos) (< xamarinwatchos)
    System.Reflection.Primitives (4.3) - redirects: on, restriction: || (&& (< monoandroid) (< monotouch) (< net20) (>= netstandard1.5) (< netstandard2.0) (< win8) (< wpa81) (< xamarintvos) (< xamarinwatchos)) (&& (< monoandroid) (< monotouch) (< net45) (>= netstandard1.3) (< netstandard2.0) (< win8) (< wpa81) (< xamarintvos) (< xamarinwatchos)) (&& (< monoandroid) (< net20) (>= netstandard1.0) (< netstandard1.3) (< win8) (< wp8) (< wpa81)) (&& (< monoandroid) (< net20) (< netstandard1.2) (>= netstandard1.4) (< win8)) (&& (< monoandroid) (< net20) (< netstandard1.2) (>= netstandard1.5) (< win8)) (&& (< monoandroid) (< net20) (< netstandard1.2) (>= netstandard1.6) (< win8)) (&& (< monoandroid) (< net20) (>= netstandard1.3) (< netstandard1.5) (< win8) (< wpa81)) (&& (< monoandroid) (< net20) (< netstandard1.4) (>= netstandard1.5) (< win8) (< wpa81)) (&& (< monoandroid) (< net20) (< netstandard1.4) (>= netstandard1.6) (< win8) (< wpa81)) (&& (< monoandroid) (< net20) (< netstandard1.5) (>= netstandard1.6) (< win8) (< wpa81)) (&& (< net20) (>= netstandard1.0) (< portable-net45+win8+wpa81) (< wp8)) (&& (< net20) (>= netstandard1.1) (< netstandard1.2) (< win8)) (&& (< net20) (>= netstandard1.2) (< netstandard1.3) (< win8) (< wpa81)) (&& (< net20) (< netstandard1.2) (>= netstandard1.3) (< win8)) (&& (< net20) (>= netstandard1.3) (< netstandard1.4) (< win8) (< wpa81)) (&& (< net20) (>= netstandard1.3) (< portable-net45+win8+wpa81)) (&& (< net20) (< netstandard1.3) (>= netstandard1.4) (< win8) (< wpa81)) (&& (< net20) (< netstandard1.3) (>= netstandard1.5) (< win8) (< wpa81)) (&& (< net20) (< netstandard1.3) (>= netstandard1.6) (< win8) (< wpa81)) (&& (< net20) (>= netstandard1.4) (< netstandard1.5) (< win8) (< wpa81)) (&& (< net20) (>= netstandard1.5) (< netstandard1.6) (< win8) (< wpa81)) (&& (< net20) (>= netstandard1.6) (< netstandard2.0) (< win8) (< wpa81)) (&& (< net20) (>= netstandard1.6) (< portable-net45+win8+wpa81)) (&& (>= netcoreapp1.1) (< netstandard1.2)) (&& (>= netcoreapp1.1) (< netstandard1.3)) (&& (>= netcoreapp1.1) (< netstandard1.4)) (&& (>= netcoreapp1.1) (< netstandard1.5)) (&& (>= netcoreapp1.1) (< netstandard1.6)) (&& (>= netcoreapp1.1) (< netstandard2.0) (< xamarintvos) (< xamarinwatchos)) (&& (< netstandard1.2) (>= uap10.0) (< win8)) (&& (< netstandard1.3) (>= uap10.0)) (&& (< netstandard1.5) (>= netstandard1.6) (>= uap10.0)) (&& (< netstandard1.5) (>= uap10.0) (< uap10.1)) (&& (< netstandard1.5) (>= uap10.0) (< win8) (< wpa81))
      Microsoft.NETCore.Platforms (>= 1.1) - restriction: && (< monoandroid) (< monotouch) (< net45) (>= netstandard1.0) (< win8) (< wp8) (< wpa81) (< xamarinios) (< xamarinmac) (< xamarintvos) (< xamarinwatchos)
      Microsoft.NETCore.Targets (>= 1.1) - restriction: && (< monoandroid) (< monotouch) (< net45) (>= netstandard1.0) (< win8) (< wp8) (< wpa81) (< xamarinios) (< xamarinmac) (< xamarintvos) (< xamarinwatchos)
      System.Runtime (>= 4.3) - restriction: && (< monoandroid) (< monotouch) (< net45) (>= netstandard1.0) (< win8) (< wp8) (< wpa81) (< xamarinios) (< xamarinmac) (< xamarintvos) (< xamarinwatchos)
    System.Reflection.TypeExtensions (4.7) - restriction: || (&& (< monoandroid) (< monotouch) (< net20) (>= netstandard1.3) (< netstandard2.0) (< win8) (< wpa81) (< xamarintvos) (< xamarinwatchos)) (&& (< monoandroid) (< monotouch) (< net20) (>= netstandard1.5) (< netstandard2.0) (< win8) (< wpa81) (< xamarintvos) (< xamarinwatchos)) (&& (< monoandroid) (< monotouch) (< net20) (>= netstandard1.6) (< netstandard2.0) (< win8) (< wpa81) (< xamarintvos) (< xamarinwatchos)) (&& (< monoandroid) (< net20) (< netstandard1.2) (>= netstandard1.6) (< win8)) (&& (< monoandroid) (< net20) (< netstandard1.3) (>= netstandard1.5) (< win8) (< wpa81)) (&& (< monoandroid) (< net20) (< netstandard1.3) (>= netstandard1.6) (< win8) (< wpa81)) (&& (< monoandroid) (< net20) (< netstandard1.4) (>= netstandard1.6) (< win8) (< wpa81)) (&& (< monoandroid) (< net20) (< netstandard1.5) (>= netstandard1.6) (< win8) (< wpa81)) (&& (< net20) (>= netstandard1.6) (< portable-net45+win8+wpa81)) (&& (< net45) (>= netstandard1.3) (< netstandard1.5)) (&& (< net45) (>= netstandard1.5) (< netstandard2.0)) (&& (< net45) (>= netstandard2.0)) (&& (< netstandard1.3) (>= netstandard1.6) (>= uap10.0)) (&& (< netstandard1.5) (>= netstandard1.6) (>= uap10.0))
      System.Reflection (>= 4.3) - restriction: || (&& (< monoandroid) (< monotouch) (< net46) (>= netstandard1.5) (< netstandard2.0) (< xamarintvos) (< xamarinwatchos)) (&& (< monoandroid) (< net46) (>= netstandard1.3) (< netstandard1.5) (< uap10.1))
      System.Resources.ResourceManager (>= 4.3) - restriction: || (&& (< monoandroid) (< monotouch) (< net46) (>= netstandard1.5) (< netstandard2.0) (< xamarintvos) (< xamarinwatchos)) (&& (< monoandroid) (< net46) (>= netstandard1.3) (< netstandard1.5) (< uap10.1))
      System.Runtime (>= 4.3) - restriction: || (&& (< monoandroid) (< monotouch) (< net46) (>= netstandard1.5) (< netstandard2.0) (< xamarintvos) (< xamarinwatchos)) (&& (< monoandroid) (< net46) (>= netstandard1.3) (< netstandard1.5) (< uap10.1))
    System.Resources.ResourceManager (4.3) - redirects: on, restriction: || (&& (< monoandroid) (< monotouch) (< net20) (>= netstandard1.3) (< netstandard2.0) (< xamarintvos) (< xamarinwatchos)) (&& (< monoandroid) (< monotouch) (< net20) (>= netstandard1.4) (< netstandard2.0) (< xamarintvos) (< xamarinwatchos)) (&& (< monoandroid) (< monotouch) (< net20) (>= netstandard1.5) (< netstandard2.0) (< win8) (< wpa81) (< xamarintvos) (< xamarinwatchos)) (&& (< monoandroid) (< monotouch) (< net45) (>= netstandard1.5) (< netstandard2.0) (< xamarintvos) (< xamarinwatchos)) (&& (< monoandroid) (< net20) (>= netstandard1.0) (< netstandard1.3) (< win8) (< wp8) (< wpa81)) (&& (< monoandroid) (< net20) (< netstandard1.0) (>= netstandard1.3) (< win8)) (&& (< monoandroid) (< net20) (< netstandard1.2) (>= netstandard1.6) (< win8)) (&& (< monoandroid) (< net20) (>= netstandard1.3) (< netstandard1.5) (< win8) (< wpa81)) (&& (< monoandroid) (< net20) (< netstandard1.4) (>= netstandard1.6) (< win8) (< wpa81)) (&& (< monoandroid) (< net20) (< netstandard1.5) (>= netstandard1.6) (< win8) (< wpa81)) (&& (< monoandroid) (< net45) (>= netstandard1.3) (< netstandard1.5) (< uap10.1)) (&& (< monoandroid) (< net45) (>= netstandard1.3) (< netstandard1.5) (< win8) (< wpa81)) (&& (< monoandroid) (< net45) (< netstandard1.5) (>= netstandard2.0)) (&& (< monoandroid) (< net45) (>= netstandard2.0) (< win8) (< wpa81) (< xamarinios) (< xamarinmac) (< xamarintvos) (< xamarinwatchos)) (&& (< net20) (>= net45) (< netstandard1.3)) (&& (< net20) (>= net46) (< netstandard1.3)) (&& (< net20) (>= net46) (< netstandard1.4)) (&& (< net20) (>= net462) (< netstandard1.3)) (&& (< net20) (>= net462) (< netstandard2.0)) (&& (< net20) (>= netstandard1.0) (< portable-net45+win8+wpa81) (< wp8)) (&& (< net20) (< netstandard1.0) (>= netstandard1.3) (< portable-net45+win8)) (&& (< net20) (>= netstandard1.1) (< netstandard1.2) (< win8)) (&& (< net20) (>= netstandard1.2) (< netstandard1.3) (< win8) (< wpa81)) (&& (< net20) (< netstandard1.2) (>= netstandard1.3) (< win8)) (&& (< net20) (>= netstandard1.3) (< netstandard1.4) (< win8) (< wpa81)) (&& (< net20) (>= netstandard1.3) (< portable-net45+win8+wpa81)) (&& (< net20) (< netstandard1.3) (>= netstandard1.4) (< win8) (< wpa81)) (&& (< net20) (< netstandard1.3) (>= netstandard1.5) (< win8) (< wpa81)) (&& (< net20) (< netstandard1.3) (>= netstandard1.6) (< win8) (< wpa81)) (&& (< net20) (>= netstandard1.4) (< netstandard1.5) (< win8) (< wpa81)) (&& (< net20) (>= netstandard1.5) (< netstandard1.6) (< win8) (< wpa81)) (&& (< net20) (>= netstandard1.6) (< netstandard2.0) (< win8) (< wpa81)) (&& (< net20) (>= netstandard1.6) (< portable-net45+win8+wpa81)) (&& (< netstandard1.3) (>= uap10.0)) (&& (< netstandard1.5) (>= netstandard1.6) (>= uap10.0)) (&& (< netstandard1.5) (>= uap10.0) (< uap10.1)) (&& (< netstandard1.5) (>= uap10.0) (< win8) (< wpa81))
      Microsoft.NETCore.Platforms (>= 1.1) - restriction: && (< monoandroid) (< monotouch) (< net45) (>= netstandard1.0) (< win8) (< wp8) (< wpa81) (< xamarinios) (< xamarinmac) (< xamarintvos) (< xamarinwatchos)
      Microsoft.NETCore.Targets (>= 1.1) - restriction: && (< monoandroid) (< monotouch) (< net45) (>= netstandard1.0) (< win8) (< wp8) (< wpa81) (< xamarinios) (< xamarinmac) (< xamarintvos) (< xamarinwatchos)
      System.Globalization (>= 4.3) - restriction: && (< monoandroid) (< monotouch) (< net45) (>= netstandard1.0) (< win8) (< wp8) (< wpa81) (< xamarinios) (< xamarinmac) (< xamarintvos) (< xamarinwatchos)
      System.Reflection (>= 4.3) - restriction: && (< monoandroid) (< monotouch) (< net45) (>= netstandard1.0) (< win8) (< wp8) (< wpa81) (< xamarinios) (< xamarinmac) (< xamarintvos) (< xamarinwatchos)
      System.Runtime (>= 4.3) - restriction: && (< monoandroid) (< monotouch) (< net45) (>= netstandard1.0) (< win8) (< wp8) (< wpa81) (< xamarinios) (< xamarinmac) (< xamarintvos) (< xamarinwatchos)
    System.Runtime (4.3.1) - redirects: on, restriction: || (&& (< monoandroid) (< monotouch) (< net20) (>= netstandard1.4) (< netstandard2.0) (< xamarintvos) (< xamarinwatchos)) (&& (< monoandroid) (< monotouch) (< net20) (>= netstandard1.5) (< netstandard2.0) (< win8) (< wpa81) (< xamarintvos) (< xamarinwatchos)) (&& (< monoandroid) (< monotouch) (< net45) (>= netstandard1.3) (< netstandard2.0) (< win8) (< wpa81) (< xamarintvos) (< xamarinwatchos)) (&& (< monoandroid) (< monotouch) (< net45) (>= netstandard1.5) (< netstandard2.0) (< xamarintvos) (< xamarinwatchos)) (&& (< monoandroid) (< net20) (< netstandard1.1) (>= netstandard1.2) (< win8)) (&& (< monoandroid) (< net20) (< netstandard1.1) (>= netstandard1.3) (< win8)) (&& (< monoandroid) (< net20) (< netstandard1.1) (>= netstandard1.4) (< win8)) (&& (< monoandroid) (< net20) (< netstandard1.1) (>= netstandard1.5) (< win8)) (&& (< monoandroid) (< net20) (< netstandard1.1) (>= netstandard1.6) (< win8)) (&& (< monoandroid) (< net20) (< netstandard1.2) (>= netstandard1.6) (< win8)) (&& (< monoandroid) (< net20) (>= netstandard1.3) (< netstandard1.4)) (&& (< monoandroid) (< net20) (< netstandard1.4) (>= netstandard1.6) (< win8) (< wpa81)) (&& (< monoandroid) (< net20) (< netstandard1.5) (>= netstandard1.6) (< win8) (< wpa81)) (&& (< monoandroid) (< net45) (>= netstandard1.3) (< netstandard1.5) (< uap10.1)) (&& (< monoandroid) (< net45) (>= netstandard1.3) (< netstandard1.5) (< win8) (< wpa81)) (&& (< monoandroid) (< net45) (< netstandard1.3) (>= netstandard1.5) (< win8) (< wpa81)) (&& (< monoandroid) (< net45) (< netstandard1.3) (>= netstandard2.0) (< win8) (< wpa81)) (&& (< monoandroid) (< net45) (< netstandard1.5) (>= netstandard2.0)) (&& (< monoandroid) (< net45) (>= netstandard2.0) (< xamarinios) (< xamarinmac) (< xamarintvos) (< xamarinwatchos)) (&& (< net20) (>= net46) (< netstandard1.3)) (&& (< net20) (>= net46) (< netstandard1.4)) (&& (< net20) (>= net462) (< netstandard1.3)) (&& (< net20) (>= net462) (< netstandard2.0)) (&& (< net20) (>= netstandard1.0) (< portable-net45+win8+wpa81) (< wp8)) (&& (< net20) (>= netstandard1.1) (< netstandard1.2) (< win8)) (&& (< net20) (>= netstandard1.1) (< portable-net45+win8+wpa81)) (&& (< net20) (>= netstandard1.2) (< netstandard1.3) (< win8) (< wpa81)) (&& (< net20) (< netstandard1.2) (>= netstandard1.3) (< win8)) (&& (< net20) (>= netstandard1.3) (< netstandard1.4) (< win8) (< wpa81)) (&& (< net20) (>= netstandard1.3) (< portable-net45+win8+wpa81)) (&& (< net20) (< netstandard1.3) (>= netstandard1.4) (< win8) (< wpa81)) (&& (< net20) (< netstandard1.3) (>= netstandard1.5) (< win8) (< wpa81)) (&& (< net20) (< netstandard1.3) (>= netstandard1.6) (< win8) (< wpa81)) (&& (< net20) (>= netstandard1.4) (< netstandard1.5) (< win8) (< wpa81)) (&& (< net20) (>= netstandard1.5) (< netstandard1.6) (< win8) (< wpa81)) (&& (< net20) (>= netstandard1.6) (< netstandard2.0) (< win8) (< wpa81)) (&& (< netstandard1.1) (>= uap10.0) (< win8)) (&& (< netstandard1.3) (>= uap10.0)) (&& (< netstandard1.5) (>= netstandard1.6) (>= uap10.0)) (&& (< netstandard1.5) (>= uap10.0) (< uap10.1)) (&& (< netstandard1.5) (>= uap10.0) (< win8) (< wpa81)) (&& (< netstandard1.5) (>= uap10.0) (< win81) (< wpa81))
      Microsoft.NETCore.Platforms (>= 1.1.1) - restriction: || (&& (< monoandroid) (< monotouch) (< net45) (>= netstandard1.5) (< win8) (< wpa81) (< xamarinios) (< xamarinmac) (< xamarintvos) (< xamarinwatchos)) (&& (< monoandroid) (< net45) (>= netstandard1.0) (< netstandard1.2) (< win8) (< wp8)) (&& (< monoandroid) (< net45) (>= netstandard1.2) (< netstandard1.3) (< win8) (< wpa81)) (&& (< monoandroid) (< net45) (>= netstandard1.3) (< netstandard1.5) (< win8) (< wpa81))
      Microsoft.NETCore.Targets (>= 1.1.3) - restriction: || (&& (< monoandroid) (< monotouch) (< net45) (>= netstandard1.5) (< win8) (< wpa81) (< xamarinios) (< xamarinmac) (< xamarintvos) (< xamarinwatchos)) (&& (< monoandroid) (< net45) (>= netstandard1.0) (< netstandard1.2) (< win8) (< wp8)) (&& (< monoandroid) (< net45) (>= netstandard1.2) (< netstandard1.3) (< win8) (< wpa81)) (&& (< monoandroid) (< net45) (>= netstandard1.3) (< netstandard1.5) (< win8) (< wpa81))
    System.Runtime.CompilerServices.Unsafe (5.0) - restriction: >= net472
    System.Runtime.Extensions (4.3.1) - redirects: on, restriction: || (&& (< monoandroid) (< monotouch) (< net20) (>= netstandard1.3) (< netstandard2.0) (< xamarintvos) (< xamarinwatchos)) (&& (< monoandroid) (< monotouch) (< net20) (>= netstandard1.5) (< netstandard2.0) (< win8) (< wpa81) (< xamarintvos) (< xamarinwatchos)) (&& (< monoandroid) (< monotouch) (< net45) (>= netstandard1.5) (< netstandard2.0) (< win8) (< wpa81) (< xamarintvos) (< xamarinwatchos)) (&& (< monoandroid) (< net20) (>= netstandard1.0) (< netstandard1.3) (< win8) (< wp8) (< wpa81)) (&& (< monoandroid) (< net20) (< netstandard1.2) (>= netstandard1.6) (< win8)) (&& (< monoandroid) (< net20) (>= netstandard1.3) (< netstandard1.5) (< win8) (< wpa81)) (&& (< monoandroid) (< net20) (< netstandard1.4) (>= netstandard1.6) (< win8) (< wpa81)) (&& (< monoandroid) (< net20) (< netstandard1.5) (>= netstandard1.6) (< win8) (< wpa81)) (&& (< monoandroid) (< net45) (>= netstandard1.3) (< netstandard1.5) (< win8) (< wpa81)) (&& (< monoandroid) (< net45) (>= netstandard2.0) (< win8) (< wpa81) (< xamarinios) (< xamarinmac) (< xamarintvos) (< xamarinwatchos)) (&& (< net20) (>= net46) (< netstandard1.3)) (&& (< net20) (>= net46) (< netstandard1.4)) (&& (< net20) (>= net462) (< netstandard1.3)) (&& (< net20) (>= net462) (< netstandard2.0)) (&& (< net20) (>= netstandard1.0) (< portable-net45+win8+wpa81) (< wp8)) (&& (< net20) (>= netstandard1.1) (< netstandard1.2) (< win8)) (&& (< net20) (>= netstandard1.2) (< netstandard1.3) (< win8) (< wpa81)) (&& (< net20) (< netstandard1.2) (>= netstandard1.3) (< win8)) (&& (< net20) (>= netstandard1.3) (< netstandard1.4) (< win8) (< wpa81)) (&& (< net20) (>= netstandard1.3) (< portable-net45+win8+wpa81)) (&& (< net20) (< netstandard1.3) (>= netstandard1.4) (< win8) (< wpa81)) (&& (< net20) (< netstandard1.3) (>= netstandard1.5) (< win8) (< wpa81)) (&& (< net20) (< netstandard1.3) (>= netstandard1.6) (< win8) (< wpa81)) (&& (< net20) (>= netstandard1.4) (< netstandard1.5) (< win8) (< wpa81)) (&& (< net20) (>= netstandard1.5) (< netstandard1.6) (< win8) (< wpa81)) (&& (< net20) (>= netstandard1.6) (< netstandard2.0) (< win8) (< wpa81)) (&& (< net20) (>= netstandard1.6) (< portable-net45+win8+wpa81)) (&& (< netstandard1.3) (>= uap10.0)) (&& (< netstandard1.5) (>= netstandard1.6) (>= uap10.0)) (&& (< netstandard1.5) (>= uap10.0) (< uap10.1)) (&& (< netstandard1.5) (>= uap10.0) (< win8) (< wpa81))
      Microsoft.NETCore.Platforms (>= 1.1.1) - restriction: || (&& (< monoandroid) (< monotouch) (< net45) (>= netstandard1.5) (< win8) (< wpa81) (< xamarinios) (< xamarinmac) (< xamarintvos) (< xamarinwatchos)) (&& (< monoandroid) (< net45) (>= netstandard1.0) (< netstandard1.3) (< win8) (< wp8) (< wpa81)) (&& (< monoandroid) (< net45) (>= netstandard1.3) (< netstandard1.5) (< win8) (< wpa81))
      Microsoft.NETCore.Targets (>= 1.1.3) - restriction: || (&& (< monoandroid) (< monotouch) (< net45) (>= netstandard1.5) (< win8) (< wpa81) (< xamarinios) (< xamarinmac) (< xamarintvos) (< xamarinwatchos)) (&& (< monoandroid) (< net45) (>= netstandard1.0) (< netstandard1.3) (< win8) (< wp8) (< wpa81)) (&& (< monoandroid) (< net45) (>= netstandard1.3) (< netstandard1.5) (< win8) (< wpa81))
      System.Runtime (>= 4.3.1) - restriction: || (&& (< monoandroid) (< monotouch) (< net45) (>= netstandard1.5) (< win8) (< wpa81) (< xamarinios) (< xamarinmac) (< xamarintvos) (< xamarinwatchos)) (&& (< monoandroid) (< net45) (>= netstandard1.0) (< netstandard1.3) (< win8) (< wp8) (< wpa81)) (&& (< monoandroid) (< net45) (>= netstandard1.3) (< netstandard1.5) (< win8) (< wpa81))
    System.Runtime.Handles (4.3) - redirects: on, restriction: || (&& (< monoandroid) (< net20) (< netstandard1.2) (>= netstandard1.3) (< win8)) (&& (< monoandroid) (< net20) (< netstandard1.2) (>= netstandard1.6) (< win8)) (&& (< monoandroid) (< net20) (< netstandard1.4) (>= netstandard1.6) (< win8) (< wpa81)) (&& (< monoandroid) (< net20) (< netstandard1.5) (>= netstandard1.6) (< win8) (< wpa81)) (&& (< net20) (>= net46) (< netstandard1.3)) (&& (< net20) (>= net46) (< netstandard1.4)) (&& (< net20) (>= netstandard1.3) (< netstandard1.4) (< win8) (< wpa81)) (&& (< net20) (< netstandard1.3) (>= netstandard1.4) (< win8) (< wpa81)) (&& (< net20) (< netstandard1.3) (>= netstandard1.5) (< win8) (< wpa81)) (&& (< net20) (< netstandard1.3) (>= netstandard1.6) (< win8) (< wpa81)) (&& (< net20) (>= netstandard1.4) (< netstandard1.5) (< win8) (< wpa81)) (&& (< net20) (>= netstandard1.5) (< netstandard1.6) (< win8) (< wpa81)) (&& (< net20) (>= netstandard1.6) (< netstandard2.0) (< win8) (< wpa81)) (&& (< netstandard1.3) (>= uap10.0)) (&& (< netstandard1.5) (>= netstandard1.6) (>= uap10.0)) (&& (< netstandard1.5) (>= uap10.0) (< uap10.1)) (&& (< netstandard1.5) (>= uap10.0) (< win8) (< wpa81))
      Microsoft.NETCore.Platforms (>= 1.1) - restriction: && (< monoandroid) (< monotouch) (< net46) (>= netstandard1.3) (< xamarinios) (< xamarinmac) (< xamarintvos) (< xamarinwatchos)
      Microsoft.NETCore.Targets (>= 1.1) - restriction: && (< monoandroid) (< monotouch) (< net46) (>= netstandard1.3) (< xamarinios) (< xamarinmac) (< xamarintvos) (< xamarinwatchos)
      System.Runtime (>= 4.3) - restriction: && (< monoandroid) (< monotouch) (< net46) (>= netstandard1.3) (< xamarinios) (< xamarinmac) (< xamarintvos) (< xamarinwatchos)
    System.Runtime.InteropServices (4.3) - redirects: on, restriction: || (&& (< monoandroid) (< monotouch) (< net20) (>= netstandard1.5) (< netstandard2.0) (< win8) (< wpa81) (< xamarintvos) (< xamarinwatchos)) (&& (< monoandroid) (< net20) (< netstandard1.0) (>= netstandard1.3) (< win8)) (&& (< monoandroid) (< net20) (< netstandard1.2) (>= netstandard1.6) (< win8)) (&& (< monoandroid) (< net20) (< netstandard1.4) (>= netstandard1.6) (< win8) (< wpa81)) (&& (< monoandroid) (< net20) (< netstandard1.5) (>= netstandard1.6) (< win8) (< wpa81)) (&& (< net20) (>= net45) (< netstandard1.3)) (&& (< net20) (>= net46) (< netstandard1.3)) (&& (< net20) (>= net46) (< netstandard1.4)) (&& (< net20) (< netstandard1.0) (>= netstandard1.3) (< portable-net45+win8)) (&& (< net20) (>= netstandard1.1) (< netstandard1.2) (< win8)) (&& (< net20) (>= netstandard1.2) (< netstandard1.3) (< win8) (< wpa81)) (&& (< net20) (< netstandard1.2) (>= netstandard1.3) (< win8)) (&& (< net20) (>= netstandard1.3) (< netstandard1.4) (< win8) (< wpa81)) (&& (< net20) (< netstandard1.3) (>= netstandard1.4) (< win8) (< wpa81)) (&& (< net20) (< netstandard1.3) (>= netstandard1.5) (< win8) (< wpa81)) (&& (< net20) (< netstandard1.3) (>= netstandard1.6) (< win8) (< wpa81)) (&& (< net20) (>= netstandard1.4) (< netstandard1.5) (< win8) (< wpa81)) (&& (< net20) (>= netstandard1.5) (< netstandard1.6) (< win8) (< wpa81)) (&& (< net20) (>= netstandard1.6) (< netstandard2.0) (< win8) (< wpa81)) (&& (< netstandard1.3) (>= uap10.0)) (&& (< netstandard1.5) (>= netstandard1.6) (>= uap10.0)) (&& (< netstandard1.5) (>= uap10.0) (< uap10.1)) (&& (< netstandard1.5) (>= uap10.0) (< win8) (< wpa81))
      Microsoft.NETCore.Platforms (>= 1.1) - restriction: || (&& (< monoandroid) (< monotouch) (< net45) (< netcoreapp1.1) (>= netstandard1.5) (< win8) (< wpa81) (< xamarinios) (< xamarinmac) (< xamarintvos) (< xamarinwatchos)) (&& (< monoandroid) (< net45) (>= netstandard1.1) (< netstandard1.2) (< win8)) (&& (< monoandroid) (< net45) (>= netstandard1.2) (< netstandard1.3) (< win8) (< wpa81)) (&& (< monoandroid) (< net45) (>= netstandard1.3) (< netstandard1.5) (< win8) (< wpa81)) (&& (>= netcoreapp1.1) (< xamarinios) (< xamarinmac) (< xamarintvos) (< xamarinwatchos))
      Microsoft.NETCore.Targets (>= 1.1) - restriction: || (&& (< monoandroid) (< monotouch) (< net45) (< netcoreapp1.1) (>= netstandard1.5) (< win8) (< wpa81) (< xamarinios) (< xamarinmac) (< xamarintvos) (< xamarinwatchos)) (&& (< monoandroid) (< net45) (>= netstandard1.1) (< netstandard1.2) (< win8)) (&& (< monoandroid) (< net45) (>= netstandard1.2) (< netstandard1.3) (< win8) (< wpa81)) (&& (< monoandroid) (< net45) (>= netstandard1.3) (< netstandard1.5) (< win8) (< wpa81)) (&& (>= netcoreapp1.1) (< xamarinios) (< xamarinmac) (< xamarintvos) (< xamarinwatchos))
      System.Reflection (>= 4.3) - restriction: || (&& (< monoandroid) (< monotouch) (< net45) (< netcoreapp1.1) (>= netstandard1.5) (< win8) (< wpa81) (< xamarinios) (< xamarinmac) (< xamarintvos) (< xamarinwatchos)) (&& (< monoandroid) (< net45) (>= netstandard1.1) (< netstandard1.2) (< win8)) (&& (< monoandroid) (< net45) (>= netstandard1.2) (< netstandard1.3) (< win8) (< wpa81)) (&& (< monoandroid) (< net45) (>= netstandard1.3) (< netstandard1.5) (< win8) (< wpa81)) (&& (>= netcoreapp1.1) (< xamarinios) (< xamarinmac) (< xamarintvos) (< xamarinwatchos))
      System.Reflection.Primitives (>= 4.3) - restriction: || (&& (< monoandroid) (< monotouch) (< net45) (< netcoreapp1.1) (>= netstandard1.5) (< win8) (< wpa81) (< xamarinios) (< xamarinmac) (< xamarintvos) (< xamarinwatchos)) (&& (< monoandroid) (< net45) (>= netstandard1.1) (< netstandard1.2) (< win8)) (&& (< monoandroid) (< net45) (>= netstandard1.2) (< netstandard1.3) (< win8) (< wpa81)) (&& (< monoandroid) (< net45) (>= netstandard1.3) (< netstandard1.5) (< win8) (< wpa81)) (&& (>= netcoreapp1.1) (< xamarinios) (< xamarinmac) (< xamarintvos) (< xamarinwatchos))
      System.Runtime (>= 4.3) - restriction: || (&& (< monoandroid) (< monotouch) (< net45) (< netcoreapp1.1) (>= netstandard1.5) (< win8) (< wpa81) (< xamarinios) (< xamarinmac) (< xamarintvos) (< xamarinwatchos)) (&& (< monoandroid) (< net45) (>= netstandard1.1) (< netstandard1.2) (< win8)) (&& (< monoandroid) (< net45) (>= netstandard1.2) (< netstandard1.3) (< win8) (< wpa81)) (&& (< monoandroid) (< net45) (>= netstandard1.3) (< netstandard1.5) (< win8) (< wpa81)) (>= net462) (&& (>= netcoreapp1.1) (< xamarinios) (< xamarinmac) (< xamarintvos) (< xamarinwatchos))
      System.Runtime.Handles (>= 4.3) - restriction: || (&& (< monoandroid) (< monotouch) (< net45) (< netcoreapp1.1) (>= netstandard1.5) (< win8) (< wpa81) (< xamarinios) (< xamarinmac) (< xamarintvos) (< xamarinwatchos)) (&& (< monoandroid) (< net45) (>= netstandard1.3) (< netstandard1.5) (< win8) (< wpa81)) (&& (>= netcoreapp1.1) (< xamarinios) (< xamarinmac) (< xamarintvos) (< xamarinwatchos))
    System.Runtime.InteropServices.RuntimeInformation (4.3) - redirects: on, restriction: || (&& (< net20) (>= net45) (< netstandard1.3)) (&& (< net20) (>= net46) (< netstandard1.3)) (&& (< net20) (>= net46) (< netstandard1.4)) (&& (< net20) (< netstandard1.0) (>= netstandard1.3) (< portable-net45+win8)) (&& (< net20) (< netstandard1.0) (>= netstandard1.3) (< win8)) (&& (< net20) (>= netstandard1.1) (< netstandard1.2) (< win8)) (&& (< net20) (>= netstandard1.2) (< netstandard1.3) (< win8) (< wpa81)) (&& (< net20) (< netstandard1.2) (>= netstandard1.3) (< win8)) (&& (< net20) (>= netstandard1.3) (< netstandard1.4) (< win8) (< wpa81)) (&& (< net20) (< netstandard1.3) (>= netstandard1.4) (< win8) (< wpa81)) (&& (< net20) (< netstandard1.3) (>= netstandard1.5) (< win8) (< wpa81)) (&& (< net20) (< netstandard1.3) (>= netstandard1.6) (< win8) (< wpa81)) (&& (< net20) (>= netstandard1.4) (< netstandard1.5) (< win8) (< wpa81)) (&& (< net20) (>= netstandard1.5) (< netstandard1.6) (< win8) (< wpa81)) (&& (< net20) (>= netstandard1.6) (< netstandard2.0) (< win8) (< wpa81)) (&& (< netstandard1.0) (>= netstandard1.3) (>= win8)) (&& (< netstandard1.3) (>= uap10.0)) (&& (< netstandard1.3) (< win8) (>= wpa81)) (&& (< netstandard1.5) (>= uap10.0) (< uap10.1))
      runtime.native.System (>= 4.3) - restriction: && (< monoandroid) (< monotouch) (< net45) (>= netstandard1.1) (< win8) (< wpa81) (< xamarinios) (< xamarinmac) (< xamarintvos) (< xamarinwatchos)
      System.Reflection (>= 4.3) - restriction: && (< monoandroid) (< monotouch) (< net45) (>= netstandard1.1) (< win8) (< wpa81) (< xamarinios) (< xamarinmac) (< xamarintvos) (< xamarinwatchos)
      System.Reflection.Extensions (>= 4.3) - restriction: && (< monoandroid) (< monotouch) (< net45) (>= netstandard1.1) (< win8) (< wpa81) (< xamarinios) (< xamarinmac) (< xamarintvos) (< xamarinwatchos)
      System.Resources.ResourceManager (>= 4.3) - restriction: && (< monoandroid) (< monotouch) (< net45) (>= netstandard1.1) (< win8) (< wpa81) (< xamarinios) (< xamarinmac) (< xamarintvos) (< xamarinwatchos)
      System.Runtime (>= 4.3) - restriction: && (< monoandroid) (< monotouch) (< net45) (>= netstandard1.1) (< win8) (< wpa81) (< xamarinios) (< xamarinmac) (< xamarintvos) (< xamarinwatchos)
      System.Runtime.InteropServices (>= 4.3) - restriction: && (< monoandroid) (< monotouch) (< net45) (>= netstandard1.1) (< win8) (< wpa81) (< xamarinios) (< xamarinmac) (< xamarintvos) (< xamarinwatchos)
      System.Threading (>= 4.3) - restriction: && (< monoandroid) (< monotouch) (< net45) (>= netstandard1.1) (< win8) (< wpa81) (< xamarinios) (< xamarinmac) (< xamarintvos) (< xamarinwatchos)
    System.Runtime.Loader (4.3) - restriction: || (&& (< net45) (>= netstandard1.5) (< netstandard2.0)) (&& (< net45) (>= netstandard2.0))
      System.IO (>= 4.3) - restriction: && (< monoandroid) (< monotouch) (< net462) (>= netstandard1.5) (< xamarinios) (< xamarinmac) (< xamarintvos) (< xamarinwatchos)
      System.Reflection (>= 4.3) - restriction: && (< monoandroid) (< monotouch) (< net462) (>= netstandard1.5) (< xamarinios) (< xamarinmac) (< xamarintvos) (< xamarinwatchos)
      System.Runtime (>= 4.3) - restriction: && (< monoandroid) (< monotouch) (< net462) (>= netstandard1.5) (< xamarinios) (< xamarinmac) (< xamarintvos) (< xamarinwatchos)
    System.Runtime.Numerics (4.3) - redirects: on, restriction: || (&& (< monoandroid) (< net20) (< netstandard1.4) (>= netstandard1.6) (< win8) (< wpa81)) (&& (< monoandroid) (< net20) (< netstandard1.5) (>= netstandard1.6) (< win8) (< wpa81)) (&& (< net20) (>= net46) (< netstandard1.3) (>= netstandard1.6)) (&& (< net20) (>= net46) (< netstandard1.4) (>= netstandard1.6)) (&& (< net20) (>= netstandard1.1) (< netstandard1.2) (< win8)) (&& (< net20) (>= netstandard1.2) (< netstandard1.3) (< win8) (< wpa81)) (&& (< net20) (< netstandard1.2) (>= netstandard1.3) (< win8)) (&& (< net20) (>= netstandard1.3) (< netstandard1.4) (< win8) (< wpa81)) (&& (< net20) (< netstandard1.3) (>= netstandard1.4) (< win8) (< wpa81)) (&& (< net20) (< netstandard1.3) (>= netstandard1.5) (< win8) (< wpa81)) (&& (< net20) (< netstandard1.3) (>= netstandard1.6) (< win8) (< wpa81)) (&& (< net20) (>= netstandard1.4) (< netstandard1.5) (< win8) (< wpa81)) (&& (< net20) (>= netstandard1.5) (< netstandard1.6) (< win8) (< wpa81)) (&& (< net20) (>= netstandard1.6) (< netstandard2.0) (< win8) (< wpa81)) (&& (< netstandard1.3) (>= uap10.0)) (&& (< netstandard1.5) (>= netstandard1.6) (>= uap10.0)) (&& (< netstandard1.5) (>= uap10.0) (< uap10.1))
      System.Globalization (>= 4.3) - restriction: && (< monoandroid) (< monotouch) (< net45) (>= netstandard1.3) (< win8) (< wpa81) (< xamarinios) (< xamarinmac) (< xamarintvos) (< xamarinwatchos)
      System.Resources.ResourceManager (>= 4.3) - restriction: && (< monoandroid) (< monotouch) (< net45) (>= netstandard1.3) (< win8) (< wpa81) (< xamarinios) (< xamarinmac) (< xamarintvos) (< xamarinwatchos)
      System.Runtime (>= 4.3) - restriction: || (&& (< monoandroid) (< monotouch) (< net45) (>= netstandard1.3) (< win8) (< wpa81) (< xamarinios) (< xamarinmac) (< xamarintvos) (< xamarinwatchos)) (&& (< monoandroid) (< net45) (>= netstandard1.1) (< netstandard1.3) (< win8) (< wpa81))
      System.Runtime.Extensions (>= 4.3) - restriction: && (< monoandroid) (< monotouch) (< net45) (>= netstandard1.3) (< win8) (< wpa81) (< xamarinios) (< xamarinmac) (< xamarintvos) (< xamarinwatchos)
    System.Runtime.Serialization.Formatters (4.3) - redirects: on, restriction: && (< net20) (>= netstandard1.3) (< netstandard2.0)
      System.Collections (>= 4.3) - restriction: && (< monoandroid) (< monotouch) (< net46) (>= netstandard1.4) (< xamarinios) (< xamarinmac) (< xamarintvos) (< xamarinwatchos)
      System.Reflection (>= 4.3) - restriction: && (< monoandroid) (< monotouch) (< net46) (>= netstandard1.4) (< xamarinios) (< xamarinmac) (< xamarintvos) (< xamarinwatchos)
      System.Resources.ResourceManager (>= 4.3) - restriction: && (< monoandroid) (< monotouch) (< net46) (>= netstandard1.4) (< xamarinios) (< xamarinmac) (< xamarintvos) (< xamarinwatchos)
      System.Runtime (>= 4.3) - restriction: || (&& (< monoandroid) (< monotouch) (< net46) (>= netstandard1.4) (< xamarinios) (< xamarinmac) (< xamarintvos) (< xamarinwatchos)) (&& (< monoandroid) (< net46) (>= netstandard1.3) (< netstandard1.4))
      System.Runtime.Serialization.Primitives (>= 4.3) - restriction: || (&& (< monoandroid) (< monotouch) (>= netstandard1.4) (< xamarinios) (< xamarinmac) (< xamarintvos) (< xamarinwatchos)) (&& (< monoandroid) (>= netstandard1.3) (< netstandard1.4)) (>= net46)
    System.Runtime.Serialization.Primitives (4.3) - redirects: on, restriction: || (&& (< monoandroid) (< monotouch) (< net20) (>= netstandard1.4) (< netstandard2.0) (< xamarintvos) (< xamarinwatchos)) (&& (< monoandroid) (< net20) (>= netstandard1.3) (< netstandard1.4)) (&& (< net20) (>= net46) (< netstandard2.0)) (&& (< net20) (>= netstandard1.0) (< netstandard1.3)) (&& (< net20) (>= netstandard1.3) (< netstandard2.0))
      System.Resources.ResourceManager (>= 4.3) - restriction: && (< monoandroid) (< monotouch) (< net45) (>= netstandard1.3) (< win8) (< wpa81) (< xamarinios) (< xamarinmac) (< xamarintvos) (< xamarinwatchos)
      System.Runtime (>= 4.3) - restriction: || (&& (< monoandroid) (< monotouch) (< net45) (>= netstandard1.3) (< win8) (< wpa81) (< xamarinios) (< xamarinmac) (< xamarintvos) (< xamarinwatchos)) (&& (< monoandroid) (< net45) (>= netstandard1.0) (< netstandard1.3) (< win8) (< wp8) (< wpa81))
    System.Security.AccessControl (5.0) - restriction: >= net472
      System.Security.Principal.Windows (>= 5.0) - restriction: || (&& (>= net46) (< netstandard2.0)) (&& (< net46) (>= netstandard1.3) (< netstandard2.0) (< uap10.1)) (&& (< net46) (>= netstandard2.0)) (>= net461) (>= netcoreapp2.0)
    System.Security.Cryptography.Algorithms (4.3.1) - redirects: on, restriction: || (&& (< monoandroid) (< net20) (< netstandard1.2) (>= netstandard1.6) (< win8)) (&& (< monoandroid) (< net20) (< netstandard1.4) (>= netstandard1.5) (< win8) (< wpa81)) (&& (< monoandroid) (< net20) (< netstandard1.4) (>= netstandard1.6) (< win8) (< wpa81)) (&& (< monoandroid) (< net20) (< netstandard1.5) (>= netstandard1.6) (< win8) (< wpa81)) (&& (< net20) (>= net46) (< netstandard1.3)) (&& (< net20) (>= net46) (< netstandard1.4)) (&& (< net20) (>= net461) (< netstandard1.2) (>= netstandard1.6)) (&& (< net20) (>= net461) (< netstandard1.3)) (&& (< net20) (>= net461) (< netstandard1.4)) (&& (< net20) (>= net461) (>= netstandard1.5) (< netstandard1.6)) (&& (< net20) (>= net461) (< netstandard1.5)) (&& (< net20) (>= net461) (>= netstandard1.6) (< netstandard2.0)) (&& (< net20) (>= netstandard1.3) (< netstandard1.4) (< win8) (< wpa81)) (&& (< net20) (< netstandard1.3) (>= netstandard1.4) (< win8) (< wpa81)) (&& (< net20) (< netstandard1.3) (>= netstandard1.5) (< win8) (< wpa81)) (&& (< net20) (< netstandard1.3) (>= netstandard1.6) (< win8) (< wpa81)) (&& (< net20) (>= netstandard1.4) (< netstandard1.5) (< win8) (< wpa81)) (&& (< net20) (>= netstandard1.5) (< netstandard1.6) (< win8) (< wpa81)) (&& (< net20) (>= netstandard1.6) (< netstandard2.0) (< win8) (< wpa81)) (&& (>= net461) (< netstandard1.5) (>= uap10.0)) (&& (< netstandard1.3) (>= uap10.0)) (&& (< netstandard1.4) (>= uap10.0)) (&& (< netstandard1.5) (>= netstandard1.6) (>= uap10.0)) (&& (< netstandard1.5) (>= uap10.0) (< uap10.1))
      Microsoft.NETCore.Platforms (>= 1.1) - restriction: && (< monoandroid) (< monotouch) (< net46) (>= netstandard1.6) (< xamarinios) (< xamarinmac) (< xamarintvos) (< xamarinwatchos)
      runtime.native.System.Security.Cryptography.Apple (>= 4.3.1) - restriction: && (< monoandroid) (< monotouch) (< net46) (>= netstandard1.6) (< xamarinios) (< xamarinmac) (< xamarintvos) (< xamarinwatchos)
      runtime.native.System.Security.Cryptography.OpenSsl (>= 4.3.2) - restriction: && (< monoandroid) (< monotouch) (< net46) (>= netstandard1.6) (< xamarinios) (< xamarinmac) (< xamarintvos) (< xamarinwatchos)
      System.Collections (>= 4.3) - restriction: && (< monoandroid) (< monotouch) (< net46) (>= netstandard1.6) (< xamarinios) (< xamarinmac) (< xamarintvos) (< xamarinwatchos)
      System.IO (>= 4.3) - restriction: || (&& (< monoandroid) (< monotouch) (< net46) (>= netstandard1.6) (< xamarinios) (< xamarinmac) (< xamarintvos) (< xamarinwatchos)) (&& (< monoandroid) (< net46) (>= netstandard1.3) (< netstandard1.4)) (&& (< monoandroid) (< net46) (>= netstandard1.4) (< netstandard1.6)) (>= net463)
      System.Resources.ResourceManager (>= 4.3) - restriction: && (< monoandroid) (< monotouch) (< net46) (>= netstandard1.6) (< xamarinios) (< xamarinmac) (< xamarintvos) (< xamarinwatchos)
      System.Runtime (>= 4.3) - restriction: || (&& (< monoandroid) (< monotouch) (< net46) (>= netstandard1.6) (< xamarinios) (< xamarinmac) (< xamarintvos) (< xamarinwatchos)) (&& (< monoandroid) (< net46) (>= netstandard1.3) (< netstandard1.4)) (&& (< monoandroid) (< net46) (>= netstandard1.4) (< netstandard1.6)) (>= net463)
      System.Runtime.Extensions (>= 4.3) - restriction: && (< monoandroid) (< monotouch) (< net46) (>= netstandard1.6) (< xamarinios) (< xamarinmac) (< xamarintvos) (< xamarinwatchos)
      System.Runtime.Handles (>= 4.3) - restriction: && (< monoandroid) (< monotouch) (< net46) (>= netstandard1.6) (< xamarinios) (< xamarinmac) (< xamarintvos) (< xamarinwatchos)
      System.Runtime.InteropServices (>= 4.3) - restriction: && (< monoandroid) (< monotouch) (< net46) (>= netstandard1.6) (< xamarinios) (< xamarinmac) (< xamarintvos) (< xamarinwatchos)
      System.Runtime.Numerics (>= 4.3) - restriction: && (< monoandroid) (< monotouch) (< net46) (>= netstandard1.6) (< xamarinios) (< xamarinmac) (< xamarintvos) (< xamarinwatchos)
      System.Security.Cryptography.Encoding (>= 4.3) - restriction: || (&& (< monoandroid) (< monotouch) (< net46) (>= netstandard1.6) (< xamarinios) (< xamarinmac) (< xamarintvos) (< xamarinwatchos)) (>= net463)
      System.Security.Cryptography.Primitives (>= 4.3) - restriction: || (&& (< monoandroid) (< monotouch) (< net46) (>= netstandard1.6) (< xamarinios) (< xamarinmac) (< xamarintvos) (< xamarinwatchos)) (&& (< monoandroid) (< net46) (>= netstandard1.3) (< netstandard1.4)) (&& (< monoandroid) (< net46) (>= netstandard1.4) (< netstandard1.6)) (&& (>= net46) (< netstandard1.4)) (&& (>= net461) (< netstandard1.6)) (>= net463)
      System.Text.Encoding (>= 4.3) - restriction: && (< monoandroid) (< monotouch) (< net46) (>= netstandard1.6) (< xamarinios) (< xamarinmac) (< xamarintvos) (< xamarinwatchos)
    System.Security.Cryptography.Cng (5.0) - redirects: on, restriction: || (&& (< monoandroid) (< monotouch) (< net20) (>= netstandard1.6) (< netstandard2.0) (< win8) (< wpa81) (< xamarintvos) (< xamarinwatchos)) (&& (< monoandroid) (< net20) (< netstandard1.3) (>= netstandard1.6) (< win8) (< wpa81)) (&& (< monoandroid) (< net20) (< netstandard1.4) (>= netstandard1.6) (< win8) (< wpa81)) (&& (< monoandroid) (< net20) (< netstandard1.5) (>= netstandard1.6) (< win8) (< wpa81)) (&& (< net20) (>= net46) (< netstandard1.3) (>= netstandard1.6)) (&& (< net20) (>= net46) (< netstandard1.4) (>= netstandard1.6)) (&& (< netstandard1.3) (>= netstandard1.6) (>= uap10.0)) (&& (< netstandard1.5) (>= netstandard1.6) (>= uap10.0))
      System.IO (>= 4.3) - restriction: || (&& (< monoandroid) (< monotouch) (< net46) (>= netstandard1.6) (< netstandard2.0) (< xamarintvos) (< xamarinwatchos)) (&& (< monoandroid) (< net46) (>= netstandard1.3) (< netstandard1.4)) (&& (< monoandroid) (< net46) (>= netstandard1.4) (< netstandard1.6) (< uap10.1))
      System.Resources.ResourceManager (>= 4.3) - restriction: || (&& (< monoandroid) (< monotouch) (< net46) (>= netstandard1.6) (< netstandard2.0) (< xamarintvos) (< xamarinwatchos)) (&& (< monoandroid) (< net46) (>= netstandard1.3) (< netstandard1.4)) (&& (< monoandroid) (< net46) (>= netstandard1.4) (< netstandard1.6) (< uap10.1))
      System.Runtime (>= 4.3) - restriction: || (&& (< monoandroid) (< monotouch) (< net46) (>= netstandard1.6) (< netstandard2.0) (< xamarintvos) (< xamarinwatchos)) (&& (< monoandroid) (< net46) (>= netstandard1.3) (< netstandard1.4)) (&& (< monoandroid) (< net46) (>= netstandard1.4) (< netstandard1.6) (< uap10.1))
      System.Runtime.Extensions (>= 4.3) - restriction: || (&& (< monoandroid) (< monotouch) (< net46) (>= netstandard1.6) (< netstandard2.0) (< xamarintvos) (< xamarinwatchos)) (&& (< monoandroid) (< net46) (>= netstandard1.4) (< netstandard1.6) (< uap10.1))
      System.Runtime.Handles (>= 4.3) - restriction: || (&& (< monoandroid) (< monotouch) (< net46) (>= netstandard1.6) (< netstandard2.0) (< xamarintvos) (< xamarinwatchos)) (&& (< monoandroid) (< net46) (>= netstandard1.3) (< netstandard1.4)) (&& (< monoandroid) (< net46) (>= netstandard1.4) (< netstandard1.6) (< uap10.1))
      System.Runtime.InteropServices (>= 4.3) - restriction: || (&& (< monoandroid) (< monotouch) (< net46) (>= netstandard1.6) (< netstandard2.0) (< xamarintvos) (< xamarinwatchos)) (&& (< monoandroid) (< net46) (>= netstandard1.3) (< netstandard1.4)) (&& (< monoandroid) (< net46) (>= netstandard1.4) (< netstandard1.6) (< uap10.1))
      System.Security.Cryptography.Algorithms (>= 4.3.1) - restriction: || (&& (< monoandroid) (< monotouch) (< net46) (>= netstandard1.6) (< netstandard2.0) (< xamarintvos) (< xamarinwatchos)) (&& (< monoandroid) (< net46) (>= netstandard1.3) (< netstandard1.4)) (&& (< monoandroid) (< net46) (>= netstandard1.4) (< netstandard1.6) (< uap10.1)) (&& (>= net46) (< netstandard1.4)) (&& (>= net461) (< net462) (< netstandard1.6)) (&& (>= net462) (< netstandard1.6)) (>= net47)
      System.Security.Cryptography.Encoding (>= 4.3) - restriction: || (&& (< monoandroid) (< monotouch) (< net46) (>= netstandard1.6) (< netstandard2.0) (< xamarintvos) (< xamarinwatchos)) (&& (< monoandroid) (< net46) (>= netstandard1.4) (< netstandard1.6) (< uap10.1))
      System.Security.Cryptography.Primitives (>= 4.3) - restriction: || (&& (< monoandroid) (< monotouch) (< net46) (>= netstandard1.6) (< netstandard2.0) (< xamarintvos) (< xamarinwatchos)) (&& (< monoandroid) (< net46) (>= netstandard1.3) (< netstandard1.4)) (&& (< monoandroid) (< net46) (>= netstandard1.4) (< netstandard1.6) (< uap10.1)) (&& (>= net46) (< netstandard1.4))
      System.Text.Encoding (>= 4.3) - restriction: || (&& (< monoandroid) (< monotouch) (< net46) (>= netstandard1.6) (< netstandard2.0) (< xamarintvos) (< xamarinwatchos)) (&& (< monoandroid) (< net46) (>= netstandard1.4) (< netstandard1.6) (< uap10.1))
    System.Security.Cryptography.Csp (4.3) - redirects: on, restriction: || (&& (< monoandroid) (< monotouch) (< net20) (>= netstandard1.6) (< netstandard2.0) (< win8) (< wpa81) (< xamarintvos) (< xamarinwatchos)) (&& (< monoandroid) (< net20) (< netstandard1.3) (>= netstandard1.6) (< win8) (< wpa81)) (&& (< monoandroid) (< net20) (< netstandard1.4) (>= netstandard1.6) (< win8) (< wpa81)) (&& (< monoandroid) (< net20) (< netstandard1.5) (>= netstandard1.6) (< win8) (< wpa81)) (&& (< net20) (>= net46) (< netstandard1.3) (>= netstandard1.6)) (&& (< net20) (>= net46) (< netstandard1.4) (>= netstandard1.6)) (&& (< netstandard1.3) (>= netstandard1.6) (>= uap10.0)) (&& (< netstandard1.5) (>= netstandard1.6) (>= uap10.0))
      Microsoft.NETCore.Platforms (>= 1.1) - restriction: && (< monoandroid) (< monotouch) (< net46) (>= netstandard1.3) (< xamarinios) (< xamarinmac) (< xamarintvos) (< xamarinwatchos)
      System.IO (>= 4.3) - restriction: && (< monoandroid) (< monotouch) (< net46) (>= netstandard1.3) (< xamarinios) (< xamarinmac) (< xamarintvos) (< xamarinwatchos)
      System.Reflection (>= 4.3) - restriction: && (< monoandroid) (< monotouch) (< net46) (>= netstandard1.3) (< xamarinios) (< xamarinmac) (< xamarintvos) (< xamarinwatchos)
      System.Resources.ResourceManager (>= 4.3) - restriction: && (< monoandroid) (< monotouch) (< net46) (>= netstandard1.3) (< xamarinios) (< xamarinmac) (< xamarintvos) (< xamarinwatchos)
      System.Runtime (>= 4.3) - restriction: && (< monoandroid) (< monotouch) (< net46) (>= netstandard1.3) (< xamarinios) (< xamarinmac) (< xamarintvos) (< xamarinwatchos)
      System.Runtime.Extensions (>= 4.3) - restriction: && (< monoandroid) (< monotouch) (< net46) (>= netstandard1.3) (< xamarinios) (< xamarinmac) (< xamarintvos) (< xamarinwatchos)
      System.Runtime.Handles (>= 4.3) - restriction: && (< monoandroid) (< monotouch) (< net46) (>= netstandard1.3) (< xamarinios) (< xamarinmac) (< xamarintvos) (< xamarinwatchos)
      System.Runtime.InteropServices (>= 4.3) - restriction: && (< monoandroid) (< monotouch) (< net46) (>= netstandard1.3) (< xamarinios) (< xamarinmac) (< xamarintvos) (< xamarinwatchos)
      System.Security.Cryptography.Algorithms (>= 4.3) - restriction: || (&& (< monoandroid) (< monotouch) (>= netstandard1.3) (< xamarinios) (< xamarinmac) (< xamarintvos) (< xamarinwatchos)) (>= net46)
      System.Security.Cryptography.Encoding (>= 4.3) - restriction: && (< monoandroid) (< monotouch) (< net46) (>= netstandard1.3) (< xamarinios) (< xamarinmac) (< xamarintvos) (< xamarinwatchos)
      System.Security.Cryptography.Primitives (>= 4.3) - restriction: || (&& (< monoandroid) (< monotouch) (>= netstandard1.3) (< xamarinios) (< xamarinmac) (< xamarintvos) (< xamarinwatchos)) (>= net46)
      System.Text.Encoding (>= 4.3) - restriction: && (< monoandroid) (< monotouch) (< net46) (>= netstandard1.3) (< xamarinios) (< xamarinmac) (< xamarintvos) (< xamarinwatchos)
      System.Threading (>= 4.3) - restriction: && (< monoandroid) (< monotouch) (< net46) (>= netstandard1.3) (< xamarinios) (< xamarinmac) (< xamarintvos) (< xamarinwatchos)
    System.Security.Cryptography.Encoding (4.3) - redirects: on, restriction: || (&& (< monoandroid) (< net20) (< netstandard1.2) (>= netstandard1.3) (< win8)) (&& (< monoandroid) (< net20) (< netstandard1.2) (>= netstandard1.6) (< win8)) (&& (< monoandroid) (< net20) (< netstandard1.4) (>= netstandard1.5) (< win8) (< wpa81)) (&& (< monoandroid) (< net20) (< netstandard1.4) (>= netstandard1.6) (< win8) (< wpa81)) (&& (< monoandroid) (< net20) (< netstandard1.5) (>= netstandard1.6) (< win8) (< wpa81)) (&& (< net20) (>= net46) (< netstandard1.3)) (&& (< net20) (>= net46) (< netstandard1.4)) (&& (< net20) (>= net461) (< netstandard1.3)) (&& (< net20) (>= net461) (< netstandard1.4)) (&& (< net20) (>= net461) (>= netstandard1.5) (< netstandard1.6)) (&& (< net20) (>= net461) (< netstandard1.5)) (&& (< net20) (>= net461) (>= netstandard1.6) (< netstandard2.0)) (&& (< net20) (>= net463) (< netstandard1.3)) (&& (< net20) (>= net463) (< netstandard1.4)) (&& (< net20) (>= net463) (< netstandard1.5)) (&& (< net20) (>= net463) (>= netstandard1.6) (< netstandard2.0)) (&& (< net20) (>= net463) (< netstandard1.6)) (&& (< net20) (>= netstandard1.3) (< netstandard1.4) (< win8) (< wpa81)) (&& (< net20) (< netstandard1.3) (>= netstandard1.4) (< win8) (< wpa81)) (&& (< net20) (< netstandard1.3) (>= netstandard1.5) (< win8) (< wpa81)) (&& (< net20) (< netstandard1.3) (>= netstandard1.6) (< win8) (< wpa81)) (&& (< net20) (>= netstandard1.4) (< netstandard1.5) (< win8) (< wpa81)) (&& (< net20) (>= netstandard1.5) (< netstandard1.6) (< win8) (< wpa81)) (&& (< net20) (>= netstandard1.6) (< netstandard2.0) (< win8) (< wpa81)) (&& (>= net461) (< netstandard1.5) (>= uap10.0)) (&& (>= net463) (< netstandard1.5) (>= uap10.0)) (&& (< netstandard1.3) (>= uap10.0)) (&& (< netstandard1.4) (>= uap10.0)) (&& (< netstandard1.5) (>= netstandard1.6) (>= uap10.0)) (&& (< netstandard1.5) (>= uap10.0) (< uap10.1)) (&& (< netstandard1.5) (>= uap10.0) (< win8) (< wpa81))
      Microsoft.NETCore.Platforms (>= 1.1) - restriction: && (< monoandroid) (< monotouch) (< net46) (>= netstandard1.3) (< xamarinios) (< xamarinmac) (< xamarintvos) (< xamarinwatchos)
      runtime.native.System.Security.Cryptography.OpenSsl (>= 4.3) - restriction: && (< monoandroid) (< monotouch) (< net46) (>= netstandard1.3) (< xamarinios) (< xamarinmac) (< xamarintvos) (< xamarinwatchos)
      System.Collections (>= 4.3) - restriction: && (< monoandroid) (< monotouch) (< net46) (>= netstandard1.3) (< xamarinios) (< xamarinmac) (< xamarintvos) (< xamarinwatchos)
      System.Collections.Concurrent (>= 4.3) - restriction: && (< monoandroid) (< monotouch) (< net46) (>= netstandard1.3) (< xamarinios) (< xamarinmac) (< xamarintvos) (< xamarinwatchos)
      System.Linq (>= 4.3) - restriction: && (< monoandroid) (< monotouch) (< net46) (>= netstandard1.3) (< xamarinios) (< xamarinmac) (< xamarintvos) (< xamarinwatchos)
      System.Resources.ResourceManager (>= 4.3) - restriction: && (< monoandroid) (< monotouch) (< net46) (>= netstandard1.3) (< xamarinios) (< xamarinmac) (< xamarintvos) (< xamarinwatchos)
      System.Runtime (>= 4.3) - restriction: && (< monoandroid) (< monotouch) (< net46) (>= netstandard1.3) (< xamarinios) (< xamarinmac) (< xamarintvos) (< xamarinwatchos)
      System.Runtime.Extensions (>= 4.3) - restriction: && (< monoandroid) (< monotouch) (< net46) (>= netstandard1.3) (< xamarinios) (< xamarinmac) (< xamarintvos) (< xamarinwatchos)
      System.Runtime.Handles (>= 4.3) - restriction: && (< monoandroid) (< monotouch) (< net46) (>= netstandard1.3) (< xamarinios) (< xamarinmac) (< xamarintvos) (< xamarinwatchos)
      System.Runtime.InteropServices (>= 4.3) - restriction: && (< monoandroid) (< monotouch) (< net46) (>= netstandard1.3) (< xamarinios) (< xamarinmac) (< xamarintvos) (< xamarinwatchos)
      System.Security.Cryptography.Primitives (>= 4.3) - restriction: && (< monoandroid) (< monotouch) (< net46) (>= netstandard1.3) (< xamarinios) (< xamarinmac) (< xamarintvos) (< xamarinwatchos)
      System.Text.Encoding (>= 4.3) - restriction: && (< monoandroid) (< monotouch) (< net46) (>= netstandard1.3) (< xamarinios) (< xamarinmac) (< xamarintvos) (< xamarinwatchos)
    System.Security.Cryptography.OpenSsl (5.0) - redirects: on, restriction: || (&& (< monoandroid) (< monotouch) (< net20) (>= netstandard1.6) (< netstandard2.0) (< win8) (< wpa81) (< xamarintvos) (< xamarinwatchos)) (&& (< monoandroid) (< net20) (< netstandard1.2) (>= netstandard1.6) (< win8)) (&& (< monoandroid) (< net20) (< netstandard1.3) (>= netstandard1.6) (< win8) (< wpa81)) (&& (< monoandroid) (< net20) (< netstandard1.4) (>= netstandard1.6) (< win8) (< wpa81)) (&& (< monoandroid) (< net20) (< netstandard1.5) (>= netstandard1.6) (< win8) (< wpa81)) (&& (< net20) (>= net46) (< netstandard1.3) (>= netstandard1.6)) (&& (< net20) (>= net46) (< netstandard1.4) (>= netstandard1.6)) (&& (< netstandard1.3) (>= netstandard1.6) (>= uap10.0)) (&& (< netstandard1.5) (>= netstandard1.6) (>= uap10.0))
      System.Collections (>= 4.3) - restriction: && (< net461) (>= netstandard1.6) (< netstandard2.0)
      System.IO (>= 4.3) - restriction: && (< net461) (>= netstandard1.6) (< netstandard2.0)
      System.Resources.ResourceManager (>= 4.3) - restriction: && (< net461) (>= netstandard1.6) (< netstandard2.0)
      System.Runtime (>= 4.3) - restriction: && (< net461) (>= netstandard1.6) (< netstandard2.0)
      System.Runtime.Extensions (>= 4.3) - restriction: && (< net461) (>= netstandard1.6) (< netstandard2.0)
      System.Runtime.Handles (>= 4.3) - restriction: && (< net461) (>= netstandard1.6) (< netstandard2.0)
      System.Runtime.InteropServices (>= 4.3) - restriction: && (< net461) (>= netstandard1.6) (< netstandard2.0)
      System.Runtime.Numerics (>= 4.3) - restriction: && (< net461) (>= netstandard1.6) (< netstandard2.0)
      System.Security.Cryptography.Algorithms (>= 4.3.1) - restriction: || (>= net461) (&& (>= netstandard1.6) (< netstandard2.0))
      System.Security.Cryptography.Encoding (>= 4.3) - restriction: && (< net461) (>= netstandard1.6) (< netstandard2.0)
      System.Security.Cryptography.Primitives (>= 4.3) - restriction: && (< net461) (>= netstandard1.6) (< netstandard2.0)
      System.Text.Encoding (>= 4.3) - restriction: && (< net461) (>= netstandard1.6) (< netstandard2.0)
    System.Security.Cryptography.Primitives (4.3) - redirects: on, restriction: || (&& (< monoandroid) (< net20) (< netstandard1.2) (>= netstandard1.6) (< win8)) (&& (< monoandroid) (< net20) (< netstandard1.4) (>= netstandard1.5) (< win8) (< wpa81)) (&& (< monoandroid) (< net20) (< netstandard1.4) (>= netstandard1.6) (< win8) (< wpa81)) (&& (< monoandroid) (< net20) (< netstandard1.5) (>= netstandard1.6) (< win8) (< wpa81)) (&& (< net20) (>= net46) (< netstandard1.3)) (&& (< net20) (>= net46) (< netstandard1.4)) (&& (< net20) (>= net461) (< netstandard1.3)) (&& (< net20) (>= net461) (< netstandard1.4)) (&& (< net20) (>= net461) (>= netstandard1.5) (< netstandard1.6)) (&& (< net20) (>= net461) (< netstandard1.5)) (&& (< net20) (>= net463) (< netstandard1.3)) (&& (< net20) (>= net463) (< netstandard1.4)) (&& (< net20) (>= net463) (< netstandard1.5)) (&& (< net20) (>= net463) (>= netstandard1.6) (< netstandard2.0)) (&& (< net20) (>= net463) (< netstandard1.6)) (&& (< net20) (>= netstandard1.3) (< netstandard1.4) (< win8) (< wpa81)) (&& (< net20) (< netstandard1.3) (>= netstandard1.4) (< win8) (< wpa81)) (&& (< net20) (< netstandard1.3) (>= netstandard1.5) (< win8) (< wpa81)) (&& (< net20) (< netstandard1.3) (>= netstandard1.6) (< win8) (< wpa81)) (&& (< net20) (>= netstandard1.4) (< netstandard1.5) (< win8) (< wpa81)) (&& (< net20) (>= netstandard1.5) (< netstandard1.6) (< win8) (< wpa81)) (&& (< net20) (>= netstandard1.6) (< netstandard2.0) (< win8) (< wpa81)) (&& (>= net461) (< netstandard1.5) (>= uap10.0)) (&& (>= net463) (< netstandard1.5) (>= uap10.0)) (&& (< netstandard1.3) (>= uap10.0)) (&& (< netstandard1.4) (>= uap10.0)) (&& (< netstandard1.5) (>= netstandard1.6) (>= uap10.0)) (&& (< netstandard1.5) (>= uap10.0) (< uap10.1))
      System.Diagnostics.Debug (>= 4.3) - restriction: && (< monoandroid) (< monotouch) (< net46) (>= netstandard1.3) (< xamarinios) (< xamarinmac) (< xamarintvos) (< xamarinwatchos)
      System.Globalization (>= 4.3) - restriction: && (< monoandroid) (< monotouch) (< net46) (>= netstandard1.3) (< xamarinios) (< xamarinmac) (< xamarintvos) (< xamarinwatchos)
      System.IO (>= 4.3) - restriction: && (< monoandroid) (< monotouch) (< net46) (>= netstandard1.3) (< xamarinios) (< xamarinmac) (< xamarintvos) (< xamarinwatchos)
      System.Resources.ResourceManager (>= 4.3) - restriction: && (< monoandroid) (< monotouch) (< net46) (>= netstandard1.3) (< xamarinios) (< xamarinmac) (< xamarintvos) (< xamarinwatchos)
      System.Runtime (>= 4.3) - restriction: && (< monoandroid) (< monotouch) (< net46) (>= netstandard1.3) (< xamarinios) (< xamarinmac) (< xamarintvos) (< xamarinwatchos)
      System.Threading (>= 4.3) - restriction: && (< monoandroid) (< monotouch) (< net46) (>= netstandard1.3) (< xamarinios) (< xamarinmac) (< xamarintvos) (< xamarinwatchos)
      System.Threading.Tasks (>= 4.3) - restriction: && (< monoandroid) (< monotouch) (< net46) (>= netstandard1.3) (< xamarinios) (< xamarinmac) (< xamarintvos) (< xamarinwatchos)
    System.Security.Cryptography.X509Certificates (4.3.2) - redirects: on, restriction: || (&& (< monoandroid) (< net20) (< netstandard1.2) (>= netstandard1.3) (< win8)) (&& (< monoandroid) (< net20) (< netstandard1.2) (>= netstandard1.6) (< win8)) (&& (< monoandroid) (< net20) (< netstandard1.4) (>= netstandard1.6) (< win8) (< wpa81)) (&& (< monoandroid) (< net20) (< netstandard1.5) (>= netstandard1.6) (< win8) (< wpa81)) (&& (< net20) (>= net46) (< netstandard1.2)) (&& (< net20) (>= net46) (< netstandard1.3)) (&& (< net20) (>= net46) (>= netstandard1.4) (< netstandard1.5)) (&& (< net20) (>= net46) (< netstandard1.4)) (&& (< net20) (>= net46) (>= netstandard1.5) (< netstandard1.6)) (&& (< net20) (>= net46) (>= netstandard1.6) (< netstandard2.0)) (&& (< net20) (>= netstandard1.3) (< netstandard1.4) (< win8) (< wpa81)) (&& (< net20) (< netstandard1.3) (>= netstandard1.4) (< win8) (< wpa81)) (&& (< net20) (< netstandard1.3) (>= netstandard1.5) (< win8) (< wpa81)) (&& (< net20) (< netstandard1.3) (>= netstandard1.6) (< win8) (< wpa81)) (&& (< net20) (>= netstandard1.4) (< netstandard1.5) (< win8) (< wpa81)) (&& (< net20) (>= netstandard1.5) (< netstandard1.6) (< win8) (< wpa81)) (&& (< net20) (>= netstandard1.6) (< netstandard2.0) (< win8) (< wpa81)) (&& (>= net46) (< netstandard1.5) (>= uap10.0)) (&& (< netstandard1.3) (>= uap10.0)) (&& (< netstandard1.5) (>= netstandard1.6) (>= uap10.0)) (&& (< netstandard1.5) (>= uap10.0) (< uap10.1)) (&& (< netstandard1.5) (>= uap10.0) (< win8) (< wpa81))
      Microsoft.NETCore.Platforms (>= 1.1) - restriction: && (< monoandroid) (< monotouch) (< net46) (>= netstandard1.6) (< xamarinios) (< xamarinmac) (< xamarintvos) (< xamarinwatchos)
      runtime.native.System (>= 4.3) - restriction: && (< monoandroid) (< monotouch) (< net46) (>= netstandard1.6) (< xamarinios) (< xamarinmac) (< xamarintvos) (< xamarinwatchos)
      runtime.native.System.Net.Http (>= 4.3) - restriction: && (< monoandroid) (< monotouch) (< net46) (>= netstandard1.6) (< xamarinios) (< xamarinmac) (< xamarintvos) (< xamarinwatchos)
      runtime.native.System.Security.Cryptography.OpenSsl (>= 4.3.2) - restriction: && (< monoandroid) (< monotouch) (< net46) (>= netstandard1.6) (< xamarinios) (< xamarinmac) (< xamarintvos) (< xamarinwatchos)
      System.Collections (>= 4.3) - restriction: && (< monoandroid) (< monotouch) (< net46) (>= netstandard1.6) (< xamarinios) (< xamarinmac) (< xamarintvos) (< xamarinwatchos)
      System.Diagnostics.Debug (>= 4.3) - restriction: && (< monoandroid) (< monotouch) (< net46) (>= netstandard1.6) (< xamarinios) (< xamarinmac) (< xamarintvos) (< xamarinwatchos)
      System.Globalization (>= 4.3) - restriction: && (< monoandroid) (< monotouch) (< net46) (>= netstandard1.6) (< xamarinios) (< xamarinmac) (< xamarintvos) (< xamarinwatchos)
      System.Globalization.Calendars (>= 4.3) - restriction: && (< monoandroid) (< monotouch) (< net46) (>= netstandard1.6) (< xamarinios) (< xamarinmac) (< xamarintvos) (< xamarinwatchos)
      System.IO (>= 4.3) - restriction: && (< monoandroid) (< monotouch) (< net46) (>= netstandard1.6) (< xamarinios) (< xamarinmac) (< xamarintvos) (< xamarinwatchos)
      System.IO.FileSystem (>= 4.3) - restriction: && (< monoandroid) (< monotouch) (< net46) (>= netstandard1.6) (< xamarinios) (< xamarinmac) (< xamarintvos) (< xamarinwatchos)
      System.IO.FileSystem.Primitives (>= 4.3) - restriction: && (< monoandroid) (< monotouch) (< net46) (>= netstandard1.6) (< xamarinios) (< xamarinmac) (< xamarintvos) (< xamarinwatchos)
      System.Resources.ResourceManager (>= 4.3) - restriction: && (< monoandroid) (< monotouch) (< net46) (>= netstandard1.6) (< xamarinios) (< xamarinmac) (< xamarintvos) (< xamarinwatchos)
      System.Runtime (>= 4.3) - restriction: || (&& (< monoandroid) (< monotouch) (< net46) (>= netstandard1.6) (< xamarinios) (< xamarinmac) (< xamarintvos) (< xamarinwatchos)) (&& (< monoandroid) (< net46) (>= netstandard1.3) (< netstandard1.4)) (&& (< monoandroid) (< net46) (>= netstandard1.4) (< netstandard1.6))
      System.Runtime.Extensions (>= 4.3) - restriction: && (< monoandroid) (< monotouch) (< net46) (>= netstandard1.6) (< xamarinios) (< xamarinmac) (< xamarintvos) (< xamarinwatchos)
      System.Runtime.Handles (>= 4.3) - restriction: || (&& (< monoandroid) (< monotouch) (< net46) (>= netstandard1.6) (< xamarinios) (< xamarinmac) (< xamarintvos) (< xamarinwatchos)) (&& (< monoandroid) (< net46) (>= netstandard1.3) (< netstandard1.4)) (&& (< monoandroid) (< net46) (>= netstandard1.4) (< netstandard1.6))
      System.Runtime.InteropServices (>= 4.3) - restriction: && (< monoandroid) (< monotouch) (< net46) (>= netstandard1.6) (< xamarinios) (< xamarinmac) (< xamarintvos) (< xamarinwatchos)
      System.Runtime.Numerics (>= 4.3) - restriction: && (< monoandroid) (< monotouch) (< net46) (>= netstandard1.6) (< xamarinios) (< xamarinmac) (< xamarintvos) (< xamarinwatchos)
      System.Security.Cryptography.Algorithms (>= 4.3) - restriction: || (&& (< monoandroid) (< monotouch) (< net46) (>= netstandard1.6) (< xamarinios) (< xamarinmac) (< xamarintvos) (< xamarinwatchos)) (&& (< monoandroid) (< net46) (>= netstandard1.3) (< netstandard1.4)) (&& (< monoandroid) (< net46) (>= netstandard1.4) (< netstandard1.6)) (&& (>= net46) (< netstandard1.4)) (>= net461)
      System.Security.Cryptography.Cng (>= 4.3) - restriction: && (< monoandroid) (< monotouch) (< net46) (>= netstandard1.6) (< xamarinios) (< xamarinmac) (< xamarintvos) (< xamarinwatchos)
      System.Security.Cryptography.Csp (>= 4.3) - restriction: && (< monoandroid) (< monotouch) (< net46) (>= netstandard1.6) (< xamarinios) (< xamarinmac) (< xamarintvos) (< xamarinwatchos)
      System.Security.Cryptography.Encoding (>= 4.3) - restriction: || (&& (< monoandroid) (< monotouch) (< net46) (>= netstandard1.6) (< xamarinios) (< xamarinmac) (< xamarintvos) (< xamarinwatchos)) (&& (< monoandroid) (< net46) (>= netstandard1.3) (< netstandard1.4)) (&& (< monoandroid) (< net46) (>= netstandard1.4) (< netstandard1.6)) (&& (>= net46) (< netstandard1.4)) (>= net461)
      System.Security.Cryptography.OpenSsl (>= 4.3) - restriction: && (< monoandroid) (< monotouch) (< net46) (>= netstandard1.6) (< xamarinios) (< xamarinmac) (< xamarintvos) (< xamarinwatchos)
      System.Security.Cryptography.Primitives (>= 4.3) - restriction: && (< monoandroid) (< monotouch) (< net46) (>= netstandard1.6) (< xamarinios) (< xamarinmac) (< xamarintvos) (< xamarinwatchos)
      System.Text.Encoding (>= 4.3) - restriction: && (< monoandroid) (< monotouch) (< net46) (>= netstandard1.6) (< xamarinios) (< xamarinmac) (< xamarintvos) (< xamarinwatchos)
      System.Threading (>= 4.3) - restriction: && (< monoandroid) (< monotouch) (< net46) (>= netstandard1.6) (< xamarinios) (< xamarinmac) (< xamarintvos) (< xamarinwatchos)
    System.Security.Principal.Windows (5.0) - restriction: >= net472
    System.Text.Encoding (4.3) - redirects: on, restriction: || (&& (< monoandroid) (< monotouch) (< net20) (>= netstandard1.3) (< netstandard2.0) (< xamarintvos) (< xamarinwatchos)) (&& (< monoandroid) (< net20) (< netstandard1.2) (>= netstandard1.5) (< win8)) (&& (< monoandroid) (< net20) (< netstandard1.2) (>= netstandard1.6) (< win8)) (&& (< monoandroid) (< net20) (< netstandard1.4) (>= netstandard1.5) (< win8) (< wpa81)) (&& (< monoandroid) (< net20) (< netstandard1.4) (>= netstandard1.6) (< win8) (< wpa81)) (&& (< monoandroid) (< net20) (< netstandard1.5) (>= netstandard1.6) (< win8) (< wpa81)) (&& (< net20) (>= net46) (< netstandard1.3)) (&& (< net20) (>= net46) (< netstandard1.4)) (&& (< net20) (>= netstandard1.0) (< portable-net45+win8+wpa81) (< wp8)) (&& (< net20) (>= netstandard1.1) (< netstandard1.2) (< win8)) (&& (< net20) (>= netstandard1.2) (< netstandard1.3) (< win8) (< wpa81)) (&& (< net20) (< netstandard1.2) (>= netstandard1.3) (< win8)) (&& (< net20) (>= netstandard1.3) (< netstandard1.4) (< win8) (< wpa81)) (&& (< net20) (>= netstandard1.3) (< portable-net45+win8+wpa81)) (&& (< net20) (< netstandard1.3) (>= netstandard1.4) (< win8) (< wpa81)) (&& (< net20) (< netstandard1.3) (>= netstandard1.5) (< win8) (< wpa81)) (&& (< net20) (< netstandard1.3) (>= netstandard1.6) (< win8) (< wpa81)) (&& (< net20) (>= netstandard1.4) (< netstandard1.5) (< win8) (< wpa81)) (&& (< net20) (>= netstandard1.5) (< netstandard1.6) (< win8) (< wpa81)) (&& (< net20) (>= netstandard1.5) (< portable-net45+win8+wpa81)) (&& (< net20) (>= netstandard1.6) (< netstandard2.0) (< win8) (< wpa81)) (&& (< netstandard1.3) (>= uap10.0)) (&& (< netstandard1.5) (>= netstandard1.6) (>= uap10.0)) (&& (< netstandard1.5) (>= uap10.0) (< uap10.1)) (&& (< netstandard1.5) (>= uap10.0) (< win8) (< wpa81))
      Microsoft.NETCore.Platforms (>= 1.1) - restriction: || (&& (< monoandroid) (< monotouch) (< net45) (>= netstandard1.3) (< win8) (< wpa81) (< xamarinios) (< xamarinmac) (< xamarintvos) (< xamarinwatchos)) (&& (< monoandroid) (< net45) (>= netstandard1.0) (< netstandard1.3) (< win8) (< wp8) (< wpa81))
      Microsoft.NETCore.Targets (>= 1.1) - restriction: || (&& (< monoandroid) (< monotouch) (< net45) (>= netstandard1.3) (< win8) (< wpa81) (< xamarinios) (< xamarinmac) (< xamarintvos) (< xamarinwatchos)) (&& (< monoandroid) (< net45) (>= netstandard1.0) (< netstandard1.3) (< win8) (< wp8) (< wpa81))
      System.Runtime (>= 4.3) - restriction: || (&& (< monoandroid) (< monotouch) (< net45) (>= netstandard1.3) (< win8) (< wpa81) (< xamarinios) (< xamarinmac) (< xamarintvos) (< xamarinwatchos)) (&& (< monoandroid) (< net45) (>= netstandard1.0) (< netstandard1.3) (< win8) (< wp8) (< wpa81))
    System.Text.Encoding.Extensions (4.3) - redirects: on, restriction: || (&& (< net20) (>= net46) (< netstandard1.3)) (&& (< net20) (>= net46) (< netstandard1.4)) (&& (< net20) (>= netstandard1.0) (< portable-net45+win8+wpa81) (< wp8)) (&& (< net20) (>= netstandard1.1) (< netstandard1.2) (< win8)) (&& (< net20) (>= netstandard1.2) (< netstandard1.3) (< win8) (< wpa81)) (&& (< net20) (< netstandard1.2) (>= netstandard1.3) (< win8)) (&& (< net20) (>= netstandard1.3) (< netstandard1.4) (< win8) (< wpa81)) (&& (< net20) (>= netstandard1.3) (< portable-net45+win8+wpa81)) (&& (< net20) (< netstandard1.3) (>= netstandard1.4) (< win8) (< wpa81)) (&& (< net20) (< netstandard1.3) (>= netstandard1.5) (< win8) (< wpa81)) (&& (< net20) (< netstandard1.3) (>= netstandard1.6) (< win8) (< wpa81)) (&& (< net20) (>= netstandard1.4) (< netstandard1.5) (< win8) (< wpa81)) (&& (< net20) (>= netstandard1.5) (< netstandard1.6) (< win8) (< wpa81)) (&& (< net20) (>= netstandard1.6) (< netstandard2.0) (< win8) (< wpa81)) (&& (< netstandard1.3) (>= uap10.0)) (&& (< netstandard1.5) (>= uap10.0) (< uap10.1)) (&& (< netstandard1.5) (>= uap10.0) (< win8) (< wpa81))
      Microsoft.NETCore.Platforms (>= 1.1) - restriction: || (&& (< monoandroid) (< monotouch) (< net45) (>= netstandard1.3) (< win8) (< wpa81) (< xamarinios) (< xamarinmac) (< xamarintvos) (< xamarinwatchos)) (&& (< monoandroid) (< net45) (>= netstandard1.0) (< netstandard1.3) (< win8) (< wp8) (< wpa81))
      Microsoft.NETCore.Targets (>= 1.1) - restriction: || (&& (< monoandroid) (< monotouch) (< net45) (>= netstandard1.3) (< win8) (< wpa81) (< xamarinios) (< xamarinmac) (< xamarintvos) (< xamarinwatchos)) (&& (< monoandroid) (< net45) (>= netstandard1.0) (< netstandard1.3) (< win8) (< wp8) (< wpa81))
      System.Runtime (>= 4.3) - restriction: || (&& (< monoandroid) (< monotouch) (< net45) (>= netstandard1.3) (< win8) (< wpa81) (< xamarinios) (< xamarinmac) (< xamarintvos) (< xamarinwatchos)) (&& (< monoandroid) (< net45) (>= netstandard1.0) (< netstandard1.3) (< win8) (< wp8) (< wpa81))
      System.Text.Encoding (>= 4.3) - restriction: || (&& (< monoandroid) (< monotouch) (< net45) (>= netstandard1.3) (< win8) (< wpa81) (< xamarinios) (< xamarinmac) (< xamarintvos) (< xamarinwatchos)) (&& (< monoandroid) (< net45) (>= netstandard1.0) (< netstandard1.3) (< win8) (< wp8) (< wpa81))
    System.Text.RegularExpressions (4.3.1) - redirects: on, restriction: || (&& (< net20) (>= net46) (< netstandard1.3)) (&& (< net20) (>= net46) (< netstandard1.4)) (&& (< net20) (>= netstandard1.0) (< portable-net45+win8+wpa81) (< wp8)) (&& (< net20) (>= netstandard1.1) (< netstandard1.2) (< win8)) (&& (< net20) (>= netstandard1.2) (< netstandard1.3) (< win8) (< wpa81)) (&& (< net20) (< netstandard1.2) (>= netstandard1.3) (< win8)) (&& (< net20) (>= netstandard1.3) (< netstandard1.4) (< win8) (< wpa81)) (&& (< net20) (>= netstandard1.3) (< portable-net45+win8+wpa81)) (&& (< net20) (< netstandard1.3) (>= netstandard1.4) (< win8) (< wpa81)) (&& (< net20) (< netstandard1.3) (>= netstandard1.5) (< win8) (< wpa81)) (&& (< net20) (< netstandard1.3) (>= netstandard1.6) (< win8) (< wpa81)) (&& (< net20) (>= netstandard1.4) (< netstandard1.5) (< win8) (< wpa81)) (&& (< net20) (>= netstandard1.5) (< netstandard1.6) (< win8) (< wpa81)) (&& (< net20) (>= netstandard1.6) (< netstandard2.0) (< win8) (< wpa81)) (&& (< netstandard1.3) (>= uap10.0)) (&& (< netstandard1.5) (>= uap10.0) (< uap10.1)) (&& (< netstandard1.5) (>= uap10.0) (< win8) (< wpa81))
      System.Collections (>= 4.3) - restriction: && (< monoandroid) (< monotouch) (< net45) (< netcoreapp1.1) (>= netstandard1.6) (< xamarinios) (< xamarinmac) (< xamarintvos) (< xamarinwatchos)
      System.Globalization (>= 4.3) - restriction: && (< monoandroid) (< monotouch) (< net45) (< netcoreapp1.1) (>= netstandard1.6) (< xamarinios) (< xamarinmac) (< xamarintvos) (< xamarinwatchos)
      System.Resources.ResourceManager (>= 4.3) - restriction: && (< monoandroid) (< monotouch) (< net45) (< netcoreapp1.1) (>= netstandard1.6) (< xamarinios) (< xamarinmac) (< xamarintvos) (< xamarinwatchos)
      System.Runtime (>= 4.3.1) - restriction: || (&& (< monoandroid) (< monotouch) (< net45) (< netcoreapp1.1) (>= netstandard1.6) (< xamarinios) (< xamarinmac) (< xamarintvos) (< xamarinwatchos)) (&& (< monoandroid) (< net45) (>= netstandard1.0) (< netstandard1.3) (< win8) (< wp8) (< wpa81)) (&& (< monoandroid) (< net45) (>= netstandard1.3) (< netstandard1.6) (< win8) (< wpa81)) (&& (>= netcoreapp1.1) (< xamarinios) (< xamarinmac) (< xamarintvos) (< xamarinwatchos))
      System.Runtime.Extensions (>= 4.3.1) - restriction: && (< monoandroid) (< monotouch) (< net45) (< netcoreapp1.1) (>= netstandard1.6) (< xamarinios) (< xamarinmac) (< xamarintvos) (< xamarinwatchos)
      System.Threading (>= 4.3) - restriction: && (< monoandroid) (< monotouch) (< net45) (< netcoreapp1.1) (>= netstandard1.6) (< xamarinios) (< xamarinmac) (< xamarintvos) (< xamarinwatchos)
    System.Threading (4.3) - redirects: on, restriction: || (&& (< monoandroid) (< monotouch) (< net20) (>= netstandard1.3) (< netstandard2.0) (< xamarintvos) (< xamarinwatchos)) (&& (< monoandroid) (< monotouch) (< net20) (>= netstandard1.5) (< netstandard2.0) (< win8) (< wpa81) (< xamarintvos) (< xamarinwatchos)) (&& (< monoandroid) (< monotouch) (< net45) (>= netstandard1.5) (< netstandard2.0) (< win8) (< wpa81) (< xamarintvos) (< xamarinwatchos)) (&& (< monoandroid) (< net20) (>= netstandard1.0) (< netstandard1.3) (< win8) (< wp8) (< wpa81)) (&& (< monoandroid) (< net20) (< netstandard1.0) (>= netstandard1.3) (< win8)) (&& (< monoandroid) (< net20) (< netstandard1.2) (>= netstandard1.6) (< win8)) (&& (< monoandroid) (< net20) (>= netstandard1.3) (< netstandard1.5) (< win8) (< wpa81)) (&& (< monoandroid) (< net20) (< netstandard1.4) (>= netstandard1.6) (< win8) (< wpa81)) (&& (< monoandroid) (< net20) (< netstandard1.5) (>= netstandard1.6) (< win8) (< wpa81)) (&& (< monoandroid) (< net45) (>= netstandard1.3) (< netstandard1.5) (< win8) (< wpa81)) (&& (< monoandroid) (< net45) (>= netstandard2.0) (< win8) (< wpa81) (< xamarinios) (< xamarinmac) (< xamarintvos) (< xamarinwatchos)) (&& (< net20) (>= net45) (< netstandard1.3)) (&& (< net20) (>= net46) (< netstandard1.3)) (&& (< net20) (>= net46) (< netstandard1.4)) (&& (< net20) (>= net462) (< netstandard1.3)) (&& (< net20) (>= net462) (< netstandard2.0)) (&& (< net20) (>= netstandard1.0) (< portable-net45+win8+wpa81) (< wp8)) (&& (< net20) (< netstandard1.0) (>= netstandard1.3) (< portable-net45+win8)) (&& (< net20) (>= netstandard1.1) (< netstandard1.2) (< win8)) (&& (< net20) (>= netstandard1.2) (< netstandard1.3) (< win8) (< wpa81)) (&& (< net20) (< netstandard1.2) (>= netstandard1.3) (< win8)) (&& (< net20) (>= netstandard1.3) (< netstandard1.4) (< win8) (< wpa81)) (&& (< net20) (>= netstandard1.3) (< portable-net45+win8+wpa81)) (&& (< net20) (< netstandard1.3) (>= netstandard1.4) (< win8) (< wpa81)) (&& (< net20) (< netstandard1.3) (>= netstandard1.5) (< win8) (< wpa81)) (&& (< net20) (< netstandard1.3) (>= netstandard1.6) (< win8) (< wpa81)) (&& (< net20) (>= netstandard1.4) (< netstandard1.5) (< win8) (< wpa81)) (&& (< net20) (>= netstandard1.5) (< netstandard1.6) (< win8) (< wpa81)) (&& (< net20) (>= netstandard1.6) (< netstandard2.0) (< win8) (< wpa81)) (&& (< net20) (>= netstandard1.6) (< portable-net45+win8+wpa81)) (&& (< netstandard1.3) (>= uap10.0)) (&& (< netstandard1.5) (>= netstandard1.6) (>= uap10.0)) (&& (< netstandard1.5) (>= uap10.0) (< uap10.1)) (&& (< netstandard1.5) (>= uap10.0) (< win8) (< wpa81))
      System.Runtime (>= 4.3) - restriction: || (&& (< monoandroid) (< monotouch) (< net45) (>= netstandard1.3) (< win8) (< wpa81) (< xamarinios) (< xamarinmac) (< xamarintvos) (< xamarinwatchos)) (&& (< monoandroid) (< net45) (>= netstandard1.0) (< netstandard1.3) (< win8) (< wp8) (< wpa81))
      System.Threading.Tasks (>= 4.3) - restriction: || (&& (< monoandroid) (< monotouch) (< net45) (>= netstandard1.3) (< win8) (< wpa81) (< xamarinios) (< xamarinmac) (< xamarintvos) (< xamarinwatchos)) (&& (< monoandroid) (< net45) (>= netstandard1.0) (< netstandard1.3) (< win8) (< wp8) (< wpa81))
    System.Threading.AccessControl (5.0) - restriction: >= net472
      System.Security.AccessControl (>= 5.0) - restriction: || (>= monoandroid) (>= monotouch) (&& (>= net46) (< netstandard2.0)) (&& (< net46) (>= netstandard1.3) (< netstandard2.0)) (&& (< net46) (>= netstandard2.0)) (>= net461) (>= netcoreapp2.1) (>= xamarinios) (>= xamarinmac) (>= xamarintvos) (>= xamarinwatchos)
      System.Security.Principal.Windows (>= 5.0) - restriction: || (>= monoandroid) (>= monotouch) (&& (>= net46) (< netstandard2.0)) (&& (< net46) (>= netstandard1.3) (< netstandard2.0)) (&& (< net46) (>= netstandard2.0)) (>= net461) (>= netcoreapp2.1) (>= xamarinios) (>= xamarinmac) (>= xamarintvos) (>= xamarinwatchos)
    System.Threading.Tasks (4.3) - redirects: on, restriction: || (&& (< monoandroid) (< monotouch) (< net45) (>= netstandard1.5) (< netstandard2.0) (< win8) (< wpa81) (< xamarintvos) (< xamarinwatchos)) (&& (< monoandroid) (< net20) (< netstandard1.2) (>= netstandard1.5) (< win8)) (&& (< monoandroid) (< net20) (< netstandard1.2) (>= netstandard1.6) (< win8)) (&& (< monoandroid) (< net20) (< netstandard1.4) (>= netstandard1.5) (< win8) (< wpa81)) (&& (< monoandroid) (< net20) (< netstandard1.4) (>= netstandard1.6) (< win8) (< wpa81)) (&& (< monoandroid) (< net20) (< netstandard1.5) (>= netstandard1.6) (< win8) (< wpa81)) (&& (< monoandroid) (< net45) (>= netstandard1.3) (< netstandard1.5) (< win8) (< wpa81)) (&& (< monoandroid) (< net45) (< netstandard1.3) (>= netstandard1.5) (< win8) (< wpa81)) (&& (< monoandroid) (< net45) (< netstandard1.3) (>= netstandard2.0) (< win8) (< wpa81)) (&& (< monoandroid) (< net45) (>= netstandard2.0) (< win8) (< wpa81) (< xamarinios) (< xamarinmac) (< xamarintvos) (< xamarinwatchos)) (&& (< net20) (>= net46) (< netstandard1.3)) (&& (< net20) (>= net46) (< netstandard1.4)) (&& (< net20) (>= netstandard1.0) (< portable-net45+win8+wpa81) (< wp8)) (&& (< net20) (>= netstandard1.1) (< netstandard1.2) (< win8)) (&& (< net20) (>= netstandard1.2) (< netstandard1.3) (< win8) (< wpa81)) (&& (< net20) (< netstandard1.2) (>= netstandard1.3) (< win8)) (&& (< net20) (>= netstandard1.3) (< netstandard1.4) (< win8) (< wpa81)) (&& (< net20) (>= netstandard1.3) (< portable-net45+win8+wpa81)) (&& (< net20) (< netstandard1.3) (>= netstandard1.4) (< win8) (< wpa81)) (&& (< net20) (< netstandard1.3) (>= netstandard1.5) (< win8) (< wpa81)) (&& (< net20) (< netstandard1.3) (>= netstandard1.6) (< win8) (< wpa81)) (&& (< net20) (>= netstandard1.4) (< netstandard1.5) (< win8) (< wpa81)) (&& (< net20) (>= netstandard1.5) (< netstandard1.6) (< win8) (< wpa81)) (&& (< net20) (>= netstandard1.5) (< portable-net45+win8+wpa81)) (&& (< net20) (>= netstandard1.6) (< netstandard2.0) (< win8) (< wpa81)) (&& (< netstandard1.3) (>= uap10.0)) (&& (< netstandard1.5) (>= netstandard1.6) (>= uap10.0)) (&& (< netstandard1.5) (>= uap10.0) (< uap10.1)) (&& (< netstandard1.5) (>= uap10.0) (< win8) (< wpa81))
      Microsoft.NETCore.Platforms (>= 1.1) - restriction: || (&& (< monoandroid) (< monotouch) (< net45) (>= netstandard1.3) (< win8) (< wpa81) (< xamarinios) (< xamarinmac) (< xamarintvos) (< xamarinwatchos)) (&& (< monoandroid) (< net45) (>= netstandard1.0) (< netstandard1.3) (< win8) (< wp8) (< wpa81))
      Microsoft.NETCore.Targets (>= 1.1) - restriction: || (&& (< monoandroid) (< monotouch) (< net45) (>= netstandard1.3) (< win8) (< wpa81) (< xamarinios) (< xamarinmac) (< xamarintvos) (< xamarinwatchos)) (&& (< monoandroid) (< net45) (>= netstandard1.0) (< netstandard1.3) (< win8) (< wp8) (< wpa81))
      System.Runtime (>= 4.3) - restriction: || (&& (< monoandroid) (< monotouch) (< net45) (>= netstandard1.3) (< win8) (< wpa81) (< xamarinios) (< xamarinmac) (< xamarintvos) (< xamarinwatchos)) (&& (< monoandroid) (< net45) (>= netstandard1.0) (< netstandard1.3) (< win8) (< wp8) (< wpa81))
    System.Threading.Tasks.Dataflow (5.0) - restriction: >= net472
    System.Threading.Tasks.Extensions (4.5.4) - restriction: || (&& (< monoandroid) (< monotouch) (< net20) (>= netstandard1.6) (< netstandard2.0) (< win8) (< wpa81) (< xamarintvos) (< xamarinwatchos)) (&& (< monoandroid) (< net20) (< netstandard1.2) (>= netstandard1.3) (< win8)) (&& (< monoandroid) (< net20) (>= netstandard1.3) (< netstandard1.4) (< win8) (< wpa81)) (&& (< monoandroid) (< net20) (< netstandard1.3) (>= netstandard1.4) (< win8) (< wpa81)) (&& (< monoandroid) (< net20) (< netstandard1.3) (>= netstandard1.5) (< win8) (< wpa81)) (&& (< monoandroid) (< net20) (< netstandard1.3) (>= netstandard1.6) (< win8) (< wpa81)) (&& (< monoandroid) (< net20) (>= netstandard1.4) (< netstandard1.5) (< win8) (< wpa81)) (&& (< monoandroid) (< net20) (>= netstandard1.5) (< netstandard1.6) (< win8) (< wpa81)) (&& (< net20) (>= net46) (< netstandard1.3)) (&& (< net20) (>= net46) (< netstandard1.4)) (&& (< net20) (>= netstandard1.3) (< portable-net45+win8+wpa81)) (>= net472) (&& (< netstandard1.3) (>= uap10.0) (< win8) (< wpa81)) (&& (< netstandard1.5) (>= uap10.0) (< win8) (< wpa81))
      System.Runtime.CompilerServices.Unsafe (>= 4.5.3) - restriction: || (&& (< monoandroid) (< monotouch) (< net45) (>= netstandard1.0) (< netstandard2.0) (< win8) (< wpa81) (< xamarintvos) (< xamarinwatchos)) (&& (< monoandroid) (< net45) (< netcoreapp2.1) (>= netstandard2.0) (< xamarinios) (< xamarinmac) (< xamarintvos) (< xamarinwatchos)) (&& (< monoandroid) (< netstandard1.0) (>= portable-net45+win8+wp8+wpa81) (< win8)) (&& (>= net45) (< netstandard2.0)) (>= net461) (&& (< netstandard1.0) (>= win8)) (&& (< netstandard2.0) (>= wpa81)) (>= wp8)
    System.Threading.Timer (4.3) - redirects: on, restriction: || (&& (< net20) (>= netstandard1.2) (< netstandard1.3) (< win8) (< wpa81)) (&& (< net20) (>= netstandard1.3) (< netstandard1.4) (< win8) (< wpa81)) (&& (< net20) (< netstandard1.3) (>= netstandard1.4) (< win8) (< wpa81)) (&& (< net20) (< netstandard1.3) (>= netstandard1.5) (< win8) (< wpa81)) (&& (< net20) (< netstandard1.3) (>= netstandard1.6) (< win8) (< wpa81)) (&& (< net20) (>= netstandard1.4) (< netstandard1.5) (< win8) (< wpa81)) (&& (< net20) (>= netstandard1.5) (< netstandard1.6) (< win8) (< wpa81)) (&& (< net20) (>= netstandard1.6) (< netstandard2.0) (< win8) (< wpa81)) (&& (< netstandard1.3) (>= uap10.0)) (&& (< netstandard1.5) (>= uap10.0) (< uap10.1))
      Microsoft.NETCore.Platforms (>= 1.1) - restriction: && (< monoandroid) (< monotouch) (< net451) (>= netstandard1.2) (< win81) (< wpa81) (< xamarinios) (< xamarinmac) (< xamarintvos) (< xamarinwatchos)
      Microsoft.NETCore.Targets (>= 1.1) - restriction: && (< monoandroid) (< monotouch) (< net451) (>= netstandard1.2) (< win81) (< wpa81) (< xamarinios) (< xamarinmac) (< xamarintvos) (< xamarinwatchos)
      System.Runtime (>= 4.3) - restriction: && (< monoandroid) (< monotouch) (< net451) (>= netstandard1.2) (< win81) (< wpa81) (< xamarinios) (< xamarinmac) (< xamarintvos) (< xamarinwatchos)
    System.Xml.ReaderWriter (4.3.1) - redirects: on, restriction: || (&& (< monoandroid) (< monotouch) (< net20) (>= netstandard1.3) (< netstandard2.0) (< xamarintvos) (< xamarinwatchos)) (&& (< net20) (>= net46) (< netstandard1.3)) (&& (< net20) (>= net46) (< netstandard1.4)) (&& (< net20) (>= netstandard1.0) (< portable-net45+win8+wpa81) (< wp8)) (&& (< net20) (>= netstandard1.1) (< netstandard1.2) (< win8)) (&& (< net20) (>= netstandard1.2) (< netstandard1.3) (< win8) (< wpa81)) (&& (< net20) (< netstandard1.2) (>= netstandard1.3) (< win8)) (&& (< net20) (>= netstandard1.3) (< netstandard1.4) (< win8) (< wpa81)) (&& (< net20) (>= netstandard1.3) (< portable-net45+win8+wpa81)) (&& (< net20) (< netstandard1.3) (>= netstandard1.4) (< win8) (< wpa81)) (&& (< net20) (< netstandard1.3) (>= netstandard1.5) (< win8) (< wpa81)) (&& (< net20) (< netstandard1.3) (>= netstandard1.6) (< win8) (< wpa81)) (&& (< net20) (>= netstandard1.4) (< netstandard1.5) (< win8) (< wpa81)) (&& (< net20) (>= netstandard1.5) (< netstandard1.6) (< win8) (< wpa81)) (&& (< net20) (>= netstandard1.6) (< netstandard2.0) (< win8) (< wpa81)) (&& (< netstandard1.3) (>= uap10.0)) (&& (< netstandard1.5) (>= uap10.0) (< uap10.1)) (&& (< netstandard1.5) (>= uap10.0) (< win8) (< wpa81))
      System.Collections (>= 4.3) - restriction: && (< monoandroid) (< monotouch) (< net45) (>= netstandard1.3) (< win8) (< wpa81) (< xamarinios) (< xamarinmac) (< xamarintvos) (< xamarinwatchos)
      System.Diagnostics.Debug (>= 4.3) - restriction: && (< monoandroid) (< monotouch) (< net45) (>= netstandard1.3) (< win8) (< wpa81) (< xamarinios) (< xamarinmac) (< xamarintvos) (< xamarinwatchos)
      System.Globalization (>= 4.3) - restriction: && (< monoandroid) (< monotouch) (< net45) (>= netstandard1.3) (< win8) (< wpa81) (< xamarinios) (< xamarinmac) (< xamarintvos) (< xamarinwatchos)
      System.IO (>= 4.3) - restriction: || (&& (< monoandroid) (< monotouch) (< net45) (>= netstandard1.3) (< win8) (< wpa81) (< xamarinios) (< xamarinmac) (< xamarintvos) (< xamarinwatchos)) (&& (< monoandroid) (< net45) (>= netstandard1.0) (< netstandard1.3) (< win8) (< wp8) (< wpa81))
      System.IO.FileSystem (>= 4.3) - restriction: && (< monoandroid) (< monotouch) (< net45) (>= netstandard1.3) (< win8) (< wpa81) (< xamarinios) (< xamarinmac) (< xamarintvos) (< xamarinwatchos)
      System.IO.FileSystem.Primitives (>= 4.3) - restriction: && (< monoandroid) (< monotouch) (< net45) (>= netstandard1.3) (< win8) (< wpa81) (< xamarinios) (< xamarinmac) (< xamarintvos) (< xamarinwatchos)
      System.Resources.ResourceManager (>= 4.3) - restriction: && (< monoandroid) (< monotouch) (< net45) (>= netstandard1.3) (< win8) (< wpa81) (< xamarinios) (< xamarinmac) (< xamarintvos) (< xamarinwatchos)
      System.Runtime (>= 4.3) - restriction: || (&& (< monoandroid) (< monotouch) (< net45) (>= netstandard1.3) (< win8) (< wpa81) (< xamarinios) (< xamarinmac) (< xamarintvos) (< xamarinwatchos)) (&& (< monoandroid) (< net45) (>= netstandard1.0) (< netstandard1.3) (< win8) (< wp8) (< wpa81))
      System.Runtime.Extensions (>= 4.3) - restriction: && (< monoandroid) (< monotouch) (< net45) (>= netstandard1.3) (< win8) (< wpa81) (< xamarinios) (< xamarinmac) (< xamarintvos) (< xamarinwatchos)
      System.Runtime.InteropServices (>= 4.3) - restriction: && (< monoandroid) (< monotouch) (< net45) (>= netstandard1.3) (< win8) (< wpa81) (< xamarinios) (< xamarinmac) (< xamarintvos) (< xamarinwatchos)
      System.Text.Encoding (>= 4.3) - restriction: || (&& (< monoandroid) (< monotouch) (< net45) (>= netstandard1.3) (< win8) (< wpa81) (< xamarinios) (< xamarinmac) (< xamarintvos) (< xamarinwatchos)) (&& (< monoandroid) (< net45) (>= netstandard1.0) (< netstandard1.3) (< win8) (< wp8) (< wpa81))
      System.Text.Encoding.Extensions (>= 4.3) - restriction: && (< monoandroid) (< monotouch) (< net45) (>= netstandard1.3) (< win8) (< wpa81) (< xamarinios) (< xamarinmac) (< xamarintvos) (< xamarinwatchos)
      System.Text.RegularExpressions (>= 4.3) - restriction: && (< monoandroid) (< monotouch) (< net45) (>= netstandard1.3) (< win8) (< wpa81) (< xamarinios) (< xamarinmac) (< xamarintvos) (< xamarinwatchos)
      System.Threading.Tasks (>= 4.3) - restriction: || (&& (< monoandroid) (< monotouch) (< net45) (>= netstandard1.3) (< win8) (< wpa81) (< xamarinios) (< xamarinmac) (< xamarintvos) (< xamarinwatchos)) (&& (< monoandroid) (< net45) (>= netstandard1.0) (< netstandard1.3) (< win8) (< wp8) (< wpa81))
      System.Threading.Tasks.Extensions (>= 4.3) - restriction: && (< monoandroid) (< monotouch) (< net45) (>= netstandard1.3) (< win8) (< wpa81) (< xamarinios) (< xamarinmac) (< xamarintvos) (< xamarinwatchos)
    System.Xml.XDocument (4.3) - redirects: on, restriction: || (&& (< net20) (>= netstandard1.0) (< portable-net45+win8+wpa81) (< wp8)) (&& (< net20) (>= netstandard1.1) (< netstandard1.2) (< win8)) (&& (< net20) (>= netstandard1.2) (< netstandard1.3) (< win8) (< wpa81)) (&& (< net20) (< netstandard1.2) (>= netstandard1.3) (< win8)) (&& (< net20) (>= netstandard1.3) (< netstandard1.4) (< win8) (< wpa81)) (&& (< net20) (>= netstandard1.3) (< portable-net45+win8+wpa81)) (&& (< net20) (< netstandard1.3) (>= netstandard1.4) (< win8) (< wpa81)) (&& (< net20) (< netstandard1.3) (>= netstandard1.5) (< win8) (< wpa81)) (&& (< net20) (< netstandard1.3) (>= netstandard1.6) (< win8) (< wpa81)) (&& (< net20) (>= netstandard1.4) (< netstandard1.5) (< win8) (< wpa81)) (&& (< net20) (>= netstandard1.5) (< netstandard1.6) (< win8) (< wpa81)) (&& (< net20) (>= netstandard1.6) (< netstandard2.0) (< win8) (< wpa81)) (&& (< netstandard1.3) (>= uap10.0)) (&& (< netstandard1.5) (>= uap10.0) (< uap10.1))
      System.Collections (>= 4.3) - restriction: && (< monoandroid) (< monotouch) (< net45) (>= netstandard1.3) (< win8) (< wpa81) (< xamarinios) (< xamarinmac) (< xamarintvos) (< xamarinwatchos)
      System.Diagnostics.Debug (>= 4.3) - restriction: && (< monoandroid) (< monotouch) (< net45) (>= netstandard1.3) (< win8) (< wpa81) (< xamarinios) (< xamarinmac) (< xamarintvos) (< xamarinwatchos)
      System.Diagnostics.Tools (>= 4.3) - restriction: && (< monoandroid) (< monotouch) (< net45) (>= netstandard1.3) (< win8) (< wpa81) (< xamarinios) (< xamarinmac) (< xamarintvos) (< xamarinwatchos)
      System.Globalization (>= 4.3) - restriction: && (< monoandroid) (< monotouch) (< net45) (>= netstandard1.3) (< win8) (< wpa81) (< xamarinios) (< xamarinmac) (< xamarintvos) (< xamarinwatchos)
      System.IO (>= 4.3) - restriction: || (&& (< monoandroid) (< monotouch) (< net45) (>= netstandard1.3) (< win8) (< wpa81) (< xamarinios) (< xamarinmac) (< xamarintvos) (< xamarinwatchos)) (&& (< monoandroid) (< net45) (>= netstandard1.0) (< netstandard1.3) (< win8) (< wp8) (< wpa81))
      System.Reflection (>= 4.3) - restriction: && (< monoandroid) (< monotouch) (< net45) (>= netstandard1.3) (< win8) (< wpa81) (< xamarinios) (< xamarinmac) (< xamarintvos) (< xamarinwatchos)
      System.Resources.ResourceManager (>= 4.3) - restriction: && (< monoandroid) (< monotouch) (< net45) (>= netstandard1.3) (< win8) (< wpa81) (< xamarinios) (< xamarinmac) (< xamarintvos) (< xamarinwatchos)
      System.Runtime (>= 4.3) - restriction: || (&& (< monoandroid) (< monotouch) (< net45) (>= netstandard1.3) (< win8) (< wpa81) (< xamarinios) (< xamarinmac) (< xamarintvos) (< xamarinwatchos)) (&& (< monoandroid) (< net45) (>= netstandard1.0) (< netstandard1.3) (< win8) (< wp8) (< wpa81))
      System.Runtime.Extensions (>= 4.3) - restriction: && (< monoandroid) (< monotouch) (< net45) (>= netstandard1.3) (< win8) (< wpa81) (< xamarinios) (< xamarinmac) (< xamarintvos) (< xamarinwatchos)
      System.Text.Encoding (>= 4.3) - restriction: && (< monoandroid) (< monotouch) (< net45) (>= netstandard1.3) (< win8) (< wpa81) (< xamarinios) (< xamarinmac) (< xamarintvos) (< xamarinwatchos)
      System.Threading (>= 4.3) - restriction: && (< monoandroid) (< monotouch) (< net45) (>= netstandard1.3) (< win8) (< wpa81) (< xamarinios) (< xamarinmac) (< xamarintvos) (< xamarinwatchos)
      System.Xml.ReaderWriter (>= 4.3) - restriction: || (&& (< monoandroid) (< monotouch) (< net45) (>= netstandard1.3) (< win8) (< wpa81) (< xamarinios) (< xamarinmac) (< xamarintvos) (< xamarinwatchos)) (&& (< monoandroid) (< net45) (>= netstandard1.0) (< netstandard1.3) (< win8) (< wp8) (< wpa81))
    System.Xml.XmlDocument (4.3) - redirects: on, restriction: && (< net20) (>= netstandard1.3) (< netstandard2.0)
      System.Collections (>= 4.3) - restriction: && (< monoandroid) (< monotouch) (< net46) (>= netstandard1.3) (< xamarinios) (< xamarinmac) (< xamarintvos) (< xamarinwatchos)
      System.Diagnostics.Debug (>= 4.3) - restriction: && (< monoandroid) (< monotouch) (< net46) (>= netstandard1.3) (< xamarinios) (< xamarinmac) (< xamarintvos) (< xamarinwatchos)
      System.Globalization (>= 4.3) - restriction: && (< monoandroid) (< monotouch) (< net46) (>= netstandard1.3) (< xamarinios) (< xamarinmac) (< xamarintvos) (< xamarinwatchos)
      System.IO (>= 4.3) - restriction: && (< monoandroid) (< monotouch) (< net46) (>= netstandard1.3) (< xamarinios) (< xamarinmac) (< xamarintvos) (< xamarinwatchos)
      System.Resources.ResourceManager (>= 4.3) - restriction: && (< monoandroid) (< monotouch) (< net46) (>= netstandard1.3) (< xamarinios) (< xamarinmac) (< xamarintvos) (< xamarinwatchos)
      System.Runtime (>= 4.3) - restriction: && (< monoandroid) (< monotouch) (< net46) (>= netstandard1.3) (< xamarinios) (< xamarinmac) (< xamarintvos) (< xamarinwatchos)
      System.Runtime.Extensions (>= 4.3) - restriction: && (< monoandroid) (< monotouch) (< net46) (>= netstandard1.3) (< xamarinios) (< xamarinmac) (< xamarintvos) (< xamarinwatchos)
      System.Text.Encoding (>= 4.3) - restriction: && (< monoandroid) (< monotouch) (< net46) (>= netstandard1.3) (< xamarinios) (< xamarinmac) (< xamarintvos) (< xamarinwatchos)
      System.Threading (>= 4.3) - restriction: && (< monoandroid) (< monotouch) (< net46) (>= netstandard1.3) (< xamarinios) (< xamarinmac) (< xamarintvos) (< xamarinwatchos)
      System.Xml.ReaderWriter (>= 4.3) - restriction: && (< monoandroid) (< monotouch) (< net46) (>= netstandard1.3) (< xamarinios) (< xamarinmac) (< xamarintvos) (< xamarinwatchos)
    VSLangProj (16.9.31023.347) - restriction: >= net472
      EnvDTE (>= 16.9.31023.347) - restriction: || (>= net45) (>= netstandard2.0)
      Microsoft.VisualStudio.SDK.EmbedInteropTypes (>= 15.0.34) - restriction: || (>= net45) (>= netstandard2.0)
    VSLangProj100 (16.9.31023.347) - restriction: >= net472
      Microsoft.VisualStudio.SDK.EmbedInteropTypes (>= 15.0.34) - restriction: || (>= net45) (>= netstandard2.0)
    VSLangProj110 (16.9.31023.347) - restriction: >= net472
      Microsoft.VisualStudio.SDK.EmbedInteropTypes (>= 15.0.34) - restriction: || (>= net45) (>= netstandard2.0)
      VSLangProj80 (>= 16.9.31023.347) - restriction: || (>= net45) (>= netstandard2.0)
      VSLangProj90 (>= 16.9.31023.347) - restriction: || (>= net45) (>= netstandard2.0)
    VSLangProj140 (16.9.31023.347) - restriction: >= net472
      Microsoft.VisualStudio.SDK.EmbedInteropTypes (>= 15.0.34) - restriction: || (>= net45) (>= netstandard2.0)
      VSLangProj80 (>= 16.9.31023.347) - restriction: || (>= net45) (>= netstandard2.0)
    VSLangProj150 (16.9.31023.347) - restriction: >= net472
      Microsoft.VisualStudio.SDK.EmbedInteropTypes (>= 15.0.34) - restriction: || (>= net45) (>= netstandard2.0)
      VSLangProj110 (>= 16.9.31023.347) - restriction: || (>= net45) (>= netstandard2.0)
      VSLangProj140 (>= 16.9.31023.347) - restriction: || (>= net45) (>= netstandard2.0)
    VSLangProj157 (16.9.31023.347) - restriction: >= net472
      Microsoft.VisualStudio.SDK.EmbedInteropTypes (>= 15.0.34) - restriction: || (>= net45) (>= netstandard2.0)
      VSLangProj110 (>= 16.9.31023.347) - restriction: || (>= net45) (>= netstandard2.0)
    VSLangProj158 (16.9.31023.347) - restriction: >= net472
      Microsoft.VisualStudio.SDK.EmbedInteropTypes (>= 15.0.34) - restriction: || (>= net45) (>= netstandard2.0)
      VSLangProj110 (>= 16.9.31023.347) - restriction: || (>= net45) (>= netstandard2.0)
    VSLangProj165 (16.9.31024.71) - restriction: >= net472
      Microsoft.VisualStudio.SDK.EmbedInteropTypes (>= 15.0.34) - restriction: || (>= net45) (>= netstandard2.0)
    VSLangProj2 (16.9.31023.347) - restriction: >= net472
      Microsoft.VisualStudio.SDK.EmbedInteropTypes (>= 15.0.34) - restriction: || (>= net45) (>= netstandard2.0)
      VSLangProj (>= 16.9.31023.347) - restriction: || (>= net45) (>= netstandard2.0)
    VSLangProj80 (16.9.31023.347) - restriction: >= net472
      Microsoft.VisualStudio.SDK.EmbedInteropTypes (>= 15.0.34) - restriction: || (>= net45) (>= netstandard2.0)
      VSLangProj2 (>= 16.9.31023.347) - restriction: || (>= net45) (>= netstandard2.0)
    VSLangProj90 (16.9.31023.347) - restriction: >= net472
      Microsoft.VisualStudio.SDK.EmbedInteropTypes (>= 15.0.34) - restriction: || (>= net45) (>= netstandard2.0)

GROUP tests
NUGET
  remote: https://api.nuget.org/v3/index.json
    AutoFixture (4.17) - restriction: || (>= net452) (>= netstandard1.5)
      Fare (>= 2.1.1 < 3.0) - restriction: || (>= net452) (>= netstandard1.5)
      NETStandard.Library (>= 1.6.1) - restriction: && (< net452) (>= netstandard1.5) (< netstandard2.0)
      System.ComponentModel.Annotations (>= 4.3) - restriction: || (&& (< net452) (>= netstandard1.5) (< netstandard2.0)) (&& (< net452) (>= netstandard2.0))
      System.ComponentModel.TypeConverter (>= 4.3) - restriction: && (< net452) (>= netstandard1.5) (< netstandard2.0)
    AutoFixture.AutoNSubstitute (4.17)
      AutoFixture (>= 4.17) - restriction: || (>= net452) (>= netstandard1.5)
      NETStandard.Library (>= 1.6.1) - restriction: && (< net452) (>= netstandard1.5) (< netstandard2.0)
      NSubstitute (>= 2.0.3 < 5.0) - restriction: || (>= net452) (>= netstandard1.5)
    AutoFixture.Xunit2 (4.17)
      AutoFixture (>= 4.17) - restriction: || (>= net452) (>= netstandard1.5)
      NETStandard.Library (>= 1.6.1) - restriction: && (< net452) (>= netstandard1.5) (< netstandard2.0)
      xunit.extensibility.core (>= 2.0 < 3.0) - restriction: >= net452
      xunit.extensibility.core (>= 2.2 < 3.0) - restriction: || (&& (< net452) (>= netstandard1.5) (< netstandard2.0)) (&& (< net452) (>= netstandard2.0))
    Ben.Demystifier (0.4.1) - copy_local: false, redirects: force, restriction: || (>= net45) (>= netstandard2.0)
      System.Reflection.Metadata (>= 5.0) - restriction: || (>= net45) (>= netstandard2.0)
      System.Threading.Tasks.Extensions (>= 4.5.4) - restriction: || (>= net45) (&& (>= netstandard2.0) (< netstandard2.1))
    Castle.Core (4.4.1) - restriction: || (&& (>= net45) (< netstandard1.3)) (&& (< net45) (>= netstandard1.3) (< netstandard2.0)) (&& (< net45) (>= netstandard2.0)) (>= net46)
      NETStandard.Library (>= 1.6.1) - restriction: || (&& (< net35) (>= netstandard1.3) (< netstandard1.5)) (&& (< net35) (>= netstandard1.5))
      System.Collections.Specialized (>= 4.3) - restriction: || (&& (< net35) (>= netstandard1.3) (< netstandard1.5)) (&& (< net35) (>= netstandard1.5))
      System.ComponentModel (>= 4.3) - restriction: || (&& (< net35) (>= netstandard1.3) (< netstandard1.5)) (&& (< net35) (>= netstandard1.5))
      System.ComponentModel.TypeConverter (>= 4.3) - restriction: || (&& (< net35) (>= netstandard1.3) (< netstandard1.5)) (&& (< net35) (>= netstandard1.5))
      System.Diagnostics.TraceSource (>= 4.3) - restriction: || (&& (< net35) (>= netstandard1.3) (< netstandard1.5)) (&& (< net35) (>= netstandard1.5))
      System.Dynamic.Runtime (>= 4.3) - restriction: || (&& (< net35) (>= netstandard1.3) (< netstandard1.5)) (&& (< net35) (>= netstandard1.5))
      System.Reflection (>= 4.3) - restriction: || (&& (< net35) (>= netstandard1.3) (< netstandard1.5)) (&& (< net35) (>= netstandard1.5))
      System.Reflection.Emit (>= 4.3) - restriction: || (&& (< net35) (>= netstandard1.3) (< netstandard1.5)) (&& (< net35) (>= netstandard1.5))
      System.Reflection.TypeExtensions (>= 4.3) - restriction: || (&& (< net35) (>= netstandard1.3) (< netstandard1.5)) (&& (< net35) (>= netstandard1.5))
      System.Xml.XmlDocument (>= 4.3) - restriction: || (&& (< net35) (>= netstandard1.3) (< netstandard1.5)) (&& (< net35) (>= netstandard1.5))
    EnvDTE (16.9.31023.347) - restriction: >= net472
      Microsoft.VisualStudio.SDK.EmbedInteropTypes (>= 15.0.34) - restriction: || (>= net45) (>= netstandard2.0)
      stdole (>= 16.9.31023.347) - restriction: || (>= net45) (>= netstandard2.0)
    EnvDTE100 (16.9.31023.347) - restriction: >= net472
      EnvDTE90a (>= 16.9.31023.347) - restriction: || (>= net45) (>= netstandard2.0)
      Microsoft.VisualStudio.SDK.EmbedInteropTypes (>= 15.0.34) - restriction: || (>= net45) (>= netstandard2.0)
    EnvDTE80 (16.9.31023.347) - restriction: >= net472
      EnvDTE (>= 16.9.31023.347) - restriction: || (>= net45) (>= netstandard2.0)
      Microsoft.VisualStudio.SDK.EmbedInteropTypes (>= 15.0.34) - restriction: || (>= net45) (>= netstandard2.0)
    EnvDTE90 (16.9.31023.347) - restriction: >= net472
      EnvDTE80 (>= 16.9.31023.347) - restriction: || (>= net45) (>= netstandard2.0)
      Microsoft.VisualStudio.SDK.EmbedInteropTypes (>= 15.0.34) - restriction: || (>= net45) (>= netstandard2.0)
    EnvDTE90a (16.9.31023.347) - restriction: >= net472
      EnvDTE90 (>= 16.9.31023.347) - restriction: || (>= net45) (>= netstandard2.0)
      Microsoft.VisualStudio.SDK.EmbedInteropTypes (>= 15.0.34) - restriction: || (>= net45) (>= netstandard2.0)
    Fare (2.1.2) - restriction: || (>= net452) (>= netstandard1.5)
      NETStandard.Library (>= 1.6.1) - restriction: && (< net35) (>= netstandard1.1)
    MessagePack (2.2.85) - restriction: >= net472
      MessagePack.Annotations (>= 2.2.85) - restriction: >= netstandard2.0
      Microsoft.Bcl.AsyncInterfaces (>= 1.0) - restriction: >= netstandard2.0
      System.Collections.Immutable (>= 1.5) - restriction: >= netstandard2.0
      System.Memory (>= 4.5.3) - restriction: >= netstandard2.0
      System.Reflection.Emit (>= 4.6) - restriction: >= netstandard2.0
      System.Reflection.Emit.Lightweight (>= 4.6) - restriction: >= netstandard2.0
      System.Runtime.CompilerServices.Unsafe (>= 4.5.2) - restriction: >= netstandard2.0
      System.Threading.Tasks.Extensions (>= 4.5.3) - restriction: >= netstandard2.0
    MessagePack.Annotations (2.2.85) - restriction: >= net472
    Microsoft.AspNet.WebApi.Client (5.2.7) - copy_local: false, redirects: force
      Microsoft.Net.Http (>= 2.2.22) - restriction: && (< net45) (< netstandard2.0) (>= portable-net45+win8+wp8+wp81+wpa81)
      Newtonsoft.Json (>= 6.0.4) - restriction: || (>= net45) (&& (< netstandard2.0) (>= portable-net45+win8+wp8+wp81+wpa81))
      Newtonsoft.Json (>= 10.0.1) - restriction: && (< net45) (>= netstandard2.0)
      Newtonsoft.Json.Bson (>= 1.0.1) - restriction: && (< net45) (>= netstandard2.0)
    Microsoft.AspNet.WebApi.Core (5.2.7) - copy_local: false, redirects: force
      Microsoft.AspNet.WebApi.Client (>= 5.2.7)
    Microsoft.Bcl (1.1.10) - copy_local: false, redirects: force, restriction: && (< net45) (>= netstandard2.0)
      Microsoft.Bcl.Build (>= 1.0.14)
    Microsoft.Bcl.AsyncInterfaces (5.0) - restriction: >= net472
      System.Threading.Tasks.Extensions (>= 4.5.4) - restriction: || (>= net461) (&& (< netcoreapp2.1) (>= netstandard2.0) (< netstandard2.1))
    Microsoft.Bcl.Build (1.0.21) - copy_local: false, import_targets: false, redirects: force, restriction: && (< net45) (>= netstandard2.0)
    Microsoft.Build.Framework (16.9) - restriction: >= net472
    Microsoft.CodeAnalysis.BannedApiAnalyzers (3.3.2) - restriction: >= net472
    Microsoft.CodeCoverage (16.9.4) - version_in_path: true, restriction: >= netcoreapp1.0
    Microsoft.CSharp (4.7) - redirects: on, restriction: || (&& (< monoandroid8.1) (< net45) (>= netstandard1.3) (< uap10.0) (< xamarinios)) (&& (< net20) (>= netstandard1.0) (< netstandard1.3)) (&& (< net20) (>= netstandard1.3) (< netstandard2.0)) (&& (< net40) (>= netstandard1.3) (< netstandard2.0)) (&& (< net40) (>= netstandard2.0)) (&& (< net45) (>= netstandard2.0))
      NETStandard.Library (>= 1.6.1) - restriction: || (&& (< monoandroid) (< monotouch) (< net45) (>= netstandard1.3) (< netstandard2.0) (< win8) (< wpa81) (< xamarintvos) (< xamarinwatchos)) (&& (< monoandroid) (< net45) (>= netstandard1.0) (< netstandard1.3) (< win8) (< wp8) (< wpa81))
      System.Dynamic.Runtime (>= 4.3) - restriction: || (&& (< monoandroid) (< monotouch) (< net45) (>= netstandard1.3) (< netstandard2.0) (< win8) (< wpa81) (< xamarintvos) (< xamarinwatchos)) (&& (< monoandroid) (< net45) (>= netstandard1.0) (< netstandard1.3) (< win8) (< wp8) (< wpa81))
      System.Reflection.TypeExtensions (>= 4.7) - restriction: && (< monoandroid) (< monotouch) (< net45) (>= netstandard1.3) (< netstandard2.0) (< win8) (< wpa81) (< xamarintvos) (< xamarinwatchos)
    Microsoft.Diagnostics.Tracing.EventSource.Redist (5.0) - restriction: >= net472
    Microsoft.IdentityModel.Clients.ActiveDirectory (5.2.9) - copy_local: false, redirects: force
      Microsoft.CSharp (>= 4.3) - restriction: && (< monoandroid8.1) (< net45) (>= netstandard1.3) (< uap10.0) (< xamarinios)
      NETStandard.Library (>= 1.6.1) - restriction: && (< monoandroid8.1) (< net45) (>= netstandard1.3) (< uap10.0) (< xamarinios)
      System.ComponentModel.TypeConverter (>= 4.3) - restriction: && (< monoandroid8.1) (< net45) (>= netstandard1.3) (< uap10.0) (< xamarinios)
      System.Dynamic.Runtime (>= 4.3) - restriction: && (< monoandroid8.1) (< net45) (>= netstandard1.3) (< uap10.0) (< xamarinios)
      System.Net.Http (>= 4.3.4) - restriction: || (>= net45) (>= netstandard1.3)
      System.Net.NameResolution (>= 4.3) - restriction: >= uap10.0
      System.Private.Uri (>= 4.3.2) - restriction: || (>= net45) (>= netstandard1.3)
      System.Runtime.Serialization.Formatters (>= 4.3) - restriction: && (< monoandroid8.1) (< net45) (>= netstandard1.3) (< uap10.0) (< xamarinios)
      System.Runtime.Serialization.Json (>= 4.3) - restriction: || (&& (< monoandroid8.1) (< net45) (>= netstandard1.3) (< xamarinios)) (>= uap10.0)
      System.Runtime.Serialization.Primitives (>= 4.3) - restriction: || (&& (< monoandroid8.1) (< net45) (>= netstandard1.3) (< xamarinios)) (>= uap10.0)
      System.Security.Cryptography.X509Certificates (>= 4.3) - restriction: && (< monoandroid8.1) (< net45) (>= netstandard1.3) (< uap10.0) (< xamarinios)
      System.Security.SecureString (>= 4.3) - restriction: && (< monoandroid8.1) (< net45) (>= netstandard1.3) (< uap10.0) (< xamarinios)
      System.ServiceModel.Http (>= 4.4.4) - restriction: >= uap10.0
      System.ServiceModel.NetTcp (>= 4.4.4) - restriction: >= uap10.0
      System.ServiceModel.Primitives (>= 4.4.4) - restriction: >= uap10.0
      System.ServiceModel.Security (>= 4.4.4) - restriction: >= uap10.0
      System.Xml.XDocument (>= 4.3) - restriction: || (&& (< monoandroid8.1) (< net45) (>= netstandard1.3) (< xamarinios)) (>= uap10.0)
      System.Xml.XmlDocument (>= 4.3) - restriction: && (< monoandroid8.1) (< net45) (>= netstandard1.3) (< uap10.0) (< xamarinios)
      Xamarin.Android.Support.CustomTabs (>= 27.0.2.1) - restriction: >= monoandroid8.1
      Xamarin.Android.Support.v7.AppCompat (>= 27.0.2.1) - restriction: >= monoandroid8.1
    Microsoft.IdentityModel.JsonWebTokens (6.11) - copy_local: false, redirects: force, restriction: || (&& (>= net45) (< netstandard2.0)) (&& (< net45) (>= netstandard2.0)) (>= net461)
      Microsoft.IdentityModel.Tokens (>= 6.11) - restriction: || (&& (>= net45) (< netstandard2.0)) (&& (< net45) (>= netstandard2.0)) (>= net461)
    Microsoft.IdentityModel.Logging (6.11) - copy_local: false, redirects: force, restriction: || (>= net45) (>= netstandard2.0)
    Microsoft.IdentityModel.Tokens (6.11) - copy_local: false, redirects: force, restriction: || (>= net45) (>= netstandard2.0)
      Microsoft.CSharp (>= 4.5) - restriction: && (< net45) (>= netstandard2.0)
      Microsoft.IdentityModel.Logging (>= 6.11) - restriction: || (&& (>= net45) (< netstandard2.0)) (&& (< net45) (>= netstandard2.0)) (>= net461)
      System.Security.Cryptography.Cng (>= 4.5) - restriction: && (< net45) (>= netstandard2.0)
    Microsoft.Net.Http (2.2.29) - copy_local: false, redirects: force, restriction: || (&& (< net45) (>= netstandard2.0)) (&& (< net45) (< netstandard2.0) (>= portable-net45+win8+wp8+wp81+wpa81))
      Microsoft.Bcl (>= 1.1.10)
      Microsoft.Bcl.Build (>= 1.0.14)
    Microsoft.NET.Test.Sdk (16.9.4) - version_in_path: true, restriction: >= netcoreapp1.0
      Microsoft.CodeCoverage (>= 16.9.4) - restriction: || (>= net45) (>= netcoreapp1.0)
      Microsoft.TestPlatform.TestHost (>= 16.9.4) - restriction: >= netcoreapp1.0
    Microsoft.NETCore.Platforms (5.0.2) - restriction: || (&& (< monoandroid) (< monotouch) (< net35) (>= netstandard1.5) (< netstandard2.0) (< xamarintvos) (< xamarinwatchos)) (&& (< monoandroid) (< monotouch) (>= netstandard1.6) (< xamarinios) (< xamarinmac) (< xamarintvos) (< xamarinwatchos)) (&& (< monoandroid) (< net35) (>= netstandard2.0) (< win8) (< wpa81)) (&& (< monoandroid) (< net35) (>= netstandard2.0) (< xamarinios) (< xamarinmac) (< xamarintvos) (< xamarinwatchos)) (&& (< monoandroid) (>= net50) (< netcoreapp2.0) (< xamarinios) (< xamarinmac) (< xamarintvos) (< xamarinwatchos)) (&& (< monoandroid) (>= net50) (< netcoreapp2.1) (< xamarinios) (< xamarinmac) (< xamarintvos) (< xamarinwatchos)) (&& (< monoandroid) (>= net50) (< netcoreapp3.1) (< xamarinios) (< xamarinmac) (< xamarintvos) (< xamarinwatchos)) (&& (< monoandroid) (>= netcoreapp1.0) (< netcoreapp2.1) (< xamarinios) (< xamarinmac) (< xamarintvos) (< xamarinwatchos)) (&& (< monoandroid) (>= netcoreapp2.1) (< netcoreapp3.1) (< xamarinios) (< xamarinmac) (< xamarintvos) (< xamarinwatchos)) (&& (< monoandroid) (< netstandard1.1) (>= netstandard1.5) (< win8)) (&& (< monoandroid) (< netstandard1.1) (>= netstandard1.6) (< win8)) (&& (< monoandroid) (>= netstandard1.6) (< win8) (< wpa81)) (&& (< net35) (>= net46)) (>= net45) (&& (< net452) (>= net46) (< netstandard1.4) (>= netstandard1.5)) (&& (< net452) (>= net46) (< netstandard1.4) (>= netstandard1.6)) (&& (< net452) (>= net461) (>= netstandard1.5) (< netstandard2.0)) (&& (>= net50) (>= uap10.1)) (&& (>= netcoreapp2.0) (< netcoreapp2.1)) (&& (>= netcoreapp2.0) (< netstandard2.0)) (&& (>= netcoreapp2.0) (>= uap10.1)) (&& (>= netcoreapp2.1) (< netcoreapp3.0)) (&& (>= netcoreapp3.0) (< xamarinios) (< xamarinmac) (< xamarintvos) (< xamarinwatchos)) (&& (< netstandard1.0) (>= netstandard1.5) (< portable-net45+win8)) (&& (< netstandard1.0) (>= netstandard1.5) (>= win8)) (&& (< netstandard1.0) (>= netstandard1.5) (< win8)) (&& (< netstandard1.2) (>= netstandard1.5) (< win8)) (>= netstandard1.3) (&& (>= netstandard1.5) (< portable-net45+win8+wpa81)) (&& (>= netstandard1.5) (>= uap10.1)) (&& (>= netstandard1.5) (< win8) (>= wpa81)) (&& (>= netstandard1.5) (< win8) (< wpa81)) (&& (>= netstandard1.5) (>= wp8)) (&& (>= netstandard1.6) (< netstandard2.0) (>= uap10.0)) (&& (>= netstandard1.6) (< netstandard2.0) (< win8) (< wpa81)) (&& (< netstandard1.6) (>= uap10.0))
    Microsoft.NETCore.Targets (5.0) - restriction: || (&& (< monoandroid) (< monotouch) (< net35) (>= netstandard1.5) (< netstandard2.0) (< xamarintvos) (< xamarinwatchos)) (&& (< monoandroid) (< monotouch) (>= netstandard1.6) (< xamarinios) (< xamarinmac) (< xamarintvos) (< xamarinwatchos)) (&& (< monoandroid) (< net35) (>= netstandard2.0) (< win8) (< wpa81)) (&& (< monoandroid) (< net35) (>= netstandard2.0) (< xamarinios) (< xamarinmac) (< xamarintvos) (< xamarinwatchos)) (&& (< monoandroid) (< netstandard1.1) (>= netstandard1.5) (< win8)) (&& (< monoandroid) (< netstandard1.1) (>= netstandard1.6) (< win8)) (&& (< monoandroid) (< netstandard1.2) (>= netstandard1.5) (< win8)) (&& (< monoandroid) (>= netstandard1.5) (< win8) (< wpa81)) (&& (< monoandroid) (>= netstandard1.6) (< win8) (< wpa81)) (&& (< net35) (>= net46)) (>= net45) (>= netstandard1.3) (&& (>= netstandard1.5) (< portable-net45+win8+wpa81))
    Microsoft.ServiceHub.Analyzers (2.7.2466) - restriction: >= net472
    Microsoft.ServiceHub.Client (2.7.2466) - restriction: >= net472
      Microsoft.ServiceHub.Framework (>= 2.7.2466) - restriction: >= netstandard2.0
      Microsoft.ServiceHub.Resources (>= 2.7.2466) - restriction: >= netstandard2.0
      Microsoft.VisualStudio.RemoteControl (>= 16.3.32) - restriction: >= netstandard2.0
      Microsoft.VisualStudio.Telemetry (>= 16.3.104) - restriction: >= netstandard2.0
      StreamJsonRpc (>= 2.7.67) - restriction: >= netstandard2.0
      System.Collections.Immutable (>= 5.0) - restriction: >= netstandard2.0
    Microsoft.ServiceHub.Framework (2.7.2466) - restriction: >= net472
      Microsoft.ServiceHub.Analyzers (>= 2.7.2466) - restriction: >= netstandard2.0
      StreamJsonRpc (>= 2.7.67) - restriction: >= netstandard2.0
      System.Collections.Immutable (>= 5.0) - restriction: >= netstandard2.0
    Microsoft.ServiceHub.Resources (2.7.2466) - restriction: >= net472
    Microsoft.TeamFoundation.DistributedTask.Common.Contracts (16.147.0-preview) - copy_local: false, redirects: force, restriction: || (>= net45) (>= netstandard2.0)
      Microsoft.VisualStudio.Services.Client (16.147.0-preview) - restriction: || (>= net45) (>= netstandard2.0)
    Microsoft.TeamFoundationServer.Client (16.147.0-preview) - copy_local: false, redirects: force
      Microsoft.AspNet.WebApi.Client (>= 5.2.3) - restriction: || (>= net45) (>= netstandard2.0)
      Microsoft.TeamFoundation.DistributedTask.Common.Contracts (16.147.0-preview) - restriction: || (>= net45) (>= netstandard2.0)
      Microsoft.VisualStudio.Services.Client (16.147.0-preview) - restriction: || (>= net45) (>= netstandard2.0)
      Newtonsoft.Json (>= 10.0.3) - restriction: >= net45
      Newtonsoft.Json (>= 11.0.2) - restriction: && (< net45) (>= netstandard2.0)
      System.ComponentModel.Annotations (>= 4.4.1) - restriction: && (< net45) (>= netstandard2.0)
    Microsoft.TeamFoundationServer.ExtendedClient (16.147.0-preview) - copy_local: false, redirects: force
      Microsoft.AspNet.WebApi.Client (>= 5.2.3)
      Microsoft.AspNet.WebApi.Core (>= 5.2.3)
      Microsoft.IdentityModel.Clients.ActiveDirectory (>= 3.17.2)
      Microsoft.TeamFoundationServer.Client (16.147.0-preview)
      Microsoft.VisualStudio.Services.Client (16.147.0-preview)
      Microsoft.VisualStudio.Services.InteractiveClient (16.147.0-preview)
      Newtonsoft.Json (>= 10.0.3)
      System.IdentityModel.Tokens.Jwt (>= 5.2.1)
    Microsoft.TestPlatform.ObjectModel (16.9.4) - version_in_path: true, restriction: >= netcoreapp1.0
      NuGet.Frameworks (>= 5.0) - restriction: || (&& (>= net45) (< netstandard1.3)) (&& (< net45) (>= netstandard2.0) (< uap10.0)) (>= net451)
      NuGet.Frameworks (4.6.4) - restriction: || (&& (< net45) (>= netstandard1.3) (< netstandard2.0)) (>= uap10.0)
      System.ComponentModel.EventBasedAsync (>= 4.3) - restriction: || (&& (< net45) (>= netstandard1.0) (< netstandard1.3)) (&& (< net45) (>= netstandard1.3) (< netstandard2.0) (< uap10.0))
      System.ComponentModel.TypeConverter (>= 4.3) - restriction: || (&& (< net45) (>= netstandard1.0) (< netstandard1.3)) (&& (< net45) (>= netstandard1.3) (< netstandard2.0) (< uap10.0))
      System.Reflection.Metadata (>= 1.6) - restriction: || (&& (>= net45) (< netstandard1.3)) (&& (< net45) (>= netstandard1.3) (< netstandard2.0) (< uap10.0)) (&& (< net45) (>= netstandard2.0) (< uap10.0)) (>= net451)
      System.Reflection.TypeExtensions (>= 4.3) - restriction: && (< net45) (>= netstandard1.3) (< netstandard2.0) (< uap10.0)
      System.Runtime.Serialization.Json (>= 4.3) - restriction: || (&& (< net45) (>= netstandard1.0) (< netstandard1.3)) (&& (< net45) (>= netstandard1.3) (< netstandard2.0) (< uap10.0))
      System.Runtime.Serialization.Primitives (>= 4.3) - restriction: || (&& (< net45) (>= netstandard1.0) (< netstandard1.3)) (&& (< net45) (>= netstandard1.3) (< netstandard2.0) (< uap10.0))
      System.Xml.XmlDocument (>= 4.3) - restriction: && (< net45) (>= netstandard1.3) (< netstandard2.0) (< uap10.0)
      System.Xml.XPath (>= 4.3) - restriction: && (< net45) (>= netstandard1.3) (< netstandard2.0) (< uap10.0)
      System.Xml.XPath.XmlDocument (>= 4.3) - restriction: && (< net45) (>= netstandard1.3) (< netstandard2.0) (< uap10.0)
    Microsoft.TestPlatform.TestHost (16.9.4) - version_in_path: true, restriction: >= netcoreapp1.0
      Microsoft.TestPlatform.ObjectModel (>= 16.9.4) - restriction: || (>= netcoreapp1.0) (>= uap10.0)
      Newtonsoft.Json (>= 9.0.1) - restriction: || (>= netcoreapp1.0) (>= uap10.0)
      System.Diagnostics.Process (>= 4.1) - restriction: && (>= netcoreapp1.0) (< netcoreapp2.1)
      System.Diagnostics.StackTrace (>= 4.3) - restriction: && (>= netcoreapp1.0) (< netcoreapp2.1)
      System.Diagnostics.TextWriterTraceListener (>= 4.0) - restriction: && (>= netcoreapp1.0) (< netcoreapp2.1)
      System.Diagnostics.TraceSource (>= 4.3) - restriction: && (>= netcoreapp1.0) (< netcoreapp2.1)
      System.Runtime.InteropServices.RuntimeInformation (>= 4.0) - restriction: && (>= netcoreapp1.0) (< netcoreapp2.1)
      System.Runtime.Loader (>= 4.0) - restriction: && (>= netcoreapp1.0) (< netcoreapp2.1)
      System.Threading.Thread (>= 4.0) - restriction: && (>= netcoreapp1.0) (< netcoreapp2.1)
    Microsoft.VisualStudio.CommandBars (16.9.31023.347) - restriction: >= net472
      Microsoft.VisualStudio.SDK.EmbedInteropTypes (>= 15.0.34) - restriction: || (>= net45) (>= netstandard2.0)
      stdole (>= 16.9.31023.347) - restriction: || (>= net45) (>= netstandard2.0)
    Microsoft.VisualStudio.ComponentModelHost (16.9.227) - restriction: >= net472
      Microsoft.VisualStudio.Shell.Interop.10.0 (>= 16.9.30921.310) - restriction: >= net472
    Microsoft.VisualStudio.CoreUtility (16.10.44) - restriction: >= net472
      Microsoft.VisualStudio.Threading (>= 16.9.51) - restriction: >= netstandard2.0
      System.Collections.Immutable (>= 5.0) - restriction: >= netstandard2.0
      System.ComponentModel.Composition (>= 4.5) - restriction: >= netstandard2.0
    Microsoft.VisualStudio.Debugger.Interop.10.0 (16.9.31023.347) - restriction: >= net472
      Microsoft.VisualStudio.Debugger.InteropA (>= 16.9.31023.347) - restriction: || (>= net45) (>= netstandard2.0)
      Microsoft.VisualStudio.SDK.EmbedInteropTypes (>= 15.0.34) - restriction: || (>= net45) (>= netstandard2.0)
    Microsoft.VisualStudio.Debugger.Interop.11.0 (16.9.31023.347) - restriction: >= net472
      Microsoft.VisualStudio.Debugger.InteropA (>= 16.9.31023.347) - restriction: || (>= net45) (>= netstandard2.0)
      Microsoft.VisualStudio.SDK.EmbedInteropTypes (>= 15.0.34) - restriction: || (>= net45) (>= netstandard2.0)
    Microsoft.VisualStudio.Debugger.Interop.12.0 (16.9.31023.347) - restriction: >= net472
      Microsoft.VisualStudio.Debugger.InteropA (>= 16.9.31023.347) - restriction: || (>= net45) (>= netstandard2.0)
      Microsoft.VisualStudio.SDK.EmbedInteropTypes (>= 15.0.34) - restriction: || (>= net45) (>= netstandard2.0)
    Microsoft.VisualStudio.Debugger.Interop.14.0 (16.9.31023.347) - restriction: >= net472
      Microsoft.VisualStudio.Debugger.Interop.11.0 (>= 16.9.31023.347) - restriction: || (>= net45) (>= netstandard2.0)
      Microsoft.VisualStudio.SDK.EmbedInteropTypes (>= 15.0.34) - restriction: || (>= net45) (>= netstandard2.0)
    Microsoft.VisualStudio.Debugger.Interop.15.0 (16.9.31023.347) - restriction: >= net472
      Microsoft.VisualStudio.Debugger.Interop.10.0 (>= 16.9.31023.347) - restriction: || (>= net45) (>= netstandard2.0)
      Microsoft.VisualStudio.SDK.EmbedInteropTypes (>= 15.0.34) - restriction: || (>= net45) (>= netstandard2.0)
    Microsoft.VisualStudio.Debugger.Interop.16.0 (16.9.31024.71) - restriction: >= net472
      Microsoft.VisualStudio.Debugger.Interop.10.0 (>= 16.9.31023.347) - restriction: || (>= net45) (>= netstandard2.0)
      Microsoft.VisualStudio.Debugger.Interop.11.0 (>= 16.9.31023.347) - restriction: || (>= net45) (>= netstandard2.0)
      Microsoft.VisualStudio.SDK.EmbedInteropTypes (>= 15.0.34) - restriction: || (>= net45) (>= netstandard2.0)
    Microsoft.VisualStudio.Debugger.InteropA (16.9.31023.347) - restriction: >= net472
      Microsoft.VisualStudio.SDK.EmbedInteropTypes (>= 15.0.34) - restriction: || (>= net45) (>= netstandard2.0)
    Microsoft.VisualStudio.Designer.Interfaces (1.1.4323) - restriction: >= net472
    Microsoft.VisualStudio.Editor (16.9.227) - restriction: >= net472
      Microsoft.VisualStudio.CoreUtility (>= 16.9.227) - restriction: >= net472
      Microsoft.VisualStudio.Language (>= 16.9.227) - restriction: >= net472
      Microsoft.VisualStudio.RpcContracts (>= 16.9.63) - restriction: >= net472
      Microsoft.VisualStudio.Shell.15.0 (>= 16.9.30921.310) - restriction: >= net472
      Microsoft.VisualStudio.Shell.Interop.11.0 (>= 16.9.30921.310) - restriction: >= net472
      Microsoft.VisualStudio.Text.Data (>= 16.9.227) - restriction: >= net472
      Microsoft.VisualStudio.Text.Logic (>= 16.9.227) - restriction: >= net472
      Microsoft.VisualStudio.Text.UI (>= 16.9.227) - restriction: >= net472
      Microsoft.VisualStudio.Text.UI.Wpf (>= 16.9.227) - restriction: >= net472
      Microsoft.VisualStudio.TextManager.Interop (>= 16.9.30921.310) - restriction: >= net472
      Microsoft.VisualStudio.TextManager.Interop.8.0 (>= 16.9.30921.310) - restriction: >= net472
      Microsoft.VisualStudio.Threading (>= 16.9.51) - restriction: >= net472
      Microsoft.VisualStudio.Validation (>= 16.9.28) - restriction: >= net472
    Microsoft.VisualStudio.GraphModel (16.9.31023.347) - restriction: >= net472
      Microsoft.VisualStudio.OLE.Interop (>= 16.9.31023.347) - restriction: >= net472
      System.ComponentModel.Composition (>= 4.5) - restriction: >= net472
    Microsoft.VisualStudio.ImageCatalog (16.9.31023.347) - restriction: >= net472
      Microsoft.VisualStudio.Imaging.Interop.14.0.DesignTime (>= 16.9.31023.347) - restriction: >= netstandard2.0
    Microsoft.VisualStudio.Imaging (16.9.31024.71) - restriction: >= net472
      Microsoft.VisualStudio.ImageCatalog (>= 16.9.31023.347) - restriction: >= net472
      Microsoft.VisualStudio.Imaging.Interop.14.0.DesignTime (>= 16.9.31023.347) - restriction: >= net472
      Microsoft.VisualStudio.Threading (>= 16.9.54) - restriction: >= net472
      Microsoft.VisualStudio.Utilities (>= 16.9.31024.71) - restriction: >= net472
      stdole (>= 16.9.31023.347) - restriction: >= net472
      System.Collections.Immutable (>= 5.0) - restriction: >= net472
    Microsoft.VisualStudio.Imaging.Interop.14.0.DesignTime (16.9.31023.347) - restriction: >= net472
      Microsoft.VisualStudio.SDK.EmbedInteropTypes (>= 15.0.34) - restriction: || (>= net45) (>= netstandard2.0)
    Microsoft.VisualStudio.Language (16.9.227) - restriction: >= net472
      Microsoft.VisualStudio.CoreUtility (>= 16.9.227) - restriction: >= netstandard2.0
      Microsoft.VisualStudio.Text.Data (>= 16.9.227) - restriction: >= netstandard2.0
      Microsoft.VisualStudio.Text.Logic (>= 16.9.227) - restriction: >= netstandard2.0
      Microsoft.VisualStudio.Text.UI (>= 16.9.227) - restriction: >= netstandard2.0
      Newtonsoft.Json (>= 12.0.2) - restriction: >= netstandard2.0
      System.Collections.Immutable (>= 5.0) - restriction: >= netstandard2.0
      System.ComponentModel.Composition (>= 4.5) - restriction: >= netstandard2.0
      System.Private.Uri (>= 4.3.2) - restriction: >= netstandard2.0
    Microsoft.VisualStudio.Language.Intellisense (16.9.227) - restriction: >= net472
      Microsoft.VisualStudio.CoreUtility (>= 16.9.227) - restriction: >= net472
      Microsoft.VisualStudio.Imaging.Interop.14.0.DesignTime (>= 16.9.30921.310) - restriction: >= net472
      Microsoft.VisualStudio.Language (>= 16.9.227) - restriction: >= net472
      Microsoft.VisualStudio.Text.Data (>= 16.9.227) - restriction: >= net472
      Microsoft.VisualStudio.Text.Logic (>= 16.9.227) - restriction: >= net472
      Microsoft.VisualStudio.Text.UI (>= 16.9.227) - restriction: >= net472
      System.Runtime.CompilerServices.Unsafe (>= 4.7.1) - restriction: >= net472
    Microsoft.VisualStudio.Language.NavigateTo.Interfaces (16.9.227) - restriction: >= net472
      Microsoft.VisualStudio.ImageCatalog (>= 16.9.30921.310) - restriction: >= net472
      Microsoft.VisualStudio.Imaging (>= 16.9.30921.310) - restriction: >= net472
      Microsoft.VisualStudio.Imaging.Interop.14.0.DesignTime (>= 16.9.30921.310) - restriction: >= net472
      Microsoft.VisualStudio.OLE.Interop (>= 16.9.30921.310) - restriction: >= net472
      Microsoft.VisualStudio.Shell.Interop (>= 16.9.30921.310) - restriction: >= net472
      Microsoft.VisualStudio.Shell.Interop.10.0 (>= 16.9.30921.310) - restriction: >= net472
      Microsoft.VisualStudio.Shell.Interop.11.0 (>= 16.9.30921.310) - restriction: >= net472
      Microsoft.VisualStudio.Shell.Interop.12.0 (>= 16.9.30921.310) - restriction: >= net472
      Microsoft.VisualStudio.Shell.Interop.14.0.DesignTime (>= 16.9.30921.310) - restriction: >= net472
      Microsoft.VisualStudio.Shell.Interop.8.0 (>= 16.9.30921.310) - restriction: >= net472
      Microsoft.VisualStudio.Text.Logic (>= 16.9.205) - restriction: >= net472
      Microsoft.VisualStudio.TextManager.Interop (>= 16.9.30921.310) - restriction: >= net472
      Microsoft.VisualStudio.TextManager.Interop.8.0 (>= 16.9.30921.310) - restriction: >= net472
      Microsoft.VisualStudio.Utilities (>= 16.9.30921.310) - restriction: >= net472
    Microsoft.VisualStudio.Language.StandardClassification (16.9.227) - restriction: >= net472
      Microsoft.VisualStudio.Text.Logic (>= 16.9.227) - restriction: >= netstandard2.0
    Microsoft.VisualStudio.LanguageServer.Client (16.9.1180) - restriction: >= net472
      Microsoft.VisualStudio.CoreUtility (>= 16.9.214) - restriction: >= net472
      Microsoft.VisualStudio.LanguageServer.Protocol (>= 16.9.1180) - restriction: >= net472
      Microsoft.VisualStudio.Shell.15.0 (>= 16.9.30927.25) - restriction: >= net472
      Microsoft.VisualStudio.Shell.Framework (>= 16.9.30927.25) - restriction: >= net472
      Microsoft.VisualStudio.Utilities (>= 16.9.30927.25) - restriction: >= net472
      StreamJsonRpc (>= 2.7.70) - restriction: >= net472
    Microsoft.VisualStudio.LanguageServer.Protocol (16.9.1180) - restriction: >= net472
      Newtonsoft.Json (>= 9.0.1) - restriction: >= netstandard1.0
    Microsoft.VisualStudio.OLE.Interop (16.9.31023.347) - restriction: >= net472
      Microsoft.VisualStudio.SDK.EmbedInteropTypes (>= 15.0.34) - restriction: || (>= net45) (>= netstandard2.0)
    Microsoft.VisualStudio.Package.LanguageService.15.0 (16.9.31025.104) - restriction: >= net472
      Microsoft.VisualStudio.Shell.Framework (>= 16.9.31024.71)
    Microsoft.VisualStudio.ProjectAggregator (16.9.31023.347) - restriction: >= net472
      Microsoft.VisualStudio.SDK.EmbedInteropTypes (>= 15.0.34) - restriction: || (>= net45) (>= netstandard2.0)
    Microsoft.VisualStudio.RemoteControl (16.3.32) - restriction: >= net472
      Microsoft.VisualStudio.Utilities.Internal (>= 16.3.23) - restriction: || (>= net45) (>= netstandard2.0)
    Microsoft.VisualStudio.RpcContracts (16.9.65) - restriction: >= net472
      Microsoft.ServiceHub.Framework (>= 2.7.339) - restriction: >= netstandard2.0
      StreamJsonRpc (>= 2.7.67) - restriction: >= netstandard2.0
    Microsoft.VisualStudio.SDK (16.9.31025.194)
      EnvDTE100 (>= 16.9.31023.347) - restriction: >= net472
      Microsoft.VisualStudio.CommandBars (>= 16.9.31023.347) - restriction: >= net472
      Microsoft.VisualStudio.ComponentModelHost (>= 16.9.227) - restriction: >= net472
      Microsoft.VisualStudio.CoreUtility (>= 16.9.227) - restriction: >= net472
      Microsoft.VisualStudio.Debugger.Interop.12.0 (>= 16.9.31023.347) - restriction: >= net472
      Microsoft.VisualStudio.Debugger.Interop.14.0 (>= 16.9.31023.347) - restriction: >= net472
      Microsoft.VisualStudio.Debugger.Interop.15.0 (>= 16.9.31023.347) - restriction: >= net472
      Microsoft.VisualStudio.Debugger.Interop.16.0 (>= 16.9.31024.71) - restriction: >= net472
      Microsoft.VisualStudio.Editor (>= 16.9.227) - restriction: >= net472
      Microsoft.VisualStudio.ImageCatalog (>= 16.9.31023.347) - restriction: >= net472
      Microsoft.VisualStudio.Imaging (>= 16.9.31024.71) - restriction: >= net472
      Microsoft.VisualStudio.Language (>= 16.9.227) - restriction: >= net472
      Microsoft.VisualStudio.Language.Intellisense (>= 16.9.227) - restriction: >= net472
      Microsoft.VisualStudio.Language.NavigateTo.Interfaces (>= 16.9.227) - restriction: >= net472
      Microsoft.VisualStudio.Language.StandardClassification (>= 16.9.227) - restriction: >= net472
      Microsoft.VisualStudio.LanguageServer.Client (>= 16.9.1180) - restriction: >= net472
      Microsoft.VisualStudio.OLE.Interop (>= 16.9.31023.347) - restriction: >= net472
      Microsoft.VisualStudio.Package.LanguageService.15.0 (>= 16.9.31025.104) - restriction: >= net472
      Microsoft.VisualStudio.ProjectAggregator (>= 16.9.31023.347) - restriction: >= net472
      Microsoft.VisualStudio.SDK.Analyzers (>= 16.7.9) - restriction: >= net472
      Microsoft.VisualStudio.SDK.EmbedInteropTypes (>= 15.0.34) - restriction: >= net472
      Microsoft.VisualStudio.Shell.Design (>= 16.9.31025.104) - restriction: >= net472
      Microsoft.VisualStudio.Shell.Embeddable (>= 16.9.31023.347) - restriction: >= net472
      Microsoft.VisualStudio.Shell.Immutable.10.0 (>= 16.9.31024.71) - restriction: >= net472
      Microsoft.VisualStudio.Shell.Immutable.11.0 (>= 16.9.31024.71) - restriction: >= net472
      Microsoft.VisualStudio.Shell.Immutable.12.0 (>= 16.9.31024.71) - restriction: >= net472
      Microsoft.VisualStudio.Shell.Immutable.14.0 (>= 16.9.31024.71) - restriction: >= net472
      Microsoft.VisualStudio.Shell.Interop (>= 16.9.31023.347) - restriction: >= net472
      Microsoft.VisualStudio.Shell.Interop.15.1.DesignTime (>= 16.9.31023.347) - restriction: >= net472
      Microsoft.VisualStudio.Shell.Interop.15.5.DesignTime (>= 16.9.31023.347) - restriction: >= net472
      Microsoft.VisualStudio.Shell.Interop.15.7.DesignTime (>= 16.9.31023.347) - restriction: >= net472
      Microsoft.VisualStudio.Shell.Interop.15.8.DesignTime (>= 16.9.31023.347) - restriction: >= net472
      Microsoft.VisualStudio.Shell.Interop.16.0.DesignTime (>= 16.9.31024.71) - restriction: >= net472
      Microsoft.VisualStudio.Shell.Interop.16.1.DesignTime (>= 16.9.31024.71) - restriction: >= net472
      Microsoft.VisualStudio.Shell.Interop.16.2.DesignTime (>= 16.9.31024.71) - restriction: >= net472
      Microsoft.VisualStudio.Shell.Interop.16.3.DesignTime (>= 16.9.31024.71) - restriction: >= net472
      Microsoft.VisualStudio.Shell.Interop.16.4.DesignTime (>= 16.9.31024.71) - restriction: >= net472
      Microsoft.VisualStudio.Shell.Interop.16.5.DesignTime (>= 16.9.31024.71) - restriction: >= net472
      Microsoft.VisualStudio.Shell.Interop.16.6.DesignTime (>= 16.9.31024.71) - restriction: >= net472
      Microsoft.VisualStudio.Shell.Interop.16.7.DesignTime (>= 16.9.31024.71) - restriction: >= net472
      Microsoft.VisualStudio.Shell.Interop.16.9.DesignTime (>= 16.9.31024.71) - restriction: >= net472
      Microsoft.VisualStudio.TaskRunnerExplorer.14.0 (>= 14.0) - restriction: >= net472
      Microsoft.VisualStudio.Text.Logic (>= 16.9.227) - restriction: >= net472
      Microsoft.VisualStudio.TextManager.Interop.12.1.DesignTime (>= 16.9.31023.347) - restriction: >= net472
      Microsoft.VisualStudio.TextTemplating.15.0 (>= 16.9.31025.194) - restriction: >= net472
      Microsoft.VisualStudio.TextTemplating.Interfaces.15.0 (>= 16.9.31025.104) - restriction: >= net472
      Microsoft.VisualStudio.TextTemplating.VSHost.15.0 (>= 16.9.31025.194) - restriction: >= net472
      Microsoft.VisualStudio.Web.BrowserLink.12.0 (>= 12.0) - restriction: >= net472
      Microsoft.Win32.Primitives (>= 4.3) - restriction: >= net472
      System.ComponentModel.Composition (>= 4.5) - restriction: >= net472
      VSLangProj100 (>= 16.9.31023.347) - restriction: >= net472
      VSLangProj150 (>= 16.9.31023.347) - restriction: >= net472
      VSLangProj157 (>= 16.9.31023.347) - restriction: >= net472
      VSLangProj158 (>= 16.9.31023.347) - restriction: >= net472
      VSLangProj165 (>= 16.9.31024.71) - restriction: >= net472
      VSLangProj2 (>= 16.9.31023.347) - restriction: >= net472
    Microsoft.VisualStudio.SDK.Analyzers (16.7.9) - restriction: >= net46
      Microsoft.CodeAnalysis.BannedApiAnalyzers (>= 3.0) - restriction: >= netstandard2.0
      Microsoft.VisualStudio.Threading.Analyzers (>= 16.7.40) - restriction: >= netstandard2.0
    Microsoft.VisualStudio.SDK.EmbedInteropTypes (15.0.36) - restriction: >= net472
    Microsoft.VisualStudio.Services.Client (16.147.0-preview) - copy_local: false, redirects: force
      Microsoft.AspNet.WebApi.Client (>= 5.2.3) - restriction: || (>= net45) (>= netstandard2.0)
      Microsoft.IdentityModel.Tokens (>= 5.2.1) - restriction: >= net45
      Microsoft.Net.Http (>= 2.2.29) - restriction: && (< net45) (>= netstandard2.0)
      Newtonsoft.Json (>= 10.0.3) - restriction: >= net45
      Newtonsoft.Json (>= 11.0.2) - restriction: && (< net45) (>= netstandard2.0)
      System.Configuration.ConfigurationManager (>= 4.4.1) - restriction: && (< net45) (>= netstandard2.0)
      System.Data.SqlClient (>= 4.4.2) - restriction: && (< net45) (>= netstandard2.0)
      System.IdentityModel.Tokens.Jwt (>= 5.2.1) - restriction: >= net45
      System.Security.Cryptography.Cng (>= 4.4) - restriction: && (< net45) (>= netstandard2.0)
      System.Security.Cryptography.OpenSsl (>= 4.4) - restriction: && (< net45) (>= netstandard2.0)
      System.Security.Cryptography.ProtectedData (>= 4.4) - restriction: && (< net45) (>= netstandard2.0)
      System.Security.Principal.Windows (>= 4.4.1) - restriction: && (< net45) (>= netstandard2.0)
      System.Xml.XPath.XmlDocument (>= 4.3) - restriction: && (< net45) (>= netstandard2.0)
    Microsoft.VisualStudio.Services.InteractiveClient (16.147.0-preview) - copy_local: false, redirects: force
      Ben.Demystifier (>= 0.1.2) - restriction: || (>= net45) (>= netstandard2.0)
      Microsoft.IdentityModel.Clients.ActiveDirectory (>= 3.17.2) - restriction: || (>= net45) (>= netstandard2.0)
      Microsoft.IdentityModel.Logging (>= 5.2.1) - restriction: >= net45
      Microsoft.IdentityModel.Tokens (>= 5.2.1) - restriction: >= net45
      Microsoft.VisualStudio.Services.Client (16.147.0-preview) - restriction: || (>= net45) (>= netstandard2.0)
      Newtonsoft.Json (>= 10.0.3) - restriction: >= net45
      Newtonsoft.Json (>= 11.0.2) - restriction: && (< net45) (>= netstandard2.0)
      System.IdentityModel.Tokens.Jwt (>= 5.2.1) - restriction: || (>= net45) (>= netstandard2.0)
    Microsoft.VisualStudio.Shell.15.0 (16.9.31025.104) - restriction: >= net472
      EnvDTE (>= 16.9.31023.347) - restriction: >= net472
      EnvDTE80 (>= 16.9.31023.347) - restriction: >= net472
      Microsoft.VisualStudio.ComponentModelHost (>= 16.9.227) - restriction: >= net472
      Microsoft.VisualStudio.Designer.Interfaces (>= 1.1.4323) - restriction: >= net472
      Microsoft.VisualStudio.ImageCatalog (>= 16.9.31023.347) - restriction: >= net472
      Microsoft.VisualStudio.Imaging (>= 16.9.31024.71) - restriction: >= net472
      Microsoft.VisualStudio.Imaging.Interop.14.0.DesignTime (>= 16.9.31023.347) - restriction: >= net472
      Microsoft.VisualStudio.OLE.Interop (>= 16.9.31023.347) - restriction: >= net472
      Microsoft.VisualStudio.ProjectAggregator (>= 16.9.31023.347) - restriction: >= net472
      Microsoft.VisualStudio.SDK.Analyzers (>= 16.7.9) - restriction: >= net472
      Microsoft.VisualStudio.Shell.Embeddable (>= 16.9.31023.347) - restriction: >= net472
      Microsoft.VisualStudio.Shell.Framework (>= 16.9.31024.71) - restriction: >= net472
      Microsoft.VisualStudio.Shell.Interop (>= 16.9.31023.347) - restriction: >= net472
      Microsoft.VisualStudio.Shell.Interop.10.0 (>= 16.9.31023.347) - restriction: >= net472
      Microsoft.VisualStudio.Shell.Interop.11.0 (>= 16.9.31023.347) - restriction: >= net472
      Microsoft.VisualStudio.Shell.Interop.12.0 (>= 16.9.31023.347) - restriction: >= net472
      Microsoft.VisualStudio.Shell.Interop.12.1.DesignTime (>= 16.9.31023.347) - restriction: >= net472
      Microsoft.VisualStudio.Shell.Interop.14.0.DesignTime (>= 16.9.31023.347) - restriction: >= net472
      Microsoft.VisualStudio.Shell.Interop.15.0.DesignTime (>= 16.9.31023.347) - restriction: >= net472
      Microsoft.VisualStudio.Shell.Interop.15.3.DesignTime (>= 16.9.31023.347) - restriction: >= net472
      Microsoft.VisualStudio.Shell.Interop.15.6.DesignTime (>= 16.9.31023.347) - restriction: >= net472
      Microsoft.VisualStudio.Shell.Interop.15.7.DesignTime (>= 16.9.31023.347) - restriction: >= net472
      Microsoft.VisualStudio.Shell.Interop.15.8.DesignTime (>= 16.9.31023.347) - restriction: >= net472
      Microsoft.VisualStudio.Shell.Interop.16.0.DesignTime (>= 16.9.31024.71) - restriction: >= net472
      Microsoft.VisualStudio.Shell.Interop.16.3.DesignTime (>= 16.9.31024.71) - restriction: >= net472
      Microsoft.VisualStudio.Shell.Interop.16.5.DesignTime (>= 16.9.31024.71) - restriction: >= net472
      Microsoft.VisualStudio.Shell.Interop.8.0 (>= 16.9.31023.347) - restriction: >= net472
      Microsoft.VisualStudio.Shell.Interop.9.0 (>= 16.9.31023.347) - restriction: >= net472
      Microsoft.VisualStudio.Text.Data (>= 16.9.227) - restriction: >= net472
      Microsoft.VisualStudio.TextManager.Interop (>= 16.9.31023.347) - restriction: >= net472
      Microsoft.VisualStudio.TextManager.Interop.8.0 (>= 16.9.31023.347) - restriction: >= net472
      Microsoft.VisualStudio.Utilities (>= 16.9.31024.71) - restriction: >= net472
      stdole (>= 16.9.31023.347) - restriction: >= net472
    Microsoft.VisualStudio.Shell.Design (16.9.31025.104) - restriction: >= net472
      EnvDTE (>= 16.9.31023.347) - restriction: >= net472
      Microsoft.VisualStudio.Designer.Interfaces (>= 1.1.4323) - restriction: >= net472
      Microsoft.VisualStudio.OLE.Interop (>= 16.9.31023.347) - restriction: >= net472
      Microsoft.VisualStudio.Shell.15.0 (>= 16.9.31025.104) - restriction: >= net472
      Microsoft.VisualStudio.Shell.Framework (>= 16.9.31024.71) - restriction: >= net472
      Microsoft.VisualStudio.Shell.Interop (>= 16.9.31023.347) - restriction: >= net472
      Microsoft.VisualStudio.Shell.Interop.10.0 (>= 16.9.31023.347) - restriction: >= net472
      Microsoft.VisualStudio.Shell.Interop.11.0 (>= 16.9.31023.347) - restriction: >= net472
      Microsoft.VisualStudio.Shell.Interop.15.0.DesignTime (>= 16.9.31023.347) - restriction: >= net472
      Microsoft.VisualStudio.Shell.Interop.8.0 (>= 16.9.31023.347) - restriction: >= net472
      Microsoft.VisualStudio.Shell.Interop.9.0 (>= 16.9.31023.347) - restriction: >= net472
      Microsoft.VisualStudio.TextManager.Interop (>= 16.9.31023.347) - restriction: >= net472
    Microsoft.VisualStudio.Shell.Embeddable (16.9.31023.347) - restriction: >= net472
      Microsoft.ServiceHub.Framework (>= 2.7.345) - restriction: >= netstandard2.0
      Microsoft.VisualStudio.Imaging.Interop.14.0.DesignTime (>= 14.3.26931) - restriction: >= netstandard2.0
    Microsoft.VisualStudio.Shell.Framework (16.9.31024.71) - restriction: >= net472
      Microsoft.Build.Framework (>= 16.5) - restriction: >= net472
      Microsoft.VisualStudio.GraphModel (>= 16.9.31023.347) - restriction: >= net472
      Microsoft.VisualStudio.Imaging.Interop.14.0.DesignTime (>= 16.9.31023.347) - restriction: >= net472
      Microsoft.VisualStudio.OLE.Interop (>= 16.9.31023.347) - restriction: >= net472
      Microsoft.VisualStudio.SDK.Analyzers (>= 16.7.9) - restriction: >= net472
      Microsoft.VisualStudio.Shell.Interop (>= 16.9.31023.347) - restriction: >= net472
      Microsoft.VisualStudio.Shell.Interop.10.0 (>= 16.9.31023.347) - restriction: >= net472
      Microsoft.VisualStudio.Shell.Interop.11.0 (>= 16.9.31023.347) - restriction: >= net472
      Microsoft.VisualStudio.Shell.Interop.12.0 (>= 16.9.31023.347) - restriction: >= net472
      Microsoft.VisualStudio.Shell.Interop.12.1.DesignTime (>= 16.9.31023.347) - restriction: >= net472
      Microsoft.VisualStudio.Shell.Interop.14.0.DesignTime (>= 16.9.31023.347) - restriction: >= net472
      Microsoft.VisualStudio.Shell.Interop.15.0.DesignTime (>= 16.9.31023.347) - restriction: >= net472
      Microsoft.VisualStudio.Shell.Interop.15.3.DesignTime (>= 16.9.31023.347) - restriction: >= net472
      Microsoft.VisualStudio.Shell.Interop.15.6.DesignTime (>= 16.9.31023.347) - restriction: >= net472
      Microsoft.VisualStudio.Shell.Interop.15.7.DesignTime (>= 16.9.31023.347) - restriction: >= net472
      Microsoft.VisualStudio.Shell.Interop.16.0.DesignTime (>= 16.9.31024.71) - restriction: >= net472
      Microsoft.VisualStudio.Shell.Interop.16.5.DesignTime (>= 16.9.31024.71) - restriction: >= net472
      Microsoft.VisualStudio.Shell.Interop.8.0 (>= 16.9.31023.347) - restriction: >= net472
      Microsoft.VisualStudio.Shell.Interop.9.0 (>= 16.9.31023.347) - restriction: >= net472
      Microsoft.VisualStudio.Telemetry (>= 16.3.104) - restriction: >= net472
      Microsoft.VisualStudio.Text.Data (>= 16.9.227) - restriction: >= net472
      Microsoft.VisualStudio.TextManager.Interop (>= 16.9.31023.347) - restriction: >= net472
      Microsoft.VisualStudio.TextManager.Interop.8.0 (>= 16.9.31023.347) - restriction: >= net472
      Microsoft.VisualStudio.Threading (>= 16.9.54) - restriction: >= net472
      Microsoft.VisualStudio.Utilities (>= 16.9.31024.71) - restriction: >= net472
      Newtonsoft.Json (>= 12.0.2) - restriction: >= net472
      System.ComponentModel.Composition (>= 4.5) - restriction: >= net472
      System.Threading.Tasks.Dataflow (>= 5.0) - restriction: >= net472
      System.Threading.Tasks.Extensions (>= 4.5.4) - restriction: >= net472
    Microsoft.VisualStudio.Shell.Immutable.10.0 (16.9.31024.71) - restriction: >= net472
      Microsoft.VisualStudio.SDK.EmbedInteropTypes (>= 15.0.34) - restriction: >= net472
      Microsoft.VisualStudio.Shell.Framework (>= 16.9.31024.71) - restriction: >= net472
    Microsoft.VisualStudio.Shell.Immutable.11.0 (16.9.31024.71) - restriction: >= net472
      Microsoft.VisualStudio.SDK.EmbedInteropTypes (>= 15.0.34) - restriction: >= net472
      Microsoft.VisualStudio.Shell.Framework (>= 16.9.31024.71) - restriction: >= net472
    Microsoft.VisualStudio.Shell.Immutable.12.0 (16.9.31024.71) - restriction: >= net472
      Microsoft.VisualStudio.SDK.EmbedInteropTypes (>= 15.0.34) - restriction: >= net472
      Microsoft.VisualStudio.Shell.Framework (>= 16.9.31024.71) - restriction: >= net472
    Microsoft.VisualStudio.Shell.Immutable.14.0 (16.9.31024.71) - restriction: >= net472
      Microsoft.VisualStudio.SDK.EmbedInteropTypes (>= 15.0.34) - restriction: >= net472
      Microsoft.VisualStudio.Shell.Framework (>= 16.9.31024.71) - restriction: >= net472
    Microsoft.VisualStudio.Shell.Interop (16.9.31023.347) - restriction: >= net472
      Microsoft.VisualStudio.SDK.EmbedInteropTypes (>= 15.0.34) - restriction: || (>= net45) (>= netstandard2.0)
      Microsoft.VisualStudio.TextManager.Interop (>= 16.9.31023.347) - restriction: || (>= net45) (>= netstandard2.0)
    Microsoft.VisualStudio.Shell.Interop.10.0 (16.9.31023.347) - restriction: >= net472
      Microsoft.VisualStudio.SDK.EmbedInteropTypes (>= 15.0.34) - restriction: || (>= net45) (>= netstandard2.0)
      Microsoft.VisualStudio.Shell.Interop.8.0 (>= 16.9.31023.347) - restriction: || (>= net45) (>= netstandard2.0)
    Microsoft.VisualStudio.Shell.Interop.11.0 (16.9.31023.347) - restriction: >= net472
      Microsoft.VisualStudio.SDK.EmbedInteropTypes (>= 15.0.34) - restriction: || (>= net45) (>= netstandard2.0)
      Microsoft.VisualStudio.Shell.Interop.10.0 (>= 16.9.31023.347) - restriction: || (>= net45) (>= netstandard2.0)
    Microsoft.VisualStudio.Shell.Interop.12.0 (16.9.31023.347) - restriction: >= net472
      Microsoft.VisualStudio.SDK.EmbedInteropTypes (>= 15.0.34) - restriction: || (>= net45) (>= netstandard2.0)
      Microsoft.VisualStudio.Shell.Interop.11.0 (>= 16.9.31023.347) - restriction: || (>= net45) (>= netstandard2.0)
    Microsoft.VisualStudio.Shell.Interop.12.1.DesignTime (16.9.31023.347) - restriction: >= net472
      Microsoft.VisualStudio.SDK.EmbedInteropTypes (>= 15.0.34) - restriction: || (>= net45) (>= netstandard2.0)
      Microsoft.VisualStudio.Shell.Interop.12.0 (>= 16.9.31023.347) - restriction: || (>= net45) (>= netstandard2.0)
    Microsoft.VisualStudio.Shell.Interop.14.0.DesignTime (16.9.31023.347) - restriction: >= net472
      Microsoft.VisualStudio.Imaging.Interop.14.0.DesignTime (>= 16.9.31023.347) - restriction: || (>= net45) (>= netstandard2.0)
      Microsoft.VisualStudio.SDK.EmbedInteropTypes (>= 15.0.34) - restriction: || (>= net45) (>= netstandard2.0)
      Microsoft.VisualStudio.Shell.Interop.12.0 (>= 16.9.31023.347) - restriction: || (>= net45) (>= netstandard2.0)
    Microsoft.VisualStudio.Shell.Interop.15.0.DesignTime (16.9.31023.347) - restriction: >= net472
      Microsoft.VisualStudio.SDK.EmbedInteropTypes (>= 15.0.34) - restriction: || (>= net45) (>= netstandard2.0)
      Microsoft.VisualStudio.Shell.Interop.12.0 (>= 16.9.31023.347) - restriction: || (>= net45) (>= netstandard2.0)
    Microsoft.VisualStudio.Shell.Interop.15.1.DesignTime (16.9.31023.347) - restriction: >= net472
      Microsoft.VisualStudio.SDK.EmbedInteropTypes (>= 15.0.34) - restriction: || (>= net45) (>= netstandard2.0)
    Microsoft.VisualStudio.Shell.Interop.15.3.DesignTime (16.9.31023.347) - restriction: >= net472
      Microsoft.VisualStudio.SDK.EmbedInteropTypes (>= 15.0.34) - restriction: || (>= net45) (>= netstandard2.0)
      Microsoft.VisualStudio.Shell.Interop.11.0 (>= 16.9.31023.347) - restriction: || (>= net45) (>= netstandard2.0)
    Microsoft.VisualStudio.Shell.Interop.15.5.DesignTime (16.9.31023.347) - restriction: >= net472
      Microsoft.VisualStudio.SDK.EmbedInteropTypes (>= 15.0.34) - restriction: || (>= net45) (>= netstandard2.0)
      Microsoft.VisualStudio.Shell.Interop.12.0 (>= 16.9.31023.347) - restriction: || (>= net45) (>= netstandard2.0)
    Microsoft.VisualStudio.Shell.Interop.15.6.DesignTime (16.9.31023.347) - restriction: >= net472
      Microsoft.VisualStudio.SDK.EmbedInteropTypes (>= 15.0.34) - restriction: || (>= net45) (>= netstandard2.0)
      Microsoft.VisualStudio.Shell.Interop.11.0 (>= 16.9.31023.347) - restriction: || (>= net45) (>= netstandard2.0)
    Microsoft.VisualStudio.Shell.Interop.15.7.DesignTime (16.9.31023.347) - restriction: >= net472
      Microsoft.VisualStudio.SDK.EmbedInteropTypes (>= 15.0.34) - restriction: || (>= net45) (>= netstandard2.0)
      Microsoft.VisualStudio.Shell.Interop.15.0.DesignTime (>= 16.9.31023.347) - restriction: || (>= net45) (>= netstandard2.0)
    Microsoft.VisualStudio.Shell.Interop.15.8.DesignTime (16.9.31023.347) - restriction: >= net472
      Microsoft.VisualStudio.SDK.EmbedInteropTypes (>= 15.0.34) - restriction: || (>= net45) (>= netstandard2.0)
      Microsoft.VisualStudio.Shell.Interop.15.7.DesignTime (>= 16.9.31023.347) - restriction: || (>= net45) (>= netstandard2.0)
    Microsoft.VisualStudio.Shell.Interop.16.0.DesignTime (16.9.31024.71) - restriction: >= net472
      Microsoft.VisualStudio.OLE.Interop (>= 16.9.31023.347) - restriction: || (>= net45) (>= netstandard2.0)
      Microsoft.VisualStudio.SDK.EmbedInteropTypes (>= 15.0.34) - restriction: || (>= net45) (>= netstandard2.0)
      Microsoft.VisualStudio.Shell.Interop (>= 16.9.31023.347) - restriction: || (>= net45) (>= netstandard2.0)
      Microsoft.VisualStudio.Shell.Interop.11.0 (>= 16.9.31023.347) - restriction: || (>= net45) (>= netstandard2.0)
    Microsoft.VisualStudio.Shell.Interop.16.1.DesignTime (16.9.31024.71) - restriction: >= net472
      Microsoft.VisualStudio.SDK.EmbedInteropTypes (>= 15.0.34) - restriction: || (>= net45) (>= netstandard2.0)
      Microsoft.VisualStudio.Shell.Interop.16.0.DesignTime (>= 16.9.31024.71) - restriction: || (>= net45) (>= netstandard2.0)
    Microsoft.VisualStudio.Shell.Interop.16.2.DesignTime (16.9.31024.71) - restriction: >= net472
      Microsoft.VisualStudio.SDK.EmbedInteropTypes (>= 15.0.34) - restriction: || (>= net45) (>= netstandard2.0)
      Microsoft.VisualStudio.Shell.Interop.16.1.DesignTime (>= 16.9.31024.71) - restriction: || (>= net45) (>= netstandard2.0)
    Microsoft.VisualStudio.Shell.Interop.16.3.DesignTime (16.9.31024.71) - restriction: >= net472
      Microsoft.VisualStudio.SDK.EmbedInteropTypes (>= 15.0.34) - restriction: || (>= net45) (>= netstandard2.0)
      Microsoft.VisualStudio.Shell.Interop.12.0 (>= 16.9.31023.347) - restriction: || (>= net45) (>= netstandard2.0)
      Microsoft.VisualStudio.Shell.Interop.16.2.DesignTime (>= 16.9.31024.71) - restriction: || (>= net45) (>= netstandard2.0)
    Microsoft.VisualStudio.Shell.Interop.16.4.DesignTime (16.9.31024.71) - restriction: >= net472
      Microsoft.VisualStudio.SDK.EmbedInteropTypes (>= 15.0.34) - restriction: || (>= net45) (>= netstandard2.0)
      Microsoft.VisualStudio.Shell.Interop (>= 16.9.31023.347) - restriction: || (>= net45) (>= netstandard2.0)
      Microsoft.VisualStudio.Shell.Interop.14.0.DesignTime (>= 16.9.31023.347) - restriction: || (>= net45) (>= netstandard2.0)
      Microsoft.VisualStudio.Shell.Interop.16.3.DesignTime (>= 16.9.31024.71) - restriction: || (>= net45) (>= netstandard2.0)
    Microsoft.VisualStudio.Shell.Interop.16.5.DesignTime (16.9.31024.71) - restriction: >= net472
      Microsoft.VisualStudio.SDK.EmbedInteropTypes (>= 15.0.34) - restriction: || (>= net45) (>= netstandard2.0)
      Microsoft.VisualStudio.Shell.Interop.11.0 (>= 16.9.31023.347) - restriction: || (>= net45) (>= netstandard2.0)
      Microsoft.VisualStudio.Shell.Interop.16.4.DesignTime (>= 16.9.31024.71) - restriction: || (>= net45) (>= netstandard2.0)
    Microsoft.VisualStudio.Shell.Interop.16.6.DesignTime (16.9.31024.71) - restriction: >= net472
      Microsoft.VisualStudio.SDK.EmbedInteropTypes (>= 15.0.34) - restriction: || (>= net45) (>= netstandard2.0)
      Microsoft.VisualStudio.Shell.Interop.11.0 (>= 16.9.31023.347) - restriction: || (>= net45) (>= netstandard2.0)
      Microsoft.VisualStudio.Shell.Interop.16.5.DesignTime (>= 16.9.31024.71) - restriction: || (>= net45) (>= netstandard2.0)
    Microsoft.VisualStudio.Shell.Interop.16.7.DesignTime (16.9.31024.71) - restriction: >= net472
      Microsoft.VisualStudio.SDK.EmbedInteropTypes (>= 15.0.34) - restriction: || (>= net45) (>= netstandard2.0)
      Microsoft.VisualStudio.Shell.Interop.16.6.DesignTime (>= 16.9.31024.71) - restriction: || (>= net45) (>= netstandard2.0)
    Microsoft.VisualStudio.Shell.Interop.16.9.DesignTime (16.9.31024.71) - restriction: >= net472
      Microsoft.VisualStudio.SDK.EmbedInteropTypes (>= 15.0.34) - restriction: || (>= net45) (>= netstandard2.0)
    Microsoft.VisualStudio.Shell.Interop.8.0 (16.9.31023.347) - restriction: >= net472
      Microsoft.VisualStudio.SDK.EmbedInteropTypes (>= 15.0.34) - restriction: || (>= net45) (>= netstandard2.0)
      Microsoft.VisualStudio.TextManager.Interop.8.0 (>= 16.9.31023.347) - restriction: || (>= net45) (>= netstandard2.0)
    Microsoft.VisualStudio.Shell.Interop.9.0 (16.9.31023.347) - restriction: >= net472
      Microsoft.VisualStudio.SDK.EmbedInteropTypes (>= 15.0.34) - restriction: || (>= net45) (>= netstandard2.0)
      Microsoft.VisualStudio.Shell.Interop.8.0 (>= 16.9.31023.347) - restriction: || (>= net45) (>= netstandard2.0)
    Microsoft.VisualStudio.TaskRunnerExplorer.14.0 (14.0) - restriction: >= net472
    Microsoft.VisualStudio.Telemetry (16.3.176) - restriction: >= net472
      Microsoft.Diagnostics.Tracing.EventSource.Redist (>= 1.1.28) - restriction: >= net45
      Microsoft.VisualStudio.RemoteControl (>= 16.3.32) - restriction: || (>= net45) (>= netstandard2.0)
      Microsoft.VisualStudio.Utilities.Internal (>= 16.3.23) - restriction: || (>= net45) (>= netstandard2.0)
      Newtonsoft.Json (>= 9.0.1) - restriction: || (>= net45) (>= netstandard2.0)
    Microsoft.VisualStudio.Text.Data (16.9.227) - restriction: >= net472
      Microsoft.VisualStudio.CoreUtility (>= 16.9.227) - restriction: >= netstandard2.0
      Microsoft.VisualStudio.Threading (>= 16.9.51) - restriction: >= netstandard2.0
    Microsoft.VisualStudio.Text.Logic (16.9.227) - restriction: >= net472
      Microsoft.VisualStudio.CoreUtility (>= 16.9.227) - restriction: >= netstandard2.0
      Microsoft.VisualStudio.Text.Data (>= 16.9.227) - restriction: >= netstandard2.0
      System.Collections.Immutable (>= 5.0) - restriction: >= netstandard2.0
      System.ComponentModel.Composition (>= 4.5) - restriction: >= netstandard2.0
    Microsoft.VisualStudio.Text.UI (16.9.227) - restriction: >= net472
      Microsoft.VisualStudio.CoreUtility (>= 16.9.227) - restriction: >= netstandard2.0
      Microsoft.VisualStudio.Text.Data (>= 16.9.227) - restriction: >= netstandard2.0
      Microsoft.VisualStudio.Text.Logic (>= 16.9.227) - restriction: >= netstandard2.0
      System.ComponentModel.Composition (>= 4.5) - restriction: >= netstandard2.0
    Microsoft.VisualStudio.Text.UI.Wpf (16.9.227) - restriction: >= net472
      Microsoft.VisualStudio.CoreUtility (>= 16.9.227) - restriction: >= net472
      Microsoft.VisualStudio.Imaging.Interop.14.0.DesignTime (>= 16.9.30921.310) - restriction: >= net472
      Microsoft.VisualStudio.Text.Data (>= 16.9.227) - restriction: >= net472
      Microsoft.VisualStudio.Text.Logic (>= 16.9.227) - restriction: >= net472
      Microsoft.VisualStudio.Text.UI (>= 16.9.227) - restriction: >= net472
    Microsoft.VisualStudio.TextManager.Interop (16.9.31023.347) - restriction: >= net472
      Microsoft.VisualStudio.OLE.Interop (>= 16.9.31023.347) - restriction: || (>= net45) (>= netstandard2.0)
      Microsoft.VisualStudio.SDK.EmbedInteropTypes (>= 15.0.34) - restriction: || (>= net45) (>= netstandard2.0)
    Microsoft.VisualStudio.TextManager.Interop.12.1.DesignTime (16.9.31023.347) - restriction: >= net472
      Microsoft.VisualStudio.SDK.EmbedInteropTypes (>= 15.0.34) - restriction: || (>= net45) (>= netstandard2.0)
    Microsoft.VisualStudio.TextManager.Interop.8.0 (16.9.31023.347) - restriction: >= net472
      Microsoft.VisualStudio.SDK.EmbedInteropTypes (>= 15.0.34) - restriction: || (>= net45) (>= netstandard2.0)
      Microsoft.VisualStudio.Shell.Interop (>= 16.9.31023.347) - restriction: || (>= net45) (>= netstandard2.0)
    Microsoft.VisualStudio.TextTemplating.15.0 (16.9.31025.194) - restriction: >= net472
      Microsoft.VisualStudio.TextTemplating.Interfaces.11.0 (>= 11.0.50728)
    Microsoft.VisualStudio.TextTemplating.Interfaces.10.0 (10.0.30320) - restriction: >= net472
    Microsoft.VisualStudio.TextTemplating.Interfaces.11.0 (11.0.50728) - restriction: >= net472
      Microsoft.VisualStudio.TextTemplating.Interfaces.10.0 (>= 10.0.30320)
    Microsoft.VisualStudio.TextTemplating.Interfaces.15.0 (16.9.31025.104) - restriction: >= net472
    Microsoft.VisualStudio.TextTemplating.VSHost.15.0 (16.9.31025.194) - restriction: >= net472
      Microsoft.VisualStudio.Shell.Framework (>= 16.9.31024.71)
      Microsoft.VisualStudio.TextTemplating.15.0 (>= 16.9.31025.194)
    Microsoft.VisualStudio.Threading (16.9.60) - restriction: >= net472
      Microsoft.Bcl.AsyncInterfaces (>= 5.0) - restriction: >= netstandard2.0
      Microsoft.VisualStudio.Threading.Analyzers (>= 16.9.60) - restriction: >= netstandard2.0
      Microsoft.VisualStudio.Validation (>= 16.8.33) - restriction: >= netstandard2.0
      Microsoft.Win32.Registry (>= 5.0) - restriction: >= netstandard2.0
      System.Threading.Tasks.Extensions (>= 4.5.4) - restriction: >= netstandard2.0
    Microsoft.VisualStudio.Threading.Analyzers (16.9.60) - restriction: >= net472
    Microsoft.VisualStudio.Utilities (16.9.31024.71) - restriction: >= net472
      Microsoft.ServiceHub.Client (>= 2.7.345) - restriction: >= netstandard2.0
      Microsoft.VisualStudio.RpcContracts (>= 16.9.65) - restriction: >= netstandard2.0
      Microsoft.VisualStudio.Shell.Embeddable (>= 16.9.31023.347) - restriction: >= netstandard2.0
      Microsoft.VisualStudio.Telemetry (>= 16.3.104) - restriction: >= netstandard2.0
      System.ComponentModel.Composition (>= 4.5) - restriction: >= netstandard2.0
      System.Threading.AccessControl (>= 4.7) - restriction: >= netstandard2.0
      System.Threading.Tasks.Dataflow (>= 5.0) - restriction: >= netstandard2.0
    Microsoft.VisualStudio.Utilities.Internal (16.3.23) - restriction: >= net472
    Microsoft.VisualStudio.Validation (16.9.32) - restriction: >= net472
    Microsoft.VisualStudio.Web.BrowserLink.12.0 (12.0) - restriction: >= net472
    Microsoft.VSSDK.BuildTools (16.9.1050)
      Microsoft.VisualStudio.SDK.Analyzers (>= 15.8.33) - restriction: >= net46
    Microsoft.Win32.Primitives (4.3) - restriction: || (&& (< monoandroid) (< net45) (>= netstandard1.3) (< netstandard1.6) (< win8) (< wpa81)) (&& (< monoandroid) (>= netcoreapp1.0) (< netcoreapp2.1) (< xamarinios) (< xamarinmac) (< xamarintvos) (< xamarinwatchos)) (&& (< net45) (< netstandard1.4) (>= netstandard1.5) (< win8) (< wpa81)) (&& (< net45) (>= netstandard1.5) (< netstandard1.6) (< win8) (< wpa81)) (&& (< net45) (>= netstandard1.6) (< netstandard2.0) (< win8) (< wpa81)) (&& (< net452) (>= net46) (< netstandard1.4) (>= netstandard1.5)) (>= net472) (&& (>= netstandard1.6) (< netstandard2.0) (>= uap10.0)) (&& (< netstandard1.6) (>= uap10.0))
    Microsoft.Win32.Registry (5.0) - restriction: || (&& (< monoandroid) (< net45) (< netcoreapp2.0) (>= netstandard2.0) (< xamarinios) (< xamarinmac) (< xamarintvos) (< xamarinwatchos)) (&& (< monoandroid) (>= netcoreapp1.0) (< netcoreapp2.1) (< xamarinios) (< xamarinmac) (< xamarintvos) (< xamarinwatchos)) (&& (< monoandroid) (>= netcoreapp2.0) (< netcoreapp2.1) (< xamarinios) (< xamarinmac) (< xamarintvos) (< xamarinwatchos)) (&& (< monoandroid) (>= netcoreapp2.1) (< netcoreapp3.1) (< xamarinios) (< xamarinmac) (< xamarintvos) (< xamarinwatchos)) (>= net472) (&& (>= netcoreapp3.1) (< xamarinios) (< xamarinmac) (< xamarintvos) (< xamarinwatchos))
      System.Security.AccessControl (>= 5.0) - restriction: || (&& (>= monoandroid) (< netcoreapp2.0)) (&& (< monoandroid) (< net46) (< netcoreapp2.0) (>= netstandard2.0)) (&& (< monoandroid) (>= netcoreapp2.0)) (>= monotouch) (>= net461) (>= netcoreapp2.1) (>= uap10.1) (>= xamarinios) (>= xamarinmac) (>= xamarintvos) (>= xamarinwatchos)
      System.Security.Principal.Windows (>= 5.0) - restriction: || (&& (>= monoandroid) (< netcoreapp2.0)) (&& (< monoandroid) (< net46) (< netcoreapp2.0) (>= netstandard2.0)) (&& (< monoandroid) (>= netcoreapp2.0)) (>= monotouch) (>= net461) (>= netcoreapp2.1) (>= uap10.1) (>= xamarinios) (>= xamarinmac) (>= xamarintvos) (>= xamarinwatchos)
    Microsoft.Win32.SystemEvents (5.0) - copy_local: false, redirects: force, restriction: && (>= netcoreapp3.0) (< xamarinios) (< xamarinmac) (< xamarintvos) (< xamarinwatchos)
      Microsoft.NETCore.Platforms (>= 5.0) - restriction: >= netcoreapp2.0
    Nerdbank.Streams (2.7.74) - restriction: >= net472
      Microsoft.Bcl.AsyncInterfaces (>= 5.0) - restriction: >= netstandard2.0
      Microsoft.VisualStudio.Threading (>= 16.9.60) - restriction: >= netstandard2.0
      System.IO.Pipelines (>= 5.0.1) - restriction: >= netstandard2.0
      System.Net.WebSockets (>= 4.3) - restriction: >= netstandard2.0
      System.Runtime.CompilerServices.Unsafe (>= 5.0) - restriction: >= netstandard2.0
    NETStandard.Library (2.0.3) - restriction: || (&& (< monoandroid8.1) (< net45) (>= netstandard1.3) (< uap10.0) (< xamarinios)) (&& (< net20) (>= netstandard1.0) (< netstandard1.3)) (&& (< net20) (>= netstandard1.3) (< netstandard2.0)) (&& (< net35) (>= net45) (< netstandard1.3) (>= netstandard1.5)) (&& (< net35) (>= net46) (>= netstandard1.5)) (&& (< net35) (>= net46) (< netstandard1.5)) (&& (< net35) (>= netstandard1.3) (< netstandard1.5)) (&& (< net35) (>= netstandard1.5) (< netstandard2.0)) (&& (< net35) (>= netstandard2.0)) (&& (< net45) (>= netstandard1.1)) (&& (< net45) (>= netstandard1.3) (< netstandard2.0)) (&& (< net452) (>= netstandard1.1)) (&& (< net452) (>= netstandard1.5)) (&& (>= netcoreapp1.0) (< netstandard2.0)) (&& (>= netcoreapp1.0) (>= uap10.0)) (&& (< netstandard1.1) (>= uap10.0) (< win8)) (&& (< netstandard1.3) (>= uap10.0) (< win8)) (&& (< netstandard2.0) (>= uap10.0))
      Microsoft.NETCore.Platforms (>= 1.1) - restriction: || (&& (>= net45) (< netstandard1.3)) (&& (< net45) (>= netstandard1.1) (< netstandard1.2) (< win8)) (&& (< net45) (>= netstandard1.2) (< netstandard1.3) (< win8) (< wpa81)) (&& (< net45) (>= netstandard1.3) (< netstandard1.4) (< win8) (< wpa81)) (&& (< net45) (>= netstandard1.4) (< netstandard1.5) (< win8) (< wpa81)) (&& (< net45) (>= netstandard1.5) (< netstandard1.6) (< win8) (< wpa81)) (&& (< net45) (>= netstandard1.6) (< netstandard2.0) (< win8) (< wpa81)) (&& (< net45) (>= netstandard2.0)) (&& (>= net46) (< netstandard1.4)) (>= net461) (>= netcoreapp2.0) (&& (>= netstandard1.0) (< portable-net45+win8+wpa81)) (&& (< netstandard1.0) (>= portable-net45+win8) (< win8)) (&& (< netstandard1.0) (< portable-net45+win8) (>= portable-net45+win8+wpa81)) (&& (< netstandard1.0) (>= portable-net45+win8+wp8+wpa81) (< portable-net45+win8+wpa81)) (&& (< netstandard1.0) (>= win8)) (&& (< netstandard1.3) (< win8) (>= wpa81)) (&& (< netstandard1.5) (>= uap10.0)) (>= uap10.1) (>= wp8)
      Microsoft.Win32.Primitives (>= 4.3) - restriction: || (&& (< net45) (>= netstandard1.3) (< netstandard1.4) (< win8) (< wpa81)) (&& (< net45) (>= netstandard1.4) (< netstandard1.5) (< win8) (< wpa81)) (&& (< net45) (>= netstandard1.5) (< netstandard1.6) (< win8) (< wpa81)) (&& (< net45) (>= netstandard1.6) (< netstandard2.0) (< win8) (< wpa81)) (&& (>= net46) (< netstandard1.4)) (&& (< netstandard1.5) (>= uap10.0) (< uap10.1))
      System.AppContext (>= 4.3) - restriction: || (&& (< net45) (>= netstandard1.3) (< netstandard1.4) (< win8) (< wpa81)) (&& (< net45) (>= netstandard1.4) (< netstandard1.5) (< win8) (< wpa81)) (&& (< net45) (>= netstandard1.5) (< netstandard1.6) (< win8) (< wpa81)) (&& (< net45) (>= netstandard1.6) (< netstandard2.0) (< win8) (< wpa81)) (&& (>= net46) (< netstandard1.4)) (&& (< netstandard1.5) (>= uap10.0) (< uap10.1))
      System.Collections (>= 4.3) - restriction: || (&& (< net45) (>= netstandard1.1) (< netstandard1.2) (< win8)) (&& (< net45) (>= netstandard1.2) (< netstandard1.3) (< win8) (< wpa81)) (&& (< net45) (>= netstandard1.3) (< netstandard1.4) (< win8) (< wpa81)) (&& (< net45) (>= netstandard1.4) (< netstandard1.5) (< win8) (< wpa81)) (&& (< net45) (>= netstandard1.5) (< netstandard1.6) (< win8) (< wpa81)) (&& (< net45) (>= netstandard1.6) (< netstandard2.0) (< win8) (< wpa81)) (&& (>= netstandard1.0) (< portable-net45+win8+wpa81) (< wp8)) (&& (< netstandard1.5) (>= uap10.0) (< uap10.1))
      System.Collections.Concurrent (>= 4.3) - restriction: || (&& (< net45) (>= netstandard1.1) (< netstandard1.2) (< win8)) (&& (< net45) (>= netstandard1.2) (< netstandard1.3) (< win8) (< wpa81)) (&& (< net45) (>= netstandard1.3) (< netstandard1.4) (< win8) (< wpa81)) (&& (< net45) (>= netstandard1.4) (< netstandard1.5) (< win8) (< wpa81)) (&& (< net45) (>= netstandard1.5) (< netstandard1.6) (< win8) (< wpa81)) (&& (< net45) (>= netstandard1.6) (< netstandard2.0) (< win8) (< wpa81)) (&& (< netstandard1.5) (>= uap10.0) (< uap10.1))
      System.Console (>= 4.3) - restriction: || (&& (< net45) (>= netstandard1.3) (< netstandard1.4) (< win8) (< wpa81)) (&& (< net45) (>= netstandard1.4) (< netstandard1.5) (< win8) (< wpa81)) (&& (< net45) (>= netstandard1.5) (< netstandard1.6) (< win8) (< wpa81)) (&& (< net45) (>= netstandard1.6) (< netstandard2.0) (< win8) (< wpa81)) (&& (>= net46) (< netstandard1.4)) (&& (< netstandard1.5) (>= uap10.0) (< uap10.1))
      System.Diagnostics.Debug (>= 4.3) - restriction: || (&& (< net45) (>= netstandard1.1) (< netstandard1.2) (< win8)) (&& (< net45) (>= netstandard1.2) (< netstandard1.3) (< win8) (< wpa81)) (&& (< net45) (>= netstandard1.3) (< netstandard1.4) (< win8) (< wpa81)) (&& (< net45) (>= netstandard1.4) (< netstandard1.5) (< win8) (< wpa81)) (&& (< net45) (>= netstandard1.5) (< netstandard1.6) (< win8) (< wpa81)) (&& (< net45) (>= netstandard1.6) (< netstandard2.0) (< win8) (< wpa81)) (&& (>= netstandard1.0) (< portable-net45+win8+wpa81) (< wp8)) (&& (< netstandard1.5) (>= uap10.0) (< uap10.1))
      System.Diagnostics.Tools (>= 4.3) - restriction: || (&& (< net45) (>= netstandard1.1) (< netstandard1.2) (< win8)) (&& (< net45) (>= netstandard1.2) (< netstandard1.3) (< win8) (< wpa81)) (&& (< net45) (>= netstandard1.3) (< netstandard1.4) (< win8) (< wpa81)) (&& (< net45) (>= netstandard1.4) (< netstandard1.5) (< win8) (< wpa81)) (&& (< net45) (>= netstandard1.5) (< netstandard1.6) (< win8) (< wpa81)) (&& (< net45) (>= netstandard1.6) (< netstandard2.0) (< win8) (< wpa81)) (&& (>= netstandard1.0) (< portable-net45+win8+wpa81) (< wp8)) (&& (< netstandard1.5) (>= uap10.0) (< uap10.1))
      System.Diagnostics.Tracing (>= 4.3) - restriction: || (&& (< net45) (>= netstandard1.1) (< netstandard1.2) (< win8)) (&& (< net45) (>= netstandard1.2) (< netstandard1.3) (< win8) (< wpa81)) (&& (< net45) (>= netstandard1.3) (< netstandard1.4) (< win8) (< wpa81)) (&& (< net45) (>= netstandard1.4) (< netstandard1.5) (< win8) (< wpa81)) (&& (< net45) (>= netstandard1.5) (< netstandard1.6) (< win8) (< wpa81)) (&& (< net45) (>= netstandard1.6) (< netstandard2.0) (< win8) (< wpa81)) (&& (< netstandard1.5) (>= uap10.0) (< uap10.1))
      System.Globalization (>= 4.3) - restriction: || (&& (< net45) (>= netstandard1.1) (< netstandard1.2) (< win8)) (&& (< net45) (>= netstandard1.2) (< netstandard1.3) (< win8) (< wpa81)) (&& (< net45) (>= netstandard1.3) (< netstandard1.4) (< win8) (< wpa81)) (&& (< net45) (>= netstandard1.4) (< netstandard1.5) (< win8) (< wpa81)) (&& (< net45) (>= netstandard1.5) (< netstandard1.6) (< win8) (< wpa81)) (&& (< net45) (>= netstandard1.6) (< netstandard2.0) (< win8) (< wpa81)) (&& (>= netstandard1.0) (< portable-net45+win8+wpa81) (< wp8)) (&& (< netstandard1.5) (>= uap10.0) (< uap10.1))
      System.Globalization.Calendars (>= 4.3) - restriction: || (&& (< net45) (>= netstandard1.3) (< netstandard1.4) (< win8) (< wpa81)) (&& (< net45) (>= netstandard1.4) (< netstandard1.5) (< win8) (< wpa81)) (&& (< net45) (>= netstandard1.5) (< netstandard1.6) (< win8) (< wpa81)) (&& (< net45) (>= netstandard1.6) (< netstandard2.0) (< win8) (< wpa81)) (&& (>= net46) (< netstandard1.4)) (&& (< netstandard1.5) (>= uap10.0) (< uap10.1))
      System.IO (>= 4.3) - restriction: || (&& (< net45) (>= netstandard1.1) (< netstandard1.2) (< win8)) (&& (< net45) (>= netstandard1.2) (< netstandard1.3) (< win8) (< wpa81)) (&& (< net45) (>= netstandard1.3) (< netstandard1.4) (< win8) (< wpa81)) (&& (< net45) (>= netstandard1.4) (< netstandard1.5) (< win8) (< wpa81)) (&& (< net45) (>= netstandard1.5) (< netstandard1.6) (< win8) (< wpa81)) (&& (< net45) (>= netstandard1.6) (< netstandard2.0) (< win8) (< wpa81)) (&& (>= netstandard1.0) (< portable-net45+win8+wpa81) (< wp8)) (&& (< netstandard1.5) (>= uap10.0) (< uap10.1))
      System.IO.Compression (>= 4.3) - restriction: || (&& (< net45) (>= netstandard1.1) (< netstandard1.2) (< win8)) (&& (< net45) (>= netstandard1.2) (< netstandard1.3) (< win8) (< wpa81)) (&& (< net45) (>= netstandard1.3) (< netstandard1.4) (< win8) (< wpa81)) (&& (< net45) (>= netstandard1.4) (< netstandard1.5) (< win8) (< wpa81)) (&& (< net45) (>= netstandard1.5) (< netstandard1.6) (< win8) (< wpa81)) (&& (< net45) (>= netstandard1.6) (< netstandard2.0) (< win8) (< wpa81)) (&& (>= net46) (< netstandard1.4)) (&& (< netstandard1.5) (>= uap10.0) (< uap10.1))
      System.IO.Compression.ZipFile (>= 4.3) - restriction: || (&& (< net45) (>= netstandard1.3) (< netstandard1.4) (< win8) (< wpa81)) (&& (< net45) (>= netstandard1.4) (< netstandard1.5) (< win8) (< wpa81)) (&& (< net45) (>= netstandard1.5) (< netstandard1.6) (< win8) (< wpa81)) (&& (< net45) (>= netstandard1.6) (< netstandard2.0) (< win8) (< wpa81)) (&& (>= net46) (< netstandard1.4)) (&& (< netstandard1.5) (>= uap10.0) (< uap10.1))
      System.IO.FileSystem (>= 4.3) - restriction: || (&& (< net45) (>= netstandard1.3) (< netstandard1.4) (< win8) (< wpa81)) (&& (< net45) (>= netstandard1.4) (< netstandard1.5) (< win8) (< wpa81)) (&& (< net45) (>= netstandard1.5) (< netstandard1.6) (< win8) (< wpa81)) (&& (< net45) (>= netstandard1.6) (< netstandard2.0) (< win8) (< wpa81)) (&& (>= net46) (< netstandard1.4)) (&& (< netstandard1.5) (>= uap10.0) (< uap10.1))
      System.IO.FileSystem.Primitives (>= 4.3) - restriction: || (&& (< net45) (>= netstandard1.3) (< netstandard1.4) (< win8) (< wpa81)) (&& (< net45) (>= netstandard1.4) (< netstandard1.5) (< win8) (< wpa81)) (&& (< net45) (>= netstandard1.5) (< netstandard1.6) (< win8) (< wpa81)) (&& (< net45) (>= netstandard1.6) (< netstandard2.0) (< win8) (< wpa81)) (&& (>= net46) (< netstandard1.4)) (&& (< netstandard1.5) (>= uap10.0) (< uap10.1))
      System.Linq (>= 4.3) - restriction: || (&& (< net45) (>= netstandard1.1) (< netstandard1.2) (< win8)) (&& (< net45) (>= netstandard1.2) (< netstandard1.3) (< win8) (< wpa81)) (&& (< net45) (>= netstandard1.3) (< netstandard1.4) (< win8) (< wpa81)) (&& (< net45) (>= netstandard1.4) (< netstandard1.5) (< win8) (< wpa81)) (&& (< net45) (>= netstandard1.5) (< netstandard1.6) (< win8) (< wpa81)) (&& (< net45) (>= netstandard1.6) (< netstandard2.0) (< win8) (< wpa81)) (&& (>= netstandard1.0) (< portable-net45+win8+wpa81) (< wp8)) (&& (< netstandard1.5) (>= uap10.0) (< uap10.1))
      System.Linq.Expressions (>= 4.3) - restriction: || (&& (< net45) (>= netstandard1.1) (< netstandard1.2) (< win8)) (&& (< net45) (>= netstandard1.2) (< netstandard1.3) (< win8) (< wpa81)) (&& (< net45) (>= netstandard1.3) (< netstandard1.4) (< win8) (< wpa81)) (&& (< net45) (>= netstandard1.4) (< netstandard1.5) (< win8) (< wpa81)) (&& (< net45) (>= netstandard1.5) (< netstandard1.6) (< win8) (< wpa81)) (&& (< net45) (>= netstandard1.6) (< netstandard2.0) (< win8) (< wpa81)) (&& (>= netstandard1.0) (< portable-net45+win8+wpa81) (< wp8)) (&& (< netstandard1.5) (>= uap10.0) (< uap10.1))
      System.Net.Http (>= 4.3.2) - restriction: || (&& (< net45) (>= netstandard1.1) (< netstandard1.2) (< win8)) (&& (< net45) (>= netstandard1.2) (< netstandard1.3) (< win8) (< wpa81)) (&& (< net45) (>= netstandard1.3) (< netstandard1.4) (< win8) (< wpa81)) (&& (< net45) (>= netstandard1.4) (< netstandard1.5) (< win8) (< wpa81)) (&& (< net45) (>= netstandard1.5) (< netstandard1.6) (< win8) (< wpa81)) (&& (< net45) (>= netstandard1.6) (< netstandard2.0) (< win8) (< wpa81)) (&& (>= net46) (< netstandard1.4)) (&& (< netstandard1.5) (>= uap10.0) (< uap10.1))
      System.Net.Primitives (>= 4.3) - restriction: || (&& (< net45) (>= netstandard1.1) (< netstandard1.2) (< win8)) (&& (< net45) (>= netstandard1.2) (< netstandard1.3) (< win8) (< wpa81)) (&& (< net45) (>= netstandard1.3) (< netstandard1.4) (< win8) (< wpa81)) (&& (< net45) (>= netstandard1.4) (< netstandard1.5) (< win8) (< wpa81)) (&& (< net45) (>= netstandard1.5) (< netstandard1.6) (< win8) (< wpa81)) (&& (< net45) (>= netstandard1.6) (< netstandard2.0) (< win8) (< wpa81)) (&& (>= netstandard1.0) (< portable-net45+win8+wpa81) (< wp8)) (&& (< netstandard1.5) (>= uap10.0) (< uap10.1))
      System.Net.Sockets (>= 4.3) - restriction: || (&& (< net45) (>= netstandard1.3) (< netstandard1.4) (< win8) (< wpa81)) (&& (< net45) (>= netstandard1.4) (< netstandard1.5) (< win8) (< wpa81)) (&& (< net45) (>= netstandard1.5) (< netstandard1.6) (< win8) (< wpa81)) (&& (< net45) (>= netstandard1.6) (< netstandard2.0) (< win8) (< wpa81)) (&& (>= net46) (< netstandard1.4)) (&& (< netstandard1.5) (>= uap10.0) (< uap10.1))
      System.ObjectModel (>= 4.3) - restriction: || (&& (< net45) (>= netstandard1.1) (< netstandard1.2) (< win8)) (&& (< net45) (>= netstandard1.2) (< netstandard1.3) (< win8) (< wpa81)) (&& (< net45) (>= netstandard1.3) (< netstandard1.4) (< win8) (< wpa81)) (&& (< net45) (>= netstandard1.4) (< netstandard1.5) (< win8) (< wpa81)) (&& (< net45) (>= netstandard1.5) (< netstandard1.6) (< win8) (< wpa81)) (&& (< net45) (>= netstandard1.6) (< netstandard2.0) (< win8) (< wpa81)) (&& (>= netstandard1.0) (< portable-net45+win8+wpa81) (< wp8)) (&& (< netstandard1.5) (>= uap10.0) (< uap10.1))
      System.Reflection (>= 4.3) - restriction: || (&& (< net45) (>= netstandard1.1) (< netstandard1.2) (< win8)) (&& (< net45) (>= netstandard1.2) (< netstandard1.3) (< win8) (< wpa81)) (&& (< net45) (>= netstandard1.3) (< netstandard1.4) (< win8) (< wpa81)) (&& (< net45) (>= netstandard1.4) (< netstandard1.5) (< win8) (< wpa81)) (&& (< net45) (>= netstandard1.5) (< netstandard1.6) (< win8) (< wpa81)) (&& (< net45) (>= netstandard1.6) (< netstandard2.0) (< win8) (< wpa81)) (&& (>= netstandard1.0) (< portable-net45+win8+wpa81) (< wp8)) (&& (< netstandard1.5) (>= uap10.0) (< uap10.1))
      System.Reflection.Extensions (>= 4.3) - restriction: || (&& (< net45) (>= netstandard1.1) (< netstandard1.2) (< win8)) (&& (< net45) (>= netstandard1.2) (< netstandard1.3) (< win8) (< wpa81)) (&& (< net45) (>= netstandard1.3) (< netstandard1.4) (< win8) (< wpa81)) (&& (< net45) (>= netstandard1.4) (< netstandard1.5) (< win8) (< wpa81)) (&& (< net45) (>= netstandard1.5) (< netstandard1.6) (< win8) (< wpa81)) (&& (< net45) (>= netstandard1.6) (< netstandard2.0) (< win8) (< wpa81)) (&& (>= netstandard1.0) (< portable-net45+win8+wpa81) (< wp8)) (&& (< netstandard1.5) (>= uap10.0) (< uap10.1))
      System.Reflection.Primitives (>= 4.3) - restriction: || (&& (< net45) (>= netstandard1.1) (< netstandard1.2) (< win8)) (&& (< net45) (>= netstandard1.2) (< netstandard1.3) (< win8) (< wpa81)) (&& (< net45) (>= netstandard1.3) (< netstandard1.4) (< win8) (< wpa81)) (&& (< net45) (>= netstandard1.4) (< netstandard1.5) (< win8) (< wpa81)) (&& (< net45) (>= netstandard1.5) (< netstandard1.6) (< win8) (< wpa81)) (&& (< net45) (>= netstandard1.6) (< netstandard2.0) (< win8) (< wpa81)) (&& (>= netstandard1.0) (< portable-net45+win8+wpa81) (< wp8)) (&& (< netstandard1.5) (>= uap10.0) (< uap10.1))
      System.Resources.ResourceManager (>= 4.3) - restriction: || (&& (< net45) (>= netstandard1.1) (< netstandard1.2) (< win8)) (&& (< net45) (>= netstandard1.2) (< netstandard1.3) (< win8) (< wpa81)) (&& (< net45) (>= netstandard1.3) (< netstandard1.4) (< win8) (< wpa81)) (&& (< net45) (>= netstandard1.4) (< netstandard1.5) (< win8) (< wpa81)) (&& (< net45) (>= netstandard1.5) (< netstandard1.6) (< win8) (< wpa81)) (&& (< net45) (>= netstandard1.6) (< netstandard2.0) (< win8) (< wpa81)) (&& (>= netstandard1.0) (< portable-net45+win8+wpa81) (< wp8)) (&& (< netstandard1.5) (>= uap10.0) (< uap10.1))
      System.Runtime (>= 4.3) - restriction: || (&& (< net45) (>= netstandard1.1) (< netstandard1.2) (< win8)) (&& (< net45) (>= netstandard1.2) (< netstandard1.3) (< win8) (< wpa81)) (&& (< net45) (>= netstandard1.3) (< netstandard1.4) (< win8) (< wpa81)) (&& (< net45) (>= netstandard1.4) (< netstandard1.5) (< win8) (< wpa81)) (&& (< net45) (>= netstandard1.5) (< netstandard1.6) (< win8) (< wpa81)) (&& (< net45) (>= netstandard1.6) (< netstandard2.0) (< win8) (< wpa81)) (&& (>= netstandard1.0) (< portable-net45+win8+wpa81) (< wp8)) (&& (< netstandard1.5) (>= uap10.0) (< uap10.1))
      System.Runtime.Extensions (>= 4.3) - restriction: || (&& (< net45) (>= netstandard1.1) (< netstandard1.2) (< win8)) (&& (< net45) (>= netstandard1.2) (< netstandard1.3) (< win8) (< wpa81)) (&& (< net45) (>= netstandard1.3) (< netstandard1.4) (< win8) (< wpa81)) (&& (< net45) (>= netstandard1.4) (< netstandard1.5) (< win8) (< wpa81)) (&& (< net45) (>= netstandard1.5) (< netstandard1.6) (< win8) (< wpa81)) (&& (< net45) (>= netstandard1.6) (< netstandard2.0) (< win8) (< wpa81)) (&& (>= netstandard1.0) (< portable-net45+win8+wpa81) (< wp8)) (&& (< netstandard1.5) (>= uap10.0) (< uap10.1))
      System.Runtime.Handles (>= 4.3) - restriction: || (&& (< net45) (>= netstandard1.3) (< netstandard1.4) (< win8) (< wpa81)) (&& (< net45) (>= netstandard1.4) (< netstandard1.5) (< win8) (< wpa81)) (&& (< net45) (>= netstandard1.5) (< netstandard1.6) (< win8) (< wpa81)) (&& (< net45) (>= netstandard1.6) (< netstandard2.0) (< win8) (< wpa81)) (&& (< netstandard1.5) (>= uap10.0) (< uap10.1))
      System.Runtime.InteropServices (>= 4.3) - restriction: || (&& (< net45) (>= netstandard1.1) (< netstandard1.2) (< win8)) (&& (< net45) (>= netstandard1.2) (< netstandard1.3) (< win8) (< wpa81)) (&& (< net45) (>= netstandard1.3) (< netstandard1.4) (< win8) (< wpa81)) (&& (< net45) (>= netstandard1.4) (< netstandard1.5) (< win8) (< wpa81)) (&& (< net45) (>= netstandard1.5) (< netstandard1.6) (< win8) (< wpa81)) (&& (< net45) (>= netstandard1.6) (< netstandard2.0) (< win8) (< wpa81)) (&& (< netstandard1.5) (>= uap10.0) (< uap10.1))
      System.Runtime.InteropServices.RuntimeInformation (>= 4.3) - restriction: || (&& (>= net45) (< netstandard1.3)) (&& (< net45) (>= netstandard1.1) (< netstandard1.2) (< win8)) (&& (< net45) (>= netstandard1.2) (< netstandard1.3) (< win8) (< wpa81)) (&& (< net45) (>= netstandard1.3) (< netstandard1.4) (< win8) (< wpa81)) (&& (< net45) (>= netstandard1.4) (< netstandard1.5) (< win8) (< wpa81)) (&& (< net45) (>= netstandard1.5) (< netstandard1.6) (< win8) (< wpa81)) (&& (< net45) (>= netstandard1.6) (< netstandard2.0) (< win8) (< wpa81)) (&& (>= net46) (< netstandard1.4)) (&& (< netstandard1.0) (>= portable-net45+win8) (< win8)) (&& (< netstandard1.0) (< portable-net45+win8) (>= portable-net45+win8+wpa81)) (&& (< netstandard1.0) (>= win8)) (&& (< netstandard1.3) (< win8) (>= wpa81)) (&& (< netstandard1.5) (>= uap10.0) (< uap10.1))
      System.Runtime.Numerics (>= 4.3) - restriction: || (&& (< net45) (>= netstandard1.1) (< netstandard1.2) (< win8)) (&& (< net45) (>= netstandard1.2) (< netstandard1.3) (< win8) (< wpa81)) (&& (< net45) (>= netstandard1.3) (< netstandard1.4) (< win8) (< wpa81)) (&& (< net45) (>= netstandard1.4) (< netstandard1.5) (< win8) (< wpa81)) (&& (< net45) (>= netstandard1.5) (< netstandard1.6) (< win8) (< wpa81)) (&& (< net45) (>= netstandard1.6) (< netstandard2.0) (< win8) (< wpa81)) (&& (< netstandard1.5) (>= uap10.0) (< uap10.1))
      System.Security.Cryptography.Algorithms (>= 4.3) - restriction: || (&& (< net45) (>= netstandard1.3) (< netstandard1.4) (< win8) (< wpa81)) (&& (< net45) (>= netstandard1.4) (< netstandard1.5) (< win8) (< wpa81)) (&& (< net45) (>= netstandard1.5) (< netstandard1.6) (< win8) (< wpa81)) (&& (< net45) (>= netstandard1.6) (< netstandard2.0) (< win8) (< wpa81)) (&& (>= net46) (< netstandard1.4)) (&& (< netstandard1.5) (>= uap10.0) (< uap10.1))
      System.Security.Cryptography.Encoding (>= 4.3) - restriction: || (&& (< net45) (>= netstandard1.3) (< netstandard1.4) (< win8) (< wpa81)) (&& (< net45) (>= netstandard1.4) (< netstandard1.5) (< win8) (< wpa81)) (&& (< net45) (>= netstandard1.5) (< netstandard1.6) (< win8) (< wpa81)) (&& (< net45) (>= netstandard1.6) (< netstandard2.0) (< win8) (< wpa81)) (&& (>= net46) (< netstandard1.4)) (&& (< netstandard1.5) (>= uap10.0) (< uap10.1))
      System.Security.Cryptography.Primitives (>= 4.3) - restriction: || (&& (< net45) (>= netstandard1.3) (< netstandard1.4) (< win8) (< wpa81)) (&& (< net45) (>= netstandard1.4) (< netstandard1.5) (< win8) (< wpa81)) (&& (< net45) (>= netstandard1.5) (< netstandard1.6) (< win8) (< wpa81)) (&& (< net45) (>= netstandard1.6) (< netstandard2.0) (< win8) (< wpa81)) (&& (>= net46) (< netstandard1.4)) (&& (< netstandard1.5) (>= uap10.0) (< uap10.1))
      System.Security.Cryptography.X509Certificates (>= 4.3) - restriction: || (&& (< net45) (>= netstandard1.3) (< netstandard1.4) (< win8) (< wpa81)) (&& (< net45) (>= netstandard1.4) (< netstandard1.5) (< win8) (< wpa81)) (&& (< net45) (>= netstandard1.5) (< netstandard1.6) (< win8) (< wpa81)) (&& (< net45) (>= netstandard1.6) (< netstandard2.0) (< win8) (< wpa81)) (&& (>= net46) (< netstandard1.4)) (&& (< netstandard1.5) (>= uap10.0) (< uap10.1))
      System.Text.Encoding (>= 4.3) - restriction: || (&& (< net45) (>= netstandard1.1) (< netstandard1.2) (< win8)) (&& (< net45) (>= netstandard1.2) (< netstandard1.3) (< win8) (< wpa81)) (&& (< net45) (>= netstandard1.3) (< netstandard1.4) (< win8) (< wpa81)) (&& (< net45) (>= netstandard1.4) (< netstandard1.5) (< win8) (< wpa81)) (&& (< net45) (>= netstandard1.5) (< netstandard1.6) (< win8) (< wpa81)) (&& (< net45) (>= netstandard1.6) (< netstandard2.0) (< win8) (< wpa81)) (&& (>= netstandard1.0) (< portable-net45+win8+wpa81) (< wp8)) (&& (< netstandard1.5) (>= uap10.0) (< uap10.1))
      System.Text.Encoding.Extensions (>= 4.3) - restriction: || (&& (< net45) (>= netstandard1.1) (< netstandard1.2) (< win8)) (&& (< net45) (>= netstandard1.2) (< netstandard1.3) (< win8) (< wpa81)) (&& (< net45) (>= netstandard1.3) (< netstandard1.4) (< win8) (< wpa81)) (&& (< net45) (>= netstandard1.4) (< netstandard1.5) (< win8) (< wpa81)) (&& (< net45) (>= netstandard1.5) (< netstandard1.6) (< win8) (< wpa81)) (&& (< net45) (>= netstandard1.6) (< netstandard2.0) (< win8) (< wpa81)) (&& (>= netstandard1.0) (< portable-net45+win8+wpa81) (< wp8)) (&& (< netstandard1.5) (>= uap10.0) (< uap10.1))
      System.Text.RegularExpressions (>= 4.3) - restriction: || (&& (< net45) (>= netstandard1.1) (< netstandard1.2) (< win8)) (&& (< net45) (>= netstandard1.2) (< netstandard1.3) (< win8) (< wpa81)) (&& (< net45) (>= netstandard1.3) (< netstandard1.4) (< win8) (< wpa81)) (&& (< net45) (>= netstandard1.4) (< netstandard1.5) (< win8) (< wpa81)) (&& (< net45) (>= netstandard1.5) (< netstandard1.6) (< win8) (< wpa81)) (&& (< net45) (>= netstandard1.6) (< netstandard2.0) (< win8) (< wpa81)) (&& (>= netstandard1.0) (< portable-net45+win8+wpa81) (< wp8)) (&& (< netstandard1.5) (>= uap10.0) (< uap10.1))
      System.Threading (>= 4.3) - restriction: || (&& (< net45) (>= netstandard1.1) (< netstandard1.2) (< win8)) (&& (< net45) (>= netstandard1.2) (< netstandard1.3) (< win8) (< wpa81)) (&& (< net45) (>= netstandard1.3) (< netstandard1.4) (< win8) (< wpa81)) (&& (< net45) (>= netstandard1.4) (< netstandard1.5) (< win8) (< wpa81)) (&& (< net45) (>= netstandard1.5) (< netstandard1.6) (< win8) (< wpa81)) (&& (< net45) (>= netstandard1.6) (< netstandard2.0) (< win8) (< wpa81)) (&& (>= netstandard1.0) (< portable-net45+win8+wpa81) (< wp8)) (&& (< netstandard1.5) (>= uap10.0) (< uap10.1))
      System.Threading.Tasks (>= 4.3) - restriction: || (&& (< net45) (>= netstandard1.1) (< netstandard1.2) (< win8)) (&& (< net45) (>= netstandard1.2) (< netstandard1.3) (< win8) (< wpa81)) (&& (< net45) (>= netstandard1.3) (< netstandard1.4) (< win8) (< wpa81)) (&& (< net45) (>= netstandard1.4) (< netstandard1.5) (< win8) (< wpa81)) (&& (< net45) (>= netstandard1.5) (< netstandard1.6) (< win8) (< wpa81)) (&& (< net45) (>= netstandard1.6) (< netstandard2.0) (< win8) (< wpa81)) (&& (>= netstandard1.0) (< portable-net45+win8+wpa81) (< wp8)) (&& (< netstandard1.5) (>= uap10.0) (< uap10.1))
      System.Threading.Timer (>= 4.3) - restriction: || (&& (< net45) (>= netstandard1.2) (< netstandard1.3) (< win8) (< wpa81)) (&& (< net45) (>= netstandard1.3) (< netstandard1.4) (< win8) (< wpa81)) (&& (< net45) (>= netstandard1.4) (< netstandard1.5) (< win8) (< wpa81)) (&& (< net45) (>= netstandard1.5) (< netstandard1.6) (< win8) (< wpa81)) (&& (< net45) (>= netstandard1.6) (< netstandard2.0) (< win8) (< wpa81)) (&& (< netstandard1.5) (>= uap10.0) (< uap10.1))
      System.Xml.ReaderWriter (>= 4.3) - restriction: || (&& (< net45) (>= netstandard1.1) (< netstandard1.2) (< win8)) (&& (< net45) (>= netstandard1.2) (< netstandard1.3) (< win8) (< wpa81)) (&& (< net45) (>= netstandard1.3) (< netstandard1.4) (< win8) (< wpa81)) (&& (< net45) (>= netstandard1.4) (< netstandard1.5) (< win8) (< wpa81)) (&& (< net45) (>= netstandard1.5) (< netstandard1.6) (< win8) (< wpa81)) (&& (< net45) (>= netstandard1.6) (< netstandard2.0) (< win8) (< wpa81)) (&& (>= net46) (< netstandard1.4)) (&& (>= netstandard1.0) (< portable-net45+win8+wpa81) (< wp8)) (&& (< netstandard1.5) (>= uap10.0) (< uap10.1))
      System.Xml.XDocument (>= 4.3) - restriction: || (&& (< net45) (>= netstandard1.1) (< netstandard1.2) (< win8)) (&& (< net45) (>= netstandard1.2) (< netstandard1.3) (< win8) (< wpa81)) (&& (< net45) (>= netstandard1.3) (< netstandard1.4) (< win8) (< wpa81)) (&& (< net45) (>= netstandard1.4) (< netstandard1.5) (< win8) (< wpa81)) (&& (< net45) (>= netstandard1.5) (< netstandard1.6) (< win8) (< wpa81)) (&& (< net45) (>= netstandard1.6) (< netstandard2.0) (< win8) (< wpa81)) (&& (>= netstandard1.0) (< portable-net45+win8+wpa81) (< wp8)) (&& (< netstandard1.5) (>= uap10.0) (< uap10.1))
    Newtonsoft.Json (12.0.3) - redirects: on
      Microsoft.CSharp (>= 4.3) - restriction: || (&& (< net20) (>= netstandard1.0) (< netstandard1.3)) (&& (< net20) (>= netstandard1.3) (< netstandard2.0))
      NETStandard.Library (>= 1.6.1) - restriction: || (&& (< net20) (>= netstandard1.0) (< netstandard1.3)) (&& (< net20) (>= netstandard1.3) (< netstandard2.0))
      System.ComponentModel.TypeConverter (>= 4.3) - restriction: || (&& (< net20) (>= netstandard1.0) (< netstandard1.3)) (&& (< net20) (>= netstandard1.3) (< netstandard2.0))
      System.Runtime.Serialization.Formatters (>= 4.3) - restriction: && (< net20) (>= netstandard1.3) (< netstandard2.0)
      System.Runtime.Serialization.Primitives (>= 4.3) - restriction: || (&& (< net20) (>= netstandard1.0) (< netstandard1.3)) (&& (< net20) (>= netstandard1.3) (< netstandard2.0))
      System.Xml.XmlDocument (>= 4.3) - restriction: && (< net20) (>= netstandard1.3) (< netstandard2.0)
    Newtonsoft.Json.Bson (1.0.2) - copy_local: false, redirects: force, restriction: && (< net45) (>= netstandard2.0)
      Newtonsoft.Json (>= 12.0.1) - restriction: || (>= net45) (>= netstandard1.3)
    NSubstitute (4.2.2)
      Castle.Core (>= 4.4) - restriction: || (&& (>= net45) (< netstandard1.3)) (&& (< net45) (>= netstandard1.3) (< netstandard2.0)) (&& (< net45) (>= netstandard2.0)) (>= net46)
      NETStandard.Library (>= 1.6.1) - restriction: && (< net45) (>= netstandard1.3) (< netstandard2.0)
      System.Linq.Queryable (>= 4.3) - restriction: && (< net45) (>= netstandard1.3) (< netstandard2.0)
      System.Reflection.TypeExtensions (>= 4.3) - restriction: && (< net45) (>= netstandard1.3) (< netstandard2.0)
      System.Threading.Tasks.Extensions (>= 4.3) - restriction: || (&& (>= net45) (< netstandard1.3)) (&& (< net45) (>= netstandard1.3) (< netstandard2.0)) (&& (< net45) (>= netstandard2.0)) (>= net46)
    NuGet.Frameworks (4.6.4) - version_in_path: true, restriction: || (&& (>= netcoreapp1.0) (< netstandard2.0)) (&& (>= netcoreapp1.0) (>= uap10.0))
      NETStandard.Library (>= 1.6) - restriction: && (< net40) (>= netstandard1.3)
    runtime.debian.8-x64.runtime.native.System.Security.Cryptography.OpenSsl (4.3.3) - copy_local: false, redirects: force, restriction: && (< monoandroid) (< monotouch) (< net45) (>= netstandard1.6) (< xamarinios) (< xamarinmac) (< xamarintvos) (< xamarinwatchos)
    runtime.debian.9-x64.runtime.native.System.Security.Cryptography.OpenSsl (4.3.3) - copy_local: false, redirects: force, restriction: && (< monoandroid) (< monotouch) (< net45) (>= netstandard1.6) (< xamarinios) (< xamarinmac) (< xamarintvos) (< xamarinwatchos)
    runtime.fedora.23-x64.runtime.native.System.Security.Cryptography.OpenSsl (4.3.3) - copy_local: false, redirects: force, restriction: && (< monoandroid) (< monotouch) (< net45) (>= netstandard1.6) (< xamarinios) (< xamarinmac) (< xamarintvos) (< xamarinwatchos)
    runtime.fedora.24-x64.runtime.native.System.Security.Cryptography.OpenSsl (4.3.3) - copy_local: false, redirects: force, restriction: && (< monoandroid) (< monotouch) (< net45) (>= netstandard1.6) (< xamarinios) (< xamarinmac) (< xamarintvos) (< xamarinwatchos)
    runtime.fedora.27-x64.runtime.native.System.Security.Cryptography.OpenSsl (4.3.3) - copy_local: false, redirects: force, restriction: && (< monoandroid) (< monotouch) (< net45) (>= netstandard1.6) (< xamarinios) (< xamarinmac) (< xamarintvos) (< xamarinwatchos)
    runtime.fedora.28-x64.runtime.native.System.Security.Cryptography.OpenSsl (4.3.3) - copy_local: false, redirects: force, restriction: && (< monoandroid) (< monotouch) (< net45) (>= netstandard1.6) (< xamarinios) (< xamarinmac) (< xamarintvos) (< xamarinwatchos)
    runtime.native.System (4.3.1) - restriction: || (&& (< monoandroid) (< monotouch) (< net35) (>= netstandard1.5) (< netstandard2.0) (< xamarintvos) (< xamarinwatchos)) (&& (< monoandroid) (< monotouch) (< net45) (>= netstandard1.6) (< netstandard2.0) (< win8) (< wpa81) (< xamarintvos) (< xamarinwatchos)) (&& (< monoandroid) (< monotouch) (< net45) (>= netstandard1.6) (< xamarinios) (< xamarinmac) (< xamarintvos) (< xamarinwatchos)) (&& (< monoandroid) (< net35) (>= netstandard1.3) (< netstandard1.5)) (&& (< monoandroid) (< net35) (>= netstandard2.0) (< xamarinios) (< xamarinmac) (< xamarintvos) (< xamarinwatchos)) (&& (< monoandroid) (< net45) (< netstandard1.2) (>= netstandard1.5) (< win8)) (&& (< monoandroid) (< net45) (< netstandard1.3) (>= netstandard1.5) (< win8) (< wpa81)) (&& (< monoandroid) (< net45) (< netstandard1.4) (>= netstandard1.5) (< win8) (< wpa81)) (&& (< monoandroid) (< net45) (>= netstandard1.5) (< netstandard1.6) (< win8) (< wpa81)) (&& (< monoandroid) (>= netcoreapp1.0) (< netcoreapp2.1) (< xamarinios) (< xamarinmac) (< xamarintvos) (< xamarinwatchos)) (&& (< net35) (>= net45) (< netstandard1.3) (>= netstandard1.5)) (&& (< net35) (>= net46) (>= netstandard1.5)) (&& (< net35) (>= net46) (< netstandard1.5)) (&& (< net45) (>= net46) (< netstandard1.4) (>= netstandard1.5)) (>= uap10.0)
      Microsoft.NETCore.Platforms (>= 1.1.1)
      Microsoft.NETCore.Targets (>= 1.1.3)
    runtime.native.System.Data.SqlClient.sni (4.7) - copy_local: false, redirects: force, restriction: || (&& (< monoandroid) (< net45) (< netcoreapp2.0) (>= netstandard2.0) (< xamarinios) (< xamarinmac) (< xamarintvos) (< xamarinwatchos)) (&& (< monoandroid) (>= netcoreapp2.0) (< netcoreapp2.1) (< xamarinios) (< xamarinmac) (< xamarintvos) (< xamarinwatchos)) (&& (< monoandroid) (>= netcoreapp2.1) (< netcoreapp3.1) (< xamarinios) (< xamarinmac) (< xamarintvos) (< xamarinwatchos)) (&& (>= netcoreapp3.1) (< xamarinios) (< xamarinmac) (< xamarintvos) (< xamarinwatchos))
      runtime.win-arm64.runtime.native.System.Data.SqlClient.sni (>= 4.4)
      runtime.win-x64.runtime.native.System.Data.SqlClient.sni (>= 4.4)
      runtime.win-x86.runtime.native.System.Data.SqlClient.sni (>= 4.4)
    runtime.native.System.IO.Compression (4.3.2) - restriction: || (&& (< monoandroid) (< monotouch) (< net45) (>= netstandard1.6) (< netstandard2.0) (< win8) (< wpa81) (< xamarintvos) (< xamarinwatchos)) (&& (< monoandroid) (< net45) (< netstandard1.2) (>= netstandard1.5) (< win8)) (&& (< monoandroid) (< net45) (< netstandard1.3) (>= netstandard1.5) (< win8) (< wpa81)) (&& (< monoandroid) (< net45) (< netstandard1.4) (>= netstandard1.5) (< win8) (< wpa81)) (&& (< monoandroid) (< net45) (>= netstandard1.5) (< netstandard1.6) (< win8) (< wpa81)) (&& (< net45) (>= net46) (< netstandard1.4) (>= netstandard1.5))
      Microsoft.NETCore.Platforms (>= 1.1.1)
      Microsoft.NETCore.Targets (>= 1.1.3)
    runtime.native.System.Net.Http (4.3.1) - copy_local: false, redirects: force, restriction: && (< monoandroid) (< monotouch) (< net45) (>= netstandard1.6) (< xamarinios) (< xamarinmac) (< xamarintvos) (< xamarinwatchos)
      Microsoft.NETCore.Platforms (>= 1.1.1)
      Microsoft.NETCore.Targets (>= 1.1.3)
    runtime.native.System.Security.Cryptography.Apple (4.3.1) - restriction: || (&& (< monoandroid) (< monotouch) (< net45) (>= netstandard1.6) (< netstandard2.0) (< win8) (< wpa81) (< xamarintvos) (< xamarinwatchos)) (&& (< monoandroid) (< net45) (< netstandard1.4) (>= netstandard1.6) (< win8) (< wpa81)) (&& (< net452) (>= net46) (< netstandard1.4) (>= netstandard1.6))
      runtime.osx.10.10-x64.runtime.native.System.Security.Cryptography.Apple (>= 4.3.1)
    runtime.native.System.Security.Cryptography.OpenSsl (4.3.3) - copy_local: false, redirects: force, restriction: || (&& (< monoandroid) (< monotouch) (< net45) (>= netstandard1.6) (< netstandard2.0) (< win8) (< wpa81) (< xamarintvos) (< xamarinwatchos)) (&& (< monoandroid) (< monotouch) (< net45) (>= netstandard1.6) (< xamarinios) (< xamarinmac) (< xamarintvos) (< xamarinwatchos)) (&& (< monoandroid) (< net45) (< netstandard1.4) (>= netstandard1.5) (< win8) (< wpa81)) (&& (< monoandroid) (< net45) (< netstandard1.4) (>= netstandard1.6) (< win8) (< wpa81)) (&& (< monoandroid) (< net45) (>= netstandard1.5) (< netstandard1.6) (< win8) (< wpa81)) (&& (< net452) (>= net46) (< netstandard1.4) (>= netstandard1.5)) (&& (< net452) (>= net46) (< netstandard1.4) (>= netstandard1.6))
      runtime.debian.8-x64.runtime.native.System.Security.Cryptography.OpenSsl (>= 4.3.3)
      runtime.debian.9-x64.runtime.native.System.Security.Cryptography.OpenSsl (>= 4.3.3)
      runtime.fedora.23-x64.runtime.native.System.Security.Cryptography.OpenSsl (>= 4.3.3)
      runtime.fedora.24-x64.runtime.native.System.Security.Cryptography.OpenSsl (>= 4.3.3)
      runtime.fedora.27-x64.runtime.native.System.Security.Cryptography.OpenSsl (>= 4.3.3)
      runtime.fedora.28-x64.runtime.native.System.Security.Cryptography.OpenSsl (>= 4.3.3)
      runtime.opensuse.13.2-x64.runtime.native.System.Security.Cryptography.OpenSsl (>= 4.3.3)
      runtime.opensuse.42.1-x64.runtime.native.System.Security.Cryptography.OpenSsl (>= 4.3.3)
      runtime.opensuse.42.3-x64.runtime.native.System.Security.Cryptography.OpenSsl (>= 4.3.3)
      runtime.osx.10.10-x64.runtime.native.System.Security.Cryptography.OpenSsl (>= 4.3.3)
      runtime.rhel.7-x64.runtime.native.System.Security.Cryptography.OpenSsl (>= 4.3.3)
      runtime.ubuntu.14.04-x64.runtime.native.System.Security.Cryptography.OpenSsl (>= 4.3.3)
      runtime.ubuntu.16.04-x64.runtime.native.System.Security.Cryptography.OpenSsl (>= 4.3.3)
      runtime.ubuntu.16.10-x64.runtime.native.System.Security.Cryptography.OpenSsl (>= 4.3.3)
      runtime.ubuntu.18.04-x64.runtime.native.System.Security.Cryptography.OpenSsl (>= 4.3.3)
    runtime.opensuse.13.2-x64.runtime.native.System.Security.Cryptography.OpenSsl (4.3.3) - copy_local: false, redirects: force, restriction: && (< monoandroid) (< monotouch) (< net45) (>= netstandard1.6) (< xamarinios) (< xamarinmac) (< xamarintvos) (< xamarinwatchos)
    runtime.opensuse.42.1-x64.runtime.native.System.Security.Cryptography.OpenSsl (4.3.3) - copy_local: false, redirects: force, restriction: && (< monoandroid) (< monotouch) (< net45) (>= netstandard1.6) (< xamarinios) (< xamarinmac) (< xamarintvos) (< xamarinwatchos)
    runtime.opensuse.42.3-x64.runtime.native.System.Security.Cryptography.OpenSsl (4.3.3) - copy_local: false, redirects: force, restriction: && (< monoandroid) (< monotouch) (< net45) (>= netstandard1.6) (< xamarinios) (< xamarinmac) (< xamarintvos) (< xamarinwatchos)
    runtime.osx.10.10-x64.runtime.native.System.Security.Cryptography.Apple (4.3.1) - restriction: || (&& (< monoandroid) (< monotouch) (< net45) (>= netstandard1.6) (< netstandard2.0) (< win8) (< wpa81) (< xamarintvos) (< xamarinwatchos)) (&& (< monoandroid) (< net45) (< netstandard1.4) (>= netstandard1.6) (< win8) (< wpa81)) (&& (< net452) (>= net46) (< netstandard1.4) (>= netstandard1.6))
    runtime.osx.10.10-x64.runtime.native.System.Security.Cryptography.OpenSsl (4.3.3) - copy_local: false, redirects: force, restriction: && (< monoandroid) (< monotouch) (< net45) (>= netstandard1.6) (< xamarinios) (< xamarinmac) (< xamarintvos) (< xamarinwatchos)
    runtime.rhel.7-x64.runtime.native.System.Security.Cryptography.OpenSsl (4.3.3) - copy_local: false, redirects: force, restriction: && (< monoandroid) (< monotouch) (< net45) (>= netstandard1.6) (< xamarinios) (< xamarinmac) (< xamarintvos) (< xamarinwatchos)
    runtime.ubuntu.14.04-x64.runtime.native.System.Security.Cryptography.OpenSsl (4.3.3) - copy_local: false, redirects: force, restriction: && (< monoandroid) (< monotouch) (< net45) (>= netstandard1.6) (< xamarinios) (< xamarinmac) (< xamarintvos) (< xamarinwatchos)
    runtime.ubuntu.16.04-x64.runtime.native.System.Security.Cryptography.OpenSsl (4.3.3) - copy_local: false, redirects: force, restriction: && (< monoandroid) (< monotouch) (< net45) (>= netstandard1.6) (< xamarinios) (< xamarinmac) (< xamarintvos) (< xamarinwatchos)
    runtime.ubuntu.16.10-x64.runtime.native.System.Security.Cryptography.OpenSsl (4.3.3) - copy_local: false, redirects: force, restriction: && (< monoandroid) (< monotouch) (< net45) (>= netstandard1.6) (< xamarinios) (< xamarinmac) (< xamarintvos) (< xamarinwatchos)
    runtime.ubuntu.18.04-x64.runtime.native.System.Security.Cryptography.OpenSsl (4.3.3) - copy_local: false, redirects: force, restriction: && (< monoandroid) (< monotouch) (< net45) (>= netstandard1.6) (< xamarinios) (< xamarinmac) (< xamarintvos) (< xamarinwatchos)
    runtime.win-arm64.runtime.native.System.Data.SqlClient.sni (4.4) - copy_local: false, redirects: force, restriction: || (&& (< monoandroid) (< net45) (< netcoreapp2.0) (>= netstandard2.0) (< xamarinios) (< xamarinmac) (< xamarintvos) (< xamarinwatchos)) (&& (< monoandroid) (>= netcoreapp2.0) (< netcoreapp2.1) (< xamarinios) (< xamarinmac) (< xamarintvos) (< xamarinwatchos)) (&& (< monoandroid) (>= netcoreapp2.1) (< netcoreapp3.1) (< xamarinios) (< xamarinmac) (< xamarintvos) (< xamarinwatchos)) (&& (>= netcoreapp3.1) (< xamarinios) (< xamarinmac) (< xamarintvos) (< xamarinwatchos))
    runtime.win-x64.runtime.native.System.Data.SqlClient.sni (4.4) - copy_local: false, redirects: force, restriction: || (&& (< monoandroid) (< net45) (< netcoreapp2.0) (>= netstandard2.0) (< xamarinios) (< xamarinmac) (< xamarintvos) (< xamarinwatchos)) (&& (< monoandroid) (>= netcoreapp2.0) (< netcoreapp2.1) (< xamarinios) (< xamarinmac) (< xamarintvos) (< xamarinwatchos)) (&& (< monoandroid) (>= netcoreapp2.1) (< netcoreapp3.1) (< xamarinios) (< xamarinmac) (< xamarintvos) (< xamarinwatchos)) (&& (>= netcoreapp3.1) (< xamarinios) (< xamarinmac) (< xamarintvos) (< xamarinwatchos))
    runtime.win-x86.runtime.native.System.Data.SqlClient.sni (4.4) - copy_local: false, redirects: force, restriction: || (&& (< monoandroid) (< net45) (< netcoreapp2.0) (>= netstandard2.0) (< xamarinios) (< xamarinmac) (< xamarintvos) (< xamarinwatchos)) (&& (< monoandroid) (>= netcoreapp2.0) (< netcoreapp2.1) (< xamarinios) (< xamarinmac) (< xamarintvos) (< xamarinwatchos)) (&& (< monoandroid) (>= netcoreapp2.1) (< netcoreapp3.1) (< xamarinios) (< xamarinmac) (< xamarintvos) (< xamarinwatchos)) (&& (>= netcoreapp3.1) (< xamarinios) (< xamarinmac) (< xamarintvos) (< xamarinwatchos))
    Shouldly (3.0.2)
      Microsoft.CSharp (>= 4.3) - restriction: || (&& (< net40) (>= netstandard1.3) (< netstandard2.0)) (&& (< net40) (>= netstandard2.0))
      NETStandard.Library (>= 1.6.1) - restriction: && (< net40) (>= netstandard1.3) (< netstandard2.0)
      System.Dynamic.Runtime (>= 4.3) - restriction: || (&& (< net40) (>= netstandard1.3) (< netstandard2.0)) (&& (< net40) (>= netstandard2.0))
      System.Reflection.TypeExtensions (>= 4.3) - restriction: || (&& (< net40) (>= netstandard1.3) (< netstandard2.0)) (&& (< net40) (>= netstandard2.0))
    stdole (16.9.31023.347) - restriction: >= net472
      Microsoft.VisualStudio.SDK.EmbedInteropTypes (>= 15.0.34) - restriction: || (>= net45) (>= netstandard2.0)
    StreamJsonRpc (2.7.76) - restriction: >= net472
      MessagePack (>= 2.2.85) - restriction: >= netstandard2.0
      Microsoft.Bcl.AsyncInterfaces (>= 5.0) - restriction: >= netstandard2.0
      Microsoft.VisualStudio.Threading (>= 16.8.55) - restriction: >= netstandard2.0
      Nerdbank.Streams (>= 2.6.81) - restriction: >= netstandard2.0
      Newtonsoft.Json (>= 12.0.2) - restriction: >= netstandard2.0
      System.Collections.Immutable (>= 5.0) - restriction: >= netstandard2.0
      System.Diagnostics.DiagnosticSource (>= 5.0) - restriction: >= netstandard2.0
      System.IO.Pipelines (>= 5.0.1) - restriction: >= netstandard2.0
      System.Memory (>= 4.5.4) - restriction: >= netstandard2.0
      System.Net.Http (>= 4.3.4) - restriction: >= netstandard2.0
      System.Net.WebSockets (>= 4.3) - restriction: >= netstandard2.0
      System.Reflection.Emit (>= 4.7) - restriction: >= netstandard2.0
      System.Threading.Tasks.Dataflow (>= 5.0) - restriction: >= netstandard2.0
      System.Threading.Tasks.Extensions (>= 4.5.4) - restriction: >= netstandard2.0
    StructureMap (4.6.1)
      NETStandard.Library (>= 1.6) - restriction: || (&& (< net45) (>= netstandard1.3) (< netstandard1.5)) (&& (< net45) (>= netstandard1.5) (< netstandard2.0))
      System.Collections.Concurrent (>= 4.0.12) - restriction: || (&& (< net45) (>= netstandard1.3) (< netstandard1.5)) (&& (< net45) (>= netstandard1.5) (< netstandard2.0))
      System.Collections.Concurrent (>= 4.3) - restriction: && (< net45) (>= netstandard2.0)
      System.Reflection.Emit.Lightweight (>= 4.3) - restriction: || (>= net45) (>= netstandard1.3)
      System.Reflection.TypeExtensions (>= 4.1) - restriction: || (&& (< net45) (>= netstandard1.3) (< netstandard1.5)) (&& (< net45) (>= netstandard1.5) (< netstandard2.0))
      System.Reflection.TypeExtensions (>= 4.4) - restriction: && (< net45) (>= netstandard2.0)
      System.Runtime.Loader (>= 4.0) - restriction: && (< net45) (>= netstandard1.5) (< netstandard2.0)
      System.Runtime.Loader (>= 4.3) - restriction: && (< net45) (>= netstandard2.0)
    System.AppContext (4.3) - restriction: || (&& (< net45) (< netstandard1.4) (>= netstandard1.5) (< win8) (< wpa81)) (&& (< net45) (>= netstandard1.5) (< netstandard1.6) (< win8) (< wpa81)) (&& (< net45) (>= netstandard1.6) (< netstandard2.0) (< win8) (< wpa81)) (&& (< net452) (>= net46) (< netstandard1.4) (>= netstandard1.5))
      System.Runtime (>= 4.3) - restriction: || (&& (< monoandroid) (< monotouch) (< net46) (>= netstandard1.6) (< xamarinios) (< xamarinmac) (< xamarintvos) (< xamarinwatchos)) (&& (< monoandroid) (< net46) (>= netstandard1.3) (< netstandard1.6))
    System.Buffers (4.5.1) - copy_local: false, redirects: force, restriction: || (&& (>= monoandroid) (< netcoreapp2.0) (>= netcoreapp3.0)) (&& (< monoandroid) (< monotouch) (< net45) (>= netstandard1.6) (< netstandard2.0) (< win8) (< wpa81) (< xamarintvos) (< xamarinwatchos)) (&& (< monoandroid) (< net45) (< netcoreapp2.0) (>= netstandard2.0) (< xamarinios) (< xamarinmac) (< xamarintvos) (< xamarinwatchos)) (&& (< monoandroid) (< net45) (< netstandard1.2) (>= netstandard1.5) (< win8)) (&& (< monoandroid) (< net45) (< netstandard1.3) (>= netstandard1.5) (< win8) (< wpa81)) (&& (< monoandroid) (< net45) (< netstandard1.4) (>= netstandard1.5) (< win8) (< wpa81)) (&& (< monoandroid) (< net45) (>= netstandard1.5) (< netstandard1.6) (< win8) (< wpa81)) (&& (< monoandroid) (< netcoreapp2.0) (>= netcoreapp3.0)) (&& (>= monotouch) (>= netcoreapp3.0)) (&& (< net45) (>= net46) (< netstandard1.4) (>= netstandard1.5)) (&& (>= net461) (>= netcoreapp3.0)) (>= net472) (&& (>= netcoreapp2.1) (>= uap10.0)) (&& (>= netcoreapp3.0) (>= xamarinios)) (&& (>= netcoreapp3.0) (>= xamarinmac)) (&& (>= netcoreapp3.0) (>= xamarintvos)) (&& (>= netcoreapp3.0) (>= xamarinwatchos)) (&& (>= netstandard2.0) (>= uap10.0)) (&& (>= uap10.0) (>= xamarinios)) (&& (>= uap10.0) (>= xamarinmac))
    System.Collections (4.3) - restriction: || (&& (< monoandroid) (< monotouch) (< net20) (>= netstandard1.3) (< netstandard2.0) (< xamarintvos) (< xamarinwatchos)) (&& (< monoandroid) (< monotouch) (< net20) (>= netstandard1.4) (< netstandard2.0) (< xamarintvos) (< xamarinwatchos)) (&& (< monoandroid) (< monotouch) (< net20) (>= netstandard1.5) (< netstandard2.0) (< win8) (< wpa81) (< xamarintvos) (< xamarinwatchos)) (&& (< monoandroid) (< monotouch) (< net35) (>= netstandard1.5) (< netstandard2.0) (< xamarintvos) (< xamarinwatchos)) (&& (< monoandroid) (< monotouch) (< net40) (>= netstandard1.3) (< netstandard2.0) (< win8) (< wpa81) (< xamarintvos) (< xamarinwatchos)) (&& (< monoandroid) (< monotouch) (< net45) (>= netstandard1.3) (< netstandard2.0) (< win8) (< wpa81) (< xamarintvos) (< xamarinwatchos)) (&& (< monoandroid) (< monotouch) (< net45) (>= netstandard1.6) (< xamarinios) (< xamarinmac) (< xamarintvos) (< xamarinwatchos)) (&& (< monoandroid) (< net20) (>= netstandard1.0) (< netstandard1.3) (< win8) (< wp8) (< wpa81)) (&& (< monoandroid) (< net20) (>= netstandard1.3) (< netstandard1.5) (< win8) (< wpa81)) (&& (< monoandroid) (< net20) (< netstandard1.3) (>= netstandard1.5) (< win8) (< wpa81)) (&& (< monoandroid) (< net35) (>= netstandard1.3) (< netstandard1.5)) (&& (< monoandroid) (< net35) (>= netstandard2.0) (< xamarinios) (< xamarinmac) (< xamarintvos) (< xamarinwatchos)) (&& (< monoandroid) (< net40) (>= netstandard2.0) (< win8) (< wpa81) (< xamarinios) (< xamarinmac) (< xamarintvos) (< xamarinwatchos)) (&& (< monoandroid) (< net45) (< netstandard1.2) (>= netstandard1.6) (< win8)) (&& (< monoandroid) (< net45) (>= netstandard1.3) (< netstandard1.6) (< win8) (< wpa81)) (&& (< monoandroid) (< net45) (< netstandard1.3) (>= netstandard1.6) (< win8) (< wpa81)) (&& (< monoandroid) (< net45) (< netstandard1.4) (>= netstandard1.6) (< win8) (< wpa81)) (&& (< monoandroid) (< net45) (>= netstandard2.0) (< xamarinios) (< xamarinmac) (< xamarintvos) (< xamarinwatchos)) (&& (< monoandroid) (>= netcoreapp1.0) (< netcoreapp2.1) (< xamarinios) (< xamarinmac) (< xamarintvos) (< xamarinwatchos)) (&& (< net35) (>= net45) (< netstandard1.3) (>= netstandard1.5)) (&& (< net35) (>= net46) (>= netstandard1.5)) (&& (< net35) (>= net46) (< netstandard1.5)) (&& (< net45) (>= net46) (< netstandard1.4) (>= netstandard1.5)) (&& (< net45) (< netstandard1.2) (>= netstandard1.5) (< win8)) (&& (< net45) (< netstandard1.3) (>= netstandard1.5) (< win8) (< wpa81)) (&& (< net45) (< netstandard1.4) (>= netstandard1.5) (< win8) (< wpa81)) (&& (< net45) (>= netstandard1.5) (< netstandard1.6) (< win8) (< wpa81)) (&& (< net45) (>= netstandard1.6) (< netstandard2.0) (< win8) (< wpa81)) (&& (>= netstandard1.5) (< portable-net45+win8+wpa81)) (&& (>= netstandard1.6) (< portable-net45+win8+wpa81)) (>= uap10.0)
      Microsoft.NETCore.Platforms (>= 1.1) - restriction: || (&& (< monoandroid) (< monotouch) (< net45) (>= netstandard1.3) (< win8) (< wpa81) (< xamarinios) (< xamarinmac) (< xamarintvos) (< xamarinwatchos)) (&& (< monoandroid) (< net45) (>= netstandard1.0) (< netstandard1.3) (< win8) (< wp8) (< wpa81))
      Microsoft.NETCore.Targets (>= 1.1) - restriction: || (&& (< monoandroid) (< monotouch) (< net45) (>= netstandard1.3) (< win8) (< wpa81) (< xamarinios) (< xamarinmac) (< xamarintvos) (< xamarinwatchos)) (&& (< monoandroid) (< net45) (>= netstandard1.0) (< netstandard1.3) (< win8) (< wp8) (< wpa81))
      System.Runtime (>= 4.3) - restriction: || (&& (< monoandroid) (< monotouch) (< net45) (>= netstandard1.3) (< win8) (< wpa81) (< xamarinios) (< xamarinmac) (< xamarintvos) (< xamarinwatchos)) (&& (< monoandroid) (< net45) (>= netstandard1.0) (< netstandard1.3) (< win8) (< wp8) (< wpa81))
    System.Collections.Concurrent (4.3) - restriction: || (&& (< monoandroid) (< monotouch) (< net45) (>= netstandard1.3) (< win8) (< wpa81) (< xamarinios) (< xamarinmac) (< xamarintvos) (< xamarinwatchos)) (&& (< net45) (< netstandard1.2) (>= netstandard1.5) (< win8)) (&& (< net45) (>= netstandard1.3) (< netstandard1.5)) (&& (< net45) (< netstandard1.3) (>= netstandard1.5) (< win8) (< wpa81)) (&& (< net45) (< netstandard1.4) (>= netstandard1.5) (< win8) (< wpa81)) (&& (< net45) (>= netstandard1.5) (< netstandard1.6) (< win8) (< wpa81)) (&& (< net45) (>= netstandard1.5) (< netstandard2.0)) (&& (< net45) (>= netstandard1.6) (< netstandard2.0) (< win8) (< wpa81)) (&& (< net45) (>= netstandard2.0)) (&& (< net452) (>= net46) (< netstandard1.4) (>= netstandard1.5)) (&& (>= netstandard1.6) (< netstandard2.0) (>= uap10.0)) (&& (< netstandard1.6) (>= uap10.0)) (&& (>= uap10.0) (< win8) (< wpa81))
      System.Collections (>= 4.3) - restriction: && (< monoandroid) (< monotouch) (< net45) (>= netstandard1.3) (< win8) (< wpa81) (< xamarinios) (< xamarinmac) (< xamarintvos) (< xamarinwatchos)
      System.Diagnostics.Debug (>= 4.3) - restriction: && (< monoandroid) (< monotouch) (< net45) (>= netstandard1.3) (< win8) (< wpa81) (< xamarinios) (< xamarinmac) (< xamarintvos) (< xamarinwatchos)
      System.Diagnostics.Tracing (>= 4.3) - restriction: && (< monoandroid) (< monotouch) (< net45) (>= netstandard1.3) (< win8) (< wpa81) (< xamarinios) (< xamarinmac) (< xamarintvos) (< xamarinwatchos)
      System.Globalization (>= 4.3) - restriction: && (< monoandroid) (< monotouch) (< net45) (>= netstandard1.3) (< win8) (< wpa81) (< xamarinios) (< xamarinmac) (< xamarintvos) (< xamarinwatchos)
      System.Reflection (>= 4.3) - restriction: && (< monoandroid) (< monotouch) (< net45) (>= netstandard1.3) (< win8) (< wpa81) (< xamarinios) (< xamarinmac) (< xamarintvos) (< xamarinwatchos)
      System.Resources.ResourceManager (>= 4.3) - restriction: && (< monoandroid) (< monotouch) (< net45) (>= netstandard1.3) (< win8) (< wpa81) (< xamarinios) (< xamarinmac) (< xamarintvos) (< xamarinwatchos)
      System.Runtime (>= 4.3) - restriction: || (&& (< monoandroid) (< monotouch) (< net45) (>= netstandard1.3) (< win8) (< wpa81) (< xamarinios) (< xamarinmac) (< xamarintvos) (< xamarinwatchos)) (&& (< monoandroid) (< net45) (>= netstandard1.1) (< netstandard1.3) (< win8) (< wpa81))
      System.Runtime.Extensions (>= 4.3) - restriction: && (< monoandroid) (< monotouch) (< net45) (>= netstandard1.3) (< win8) (< wpa81) (< xamarinios) (< xamarinmac) (< xamarintvos) (< xamarinwatchos)
      System.Threading (>= 4.3) - restriction: && (< monoandroid) (< monotouch) (< net45) (>= netstandard1.3) (< win8) (< wpa81) (< xamarinios) (< xamarinmac) (< xamarintvos) (< xamarinwatchos)
      System.Threading.Tasks (>= 4.3) - restriction: || (&& (< monoandroid) (< monotouch) (< net45) (>= netstandard1.3) (< win8) (< wpa81) (< xamarinios) (< xamarinmac) (< xamarintvos) (< xamarinwatchos)) (&& (< monoandroid) (< net45) (>= netstandard1.1) (< netstandard1.3) (< win8) (< wpa81))
    System.Collections.Immutable (5.0) - restriction: || (&& (>= net45) (< netstandard1.1)) (&& (>= net45) (< netstandard2.0)) (&& (< net45) (< net50) (>= netstandard2.0)) (>= net461) (&& (< netstandard1.1) (>= netstandard2.0) (>= win8)) (&& (< netstandard1.1) (>= netstandard2.0) (< win8))
      System.Memory (>= 4.5.4) - restriction: || (&& (< monoandroid) (< monotouch) (< net45) (>= netstandard1.3) (< netstandard2.0) (< win8) (< wpa81) (< xamarintvos) (< xamarinwatchos)) (&& (< monoandroid) (< net45) (< netcoreapp2.1) (>= netstandard2.0) (< xamarinios) (< xamarinmac) (< xamarintvos) (< xamarinwatchos)) (&& (>= net46) (< netstandard2.0)) (>= net461) (>= uap10.1)
    System.Collections.NonGeneric (4.3) - redirects: on, restriction: || (&& (< monoandroid) (< monotouch) (< net20) (>= netstandard1.5) (< netstandard2.0) (< win8) (< wpa81) (< xamarintvos) (< xamarinwatchos)) (&& (< monoandroid) (< monotouch) (< net35) (>= netstandard1.5) (< netstandard2.0) (< xamarintvos) (< xamarinwatchos)) (&& (< monoandroid) (< net20) (< netstandard1.3) (>= netstandard1.5) (< win8) (< wpa81)) (&& (< monoandroid) (< net35) (>= netstandard1.3) (< netstandard1.5)) (&& (< monoandroid) (< net35) (>= netstandard2.0) (< xamarinios) (< xamarinmac) (< xamarintvos) (< xamarinwatchos)) (&& (< net20) (>= net462) (< netstandard1.3)) (&& (< net20) (>= net462) (< netstandard2.0)) (&& (< net35) (>= net45) (< netstandard1.3) (>= netstandard1.5)) (&& (< net35) (>= net46) (>= netstandard1.5)) (&& (< net35) (>= net46) (< netstandard1.5))
      System.Diagnostics.Debug (>= 4.3) - restriction: && (< monoandroid) (< monotouch) (< net46) (>= netstandard1.3) (< xamarinios) (< xamarinmac) (< xamarintvos) (< xamarinwatchos)
      System.Globalization (>= 4.3) - restriction: && (< monoandroid) (< monotouch) (< net46) (>= netstandard1.3) (< xamarinios) (< xamarinmac) (< xamarintvos) (< xamarinwatchos)
      System.Resources.ResourceManager (>= 4.3) - restriction: && (< monoandroid) (< monotouch) (< net46) (>= netstandard1.3) (< xamarinios) (< xamarinmac) (< xamarintvos) (< xamarinwatchos)
      System.Runtime (>= 4.3) - restriction: && (< monoandroid) (< monotouch) (< net46) (>= netstandard1.3) (< xamarinios) (< xamarinmac) (< xamarintvos) (< xamarinwatchos)
      System.Runtime.Extensions (>= 4.3) - restriction: && (< monoandroid) (< monotouch) (< net46) (>= netstandard1.3) (< xamarinios) (< xamarinmac) (< xamarintvos) (< xamarinwatchos)
      System.Threading (>= 4.3) - restriction: && (< monoandroid) (< monotouch) (< net46) (>= netstandard1.3) (< xamarinios) (< xamarinmac) (< xamarintvos) (< xamarinwatchos)
    System.Collections.Specialized (4.3) - restriction: || (&& (< monoandroid) (< monotouch) (< net20) (>= netstandard1.5) (< netstandard2.0) (< win8) (< wpa81) (< xamarintvos) (< xamarinwatchos)) (&& (< monoandroid) (< net20) (< netstandard1.3) (>= netstandard1.5) (< win8) (< wpa81)) (&& (< net35) (>= net45) (< netstandard1.3) (>= netstandard1.5)) (&& (< net35) (>= net46) (>= netstandard1.5)) (&& (< net35) (>= net46) (< netstandard1.5)) (&& (< net35) (>= netstandard1.3) (< netstandard1.5)) (&& (< net35) (>= netstandard1.5) (< netstandard2.0)) (&& (< net35) (>= netstandard2.0))
      System.Collections.NonGeneric (>= 4.3) - restriction: && (< monoandroid) (< monotouch) (< net46) (>= netstandard1.3) (< xamarinios) (< xamarinmac) (< xamarintvos) (< xamarinwatchos)
      System.Globalization (>= 4.3) - restriction: && (< monoandroid) (< monotouch) (< net46) (>= netstandard1.3) (< xamarinios) (< xamarinmac) (< xamarintvos) (< xamarinwatchos)
      System.Globalization.Extensions (>= 4.3) - restriction: && (< monoandroid) (< monotouch) (< net46) (>= netstandard1.3) (< xamarinios) (< xamarinmac) (< xamarintvos) (< xamarinwatchos)
      System.Resources.ResourceManager (>= 4.3) - restriction: && (< monoandroid) (< monotouch) (< net46) (>= netstandard1.3) (< xamarinios) (< xamarinmac) (< xamarintvos) (< xamarinwatchos)
      System.Runtime (>= 4.3) - restriction: && (< monoandroid) (< monotouch) (< net46) (>= netstandard1.3) (< xamarinios) (< xamarinmac) (< xamarintvos) (< xamarinwatchos)
      System.Runtime.Extensions (>= 4.3) - restriction: && (< monoandroid) (< monotouch) (< net46) (>= netstandard1.3) (< xamarinios) (< xamarinmac) (< xamarintvos) (< xamarinwatchos)
      System.Threading (>= 4.3) - restriction: && (< monoandroid) (< monotouch) (< net46) (>= netstandard1.3) (< xamarinios) (< xamarinmac) (< xamarintvos) (< xamarinwatchos)
    System.ComponentModel (4.3) - restriction: || (&& (< monoandroid) (< monotouch) (< net20) (>= netstandard1.5) (< netstandard2.0) (< win8) (< wpa81) (< xamarintvos) (< xamarinwatchos)) (&& (< monoandroid) (< net20) (>= netstandard1.0) (< netstandard1.3) (< win8) (< wp8) (< wpa81)) (&& (< monoandroid) (< net20) (>= netstandard1.3) (< netstandard1.5) (< win8) (< wpa81)) (&& (< monoandroid) (< net20) (< netstandard1.3) (>= netstandard1.5) (< win8) (< wpa81)) (&& (< net35) (>= net45) (< netstandard1.3) (>= netstandard1.5)) (&& (< net35) (>= net46) (>= netstandard1.5)) (&& (< net35) (>= net46) (< netstandard1.5)) (&& (< net35) (>= netstandard1.3) (< netstandard1.5)) (&& (< net35) (>= netstandard1.5) (< netstandard2.0)) (&& (< net35) (>= netstandard2.0))
      System.Runtime (>= 4.3) - restriction: || (&& (< monoandroid) (< monotouch) (< net45) (>= netstandard1.3) (< win8) (< wpa81) (< xamarinios) (< xamarinmac) (< xamarintvos) (< xamarinwatchos)) (&& (< monoandroid) (< net45) (>= netstandard1.0) (< netstandard1.3) (< win8) (< wp8) (< wpa81))
    System.ComponentModel.Annotations (5.0) - copy_local: false, redirects: force, restriction: || (&& (< net45) (>= netstandard2.0)) (&& (< net452) (>= netstandard1.5) (< netstandard2.0)) (&& (< net452) (>= netstandard2.0))
    System.ComponentModel.Composition (5.0) - restriction: >= net472
    System.ComponentModel.EventBasedAsync (4.3.0) - version_in_path: true, restriction: || (&& (>= net461) (< netstandard1.1) (>= uap10.0)) (&& (>= net461) (< netstandard1.3) (>= uap10.0)) (&& (>= netcoreapp1.0) (< netstandard1.3)) (&& (>= netcoreapp1.0) (< netstandard2.0)) (&& (< netstandard1.1) (>= uap10.0) (< win8)) (&& (< netstandard1.3) (>= uap10.0) (< win8)) (&& (< netstandard2.0) (>= uap10.0))
      System.Resources.ResourceManager (>= 4.3) - restriction: && (< monoandroid) (< monotouch) (< net45) (>= netstandard1.3) (< win8) (< wpa81) (< xamarinios) (< xamarinmac) (< xamarintvos) (< xamarinwatchos)
      System.Runtime (>= 4.3) - restriction: || (&& (< monoandroid) (< monotouch) (< net45) (>= netstandard1.3) (< win8) (< wpa81) (< xamarinios) (< xamarinmac) (< xamarintvos) (< xamarinwatchos)) (&& (< monoandroid) (< net45) (>= netstandard1.0) (< netstandard1.3) (< win8) (< wp8) (< wpa81))
      System.Threading (>= 4.3) - restriction: && (< monoandroid) (< monotouch) (< net45) (>= netstandard1.3) (< win8) (< wpa81) (< xamarinios) (< xamarinmac) (< xamarintvos) (< xamarinwatchos)
      System.Threading.Tasks (>= 4.3) - restriction: && (< monoandroid) (< monotouch) (< net45) (>= netstandard1.3) (< win8) (< wpa81) (< xamarinios) (< xamarinmac) (< xamarintvos) (< xamarinwatchos)
    System.ComponentModel.Primitives (4.3) - redirects: on, restriction: || (&& (< monoandroid) (< monotouch) (< net20) (>= netstandard1.5) (< netstandard2.0) (< win8) (< xamarintvos) (< xamarinwatchos)) (&& (< monoandroid) (< net20) (>= netstandard1.0) (< netstandard1.3) (< win8)) (&& (< monoandroid) (< net20) (>= netstandard1.3) (< netstandard1.5) (< win8)) (&& (< monoandroid) (< net20) (< netstandard1.3) (>= netstandard1.5) (< win8)) (&& (< net20) (>= net45) (>= netstandard1.3) (< netstandard1.5)) (&& (< net20) (>= net45) (< netstandard1.3)) (&& (< net20) (>= net462) (< netstandard1.3)) (&& (< net20) (>= net462) (< netstandard2.0)) (&& (< netstandard1.0) (>= netstandard1.3) (>= win8)) (&& (>= netstandard1.3) (< netstandard2.0) (>= wpa81)) (&& (< netstandard1.3) (>= wpa81)) (>= wp8)
      System.ComponentModel (>= 4.3) - restriction: && (< monoandroid) (< monotouch) (< net45) (>= netstandard1.0) (< win8) (< wp8) (< wpa81) (< xamarinios) (< xamarinmac) (< xamarintvos) (< xamarinwatchos)
      System.Resources.ResourceManager (>= 4.3) - restriction: && (< monoandroid) (< monotouch) (< net45) (>= netstandard1.0) (< win8) (< wp8) (< wpa81) (< xamarinios) (< xamarinmac) (< xamarintvos) (< xamarinwatchos)
      System.Runtime (>= 4.3) - restriction: && (< monoandroid) (< monotouch) (< net45) (>= netstandard1.0) (< win8) (< wp8) (< wpa81) (< xamarinios) (< xamarinmac) (< xamarintvos) (< xamarinwatchos)
    System.ComponentModel.TypeConverter (4.3) - redirects: on, restriction: || (&& (< monoandroid8.1) (< net45) (>= netstandard1.3) (< uap10.0) (< xamarinios)) (&& (< net20) (>= netstandard1.0) (< netstandard1.3)) (&& (< net20) (>= netstandard1.3) (< netstandard2.0)) (&& (< net35) (>= net45) (< netstandard1.3) (>= netstandard1.5)) (&& (< net35) (>= net46) (>= netstandard1.5)) (&& (< net35) (>= net46) (< netstandard1.5)) (&& (< net35) (>= netstandard1.3) (< netstandard1.5)) (&& (< net35) (>= netstandard1.5) (< netstandard2.0)) (&& (< net35) (>= netstandard2.0)) (&& (< net452) (>= netstandard1.5) (< netstandard2.0)) (&& (>= netcoreapp1.0) (< netstandard1.3)) (&& (>= netcoreapp1.0) (< netstandard2.0))
      System.Collections (>= 4.3) - restriction: || (&& (< monoandroid) (< monotouch) (< net45) (>= netstandard1.5) (< win8) (< wpa81) (< xamarinios) (< xamarinmac) (< xamarintvos) (< xamarinwatchos)) (&& (< monoandroid) (< net45) (>= netstandard1.0) (< netstandard1.5) (< win8) (< wp8) (< wpa81))
      System.Collections.NonGeneric (>= 4.3) - restriction: || (&& (< monoandroid) (< monotouch) (< net45) (>= netstandard1.5) (< win8) (< wpa81) (< xamarinios) (< xamarinmac) (< xamarintvos) (< xamarinwatchos)) (>= net462)
      System.Collections.Specialized (>= 4.3) - restriction: && (< monoandroid) (< monotouch) (< net45) (>= netstandard1.5) (< win8) (< wpa81) (< xamarinios) (< xamarinmac) (< xamarintvos) (< xamarinwatchos)
      System.ComponentModel (>= 4.3) - restriction: || (&& (< monoandroid) (< monotouch) (< net45) (>= netstandard1.5) (< win8) (< wpa81) (< xamarinios) (< xamarinmac) (< xamarintvos) (< xamarinwatchos)) (&& (< monoandroid) (< net45) (>= netstandard1.0) (< netstandard1.5) (< win8) (< wp8) (< wpa81))
      System.ComponentModel.Primitives (>= 4.3) - restriction: || (&& (< monoandroid) (< monotouch) (< net45) (>= netstandard1.5) (< win8) (< xamarinios) (< xamarinmac) (< xamarintvos) (< xamarinwatchos)) (&& (< monoandroid) (< net45) (>= netstandard1.0) (< netstandard1.5) (< win8)) (&& (>= net45) (< netstandard1.5)) (>= net462) (&& (< netstandard1.0) (>= win8)) (>= wp8) (>= wpa81)
      System.Globalization (>= 4.3) - restriction: || (&& (< monoandroid) (< monotouch) (< net45) (>= netstandard1.5) (< win8) (< wpa81) (< xamarinios) (< xamarinmac) (< xamarintvos) (< xamarinwatchos)) (&& (< monoandroid) (< net45) (>= netstandard1.0) (< netstandard1.5) (< win8) (< wp8) (< wpa81))
      System.Linq (>= 4.3) - restriction: && (< monoandroid) (< monotouch) (< net45) (>= netstandard1.5) (< win8) (< wpa81) (< xamarinios) (< xamarinmac) (< xamarintvos) (< xamarinwatchos)
      System.Reflection (>= 4.3) - restriction: || (&& (< monoandroid) (< monotouch) (< net45) (>= netstandard1.5) (< win8) (< wpa81) (< xamarinios) (< xamarinmac) (< xamarintvos) (< xamarinwatchos)) (&& (< monoandroid) (< net45) (>= netstandard1.0) (< netstandard1.5) (< win8) (< wp8) (< wpa81))
      System.Reflection.Extensions (>= 4.3) - restriction: || (&& (< monoandroid) (< monotouch) (< net45) (>= netstandard1.5) (< win8) (< wpa81) (< xamarinios) (< xamarinmac) (< xamarintvos) (< xamarinwatchos)) (&& (< monoandroid) (< net45) (>= netstandard1.0) (< netstandard1.5) (< win8) (< wp8) (< wpa81))
      System.Reflection.Primitives (>= 4.3) - restriction: || (&& (< monoandroid) (< monotouch) (< net45) (>= netstandard1.5) (< win8) (< wpa81) (< xamarinios) (< xamarinmac) (< xamarintvos) (< xamarinwatchos)) (&& (< monoandroid) (< net45) (>= netstandard1.0) (< netstandard1.5) (< win8) (< wp8) (< wpa81))
      System.Reflection.TypeExtensions (>= 4.3) - restriction: && (< monoandroid) (< monotouch) (< net45) (>= netstandard1.5) (< win8) (< wpa81) (< xamarinios) (< xamarinmac) (< xamarintvos) (< xamarinwatchos)
      System.Resources.ResourceManager (>= 4.3) - restriction: || (&& (< monoandroid) (< monotouch) (< net45) (>= netstandard1.5) (< win8) (< wpa81) (< xamarinios) (< xamarinmac) (< xamarintvos) (< xamarinwatchos)) (&& (< monoandroid) (< net45) (>= netstandard1.0) (< netstandard1.5) (< win8) (< wp8) (< wpa81))
      System.Runtime (>= 4.3) - restriction: || (&& (< monoandroid) (< monotouch) (< net45) (>= netstandard1.5) (< win8) (< wpa81) (< xamarinios) (< xamarinmac) (< xamarintvos) (< xamarinwatchos)) (&& (< monoandroid) (< net45) (>= netstandard1.0) (< netstandard1.5) (< win8) (< wp8) (< wpa81))
      System.Runtime.Extensions (>= 4.3) - restriction: || (&& (< monoandroid) (< monotouch) (< net45) (>= netstandard1.5) (< win8) (< wpa81) (< xamarinios) (< xamarinmac) (< xamarintvos) (< xamarinwatchos)) (&& (< monoandroid) (< net45) (>= netstandard1.0) (< netstandard1.5) (< win8) (< wp8) (< wpa81))
      System.Threading (>= 4.3) - restriction: || (&& (< monoandroid) (< monotouch) (< net45) (>= netstandard1.5) (< win8) (< wpa81) (< xamarinios) (< xamarinmac) (< xamarintvos) (< xamarinwatchos)) (&& (< monoandroid) (< net45) (>= netstandard1.0) (< netstandard1.5) (< win8) (< wp8) (< wpa81))
    System.Configuration.ConfigurationManager (5.0) - copy_local: false, redirects: force, restriction: && (< net45) (>= netstandard2.0)
      System.Security.Cryptography.ProtectedData (>= 5.0) - restriction: && (< monoandroid) (< net461) (>= netstandard2.0) (< xamarinios) (< xamarinmac) (< xamarintvos) (< xamarinwatchos)
      System.Security.Permissions (>= 5.0) - restriction: || (>= monoandroid) (>= monotouch) (>= net461) (>= netstandard2.0) (>= xamarintvos) (>= xamarinwatchos)
    System.Console (4.3.1) - restriction: || (&& (< net45) (< netstandard1.4) (>= netstandard1.5) (< win8) (< wpa81)) (&& (< net45) (>= netstandard1.5) (< netstandard1.6) (< win8) (< wpa81)) (&& (< net45) (>= netstandard1.6) (< netstandard2.0) (< win8) (< wpa81)) (&& (< net452) (>= net46) (< netstandard1.4) (>= netstandard1.5))
      Microsoft.NETCore.Platforms (>= 1.1) - restriction: && (< monoandroid) (< monotouch) (< net46) (>= netstandard1.3) (< xamarinios) (< xamarinmac) (< xamarintvos) (< xamarinwatchos)
      Microsoft.NETCore.Targets (>= 1.1.2) - restriction: && (< monoandroid) (< monotouch) (< net46) (>= netstandard1.3) (< xamarinios) (< xamarinmac) (< xamarintvos) (< xamarinwatchos)
      System.IO (>= 4.3) - restriction: && (< monoandroid) (< monotouch) (< net46) (>= netstandard1.3) (< xamarinios) (< xamarinmac) (< xamarintvos) (< xamarinwatchos)
      System.Runtime (>= 4.3) - restriction: && (< monoandroid) (< monotouch) (< net46) (>= netstandard1.3) (< xamarinios) (< xamarinmac) (< xamarintvos) (< xamarinwatchos)
      System.Text.Encoding (>= 4.3) - restriction: && (< monoandroid) (< monotouch) (< net46) (>= netstandard1.3) (< xamarinios) (< xamarinmac) (< xamarintvos) (< xamarinwatchos)
    System.Data.SqlClient (4.8.2) - copy_local: false, redirects: force, restriction: && (< net45) (>= netstandard2.0)
      Microsoft.Win32.Registry (>= 4.7) - restriction: || (&& (< monoandroid) (< net451) (< netcoreapp2.0) (>= netstandard2.0) (< xamarinios) (< xamarinmac) (< xamarintvos) (< xamarinwatchos)) (&& (< monoandroid) (>= netcoreapp2.0) (< netcoreapp2.1) (< xamarinios) (< xamarinmac) (< xamarintvos) (< xamarinwatchos)) (&& (< monoandroid) (>= netcoreapp2.1) (< netcoreapp3.1) (< xamarinios) (< xamarinmac) (< xamarintvos) (< xamarinwatchos)) (&& (>= netcoreapp3.1) (< xamarinios) (< xamarinmac) (< xamarintvos) (< xamarinwatchos))
      runtime.native.System.Data.SqlClient.sni (>= 4.7) - restriction: || (&& (< monoandroid) (< monotouch) (< net451) (>= netstandard1.3) (< netstandard2.0) (< win81) (< wpa81) (< xamarintvos) (< xamarinwatchos)) (&& (< monoandroid) (< net451) (< netcoreapp2.0) (>= netstandard2.0) (< xamarinios) (< xamarinmac) (< xamarintvos) (< xamarinwatchos)) (&& (< monoandroid) (>= netcoreapp2.0) (< netcoreapp2.1) (< xamarinios) (< xamarinmac) (< xamarintvos) (< xamarinwatchos)) (&& (< monoandroid) (>= netcoreapp2.1) (< netcoreapp3.1) (< xamarinios) (< xamarinmac) (< xamarintvos) (< xamarinwatchos)) (&& (>= netcoreapp3.1) (< xamarinios) (< xamarinmac) (< xamarintvos) (< xamarinwatchos))
      System.Buffers (>= 4.5.1) - restriction: && (< monoandroid) (< net451) (< netcoreapp2.0) (>= netstandard2.0) (< xamarinios) (< xamarinmac) (< xamarintvos) (< xamarinwatchos)
      System.Diagnostics.DiagnosticSource (>= 4.7) - restriction: || (&& (< monoandroid) (< monotouch) (< net451) (>= netstandard1.3) (< netstandard2.0) (< win81) (< wpa81) (< xamarintvos) (< xamarinwatchos)) (&& (< monoandroid) (< net451) (< netcoreapp2.0) (>= netstandard2.0) (< xamarinios) (< xamarinmac) (< xamarintvos) (< xamarinwatchos)) (&& (< monoandroid) (>= netcoreapp2.0) (< netcoreapp2.1) (< xamarinios) (< xamarinmac) (< xamarintvos) (< xamarinwatchos)) (&& (< monoandroid) (>= netcoreapp2.1) (< netcoreapp3.1) (< xamarinios) (< xamarinmac) (< xamarintvos) (< xamarinwatchos)) (>= uap10.1)
      System.Memory (>= 4.5.4) - restriction: || (&& (< monoandroid) (< net451) (< netcoreapp2.0) (>= netstandard2.0) (< xamarinios) (< xamarinmac) (< xamarintvos) (< xamarinwatchos)) (&& (< monoandroid) (>= netcoreapp2.0) (< netcoreapp2.1) (< xamarinios) (< xamarinmac) (< xamarintvos) (< xamarinwatchos)) (>= uap10.1)
      System.Security.Principal.Windows (>= 4.7) - restriction: || (&& (< monoandroid) (< monotouch) (< net451) (>= netstandard1.3) (< netstandard2.0) (< win81) (< wpa81) (< xamarintvos) (< xamarinwatchos)) (&& (< monoandroid) (< net451) (< netcoreapp2.0) (>= netstandard2.0) (< xamarinios) (< xamarinmac) (< xamarintvos) (< xamarinwatchos)) (&& (< monoandroid) (>= netcoreapp2.0) (< netcoreapp2.1) (< xamarinios) (< xamarinmac) (< xamarintvos) (< xamarinwatchos)) (&& (< monoandroid) (>= netcoreapp2.1) (< netcoreapp3.1) (< xamarinios) (< xamarinmac) (< xamarintvos) (< xamarinwatchos)) (&& (>= netcoreapp3.1) (< xamarinios) (< xamarinmac) (< xamarintvos) (< xamarinwatchos))
      System.Text.Encoding.CodePages (>= 4.7) - restriction: || (&& (< monoandroid) (< monotouch) (< net451) (>= netstandard1.3) (< netstandard2.0) (< win81) (< wpa81) (< xamarintvos) (< xamarinwatchos)) (&& (< monoandroid) (< net451) (< netcoreapp2.0) (>= netstandard2.0) (< xamarinios) (< xamarinmac) (< xamarintvos) (< xamarinwatchos)) (&& (< monoandroid) (>= netcoreapp2.0) (< netcoreapp2.1) (< xamarinios) (< xamarinmac) (< xamarintvos) (< xamarinwatchos)) (&& (< monoandroid) (>= netcoreapp2.1) (< netcoreapp3.1) (< xamarinios) (< xamarinmac) (< xamarintvos) (< xamarinwatchos)) (>= uap10.1)
    System.Diagnostics.Debug (4.3) - restriction: || (&& (< monoandroid) (< monotouch) (< net20) (>= netstandard1.3) (< netstandard2.0) (< xamarintvos) (< xamarinwatchos)) (&& (< monoandroid) (< monotouch) (< net35) (>= netstandard1.5) (< netstandard2.0) (< xamarintvos) (< xamarinwatchos)) (&& (< monoandroid) (< monotouch) (< net40) (>= netstandard1.3) (< netstandard2.0) (< win8) (< wpa81) (< xamarintvos) (< xamarinwatchos)) (&& (< monoandroid) (< monotouch) (< net45) (>= netstandard1.3) (< netstandard2.0) (< win8) (< wpa81) (< xamarintvos) (< xamarinwatchos)) (&& (< monoandroid) (< monotouch) (< net45) (>= netstandard1.6) (< xamarinios) (< xamarinmac) (< xamarintvos) (< xamarinwatchos)) (&& (< monoandroid) (< net35) (>= netstandard1.3) (< netstandard1.5)) (&& (< monoandroid) (< net35) (>= netstandard2.0) (< xamarinios) (< xamarinmac) (< xamarintvos) (< xamarinwatchos)) (&& (< monoandroid) (< net40) (>= netstandard2.0) (< win8) (< wpa81) (< xamarinios) (< xamarinmac) (< xamarintvos) (< xamarinwatchos)) (&& (< monoandroid) (< net45) (< netstandard1.2) (>= netstandard1.6) (< win8)) (&& (< monoandroid) (< net45) (>= netstandard1.3) (< netstandard1.6) (< win8) (< wpa81)) (&& (< monoandroid) (< net45) (< netstandard1.3) (>= netstandard1.6) (< win8) (< wpa81)) (&& (< monoandroid) (< net45) (< netstandard1.4) (>= netstandard1.6) (< win8) (< wpa81)) (&& (< monoandroid) (< net45) (>= netstandard2.0) (< xamarinios) (< xamarinmac) (< xamarintvos) (< xamarinwatchos)) (&& (< monoandroid) (>= netcoreapp1.0) (< netcoreapp2.1) (< xamarinios) (< xamarinmac) (< xamarintvos) (< xamarinwatchos)) (&& (< net35) (>= net45) (< netstandard1.3) (>= netstandard1.5)) (&& (< net35) (>= net46) (>= netstandard1.5)) (&& (< net35) (>= net46) (< netstandard1.5)) (&& (< net45) (>= net46) (< netstandard1.4) (>= netstandard1.5)) (&& (< net45) (>= net46) (>= netstandard2.0)) (&& (< net45) (< netstandard1.2) (>= netstandard1.5) (< win8)) (&& (< net45) (< netstandard1.3) (>= netstandard1.5) (< win8) (< wpa81)) (&& (< net45) (< netstandard1.4) (>= netstandard1.5) (< win8) (< wpa81)) (&& (< net45) (>= netstandard1.5) (< netstandard1.6) (< win8) (< wpa81)) (&& (< net45) (>= netstandard1.6) (< netstandard2.0) (< win8) (< wpa81)) (&& (>= netstandard1.5) (< portable-net45+win8+wpa81)) (&& (>= netstandard1.6) (< portable-net45+win8+wpa81)) (&& (< netstandard2.0) (>= uap10.0))
      Microsoft.NETCore.Platforms (>= 1.1) - restriction: || (&& (< monoandroid) (< monotouch) (< net45) (>= netstandard1.3) (< win8) (< wpa81) (< xamarinios) (< xamarinmac) (< xamarintvos) (< xamarinwatchos)) (&& (< monoandroid) (< net45) (>= netstandard1.0) (< netstandard1.3) (< win8) (< wp8) (< wpa81))
      Microsoft.NETCore.Targets (>= 1.1) - restriction: || (&& (< monoandroid) (< monotouch) (< net45) (>= netstandard1.3) (< win8) (< wpa81) (< xamarinios) (< xamarinmac) (< xamarintvos) (< xamarinwatchos)) (&& (< monoandroid) (< net45) (>= netstandard1.0) (< netstandard1.3) (< win8) (< wp8) (< wpa81))
      System.Runtime (>= 4.3) - restriction: || (&& (< monoandroid) (< monotouch) (< net45) (>= netstandard1.3) (< win8) (< wpa81) (< xamarinios) (< xamarinmac) (< xamarintvos) (< xamarinwatchos)) (&& (< monoandroid) (< net45) (>= netstandard1.0) (< netstandard1.3) (< win8) (< wp8) (< wpa81))
    System.Diagnostics.DiagnosticSource (5.0.1) - restriction: || (&& (< monoandroid) (< monotouch) (< net45) (>= netstandard1.6) (< xamarinios) (< xamarinmac) (< xamarintvos) (< xamarinwatchos)) (&& (< monoandroid) (< net45) (< netcoreapp2.0) (>= netstandard2.0) (< xamarinios) (< xamarinmac) (< xamarintvos) (< xamarinwatchos)) (&& (< monoandroid) (< net45) (>= netstandard1.3) (< netstandard1.6) (< win8) (< wpa81)) (&& (< monoandroid) (>= netcoreapp2.0) (< netcoreapp2.1) (< xamarinios) (< xamarinmac) (< xamarintvos) (< xamarinwatchos)) (&& (< monoandroid) (>= netcoreapp2.1) (< netcoreapp3.1) (< xamarinios) (< xamarinmac) (< xamarintvos) (< xamarinwatchos)) (>= net472) (&& (>= netstandard2.0) (>= uap10.1))
      System.Memory (>= 4.5.4) - restriction: || (&& (< monoandroid) (< monotouch) (< net45) (>= netstandard1.3) (< netstandard2.0) (< win8) (< wpa81) (< xamarintvos) (< xamarinwatchos)) (&& (< monoandroid) (< net45) (< netcoreapp2.1) (>= netstandard2.0) (< xamarinios) (< xamarinmac) (< xamarintvos) (< xamarinwatchos)) (&& (>= net45) (< netstandard1.3)) (>= net46) (>= uap10.1)
      System.Runtime.CompilerServices.Unsafe (>= 5.0) - restriction: || (&& (>= monoandroid) (< netcoreapp2.1)) (&& (< monoandroid) (< net45) (< netcoreapp2.1) (>= netstandard2.0) (< xamarinios) (< xamarinmac) (< xamarintvos) (< xamarinwatchos)) (&& (< monoandroid) (< net45) (>= netstandard1.3) (< netstandard2.0) (< win8) (< wpa81) (< xamarintvos) (< xamarinwatchos)) (&& (< monoandroid) (>= netcoreapp2.1) (< netcoreapp3.0) (< xamarinios) (< xamarinmac) (< xamarintvos) (< xamarinwatchos)) (>= monotouch) (&& (>= net45) (< netstandard1.3)) (>= net46) (&& (< netcoreapp2.1) (>= xamarinios)) (&& (< netcoreapp2.1) (>= xamarinmac)) (&& (< netstandard2.0) (>= xamarintvos)) (&& (< netstandard2.0) (>= xamarinwatchos)) (>= uap10.1)
    System.Diagnostics.Process (4.3.0) - version_in_path: true, restriction: && (>= netcoreapp1.0) (< netcoreapp2.1)
      Microsoft.NETCore.Platforms (>= 1.1) - restriction: && (< monoandroid) (< monotouch) (< net46) (>= netstandard1.4) (< xamarinios) (< xamarinmac) (< xamarintvos) (< xamarinwatchos)
      Microsoft.Win32.Primitives (>= 4.3) - restriction: && (< monoandroid) (< monotouch) (< net46) (>= netstandard1.4) (< xamarinios) (< xamarinmac) (< xamarintvos) (< xamarinwatchos)
      Microsoft.Win32.Registry (>= 4.3) - restriction: && (< monoandroid) (< monotouch) (< net46) (>= netstandard1.4) (< xamarinios) (< xamarinmac) (< xamarintvos) (< xamarinwatchos)
      runtime.native.System (>= 4.3) - restriction: && (< monoandroid) (< monotouch) (< net46) (>= netstandard1.4) (< xamarinios) (< xamarinmac) (< xamarintvos) (< xamarinwatchos)
      System.Collections (>= 4.3) - restriction: && (< monoandroid) (< monotouch) (< net46) (>= netstandard1.4) (< xamarinios) (< xamarinmac) (< xamarintvos) (< xamarinwatchos)
      System.Diagnostics.Debug (>= 4.3) - restriction: && (< monoandroid) (< monotouch) (< net46) (>= netstandard1.4) (< xamarinios) (< xamarinmac) (< xamarintvos) (< xamarinwatchos)
      System.Globalization (>= 4.3) - restriction: && (< monoandroid) (< monotouch) (< net46) (>= netstandard1.4) (< xamarinios) (< xamarinmac) (< xamarintvos) (< xamarinwatchos)
      System.IO (>= 4.3) - restriction: || (&& (< monoandroid) (< monotouch) (< net46) (>= netstandard1.4) (< xamarinios) (< xamarinmac) (< xamarintvos) (< xamarinwatchos)) (&& (< monoandroid) (< net46) (>= netstandard1.3) (< netstandard1.4))
      System.IO.FileSystem (>= 4.3) - restriction: && (< monoandroid) (< monotouch) (< net46) (>= netstandard1.4) (< xamarinios) (< xamarinmac) (< xamarintvos) (< xamarinwatchos)
      System.IO.FileSystem.Primitives (>= 4.3) - restriction: && (< monoandroid) (< monotouch) (< net46) (>= netstandard1.4) (< xamarinios) (< xamarinmac) (< xamarintvos) (< xamarinwatchos)
      System.Resources.ResourceManager (>= 4.3) - restriction: && (< monoandroid) (< monotouch) (< net46) (>= netstandard1.4) (< xamarinios) (< xamarinmac) (< xamarintvos) (< xamarinwatchos)
      System.Runtime (>= 4.3) - restriction: || (&& (< monoandroid) (< monotouch) (< net46) (>= netstandard1.4) (< xamarinios) (< xamarinmac) (< xamarintvos) (< xamarinwatchos)) (&& (< monoandroid) (< net46) (>= netstandard1.3) (< netstandard1.4))
      System.Runtime.Extensions (>= 4.3) - restriction: && (< monoandroid) (< monotouch) (< net46) (>= netstandard1.4) (< xamarinios) (< xamarinmac) (< xamarintvos) (< xamarinwatchos)
      System.Runtime.Handles (>= 4.3) - restriction: || (&& (< monoandroid) (< monotouch) (< net46) (>= netstandard1.4) (< xamarinios) (< xamarinmac) (< xamarintvos) (< xamarinwatchos)) (&& (< monoandroid) (< net46) (>= netstandard1.3) (< netstandard1.4))
      System.Runtime.InteropServices (>= 4.3) - restriction: && (< monoandroid) (< monotouch) (< net46) (>= netstandard1.4) (< xamarinios) (< xamarinmac) (< xamarintvos) (< xamarinwatchos)
      System.Text.Encoding (>= 4.3) - restriction: || (&& (< monoandroid) (< monotouch) (< net46) (>= netstandard1.4) (< xamarinios) (< xamarinmac) (< xamarintvos) (< xamarinwatchos)) (&& (< monoandroid) (< net46) (>= netstandard1.3) (< netstandard1.4))
      System.Text.Encoding.Extensions (>= 4.3) - restriction: && (< monoandroid) (< monotouch) (< net46) (>= netstandard1.4) (< xamarinios) (< xamarinmac) (< xamarintvos) (< xamarinwatchos)
      System.Threading (>= 4.3) - restriction: && (< monoandroid) (< monotouch) (< net46) (>= netstandard1.4) (< xamarinios) (< xamarinmac) (< xamarintvos) (< xamarinwatchos)
      System.Threading.Tasks (>= 4.3) - restriction: && (< monoandroid) (< monotouch) (< net46) (>= netstandard1.4) (< xamarinios) (< xamarinmac) (< xamarintvos) (< xamarinwatchos)
      System.Threading.Thread (>= 4.3) - restriction: && (< monoandroid) (< monotouch) (< net46) (>= netstandard1.4) (< xamarinios) (< xamarinmac) (< xamarintvos) (< xamarinwatchos)
      System.Threading.ThreadPool (>= 4.3) - restriction: && (< monoandroid) (< monotouch) (< net46) (>= netstandard1.4) (< xamarinios) (< xamarinmac) (< xamarintvos) (< xamarinwatchos)
    System.Diagnostics.StackTrace (4.3.0) - version_in_path: true, restriction: && (>= netcoreapp1.0) (< netcoreapp2.1)
      System.IO.FileSystem (>= 4.3) - restriction: && (< monoandroid) (< monotouch) (< net46) (>= netstandard1.3) (< xamarinios) (< xamarinmac) (< xamarintvos) (< xamarinwatchos)
      System.Reflection (>= 4.3) - restriction: && (< monoandroid) (< monotouch) (< net46) (>= netstandard1.3) (< xamarinios) (< xamarinmac) (< xamarintvos) (< xamarinwatchos)
      System.Reflection.Metadata (>= 1.4.1) - restriction: && (< monoandroid) (< monotouch) (< net46) (>= netstandard1.3) (< xamarinios) (< xamarinmac) (< xamarintvos) (< xamarinwatchos)
      System.Runtime (>= 4.3) - restriction: && (< monoandroid) (< monotouch) (< net46) (>= netstandard1.3) (< xamarinios) (< xamarinmac) (< xamarintvos) (< xamarinwatchos)
    System.Diagnostics.TextWriterTraceListener (4.3.0) - version_in_path: true, restriction: && (>= netcoreapp1.0) (< netcoreapp2.1)
      System.Diagnostics.TraceSource (>= 4.3) - restriction: || (&& (< monoandroid) (< monotouch) (>= netstandard1.3) (< xamarinios) (< xamarinmac) (< xamarintvos) (< xamarinwatchos)) (>= net46)
      System.Globalization (>= 4.3) - restriction: && (< monoandroid) (< monotouch) (< net46) (>= netstandard1.3) (< xamarinios) (< xamarinmac) (< xamarintvos) (< xamarinwatchos)
      System.IO (>= 4.3) - restriction: && (< monoandroid) (< monotouch) (< net46) (>= netstandard1.3) (< xamarinios) (< xamarinmac) (< xamarintvos) (< xamarinwatchos)
      System.Resources.ResourceManager (>= 4.3) - restriction: && (< monoandroid) (< monotouch) (< net46) (>= netstandard1.3) (< xamarinios) (< xamarinmac) (< xamarintvos) (< xamarinwatchos)
      System.Runtime (>= 4.3) - restriction: && (< monoandroid) (< monotouch) (< net46) (>= netstandard1.3) (< xamarinios) (< xamarinmac) (< xamarintvos) (< xamarinwatchos)
      System.Threading (>= 4.3) - restriction: && (< monoandroid) (< monotouch) (< net46) (>= netstandard1.3) (< xamarinios) (< xamarinmac) (< xamarintvos) (< xamarinwatchos)
    System.Diagnostics.Tools (4.3) - restriction: || (&& (< monoandroid) (< monotouch) (< net45) (>= netstandard1.3) (< win8) (< wpa81) (< xamarinios) (< xamarinmac) (< xamarintvos) (< xamarinwatchos)) (&& (< net45) (< netstandard1.2) (>= netstandard1.5) (< win8)) (&& (< net45) (< netstandard1.3) (>= netstandard1.5) (< win8) (< wpa81)) (&& (< net45) (< netstandard1.4) (>= netstandard1.5) (< win8) (< wpa81)) (&& (< net45) (>= netstandard1.5) (< netstandard1.6) (< win8) (< wpa81)) (&& (< net45) (>= netstandard1.6) (< netstandard2.0) (< win8) (< wpa81)) (&& (>= netstandard1.5) (< portable-net45+win8+wpa81)) (&& (>= uap10.0) (< win8) (< wpa81))
      Microsoft.NETCore.Platforms (>= 1.1) - restriction: && (< monoandroid) (< monotouch) (< net45) (>= netstandard1.0) (< win8) (< wp8) (< wpa81) (< xamarinios) (< xamarinmac) (< xamarintvos) (< xamarinwatchos)
      Microsoft.NETCore.Targets (>= 1.1) - restriction: && (< monoandroid) (< monotouch) (< net45) (>= netstandard1.0) (< win8) (< wp8) (< wpa81) (< xamarinios) (< xamarinmac) (< xamarintvos) (< xamarinwatchos)
      System.Runtime (>= 4.3) - restriction: && (< monoandroid) (< monotouch) (< net45) (>= netstandard1.0) (< win8) (< wp8) (< wpa81) (< xamarinios) (< xamarinmac) (< xamarintvos) (< xamarinwatchos)
    System.Diagnostics.TraceSource (4.3) - restriction: || (&& (< net35) (>= net45) (< netstandard1.3) (>= netstandard1.5)) (&& (< net35) (>= net46) (>= netstandard1.5)) (&& (< net35) (>= net46) (< netstandard1.5)) (&& (< net35) (>= netstandard1.3) (< netstandard1.5)) (&& (< net35) (>= netstandard1.5) (< netstandard2.0)) (&& (< net35) (>= netstandard2.0)) (&& (>= netcoreapp1.0) (< netcoreapp2.1))
      Microsoft.NETCore.Platforms (>= 1.1) - restriction: && (< monoandroid) (< monotouch) (< net46) (>= netstandard1.3) (< xamarinios) (< xamarinmac) (< xamarintvos) (< xamarinwatchos)
      runtime.native.System (>= 4.3) - restriction: && (< monoandroid) (< monotouch) (< net46) (>= netstandard1.3) (< xamarinios) (< xamarinmac) (< xamarintvos) (< xamarinwatchos)
      System.Collections (>= 4.3) - restriction: && (< monoandroid) (< monotouch) (< net46) (>= netstandard1.3) (< xamarinios) (< xamarinmac) (< xamarintvos) (< xamarinwatchos)
      System.Diagnostics.Debug (>= 4.3) - restriction: && (< monoandroid) (< monotouch) (< net46) (>= netstandard1.3) (< xamarinios) (< xamarinmac) (< xamarintvos) (< xamarinwatchos)
      System.Globalization (>= 4.3) - restriction: && (< monoandroid) (< monotouch) (< net46) (>= netstandard1.3) (< xamarinios) (< xamarinmac) (< xamarintvos) (< xamarinwatchos)
      System.Resources.ResourceManager (>= 4.3) - restriction: && (< monoandroid) (< monotouch) (< net46) (>= netstandard1.3) (< xamarinios) (< xamarinmac) (< xamarintvos) (< xamarinwatchos)
      System.Runtime (>= 4.3) - restriction: && (< monoandroid) (< monotouch) (< net46) (>= netstandard1.3) (< xamarinios) (< xamarinmac) (< xamarintvos) (< xamarinwatchos)
      System.Runtime.Extensions (>= 4.3) - restriction: && (< monoandroid) (< monotouch) (< net46) (>= netstandard1.3) (< xamarinios) (< xamarinmac) (< xamarintvos) (< xamarinwatchos)
      System.Threading (>= 4.3) - restriction: && (< monoandroid) (< monotouch) (< net46) (>= netstandard1.3) (< xamarinios) (< xamarinmac) (< xamarintvos) (< xamarinwatchos)
    System.Diagnostics.Tracing (4.3) - restriction: || (&& (< monoandroid) (< monotouch) (< net45) (>= netstandard1.5) (< netstandard2.0) (< win8) (< wpa81) (< xamarintvos) (< xamarinwatchos)) (&& (< monoandroid) (< monotouch) (< net45) (>= netstandard1.6) (< xamarinios) (< xamarinmac) (< xamarintvos) (< xamarinwatchos)) (&& (< monoandroid) (< net45) (>= netstandard1.3) (< netstandard1.5) (< win8) (< wpa81)) (&& (< monoandroid) (< net45) (>= netstandard1.3) (< netstandard1.6) (< win8) (< wpa81)) (&& (< monoandroid) (< net45) (>= netstandard2.0) (< win8) (< wpa81) (< xamarinios) (< xamarinmac) (< xamarintvos) (< xamarinwatchos)) (&& (< net45) (< netstandard1.2) (>= netstandard1.5) (< win8)) (&& (< net45) (< netstandard1.3) (>= netstandard1.5) (< win8) (< wpa81)) (&& (< net45) (< netstandard1.4) (>= netstandard1.5) (< win8) (< wpa81)) (&& (< net45) (>= netstandard1.5) (< netstandard1.6) (< win8) (< wpa81)) (&& (< net45) (>= netstandard1.6) (< netstandard2.0) (< win8) (< wpa81)) (>= uap10.0)
      Microsoft.NETCore.Platforms (>= 1.1) - restriction: || (&& (< monoandroid) (< monotouch) (< net45) (>= netstandard1.5) (< win8) (< wpa81) (< xamarinios) (< xamarinmac) (< xamarintvos) (< xamarinwatchos)) (&& (< monoandroid) (< net45) (>= netstandard1.1) (< netstandard1.2) (< win8)) (&& (< monoandroid) (< net45) (>= netstandard1.2) (< netstandard1.3) (< win8) (< wpa81)) (&& (< monoandroid) (< net45) (>= netstandard1.3) (< netstandard1.5) (< win8) (< wpa81))
      Microsoft.NETCore.Targets (>= 1.1) - restriction: || (&& (< monoandroid) (< monotouch) (< net45) (>= netstandard1.5) (< win8) (< wpa81) (< xamarinios) (< xamarinmac) (< xamarintvos) (< xamarinwatchos)) (&& (< monoandroid) (< net45) (>= netstandard1.1) (< netstandard1.2) (< win8)) (&& (< monoandroid) (< net45) (>= netstandard1.2) (< netstandard1.3) (< win8) (< wpa81)) (&& (< monoandroid) (< net45) (>= netstandard1.3) (< netstandard1.5) (< win8) (< wpa81))
      System.Runtime (>= 4.3) - restriction: || (&& (< monoandroid) (< monotouch) (< net45) (>= netstandard1.5) (< win8) (< wpa81) (< xamarinios) (< xamarinmac) (< xamarintvos) (< xamarinwatchos)) (&& (< monoandroid) (< net45) (>= netstandard1.1) (< netstandard1.2) (< win8)) (&& (< monoandroid) (< net45) (>= netstandard1.2) (< netstandard1.3) (< win8) (< wpa81)) (&& (< monoandroid) (< net45) (>= netstandard1.3) (< netstandard1.5) (< win8) (< wpa81))
    System.Drawing.Common (5.0.2) - copy_local: false, redirects: force, restriction: >= netcoreapp3.0
      Microsoft.Win32.SystemEvents (>= 5.0) - restriction: || (&& (< monoandroid) (>= netcoreapp2.0) (< netcoreapp3.0) (< xamarinios) (< xamarinmac) (< xamarintvos) (< xamarinwatchos)) (&& (>= netcoreapp3.0) (< xamarinios) (< xamarinmac) (< xamarintvos) (< xamarinwatchos))
    System.Dynamic.Runtime (4.3) - restriction: || (&& (< monoandroid) (< monotouch) (< net20) (>= netstandard1.3) (< netstandard2.0) (< win8) (< wpa81) (< xamarintvos) (< xamarinwatchos)) (&& (< monoandroid) (< net20) (>= netstandard1.0) (< netstandard1.3) (< win8) (< wp8) (< wpa81)) (&& (< monoandroid8.1) (< net45) (>= netstandard1.3) (< uap10.0) (< xamarinios)) (&& (< net40) (>= netstandard1.3) (< netstandard2.0)) (&& (< net40) (>= netstandard2.0))
      System.Collections (>= 4.3) - restriction: && (< monoandroid) (< monotouch) (< net45) (>= netstandard1.3) (< win8) (< wpa81) (< xamarinios) (< xamarinmac) (< xamarintvos) (< xamarinwatchos)
      System.Diagnostics.Debug (>= 4.3) - restriction: && (< monoandroid) (< monotouch) (< net45) (>= netstandard1.3) (< win8) (< wpa81) (< xamarinios) (< xamarinmac) (< xamarintvos) (< xamarinwatchos)
      System.Linq (>= 4.3) - restriction: && (< monoandroid) (< monotouch) (< net45) (>= netstandard1.3) (< win8) (< wpa81) (< xamarinios) (< xamarinmac) (< xamarintvos) (< xamarinwatchos)
      System.Linq.Expressions (>= 4.3) - restriction: || (&& (< monoandroid) (< monotouch) (< net45) (>= netstandard1.3) (< win8) (< wpa81) (< xamarinios) (< xamarinmac) (< xamarintvos) (< xamarinwatchos)) (&& (< monoandroid) (< net45) (>= netstandard1.0) (< netstandard1.3) (< win8) (< wp8) (< wpa81))
      System.ObjectModel (>= 4.3) - restriction: || (&& (< monoandroid) (< monotouch) (< net45) (>= netstandard1.3) (< win8) (< wpa81) (< xamarinios) (< xamarinmac) (< xamarintvos) (< xamarinwatchos)) (&& (< monoandroid) (< net45) (>= netstandard1.0) (< netstandard1.3) (< win8) (< wp8) (< wpa81))
      System.Reflection (>= 4.3) - restriction: || (&& (< monoandroid) (< monotouch) (< net45) (>= netstandard1.3) (< win8) (< wpa81) (< xamarinios) (< xamarinmac) (< xamarintvos) (< xamarinwatchos)) (&& (< monoandroid) (< net45) (>= netstandard1.0) (< netstandard1.3) (< win8) (< wp8) (< wpa81))
      System.Reflection.Emit (>= 4.3) - restriction: && (< monoandroid) (< monotouch) (< net45) (>= netstandard1.3) (< win8) (< wpa81) (< xamarinios) (< xamarinmac) (< xamarintvos) (< xamarinwatchos)
      System.Reflection.Emit.ILGeneration (>= 4.3) - restriction: && (< monoandroid) (< monotouch) (< net45) (>= netstandard1.3) (< win8) (< wpa81) (< xamarinios) (< xamarinmac) (< xamarintvos) (< xamarinwatchos)
      System.Reflection.Primitives (>= 4.3) - restriction: && (< monoandroid) (< monotouch) (< net45) (>= netstandard1.3) (< win8) (< wpa81) (< xamarinios) (< xamarinmac) (< xamarintvos) (< xamarinwatchos)
      System.Reflection.TypeExtensions (>= 4.3) - restriction: && (< monoandroid) (< monotouch) (< net45) (>= netstandard1.3) (< win8) (< wpa81) (< xamarinios) (< xamarinmac) (< xamarintvos) (< xamarinwatchos)
      System.Resources.ResourceManager (>= 4.3) - restriction: && (< monoandroid) (< monotouch) (< net45) (>= netstandard1.3) (< win8) (< wpa81) (< xamarinios) (< xamarinmac) (< xamarintvos) (< xamarinwatchos)
      System.Runtime (>= 4.3) - restriction: || (&& (< monoandroid) (< monotouch) (< net45) (>= netstandard1.3) (< win8) (< wpa81) (< xamarinios) (< xamarinmac) (< xamarintvos) (< xamarinwatchos)) (&& (< monoandroid) (< net45) (>= netstandard1.0) (< netstandard1.3) (< win8) (< wp8) (< wpa81))
      System.Runtime.Extensions (>= 4.3) - restriction: && (< monoandroid) (< monotouch) (< net45) (>= netstandard1.3) (< win8) (< wpa81) (< xamarinios) (< xamarinmac) (< xamarintvos) (< xamarinwatchos)
      System.Threading (>= 4.3) - restriction: && (< monoandroid) (< monotouch) (< net45) (>= netstandard1.3) (< win8) (< wpa81) (< xamarinios) (< xamarinmac) (< xamarintvos) (< xamarinwatchos)
    System.Formats.Asn1 (5.0) - copy_local: false, redirects: force, restriction: || (&& (>= netcoreapp2.0) (>= uap10.0)) (&& (>= netcoreapp2.1) (>= uap10.0)) (&& (>= netcoreapp2.1) (>= uap10.1)) (>= netcoreapp3.0) (&& (>= netstandard2.0) (>= uap10.0)) (&& (>= netstandard2.0) (>= uap10.1)) (&& (>= netstandard2.1) (>= uap10.0)) (&& (>= uap10.0) (>= xamarinios)) (&& (>= uap10.0) (>= xamarinmac)) (&& (>= uap10.1) (>= xamarinios)) (&& (>= uap10.1) (>= xamarinmac))
      System.Buffers (>= 4.5.1) - restriction: || (&& (>= monoandroid) (< netcoreapp2.0)) (&& (< monoandroid) (< netcoreapp2.0) (>= netstandard2.0)) (>= monotouch) (>= net461) (>= xamarinios) (>= xamarinmac) (>= xamarintvos) (>= xamarinwatchos)
    System.Globalization (4.3) - restriction: || (&& (< monoandroid) (< monotouch) (< net20) (>= netstandard1.3) (< netstandard2.0) (< xamarintvos) (< xamarinwatchos)) (&& (< monoandroid) (< monotouch) (< net20) (>= netstandard1.5) (< netstandard2.0) (< win8) (< wpa81) (< xamarintvos) (< xamarinwatchos)) (&& (< monoandroid) (< monotouch) (< net35) (>= netstandard1.5) (< netstandard2.0) (< xamarintvos) (< xamarinwatchos)) (&& (< monoandroid) (< monotouch) (< net45) (>= netstandard1.5) (< netstandard2.0) (< win8) (< wpa81) (< xamarintvos) (< xamarinwatchos)) (&& (< monoandroid) (< monotouch) (< net45) (>= netstandard1.6) (< xamarinios) (< xamarinmac) (< xamarintvos) (< xamarinwatchos)) (&& (< monoandroid) (< net20) (>= netstandard1.0) (< netstandard1.3) (< win8) (< wp8) (< wpa81)) (&& (< monoandroid) (< net20) (>= netstandard1.3) (< netstandard1.5) (< win8) (< wpa81)) (&& (< monoandroid) (< net20) (< netstandard1.3) (>= netstandard1.5) (< win8) (< wpa81)) (&& (< monoandroid) (< net35) (>= netstandard1.3) (< netstandard1.5)) (&& (< monoandroid) (< net35) (>= netstandard2.0) (< xamarinios) (< xamarinmac) (< xamarintvos) (< xamarinwatchos)) (&& (< monoandroid) (< net45) (< netstandard1.2) (>= netstandard1.6) (< win8)) (&& (< monoandroid) (< net45) (>= netstandard1.3) (< netstandard1.5) (< win8) (< wpa81)) (&& (< monoandroid) (< net45) (>= netstandard1.3) (< netstandard1.6) (< win8) (< wpa81)) (&& (< monoandroid) (< net45) (< netstandard1.3) (>= netstandard1.6) (< win8) (< wpa81)) (&& (< monoandroid) (< net45) (< netstandard1.4) (>= netstandard1.6) (< win8) (< wpa81)) (&& (< monoandroid) (< net45) (>= netstandard2.0) (< xamarinios) (< xamarinmac) (< xamarintvos) (< xamarinwatchos)) (&& (< monoandroid) (>= netcoreapp1.0) (< netcoreapp2.1) (< xamarinios) (< xamarinmac) (< xamarintvos) (< xamarinwatchos)) (&& (< net35) (>= net45) (< netstandard1.3) (>= netstandard1.5)) (&& (< net35) (>= net46) (>= netstandard1.5)) (&& (< net35) (>= net46) (< netstandard1.5)) (&& (< net45) (< netstandard1.2) (>= netstandard1.5) (< win8)) (&& (< net45) (< netstandard1.3) (>= netstandard1.5) (< win8) (< wpa81)) (&& (< net45) (< netstandard1.4) (>= netstandard1.5) (< win8) (< wpa81)) (&& (< net45) (>= netstandard1.5) (< netstandard1.6) (< win8) (< wpa81)) (&& (< net45) (>= netstandard1.6) (< netstandard2.0) (< win8) (< wpa81)) (&& (< net452) (>= net46) (< netstandard1.4) (>= netstandard1.5)) (&& (>= netstandard1.5) (< portable-net45+win8+wpa81)) (&& (>= netstandard1.6) (< portable-net45+win8+wpa81)) (>= uap10.0)
      Microsoft.NETCore.Platforms (>= 1.1) - restriction: || (&& (< monoandroid) (< monotouch) (< net45) (>= netstandard1.3) (< win8) (< wpa81) (< xamarinios) (< xamarinmac) (< xamarintvos) (< xamarinwatchos)) (&& (< monoandroid) (< net45) (>= netstandard1.0) (< netstandard1.3) (< win8) (< wp8) (< wpa81))
      Microsoft.NETCore.Targets (>= 1.1) - restriction: || (&& (< monoandroid) (< monotouch) (< net45) (>= netstandard1.3) (< win8) (< wpa81) (< xamarinios) (< xamarinmac) (< xamarintvos) (< xamarinwatchos)) (&& (< monoandroid) (< net45) (>= netstandard1.0) (< netstandard1.3) (< win8) (< wp8) (< wpa81))
      System.Runtime (>= 4.3) - restriction: || (&& (< monoandroid) (< monotouch) (< net45) (>= netstandard1.3) (< win8) (< wpa81) (< xamarinios) (< xamarinmac) (< xamarintvos) (< xamarinwatchos)) (&& (< monoandroid) (< net45) (>= netstandard1.0) (< netstandard1.3) (< win8) (< wp8) (< wpa81))
    System.Globalization.Calendars (4.3) - restriction: || (&& (< monoandroid) (< monotouch) (< net45) (>= netstandard1.6) (< uap10.0) (< xamarinios) (< xamarinmac) (< xamarintvos) (< xamarinwatchos)) (&& (< net45) (< netstandard1.4) (>= netstandard1.5) (< win8) (< wpa81)) (&& (< net45) (>= netstandard1.5) (< netstandard1.6) (< win8) (< wpa81)) (&& (< net45) (>= netstandard1.6) (< netstandard2.0) (< win8) (< wpa81)) (&& (< net452) (>= net46) (< netstandard1.4) (>= netstandard1.5))
      Microsoft.NETCore.Platforms (>= 1.1) - restriction: && (< monoandroid) (< monotouch) (< net46) (>= netstandard1.3) (< xamarinios) (< xamarinmac) (< xamarintvos) (< xamarinwatchos)
      Microsoft.NETCore.Targets (>= 1.1) - restriction: && (< monoandroid) (< monotouch) (< net46) (>= netstandard1.3) (< xamarinios) (< xamarinmac) (< xamarintvos) (< xamarinwatchos)
      System.Globalization (>= 4.3) - restriction: && (< monoandroid) (< monotouch) (< net46) (>= netstandard1.3) (< xamarinios) (< xamarinmac) (< xamarintvos) (< xamarinwatchos)
      System.Runtime (>= 4.3) - restriction: && (< monoandroid) (< monotouch) (< net46) (>= netstandard1.3) (< xamarinios) (< xamarinmac) (< xamarintvos) (< xamarinwatchos)
    System.Globalization.Extensions (4.3) - restriction: || (&& (< monoandroid) (< monotouch) (< net35) (>= netstandard1.5) (< netstandard2.0) (< xamarintvos) (< xamarinwatchos)) (&& (< monoandroid) (< monotouch) (< net45) (>= netstandard1.6) (< xamarinios) (< xamarinmac) (< xamarintvos) (< xamarinwatchos)) (&& (< monoandroid) (< net35) (>= netstandard1.3) (< netstandard1.5)) (&& (< monoandroid) (< net35) (>= netstandard2.0) (< xamarinios) (< xamarinmac) (< xamarintvos) (< xamarinwatchos)) (&& (< net35) (>= net45) (< netstandard1.3) (>= netstandard1.5)) (&& (< net35) (>= net46) (>= netstandard1.5)) (&& (< net35) (>= net46) (< netstandard1.5))
      Microsoft.NETCore.Platforms (>= 1.1) - restriction: && (< monoandroid) (< monotouch) (< net46) (>= netstandard1.3) (< xamarinios) (< xamarinmac) (< xamarintvos) (< xamarinwatchos)
      System.Globalization (>= 4.3) - restriction: && (< monoandroid) (< monotouch) (< net46) (>= netstandard1.3) (< xamarinios) (< xamarinmac) (< xamarintvos) (< xamarinwatchos)
      System.Resources.ResourceManager (>= 4.3) - restriction: && (< monoandroid) (< monotouch) (< net46) (>= netstandard1.3) (< xamarinios) (< xamarinmac) (< xamarintvos) (< xamarinwatchos)
      System.Runtime (>= 4.3) - restriction: && (< monoandroid) (< monotouch) (< net46) (>= netstandard1.3) (< xamarinios) (< xamarinmac) (< xamarintvos) (< xamarinwatchos)
      System.Runtime.Extensions (>= 4.3) - restriction: && (< monoandroid) (< monotouch) (< net46) (>= netstandard1.3) (< xamarinios) (< xamarinmac) (< xamarintvos) (< xamarinwatchos)
      System.Runtime.InteropServices (>= 4.3) - restriction: && (< monoandroid) (< monotouch) (< net46) (>= netstandard1.3) (< xamarinios) (< xamarinmac) (< xamarintvos) (< xamarinwatchos)
    System.IdentityModel.Tokens.Jwt (6.11) - copy_local: false, redirects: force
      Microsoft.IdentityModel.JsonWebTokens (>= 6.11) - restriction: || (&& (>= net45) (< netstandard2.0)) (&& (< net45) (>= netstandard2.0)) (>= net461)
      Microsoft.IdentityModel.Tokens (>= 6.11) - restriction: || (&& (>= net45) (< netstandard2.0)) (&& (< net45) (>= netstandard2.0)) (>= net461)
    System.IO (4.3) - restriction: || (&& (< monoandroid) (< monotouch) (< net20) (>= netstandard1.3) (< netstandard2.0) (< xamarintvos) (< xamarinwatchos)) (&& (< monoandroid) (< monotouch) (< net35) (>= netstandard1.5) (< netstandard2.0) (< win8) (< wpa81) (< xamarintvos) (< xamarinwatchos)) (&& (< monoandroid) (< monotouch) (< net45) (>= netstandard1.5) (< netstandard2.0) (< xamarintvos) (< xamarinwatchos)) (&& (< monoandroid) (< monotouch) (< net45) (>= netstandard1.6) (< xamarinios) (< xamarinmac) (< xamarintvos) (< xamarinwatchos)) (&& (< monoandroid) (< net35) (>= netstandard1.3) (< netstandard1.5) (< win8) (< wpa81)) (&& (< monoandroid) (< net35) (< netstandard1.3) (>= netstandard1.5) (< win8) (< wpa81)) (&& (< monoandroid) (< net35) (< netstandard1.3) (>= netstandard2.0) (< win8) (< wpa81)) (&& (< monoandroid) (< net35) (< netstandard1.5) (>= netstandard2.0) (< win8) (< wpa81)) (&& (< monoandroid) (< net35) (>= netstandard2.0) (< win8) (< wpa81) (< xamarinios) (< xamarinmac) (< xamarintvos) (< xamarinwatchos)) (&& (< monoandroid) (< net45) (< netstandard1.2) (>= netstandard1.6) (< win8)) (&& (< monoandroid) (< net45) (>= netstandard1.3) (< netstandard1.6) (< win8) (< wpa81)) (&& (< monoandroid) (< net45) (< netstandard1.3) (>= netstandard1.6) (< win8) (< wpa81)) (&& (< monoandroid) (< net45) (< netstandard1.4) (>= netstandard1.6) (< win8) (< wpa81)) (&& (< monoandroid) (< net45) (>= netstandard2.0) (< xamarinios) (< xamarinmac) (< xamarintvos) (< xamarinwatchos)) (&& (< monoandroid) (>= netcoreapp1.0) (< netcoreapp2.1) (< xamarinios) (< xamarinmac) (< xamarintvos) (< xamarinwatchos)) (&& (< monoandroid) (>= netcoreapp1.0) (< netstandard1.4)) (&& (< net35) (>= net45) (< netstandard1.3) (>= netstandard1.5)) (&& (< net35) (>= net46) (< netstandard1.3)) (&& (< net35) (>= net46) (>= netstandard1.5)) (&& (< net35) (>= net46) (< netstandard1.5)) (&& (< net45) (< netstandard1.2) (>= netstandard1.5) (< win8)) (&& (< net45) (< netstandard1.3) (>= netstandard1.5) (< win8) (< wpa81)) (&& (< net45) (< netstandard1.4) (>= netstandard1.5) (< win8) (< wpa81)) (&& (< net45) (>= netstandard1.5) (< netstandard1.6) (< win8) (< wpa81)) (&& (< net45) (>= netstandard1.6) (< netstandard2.0) (< win8) (< wpa81)) (&& (< net452) (>= net46) (< netstandard1.4) (>= netstandard1.5)) (&& (>= netstandard1.5) (< portable-net45+win8+wpa81)) (&& (>= netstandard1.6) (< netstandard2.0) (>= uap10.0)) (&& (>= netstandard1.6) (< portable-net45+win8+wpa81)) (&& (< netstandard1.6) (>= uap10.0))
      Microsoft.NETCore.Platforms (>= 1.1) - restriction: || (&& (< monoandroid) (< monotouch) (< net45) (>= netstandard1.5) (< win8) (< wpa81) (< xamarinios) (< xamarinmac) (< xamarintvos) (< xamarinwatchos)) (&& (< monoandroid) (< net45) (>= netstandard1.0) (< netstandard1.3) (< win8) (< wp8) (< wpa81)) (&& (< monoandroid) (< net45) (>= netstandard1.3) (< netstandard1.5) (< win8) (< wpa81))
      Microsoft.NETCore.Targets (>= 1.1) - restriction: || (&& (< monoandroid) (< monotouch) (< net45) (>= netstandard1.5) (< win8) (< wpa81) (< xamarinios) (< xamarinmac) (< xamarintvos) (< xamarinwatchos)) (&& (< monoandroid) (< net45) (>= netstandard1.0) (< netstandard1.3) (< win8) (< wp8) (< wpa81)) (&& (< monoandroid) (< net45) (>= netstandard1.3) (< netstandard1.5) (< win8) (< wpa81))
      System.Runtime (>= 4.3) - restriction: || (&& (< monoandroid) (< monotouch) (< net45) (>= netstandard1.5) (< win8) (< wpa81) (< xamarinios) (< xamarinmac) (< xamarintvos) (< xamarinwatchos)) (&& (< monoandroid) (< net45) (>= netstandard1.0) (< netstandard1.3) (< win8) (< wp8) (< wpa81)) (&& (< monoandroid) (< net45) (>= netstandard1.3) (< netstandard1.5) (< win8) (< wpa81))
      System.Text.Encoding (>= 4.3) - restriction: || (&& (< monoandroid) (< monotouch) (< net45) (>= netstandard1.5) (< win8) (< wpa81) (< xamarinios) (< xamarinmac) (< xamarintvos) (< xamarinwatchos)) (&& (< monoandroid) (< net45) (>= netstandard1.0) (< netstandard1.3) (< win8) (< wp8) (< wpa81)) (&& (< monoandroid) (< net45) (>= netstandard1.3) (< netstandard1.5) (< win8) (< wpa81))
      System.Threading.Tasks (>= 4.3) - restriction: || (&& (< monoandroid) (< monotouch) (< net45) (>= netstandard1.5) (< win8) (< wpa81) (< xamarinios) (< xamarinmac) (< xamarintvos) (< xamarinwatchos)) (&& (< monoandroid) (< net45) (>= netstandard1.0) (< netstandard1.3) (< win8) (< wp8) (< wpa81)) (&& (< monoandroid) (< net45) (>= netstandard1.3) (< netstandard1.5) (< win8) (< wpa81))
    System.IO.Compression (4.3) - restriction: || (&& (< monoandroid) (< net45) (>= netstandard1.3) (< netstandard1.6) (< win8) (< wpa81)) (&& (< net45) (< netstandard1.2) (>= netstandard1.5) (< win8)) (&& (< net45) (< netstandard1.3) (>= netstandard1.5) (< win8) (< wpa81)) (&& (< net45) (< netstandard1.4) (>= netstandard1.5) (< win8) (< wpa81)) (&& (< net45) (>= netstandard1.5) (< netstandard1.6) (< win8) (< wpa81)) (&& (< net45) (>= netstandard1.6) (< netstandard2.0) (< win8) (< wpa81)) (&& (< net452) (>= net46) (< netstandard1.4) (>= netstandard1.5))
      Microsoft.NETCore.Platforms (>= 1.1) - restriction: && (< monoandroid) (< monotouch) (< net45) (>= netstandard1.3) (< win8) (< wpa81) (< xamarinios) (< xamarinmac) (< xamarintvos) (< xamarinwatchos)
      runtime.native.System (>= 4.3) - restriction: && (< monoandroid) (< monotouch) (< net45) (>= netstandard1.3) (< win8) (< wpa81) (< xamarinios) (< xamarinmac) (< xamarintvos) (< xamarinwatchos)
      runtime.native.System.IO.Compression (>= 4.3) - restriction: && (< monoandroid) (< monotouch) (< net45) (>= netstandard1.3) (< win8) (< wpa81) (< xamarinios) (< xamarinmac) (< xamarintvos) (< xamarinwatchos)
      System.Buffers (>= 4.3) - restriction: && (< monoandroid) (< monotouch) (< net45) (>= netstandard1.3) (< win8) (< wpa81) (< xamarinios) (< xamarinmac) (< xamarintvos) (< xamarinwatchos)
      System.Collections (>= 4.3) - restriction: && (< monoandroid) (< monotouch) (< net45) (>= netstandard1.3) (< win8) (< wpa81) (< xamarinios) (< xamarinmac) (< xamarintvos) (< xamarinwatchos)
      System.Diagnostics.Debug (>= 4.3) - restriction: && (< monoandroid) (< monotouch) (< net45) (>= netstandard1.3) (< win8) (< wpa81) (< xamarinios) (< xamarinmac) (< xamarintvos) (< xamarinwatchos)
      System.IO (>= 4.3) - restriction: || (&& (< monoandroid) (< monotouch) (< net45) (>= netstandard1.3) (< win8) (< wpa81) (< xamarinios) (< xamarinmac) (< xamarintvos) (< xamarinwatchos)) (&& (< monoandroid) (< net45) (>= netstandard1.1) (< netstandard1.3) (< win8) (< wpa81))
      System.Resources.ResourceManager (>= 4.3) - restriction: && (< monoandroid) (< monotouch) (< net45) (>= netstandard1.3) (< win8) (< wpa81) (< xamarinios) (< xamarinmac) (< xamarintvos) (< xamarinwatchos)
      System.Runtime (>= 4.3) - restriction: || (&& (< monoandroid) (< monotouch) (< net45) (>= netstandard1.3) (< win8) (< wpa81) (< xamarinios) (< xamarinmac) (< xamarintvos) (< xamarinwatchos)) (&& (< monoandroid) (< net45) (>= netstandard1.1) (< netstandard1.3) (< win8) (< wpa81))
      System.Runtime.Extensions (>= 4.3) - restriction: && (< monoandroid) (< monotouch) (< net45) (>= netstandard1.3) (< win8) (< wpa81) (< xamarinios) (< xamarinmac) (< xamarintvos) (< xamarinwatchos)
      System.Runtime.Handles (>= 4.3) - restriction: && (< monoandroid) (< monotouch) (< net45) (>= netstandard1.3) (< win8) (< wpa81) (< xamarinios) (< xamarinmac) (< xamarintvos) (< xamarinwatchos)
      System.Runtime.InteropServices (>= 4.3) - restriction: && (< monoandroid) (< monotouch) (< net45) (>= netstandard1.3) (< win8) (< wpa81) (< xamarinios) (< xamarinmac) (< xamarintvos) (< xamarinwatchos)
      System.Text.Encoding (>= 4.3) - restriction: || (&& (< monoandroid) (< monotouch) (< net45) (>= netstandard1.3) (< win8) (< wpa81) (< xamarinios) (< xamarinmac) (< xamarintvos) (< xamarinwatchos)) (&& (< monoandroid) (< net45) (>= netstandard1.1) (< netstandard1.3) (< win8) (< wpa81))
      System.Threading (>= 4.3) - restriction: && (< monoandroid) (< monotouch) (< net45) (>= netstandard1.3) (< win8) (< wpa81) (< xamarinios) (< xamarinmac) (< xamarintvos) (< xamarinwatchos)
      System.Threading.Tasks (>= 4.3) - restriction: && (< monoandroid) (< monotouch) (< net45) (>= netstandard1.3) (< win8) (< wpa81) (< xamarinios) (< xamarinmac) (< xamarintvos) (< xamarinwatchos)
    System.IO.Compression.ZipFile (4.3) - restriction: || (&& (< net45) (< netstandard1.4) (>= netstandard1.5) (< win8) (< wpa81)) (&& (< net45) (>= netstandard1.5) (< netstandard1.6) (< win8) (< wpa81)) (&& (< net45) (>= netstandard1.6) (< netstandard2.0) (< win8) (< wpa81)) (&& (< net452) (>= net46) (< netstandard1.4) (>= netstandard1.5))
      System.Buffers (>= 4.3) - restriction: && (< monoandroid) (< monotouch) (< net46) (>= netstandard1.3) (< xamarinios) (< xamarinmac) (< xamarintvos) (< xamarinwatchos)
      System.IO (>= 4.3) - restriction: && (< monoandroid) (< monotouch) (< net46) (>= netstandard1.3) (< xamarinios) (< xamarinmac) (< xamarintvos) (< xamarinwatchos)
      System.IO.Compression (>= 4.3) - restriction: && (< monoandroid) (< monotouch) (< net46) (>= netstandard1.3) (< xamarinios) (< xamarinmac) (< xamarintvos) (< xamarinwatchos)
      System.IO.FileSystem (>= 4.3) - restriction: && (< monoandroid) (< monotouch) (< net46) (>= netstandard1.3) (< xamarinios) (< xamarinmac) (< xamarintvos) (< xamarinwatchos)
      System.IO.FileSystem.Primitives (>= 4.3) - restriction: && (< monoandroid) (< monotouch) (< net46) (>= netstandard1.3) (< xamarinios) (< xamarinmac) (< xamarintvos) (< xamarinwatchos)
      System.Resources.ResourceManager (>= 4.3) - restriction: && (< monoandroid) (< monotouch) (< net46) (>= netstandard1.3) (< xamarinios) (< xamarinmac) (< xamarintvos) (< xamarinwatchos)
      System.Runtime (>= 4.3) - restriction: && (< monoandroid) (< monotouch) (< net46) (>= netstandard1.3) (< xamarinios) (< xamarinmac) (< xamarintvos) (< xamarinwatchos)
      System.Runtime.Extensions (>= 4.3) - restriction: && (< monoandroid) (< monotouch) (< net46) (>= netstandard1.3) (< xamarinios) (< xamarinmac) (< xamarintvos) (< xamarinwatchos)
      System.Text.Encoding (>= 4.3) - restriction: && (< monoandroid) (< monotouch) (< net46) (>= netstandard1.3) (< xamarinios) (< xamarinmac) (< xamarintvos) (< xamarinwatchos)
    System.IO.FileSystem (4.3) - restriction: || (&& (< monoandroid) (< monotouch) (< net45) (>= netstandard1.6) (< xamarinios) (< xamarinmac) (< xamarintvos) (< xamarinwatchos)) (&& (< monoandroid) (>= netcoreapp1.0) (< netcoreapp2.1) (< xamarinios) (< xamarinmac) (< xamarintvos) (< xamarinwatchos)) (&& (< net45) (< netstandard1.4) (>= netstandard1.5) (< win8) (< wpa81)) (&& (< net45) (>= netstandard1.5) (< netstandard1.6) (< win8) (< wpa81)) (&& (< net45) (>= netstandard1.6) (< netstandard2.0) (< win8) (< wpa81)) (&& (< net452) (>= net46) (< netstandard1.4) (>= netstandard1.5))
      Microsoft.NETCore.Platforms (>= 1.1) - restriction: && (< monoandroid) (< monotouch) (< net46) (>= netstandard1.3) (< xamarinios) (< xamarinmac) (< xamarintvos) (< xamarinwatchos)
      Microsoft.NETCore.Targets (>= 1.1) - restriction: && (< monoandroid) (< monotouch) (< net46) (>= netstandard1.3) (< xamarinios) (< xamarinmac) (< xamarintvos) (< xamarinwatchos)
      System.IO (>= 4.3) - restriction: && (< monoandroid) (< monotouch) (< net46) (>= netstandard1.3) (< xamarinios) (< xamarinmac) (< xamarintvos) (< xamarinwatchos)
      System.IO.FileSystem.Primitives (>= 4.3) - restriction: || (&& (< monoandroid) (< monotouch) (>= netstandard1.3) (< xamarinios) (< xamarinmac) (< xamarintvos) (< xamarinwatchos)) (>= net46)
      System.Runtime (>= 4.3) - restriction: && (< monoandroid) (< monotouch) (< net46) (>= netstandard1.3) (< xamarinios) (< xamarinmac) (< xamarintvos) (< xamarinwatchos)
      System.Runtime.Handles (>= 4.3) - restriction: && (< monoandroid) (< monotouch) (< net46) (>= netstandard1.3) (< xamarinios) (< xamarinmac) (< xamarintvos) (< xamarinwatchos)
      System.Text.Encoding (>= 4.3) - restriction: && (< monoandroid) (< monotouch) (< net46) (>= netstandard1.3) (< xamarinios) (< xamarinmac) (< xamarintvos) (< xamarinwatchos)
      System.Threading.Tasks (>= 4.3) - restriction: && (< monoandroid) (< monotouch) (< net46) (>= netstandard1.3) (< xamarinios) (< xamarinmac) (< xamarintvos) (< xamarinwatchos)
    System.IO.FileSystem.Primitives (4.3) - restriction: || (&& (< monoandroid) (< monotouch) (< net45) (>= netstandard1.6) (< uap10.0) (< xamarinios) (< xamarinmac) (< xamarintvos) (< xamarinwatchos)) (&& (< monoandroid) (>= netcoreapp1.0) (< netcoreapp2.1) (< xamarinios) (< xamarinmac) (< xamarintvos) (< xamarinwatchos)) (&& (< net45) (< netstandard1.4) (>= netstandard1.5) (< win8) (< wpa81)) (&& (< net45) (>= netstandard1.5) (< netstandard1.6) (< win8) (< wpa81)) (&& (< net45) (>= netstandard1.6) (< netstandard2.0) (< win8) (< wpa81)) (&& (< net452) (>= net46) (< netstandard1.4) (>= netstandard1.5))
      System.Runtime (>= 4.3) - restriction: && (< monoandroid) (< monotouch) (< net46) (>= netstandard1.3) (< xamarinios) (< xamarinmac) (< xamarintvos) (< xamarinwatchos)
    System.IO.Pipelines (5.0.1) - restriction: >= net472
      System.Buffers (>= 4.5.1) - restriction: || (&& (>= monoandroid) (< netcoreapp2.0)) (&& (< monoandroid) (< net46) (< netcoreapp2.0) (>= netstandard2.0)) (&& (< monoandroid) (< net46) (>= netstandard1.3) (< netstandard2.0) (< uap10.1)) (>= monotouch) (&& (>= net46) (< netstandard2.0)) (>= net461) (>= xamarinios) (>= xamarinmac) (>= xamarintvos) (>= xamarinwatchos)
      System.Memory (>= 4.5.4) - restriction: || (&& (< monoandroid) (< monotouch) (< net46) (>= netstandard1.3) (< netstandard2.0) (< xamarintvos) (< xamarinwatchos)) (&& (< monoandroid) (< net46) (< netcoreapp2.0) (>= netstandard2.0) (< xamarinios) (< xamarinmac) (< xamarintvos) (< xamarinwatchos)) (&& (< monoandroid) (>= netcoreapp2.0) (< netcoreapp2.1) (< xamarinios) (< xamarinmac) (< xamarintvos) (< xamarinwatchos)) (&& (>= net46) (< netstandard2.0)) (>= net461) (>= uap10.1)
      System.Threading.Tasks.Extensions (>= 4.5.4) - restriction: || (&& (< monoandroid) (< monotouch) (< net46) (>= netstandard1.3) (< netstandard2.0) (< xamarintvos) (< xamarinwatchos)) (&& (< monoandroid) (< net46) (< netcoreapp2.0) (>= netstandard2.0) (< xamarinios) (< xamarinmac) (< xamarintvos) (< xamarinwatchos)) (&& (< monoandroid) (>= netcoreapp2.0) (< netcoreapp2.1) (< xamarinios) (< xamarinmac) (< xamarintvos) (< xamarinwatchos)) (&& (>= net46) (< netstandard2.0)) (>= net461) (>= uap10.1)
    System.Linq (4.3) - restriction: || (&& (< monoandroid) (< monotouch) (< net20) (>= netstandard1.5) (< netstandard2.0) (< win8) (< wpa81) (< xamarintvos) (< xamarinwatchos)) (&& (< monoandroid) (< monotouch) (< net40) (>= netstandard1.3) (< netstandard2.0) (< win8) (< wpa81) (< xamarintvos) (< xamarinwatchos)) (&& (< monoandroid) (< monotouch) (< net45) (>= netstandard1.3) (< netstandard2.0) (< win8) (< wpa81) (< xamarintvos) (< xamarinwatchos)) (&& (< monoandroid) (< net20) (< netstandard1.3) (>= netstandard1.5) (< win8) (< wpa81)) (&& (< monoandroid) (< net40) (>= netstandard2.0) (< win8) (< wpa81) (< xamarinios) (< xamarinmac) (< xamarintvos) (< xamarinwatchos)) (&& (< monoandroid) (< net45) (< netstandard1.2) (>= netstandard1.6) (< win8)) (&& (< monoandroid) (< net45) (< netstandard1.3) (>= netstandard1.6) (< win8) (< wpa81)) (&& (< monoandroid) (< net45) (< netstandard1.4) (>= netstandard1.6) (< win8) (< wpa81)) (&& (< net45) (< netstandard1.2) (>= netstandard1.5) (< win8)) (&& (< net45) (< netstandard1.3) (>= netstandard1.5) (< win8) (< wpa81)) (&& (< net45) (< netstandard1.4) (>= netstandard1.5) (< win8) (< wpa81)) (&& (< net45) (>= netstandard1.5) (< netstandard1.6) (< win8) (< wpa81)) (&& (< net45) (>= netstandard1.6) (< netstandard2.0) (< win8) (< wpa81)) (&& (>= netstandard1.5) (< portable-net45+win8+wpa81)) (&& (>= netstandard1.6) (< portable-net45+win8+wpa81))
      System.Collections (>= 4.3) - restriction: || (&& (< monoandroid) (< monotouch) (< net45) (>= netstandard1.6) (< xamarinios) (< xamarinmac) (< xamarintvos) (< xamarinwatchos)) (&& (< monoandroid) (< net45) (>= netstandard1.0) (< netstandard1.6) (< win8) (< wp8) (< wpa81))
      System.Diagnostics.Debug (>= 4.3) - restriction: && (< monoandroid) (< monotouch) (< net45) (>= netstandard1.6) (< xamarinios) (< xamarinmac) (< xamarintvos) (< xamarinwatchos)
      System.Resources.ResourceManager (>= 4.3) - restriction: && (< monoandroid) (< monotouch) (< net45) (>= netstandard1.6) (< xamarinios) (< xamarinmac) (< xamarintvos) (< xamarinwatchos)
      System.Runtime (>= 4.3) - restriction: || (&& (< monoandroid) (< monotouch) (< net45) (>= netstandard1.6) (< xamarinios) (< xamarinmac) (< xamarintvos) (< xamarinwatchos)) (&& (< monoandroid) (< net45) (>= netstandard1.0) (< netstandard1.6) (< win8) (< wp8) (< wpa81))
      System.Runtime.Extensions (>= 4.3) - restriction: && (< monoandroid) (< monotouch) (< net45) (>= netstandard1.6) (< xamarinios) (< xamarinmac) (< xamarintvos) (< xamarinwatchos)
    System.Linq.Expressions (4.3) - restriction: || (&& (< monoandroid) (< monotouch) (< net40) (>= netstandard1.3) (< netstandard2.0) (< win8) (< wpa81) (< xamarintvos) (< xamarinwatchos)) (&& (< monoandroid) (< monotouch) (< net45) (>= netstandard1.3) (< netstandard2.0) (< win8) (< wpa81) (< xamarintvos) (< xamarinwatchos)) (&& (< monoandroid) (< net40) (< netstandard1.3) (>= netstandard2.0) (< win8) (< wpa81)) (&& (< monoandroid) (< net40) (>= netstandard2.0) (< win8) (< wpa81) (< xamarinios) (< xamarinmac) (< xamarintvos) (< xamarinwatchos)) (&& (< net45) (< netstandard1.2) (>= netstandard1.5) (< win8)) (&& (< net45) (< netstandard1.3) (>= netstandard1.5) (< win8) (< wpa81)) (&& (< net45) (< netstandard1.4) (>= netstandard1.5) (< win8) (< wpa81)) (&& (< net45) (>= netstandard1.5) (< netstandard1.6) (< win8) (< wpa81)) (&& (< net45) (>= netstandard1.6) (< netstandard2.0) (< win8) (< wpa81)) (&& (>= netstandard1.5) (< portable-net45+win8+wpa81))
      System.Collections (>= 4.3) - restriction: && (< monoandroid) (< monotouch) (< net45) (>= netstandard1.6) (< xamarinios) (< xamarinmac) (< xamarintvos) (< xamarinwatchos)
      System.Diagnostics.Debug (>= 4.3) - restriction: && (< monoandroid) (< monotouch) (< net45) (>= netstandard1.6) (< xamarinios) (< xamarinmac) (< xamarintvos) (< xamarinwatchos)
      System.Globalization (>= 4.3) - restriction: && (< monoandroid) (< monotouch) (< net45) (>= netstandard1.6) (< xamarinios) (< xamarinmac) (< xamarintvos) (< xamarinwatchos)
      System.IO (>= 4.3) - restriction: && (< monoandroid) (< monotouch) (< net45) (>= netstandard1.6) (< xamarinios) (< xamarinmac) (< xamarintvos) (< xamarinwatchos)
      System.Linq (>= 4.3) - restriction: && (< monoandroid) (< monotouch) (< net45) (>= netstandard1.6) (< xamarinios) (< xamarinmac) (< xamarintvos) (< xamarinwatchos)
      System.ObjectModel (>= 4.3) - restriction: && (< monoandroid) (< monotouch) (< net45) (>= netstandard1.6) (< xamarinios) (< xamarinmac) (< xamarintvos) (< xamarinwatchos)
      System.Reflection (>= 4.3) - restriction: || (&& (< monoandroid) (< monotouch) (< net45) (>= netstandard1.6) (< xamarinios) (< xamarinmac) (< xamarintvos) (< xamarinwatchos)) (&& (< monoandroid) (< net45) (>= netstandard1.0) (< netstandard1.3) (< win8) (< wp8) (< wpa81)) (&& (< monoandroid) (< net45) (>= netstandard1.3) (< netstandard1.6) (< win8) (< wpa81))
      System.Reflection.Emit (>= 4.3) - restriction: && (< monoandroid) (< monotouch) (< net45) (>= netstandard1.6) (< xamarinios) (< xamarinmac) (< xamarintvos) (< xamarinwatchos)
      System.Reflection.Emit.ILGeneration (>= 4.3) - restriction: && (< monoandroid) (< monotouch) (< net45) (>= netstandard1.6) (< xamarinios) (< xamarinmac) (< xamarintvos) (< xamarinwatchos)
      System.Reflection.Emit.Lightweight (>= 4.3) - restriction: && (< monoandroid) (< monotouch) (< net45) (>= netstandard1.6) (< xamarinios) (< xamarinmac) (< xamarintvos) (< xamarinwatchos)
      System.Reflection.Extensions (>= 4.3) - restriction: && (< monoandroid) (< monotouch) (< net45) (>= netstandard1.6) (< xamarinios) (< xamarinmac) (< xamarintvos) (< xamarinwatchos)
      System.Reflection.Primitives (>= 4.3) - restriction: && (< monoandroid) (< monotouch) (< net45) (>= netstandard1.6) (< xamarinios) (< xamarinmac) (< xamarintvos) (< xamarinwatchos)
      System.Reflection.TypeExtensions (>= 4.3) - restriction: && (< monoandroid) (< monotouch) (< net45) (>= netstandard1.6) (< xamarinios) (< xamarinmac) (< xamarintvos) (< xamarinwatchos)
      System.Resources.ResourceManager (>= 4.3) - restriction: && (< monoandroid) (< monotouch) (< net45) (>= netstandard1.6) (< xamarinios) (< xamarinmac) (< xamarintvos) (< xamarinwatchos)
      System.Runtime (>= 4.3) - restriction: || (&& (< monoandroid) (< monotouch) (< net45) (>= netstandard1.6) (< xamarinios) (< xamarinmac) (< xamarintvos) (< xamarinwatchos)) (&& (< monoandroid) (< net45) (>= netstandard1.0) (< netstandard1.3) (< win8) (< wp8) (< wpa81)) (&& (< monoandroid) (< net45) (>= netstandard1.3) (< netstandard1.6) (< win8) (< wpa81))
      System.Runtime.Extensions (>= 4.3) - restriction: && (< monoandroid) (< monotouch) (< net45) (>= netstandard1.6) (< xamarinios) (< xamarinmac) (< xamarintvos) (< xamarinwatchos)
      System.Threading (>= 4.3) - restriction: && (< monoandroid) (< monotouch) (< net45) (>= netstandard1.6) (< xamarinios) (< xamarinmac) (< xamarintvos) (< xamarinwatchos)
    System.Linq.Queryable (4.3) - restriction: && (< net45) (>= netstandard1.3) (< netstandard2.0)
      System.Collections (>= 4.3) - restriction: && (< monoandroid) (< monotouch) (< net45) (>= netstandard1.3) (< win8) (< wpa81) (< xamarinios) (< xamarinmac) (< xamarintvos) (< xamarinwatchos)
      System.Diagnostics.Debug (>= 4.3) - restriction: && (< monoandroid) (< monotouch) (< net45) (>= netstandard1.3) (< win8) (< wpa81) (< xamarinios) (< xamarinmac) (< xamarintvos) (< xamarinwatchos)
      System.Linq (>= 4.3) - restriction: || (&& (< monoandroid) (< monotouch) (< net45) (>= netstandard1.3) (< win8) (< wpa81) (< xamarinios) (< xamarinmac) (< xamarintvos) (< xamarinwatchos)) (&& (< monoandroid) (< net45) (>= netstandard1.0) (< netstandard1.3) (< win8) (< wp8) (< wpa81))
      System.Linq.Expressions (>= 4.3) - restriction: || (&& (< monoandroid) (< monotouch) (< net45) (>= netstandard1.3) (< win8) (< wpa81) (< xamarinios) (< xamarinmac) (< xamarintvos) (< xamarinwatchos)) (&& (< monoandroid) (< net45) (>= netstandard1.0) (< netstandard1.3) (< win8) (< wp8) (< wpa81))
      System.Reflection (>= 4.3) - restriction: && (< monoandroid) (< monotouch) (< net45) (>= netstandard1.3) (< win8) (< wpa81) (< xamarinios) (< xamarinmac) (< xamarintvos) (< xamarinwatchos)
      System.Reflection.Extensions (>= 4.3) - restriction: && (< monoandroid) (< monotouch) (< net45) (>= netstandard1.3) (< win8) (< wpa81) (< xamarinios) (< xamarinmac) (< xamarintvos) (< xamarinwatchos)
      System.Resources.ResourceManager (>= 4.3) - restriction: && (< monoandroid) (< monotouch) (< net45) (>= netstandard1.3) (< win8) (< wpa81) (< xamarinios) (< xamarinmac) (< xamarintvos) (< xamarinwatchos)
      System.Runtime (>= 4.3) - restriction: || (&& (< monoandroid) (< monotouch) (< net45) (>= netstandard1.3) (< win8) (< wpa81) (< xamarinios) (< xamarinmac) (< xamarintvos) (< xamarinwatchos)) (&& (< monoandroid) (< net45) (>= netstandard1.0) (< netstandard1.3) (< win8) (< wp8) (< wpa81))
    System.Memory (4.5.4) - restriction: || (&& (< monoandroid) (< net45) (< netcoreapp2.0) (>= netstandard2.0) (< xamarinios) (< xamarinmac) (< xamarintvos) (< xamarinwatchos)) (&& (< monoandroid) (>= netcoreapp2.0) (< netcoreapp2.1) (< xamarinios) (< xamarinmac) (< xamarintvos) (< xamarinwatchos)) (>= net472) (&& (>= netstandard2.0) (>= uap10.0)) (&& (>= netstandard2.0) (>= uap10.1))
      System.Buffers (>= 4.5.1) - restriction: || (&& (>= monoandroid) (< netcoreapp2.0)) (&& (< monoandroid) (< net45) (< netcoreapp2.0) (>= netstandard2.0)) (&& (< monoandroid) (< net45) (>= netstandard1.1) (< netstandard2.0) (< win8) (< wpa81)) (&& (< monoandroid) (< netstandard1.1) (>= portable-net45+win8+wpa81) (< win8)) (>= monotouch) (&& (>= net45) (< netstandard2.0)) (>= net461) (&& (< netstandard1.1) (>= win8)) (&& (< netstandard2.0) (< uap10.1) (>= wpa81)) (>= xamarinios) (>= xamarinmac) (>= xamarintvos) (>= xamarinwatchos)
      System.Numerics.Vectors (>= 4.5) - restriction: >= net461
      System.Runtime.CompilerServices.Unsafe (>= 4.5.3) - restriction: || (&& (>= monoandroid) (< netcoreapp2.0)) (&& (< monoandroid) (< net45) (< netcoreapp2.0) (>= netstandard2.0)) (&& (< monoandroid) (< net45) (>= netstandard1.1) (< netstandard2.0) (< win8) (< wpa81)) (&& (< monoandroid) (>= netcoreapp2.0) (< netcoreapp2.1)) (&& (< monoandroid) (< netstandard1.1) (>= portable-net45+win8+wpa81) (< win8)) (>= monotouch) (&& (>= net45) (< netstandard2.0)) (>= net461) (&& (< netstandard1.1) (>= win8)) (&& (< netstandard2.0) (>= wpa81)) (>= uap10.1) (>= xamarinios) (>= xamarinmac) (>= xamarintvos) (>= xamarinwatchos)
    System.Net.Http (4.3.4) - copy_local: false, redirects: force, restriction: || (>= net45) (&& (< net452) (>= net46) (< netstandard1.4) (>= netstandard1.5)) (&& (< netstandard1.2) (>= netstandard1.5) (< win8)) (>= netstandard1.3) (&& (>= netstandard1.5) (< win8) (< wpa81)) (&& (>= netstandard1.6) (< netstandard2.0) (< win8) (< wpa81))
      Microsoft.NETCore.Platforms (>= 1.1.1) - restriction: || (&& (< monoandroid) (< monotouch) (< net45) (>= netstandard1.6) (< xamarinios) (< xamarinmac) (< xamarintvos) (< xamarinwatchos)) (&& (< monoandroid) (< net45) (>= netstandard1.3) (< netstandard1.6) (< win8) (< wpa81))
      Microsoft.Win32.Primitives (>= 4.3) - restriction: && (< monoandroid) (< net45) (>= netstandard1.3) (< netstandard1.6) (< win8) (< wpa81)
      runtime.native.System (>= 4.3) - restriction: && (< monoandroid) (< monotouch) (< net45) (>= netstandard1.6) (< xamarinios) (< xamarinmac) (< xamarintvos) (< xamarinwatchos)
      runtime.native.System.Net.Http (>= 4.3) - restriction: && (< monoandroid) (< monotouch) (< net45) (>= netstandard1.6) (< xamarinios) (< xamarinmac) (< xamarintvos) (< xamarinwatchos)
      runtime.native.System.Security.Cryptography.OpenSsl (>= 4.3.2) - restriction: && (< monoandroid) (< monotouch) (< net45) (>= netstandard1.6) (< xamarinios) (< xamarinmac) (< xamarintvos) (< xamarinwatchos)
      System.Collections (>= 4.3) - restriction: || (&& (< monoandroid) (< monotouch) (< net45) (>= netstandard1.6) (< xamarinios) (< xamarinmac) (< xamarintvos) (< xamarinwatchos)) (&& (< monoandroid) (< net45) (>= netstandard1.3) (< netstandard1.6) (< win8) (< wpa81))
      System.Diagnostics.Debug (>= 4.3) - restriction: || (&& (< monoandroid) (< monotouch) (< net45) (>= netstandard1.6) (< xamarinios) (< xamarinmac) (< xamarintvos) (< xamarinwatchos)) (&& (< monoandroid) (< net45) (>= netstandard1.3) (< netstandard1.6) (< win8) (< wpa81))
      System.Diagnostics.DiagnosticSource (>= 4.3) - restriction: || (&& (< monoandroid) (< monotouch) (< net45) (>= netstandard1.6) (< xamarinios) (< xamarinmac) (< xamarintvos) (< xamarinwatchos)) (&& (< monoandroid) (< net45) (>= netstandard1.3) (< netstandard1.6) (< win8) (< wpa81))
      System.Diagnostics.Tracing (>= 4.3) - restriction: || (&& (< monoandroid) (< monotouch) (< net45) (>= netstandard1.6) (< xamarinios) (< xamarinmac) (< xamarintvos) (< xamarinwatchos)) (&& (< monoandroid) (< net45) (>= netstandard1.3) (< netstandard1.6) (< win8) (< wpa81))
      System.Globalization (>= 4.3) - restriction: || (&& (< monoandroid) (< monotouch) (< net45) (>= netstandard1.6) (< xamarinios) (< xamarinmac) (< xamarintvos) (< xamarinwatchos)) (&& (< monoandroid) (< net45) (>= netstandard1.3) (< netstandard1.6) (< win8) (< wpa81))
      System.Globalization.Extensions (>= 4.3) - restriction: && (< monoandroid) (< monotouch) (< net45) (>= netstandard1.6) (< xamarinios) (< xamarinmac) (< xamarintvos) (< xamarinwatchos)
      System.IO (>= 4.3) - restriction: || (&& (< monoandroid) (< monotouch) (< net45) (>= netstandard1.6) (< xamarinios) (< xamarinmac) (< xamarintvos) (< xamarinwatchos)) (&& (< monoandroid) (< net45) (>= netstandard1.1) (< netstandard1.3) (< win8) (< wpa81)) (&& (< monoandroid) (< net45) (>= netstandard1.3) (< netstandard1.6) (< win8) (< wpa81))
      System.IO.Compression (>= 4.3) - restriction: && (< monoandroid) (< net45) (>= netstandard1.3) (< netstandard1.6) (< win8) (< wpa81)
      System.IO.FileSystem (>= 4.3) - restriction: && (< monoandroid) (< monotouch) (< net45) (>= netstandard1.6) (< xamarinios) (< xamarinmac) (< xamarintvos) (< xamarinwatchos)
      System.Net.Primitives (>= 4.3) - restriction: || (&& (< monoandroid) (< monotouch) (< net45) (>= netstandard1.6) (< xamarinios) (< xamarinmac) (< xamarintvos) (< xamarinwatchos)) (&& (< monoandroid) (< net45) (>= netstandard1.1) (< netstandard1.3) (< win8) (< wpa81)) (&& (< monoandroid) (< net45) (>= netstandard1.3) (< netstandard1.6) (< win8) (< wpa81))
      System.Resources.ResourceManager (>= 4.3) - restriction: || (&& (< monoandroid) (< monotouch) (< net45) (>= netstandard1.6) (< xamarinios) (< xamarinmac) (< xamarintvos) (< xamarinwatchos)) (&& (< monoandroid) (< net45) (>= netstandard1.3) (< netstandard1.6) (< win8) (< wpa81))
      System.Runtime (>= 4.3) - restriction: || (&& (< monoandroid) (< monotouch) (< net45) (>= netstandard1.6) (< xamarinios) (< xamarinmac) (< xamarintvos) (< xamarinwatchos)) (&& (< monoandroid) (< net45) (>= netstandard1.1) (< netstandard1.3) (< win8) (< wpa81)) (&& (< monoandroid) (< net45) (>= netstandard1.3) (< netstandard1.6) (< win8) (< wpa81))
      System.Runtime.Extensions (>= 4.3) - restriction: || (&& (< monoandroid) (< monotouch) (< net45) (>= netstandard1.6) (< xamarinios) (< xamarinmac) (< xamarintvos) (< xamarinwatchos)) (&& (< monoandroid) (< net45) (>= netstandard1.3) (< netstandard1.6) (< win8) (< wpa81))
      System.Runtime.Handles (>= 4.3) - restriction: || (&& (< monoandroid) (< monotouch) (< net45) (>= netstandard1.6) (< xamarinios) (< xamarinmac) (< xamarintvos) (< xamarinwatchos)) (&& (< monoandroid) (< net45) (>= netstandard1.3) (< netstandard1.6) (< win8) (< wpa81))
      System.Runtime.InteropServices (>= 4.3) - restriction: || (&& (< monoandroid) (< monotouch) (< net45) (>= netstandard1.6) (< xamarinios) (< xamarinmac) (< xamarintvos) (< xamarinwatchos)) (&& (< monoandroid) (< net45) (>= netstandard1.3) (< netstandard1.6) (< win8) (< wpa81))
      System.Security.Cryptography.Algorithms (>= 4.3) - restriction: && (< monoandroid) (< monotouch) (< net45) (>= netstandard1.6) (< xamarinios) (< xamarinmac) (< xamarintvos) (< xamarinwatchos)
      System.Security.Cryptography.Encoding (>= 4.3) - restriction: || (&& (< monoandroid) (< monotouch) (< net45) (>= netstandard1.6) (< xamarinios) (< xamarinmac) (< xamarintvos) (< xamarinwatchos)) (&& (< monoandroid) (< net45) (>= netstandard1.3) (< netstandard1.6) (< win8) (< wpa81))
      System.Security.Cryptography.OpenSsl (>= 4.3) - restriction: && (< monoandroid) (< monotouch) (< net45) (>= netstandard1.6) (< xamarinios) (< xamarinmac) (< xamarintvos) (< xamarinwatchos)
      System.Security.Cryptography.Primitives (>= 4.3) - restriction: && (< monoandroid) (< monotouch) (< net45) (>= netstandard1.6) (< xamarinios) (< xamarinmac) (< xamarintvos) (< xamarinwatchos)
      System.Security.Cryptography.X509Certificates (>= 4.3) - restriction: || (&& (< monoandroid) (< monotouch) (< net45) (>= netstandard1.6) (< xamarinios) (< xamarinmac) (< xamarintvos) (< xamarinwatchos)) (&& (< monoandroid) (< net45) (>= netstandard1.3) (< netstandard1.6) (< win8) (< wpa81)) (>= net46)
      System.Text.Encoding (>= 4.3) - restriction: || (&& (< monoandroid) (< monotouch) (< net45) (>= netstandard1.6) (< xamarinios) (< xamarinmac) (< xamarintvos) (< xamarinwatchos)) (&& (< monoandroid) (< net45) (>= netstandard1.1) (< netstandard1.3) (< win8) (< wpa81)) (&& (< monoandroid) (< net45) (>= netstandard1.3) (< netstandard1.6) (< win8) (< wpa81))
      System.Threading (>= 4.3) - restriction: || (&& (< monoandroid) (< monotouch) (< net45) (>= netstandard1.6) (< xamarinios) (< xamarinmac) (< xamarintvos) (< xamarinwatchos)) (&& (< monoandroid) (< net45) (>= netstandard1.3) (< netstandard1.6) (< win8) (< wpa81))
      System.Threading.Tasks (>= 4.3) - restriction: || (&& (< monoandroid) (< monotouch) (< net45) (>= netstandard1.6) (< xamarinios) (< xamarinmac) (< xamarintvos) (< xamarinwatchos)) (&& (< monoandroid) (< net45) (>= netstandard1.1) (< netstandard1.3) (< win8) (< wpa81)) (&& (< monoandroid) (< net45) (>= netstandard1.3) (< netstandard1.6) (< win8) (< wpa81))
    System.Net.NameResolution (4.3) - copy_local: false, redirects: force, restriction: >= uap10.0
      Microsoft.NETCore.Platforms (>= 1.1) - restriction: && (< monoandroid) (< monotouch) (< net46) (>= netstandard1.3) (< xamarinios) (< xamarinmac) (< xamarintvos) (< xamarinwatchos)
      runtime.native.System (>= 4.3) - restriction: && (< monoandroid) (< monotouch) (< net46) (>= netstandard1.3) (< xamarinios) (< xamarinmac) (< xamarintvos) (< xamarinwatchos)
      System.Collections (>= 4.3) - restriction: && (< monoandroid) (< monotouch) (< net46) (>= netstandard1.3) (< xamarinios) (< xamarinmac) (< xamarintvos) (< xamarinwatchos)
      System.Diagnostics.Tracing (>= 4.3) - restriction: && (< monoandroid) (< monotouch) (< net46) (>= netstandard1.3) (< xamarinios) (< xamarinmac) (< xamarintvos) (< xamarinwatchos)
      System.Globalization (>= 4.3) - restriction: && (< monoandroid) (< monotouch) (< net46) (>= netstandard1.3) (< xamarinios) (< xamarinmac) (< xamarintvos) (< xamarinwatchos)
      System.Net.Primitives (>= 4.3) - restriction: && (< monoandroid) (< monotouch) (< net46) (>= netstandard1.3) (< xamarinios) (< xamarinmac) (< xamarintvos) (< xamarinwatchos)
      System.Resources.ResourceManager (>= 4.3) - restriction: && (< monoandroid) (< monotouch) (< net46) (>= netstandard1.3) (< xamarinios) (< xamarinmac) (< xamarintvos) (< xamarinwatchos)
      System.Runtime (>= 4.3) - restriction: && (< monoandroid) (< monotouch) (< net46) (>= netstandard1.3) (< xamarinios) (< xamarinmac) (< xamarintvos) (< xamarinwatchos)
      System.Runtime.Extensions (>= 4.3) - restriction: && (< monoandroid) (< monotouch) (< net46) (>= netstandard1.3) (< xamarinios) (< xamarinmac) (< xamarintvos) (< xamarinwatchos)
      System.Runtime.Handles (>= 4.3) - restriction: && (< monoandroid) (< monotouch) (< net46) (>= netstandard1.3) (< xamarinios) (< xamarinmac) (< xamarintvos) (< xamarinwatchos)
      System.Runtime.InteropServices (>= 4.3) - restriction: && (< monoandroid) (< monotouch) (< net46) (>= netstandard1.3) (< xamarinios) (< xamarinmac) (< xamarintvos) (< xamarinwatchos)
      System.Security.Principal.Windows (>= 4.3) - restriction: && (< monoandroid) (< monotouch) (< net46) (>= netstandard1.3) (< xamarinios) (< xamarinmac) (< xamarintvos) (< xamarinwatchos)
      System.Threading (>= 4.3) - restriction: && (< monoandroid) (< monotouch) (< net46) (>= netstandard1.3) (< xamarinios) (< xamarinmac) (< xamarintvos) (< xamarinwatchos)
      System.Threading.Tasks (>= 4.3) - restriction: && (< monoandroid) (< monotouch) (< net46) (>= netstandard1.3) (< xamarinios) (< xamarinmac) (< xamarintvos) (< xamarinwatchos)
    System.Net.Primitives (4.3.1) - restriction: || (&& (< monoandroid) (< monotouch) (< net45) (>= netstandard1.6) (< xamarinios) (< xamarinmac) (< xamarintvos) (< xamarinwatchos)) (&& (< monoandroid) (< net45) (>= netstandard1.3) (< netstandard1.6) (< win8) (< wpa81)) (&& (< net45) (< netstandard1.2) (>= netstandard1.5) (< win8)) (&& (< net45) (< netstandard1.3) (>= netstandard1.5) (< win8) (< wpa81)) (&& (< net45) (< netstandard1.4) (>= netstandard1.5) (< win8) (< wpa81)) (&& (< net45) (>= netstandard1.5) (< netstandard1.6) (< win8) (< wpa81)) (&& (< net45) (>= netstandard1.6) (< netstandard2.0) (< win8) (< wpa81)) (&& (< net452) (>= net46) (< netstandard1.4) (>= netstandard1.5)) (&& (>= netstandard1.5) (< portable-net45+win8+wpa81)) (>= uap10.0)
      Microsoft.NETCore.Platforms (>= 1.1.1) - restriction: || (&& (< monoandroid) (< monotouch) (< net45) (>= netstandard1.3) (< win8) (< wpa81) (< xamarinios) (< xamarinmac) (< xamarintvos) (< xamarinwatchos)) (&& (< monoandroid) (< net45) (>= netstandard1.1) (< netstandard1.3) (< win8) (< wpa81)) (&& (< monoandroid) (>= netstandard1.0) (< netstandard1.1) (< win8) (< wp8))
      Microsoft.NETCore.Targets (>= 1.1.3) - restriction: || (&& (< monoandroid) (< monotouch) (< net45) (>= netstandard1.3) (< win8) (< wpa81) (< xamarinios) (< xamarinmac) (< xamarintvos) (< xamarinwatchos)) (&& (< monoandroid) (< net45) (>= netstandard1.1) (< netstandard1.3) (< win8) (< wpa81)) (&& (< monoandroid) (>= netstandard1.0) (< netstandard1.1) (< win8) (< wp8))
      System.Runtime (>= 4.3.1) - restriction: || (&& (< monoandroid) (< monotouch) (< net45) (>= netstandard1.3) (< win8) (< wpa81) (< xamarinios) (< xamarinmac) (< xamarintvos) (< xamarinwatchos)) (&& (< monoandroid) (< net45) (>= netstandard1.1) (< netstandard1.3) (< win8) (< wpa81)) (&& (< monoandroid) (>= netstandard1.0) (< netstandard1.1) (< win8) (< wp8))
      System.Runtime.Handles (>= 4.3) - restriction: && (< monoandroid) (< monotouch) (< net45) (>= netstandard1.3) (< win8) (< wpa81) (< xamarinios) (< xamarinmac) (< xamarintvos) (< xamarinwatchos)
    System.Net.Security (4.3.2) - copy_local: false, redirects: force, restriction: && (< netstandard2.0) (>= uap10.0)
      Microsoft.NETCore.Platforms (>= 1.1) - restriction: || (&& (< monoandroid) (< monotouch) (< net46) (>= netstandard1.6) (< xamarinios) (< xamarinmac) (< xamarintvos) (< xamarinwatchos)) (&& (< monoandroid) (< net46) (>= netstandard1.3) (< netstandard1.6))
      Microsoft.Win32.Primitives (>= 4.3) - restriction: || (&& (< monoandroid) (< monotouch) (< net46) (>= netstandard1.6) (< xamarinios) (< xamarinmac) (< xamarintvos) (< xamarinwatchos)) (&& (< monoandroid) (< net46) (>= netstandard1.3) (< netstandard1.6))
      System.Collections (>= 4.3) - restriction: || (&& (< monoandroid) (< monotouch) (< net46) (>= netstandard1.6) (< xamarinios) (< xamarinmac) (< xamarintvos) (< xamarinwatchos)) (&& (< monoandroid) (< net46) (>= netstandard1.3) (< netstandard1.6))
      System.Collections.Concurrent (>= 4.3) - restriction: || (&& (< monoandroid) (< monotouch) (< net46) (>= netstandard1.6) (< xamarinios) (< xamarinmac) (< xamarintvos) (< xamarinwatchos)) (&& (< monoandroid) (< net46) (>= netstandard1.3) (< netstandard1.6))
      System.Diagnostics.Tracing (>= 4.3) - restriction: || (&& (< monoandroid) (< monotouch) (< net46) (>= netstandard1.6) (< xamarinios) (< xamarinmac) (< xamarintvos) (< xamarinwatchos)) (&& (< monoandroid) (< net46) (>= netstandard1.3) (< netstandard1.6))
      System.Globalization (>= 4.3) - restriction: || (&& (< monoandroid) (< monotouch) (< net46) (>= netstandard1.6) (< xamarinios) (< xamarinmac) (< xamarintvos) (< xamarinwatchos)) (&& (< monoandroid) (< net46) (>= netstandard1.3) (< netstandard1.6))
      System.IO (>= 4.3) - restriction: || (&& (< monoandroid) (< monotouch) (< net46) (>= netstandard1.6) (< xamarinios) (< xamarinmac) (< xamarintvos) (< xamarinwatchos)) (&& (< monoandroid) (< net46) (>= netstandard1.3) (< netstandard1.6))
      System.Net.Primitives (>= 4.3) - restriction: || (&& (< monoandroid) (< monotouch) (< net46) (>= netstandard1.6) (< xamarinios) (< xamarinmac) (< xamarintvos) (< xamarinwatchos)) (&& (< monoandroid) (< net46) (>= netstandard1.3) (< netstandard1.6))
      System.Resources.ResourceManager (>= 4.3) - restriction: || (&& (< monoandroid) (< monotouch) (< net46) (>= netstandard1.6) (< xamarinios) (< xamarinmac) (< xamarintvos) (< xamarinwatchos)) (&& (< monoandroid) (< net46) (>= netstandard1.3) (< netstandard1.6))
      System.Runtime (>= 4.3) - restriction: || (&& (< monoandroid) (< monotouch) (< net46) (>= netstandard1.6) (< xamarinios) (< xamarinmac) (< xamarintvos) (< xamarinwatchos)) (&& (< monoandroid) (< net46) (>= netstandard1.3) (< netstandard1.6))
      System.Runtime.Extensions (>= 4.3) - restriction: || (&& (< monoandroid) (< monotouch) (< net46) (>= netstandard1.6) (< xamarinios) (< xamarinmac) (< xamarintvos) (< xamarinwatchos)) (&& (< monoandroid) (< net46) (>= netstandard1.3) (< netstandard1.6))
      System.Runtime.Handles (>= 4.3) - restriction: || (&& (< monoandroid) (< monotouch) (< net46) (>= netstandard1.6) (< xamarinios) (< xamarinmac) (< xamarintvos) (< xamarinwatchos)) (&& (< monoandroid) (< net46) (>= netstandard1.3) (< netstandard1.6))
      System.Runtime.InteropServices (>= 4.3) - restriction: || (&& (< monoandroid) (< monotouch) (< net46) (>= netstandard1.6) (< xamarinios) (< xamarinmac) (< xamarintvos) (< xamarinwatchos)) (&& (< monoandroid) (< net46) (>= netstandard1.3) (< netstandard1.6))
      System.Security.Claims (>= 4.3) - restriction: || (&& (< monoandroid) (< monotouch) (< net46) (>= netstandard1.6) (< xamarinios) (< xamarinmac) (< xamarintvos) (< xamarinwatchos)) (&& (< monoandroid) (< net46) (>= netstandard1.3) (< netstandard1.6))
      System.Security.Cryptography.Encoding (>= 4.3) - restriction: || (&& (< monoandroid) (< monotouch) (< net46) (>= netstandard1.6) (< xamarinios) (< xamarinmac) (< xamarintvos) (< xamarinwatchos)) (&& (< monoandroid) (< net46) (>= netstandard1.3) (< netstandard1.6))
      System.Security.Cryptography.Primitives (>= 4.3) - restriction: || (&& (< monoandroid) (< monotouch) (< net46) (>= netstandard1.6) (< xamarinios) (< xamarinmac) (< xamarintvos) (< xamarinwatchos)) (&& (< monoandroid) (< net46) (>= netstandard1.3) (< netstandard1.6))
      System.Security.Cryptography.X509Certificates (>= 4.3) - restriction: || (&& (< monoandroid) (< monotouch) (>= netstandard1.6) (< xamarinios) (< xamarinmac) (< xamarintvos) (< xamarinwatchos)) (&& (< monoandroid) (>= netstandard1.3) (< netstandard1.6)) (>= net46)
      System.Security.Principal (>= 4.3) - restriction: || (&& (< monoandroid) (< monotouch) (< net46) (>= netstandard1.6) (< xamarinios) (< xamarinmac) (< xamarintvos) (< xamarinwatchos)) (&& (< monoandroid) (< net46) (>= netstandard1.3) (< netstandard1.6))
      System.Security.Principal.Windows (>= 4.3) - restriction: && (< monoandroid) (< net46) (>= netstandard1.3) (< netstandard1.6)
      System.Threading (>= 4.3) - restriction: || (&& (< monoandroid) (< monotouch) (< net46) (>= netstandard1.6) (< xamarinios) (< xamarinmac) (< xamarintvos) (< xamarinwatchos)) (&& (< monoandroid) (< net46) (>= netstandard1.3) (< netstandard1.6))
      System.Threading.Tasks (>= 4.3) - restriction: || (&& (< monoandroid) (< monotouch) (< net46) (>= netstandard1.6) (< xamarinios) (< xamarinmac) (< xamarintvos) (< xamarinwatchos)) (&& (< monoandroid) (< net46) (>= netstandard1.3) (< netstandard1.6))
      System.Threading.ThreadPool (>= 4.3) - restriction: || (&& (< monoandroid) (< monotouch) (< net46) (>= netstandard1.6) (< xamarinios) (< xamarinmac) (< xamarintvos) (< xamarinwatchos)) (&& (< monoandroid) (< net46) (>= netstandard1.3) (< netstandard1.6))
    System.Net.Sockets (4.3) - restriction: || (&& (< net45) (< netstandard1.4) (>= netstandard1.5) (< win8) (< wpa81)) (&& (< net45) (>= netstandard1.5) (< netstandard1.6) (< win8) (< wpa81)) (&& (< net45) (>= netstandard1.6) (< netstandard2.0) (< win8) (< wpa81)) (&& (< net452) (>= net46) (< netstandard1.4) (>= netstandard1.5)) (&& (< netstandard2.0) (>= uap10.0))
      Microsoft.NETCore.Platforms (>= 1.1) - restriction: && (< monoandroid) (< monotouch) (< net46) (>= netstandard1.3) (< xamarinios) (< xamarinmac) (< xamarintvos) (< xamarinwatchos)
      Microsoft.NETCore.Targets (>= 1.1) - restriction: && (< monoandroid) (< monotouch) (< net46) (>= netstandard1.3) (< xamarinios) (< xamarinmac) (< xamarintvos) (< xamarinwatchos)
      System.IO (>= 4.3) - restriction: && (< monoandroid) (< monotouch) (< net46) (>= netstandard1.3) (< xamarinios) (< xamarinmac) (< xamarintvos) (< xamarinwatchos)
      System.Net.Primitives (>= 4.3) - restriction: && (< monoandroid) (< monotouch) (< net46) (>= netstandard1.3) (< xamarinios) (< xamarinmac) (< xamarintvos) (< xamarinwatchos)
      System.Runtime (>= 4.3) - restriction: && (< monoandroid) (< monotouch) (< net46) (>= netstandard1.3) (< xamarinios) (< xamarinmac) (< xamarintvos) (< xamarinwatchos)
      System.Threading.Tasks (>= 4.3) - restriction: && (< monoandroid) (< monotouch) (< net46) (>= netstandard1.3) (< xamarinios) (< xamarinmac) (< xamarintvos) (< xamarinwatchos)
    System.Net.WebHeaderCollection (4.3) - copy_local: false, redirects: force, restriction: && (< netstandard2.0) (>= uap10.0)
      System.Collections (>= 4.3) - restriction: && (< monoandroid) (< monotouch) (< net46) (>= netstandard1.3) (< xamarinios) (< xamarinmac) (< xamarintvos) (< xamarinwatchos)
      System.Resources.ResourceManager (>= 4.3) - restriction: && (< monoandroid) (< monotouch) (< net46) (>= netstandard1.3) (< xamarinios) (< xamarinmac) (< xamarintvos) (< xamarinwatchos)
      System.Runtime (>= 4.3) - restriction: && (< monoandroid) (< monotouch) (< net46) (>= netstandard1.3) (< xamarinios) (< xamarinmac) (< xamarintvos) (< xamarinwatchos)
      System.Runtime.Extensions (>= 4.3) - restriction: && (< monoandroid) (< monotouch) (< net46) (>= netstandard1.3) (< xamarinios) (< xamarinmac) (< xamarintvos) (< xamarinwatchos)
    System.Net.WebSockets (4.3) - restriction: || (>= net472) (&& (< netstandard2.0) (>= uap10.0))
    System.Net.WebSockets.Client (4.3.2) - copy_local: false, redirects: force, restriction: && (< netstandard2.0) (>= uap10.0)
      Microsoft.NETCore.Platforms (>= 1.1) - restriction: && (< monoandroid) (< monotouch) (< net46) (>= netstandard1.3) (< xamarinios) (< xamarinmac) (< xamarintvos) (< xamarinwatchos)
      Microsoft.Win32.Primitives (>= 4.3) - restriction: && (< monoandroid) (< monotouch) (< net46) (>= netstandard1.3) (< xamarinios) (< xamarinmac) (< xamarintvos) (< xamarinwatchos)
      System.Collections (>= 4.3) - restriction: && (< monoandroid) (< monotouch) (< net46) (>= netstandard1.3) (< xamarinios) (< xamarinmac) (< xamarintvos) (< xamarinwatchos)
      System.Diagnostics.Debug (>= 4.3) - restriction: && (< monoandroid) (< monotouch) (< net46) (>= netstandard1.3) (< xamarinios) (< xamarinmac) (< xamarintvos) (< xamarinwatchos)
      System.Diagnostics.Tracing (>= 4.3) - restriction: && (< monoandroid) (< monotouch) (< net46) (>= netstandard1.3) (< xamarinios) (< xamarinmac) (< xamarintvos) (< xamarinwatchos)
      System.Globalization (>= 4.3) - restriction: && (< monoandroid) (< monotouch) (< net46) (>= netstandard1.3) (< xamarinios) (< xamarinmac) (< xamarintvos) (< xamarinwatchos)
      System.IO (>= 4.3) - restriction: && (< monoandroid) (< monotouch) (< net46) (>= netstandard1.3) (< xamarinios) (< xamarinmac) (< xamarintvos) (< xamarinwatchos)
      System.Net.NameResolution (>= 4.3) - restriction: && (< monoandroid) (< monotouch) (< net46) (>= netstandard1.3) (< xamarinios) (< xamarinmac) (< xamarintvos) (< xamarinwatchos)
      System.Net.Primitives (>= 4.3) - restriction: && (< monoandroid) (< monotouch) (< net46) (>= netstandard1.3) (< xamarinios) (< xamarinmac) (< xamarintvos) (< xamarinwatchos)
      System.Net.Security (>= 4.3) - restriction: && (< monoandroid) (< monotouch) (< net46) (>= netstandard1.3) (< xamarinios) (< xamarinmac) (< xamarintvos) (< xamarinwatchos)
      System.Net.Sockets (>= 4.3) - restriction: && (< monoandroid) (< monotouch) (< net46) (>= netstandard1.3) (< xamarinios) (< xamarinmac) (< xamarintvos) (< xamarinwatchos)
      System.Net.WebHeaderCollection (>= 4.3) - restriction: && (< monoandroid) (< monotouch) (< net46) (>= netstandard1.3) (< xamarinios) (< xamarinmac) (< xamarintvos) (< xamarinwatchos)
      System.Net.WebSockets (>= 4.3) - restriction: || (&& (< monoandroid) (< monotouch) (>= netstandard1.3) (< xamarinios) (< xamarinmac) (< xamarintvos) (< xamarinwatchos)) (>= net46)
      System.Resources.ResourceManager (>= 4.3) - restriction: && (< monoandroid) (< monotouch) (< net46) (>= netstandard1.3) (< xamarinios) (< xamarinmac) (< xamarintvos) (< xamarinwatchos)
      System.Runtime (>= 4.3) - restriction: && (< monoandroid) (< monotouch) (< net46) (>= netstandard1.3) (< xamarinios) (< xamarinmac) (< xamarintvos) (< xamarinwatchos)
      System.Runtime.Extensions (>= 4.3) - restriction: && (< monoandroid) (< monotouch) (< net46) (>= netstandard1.3) (< xamarinios) (< xamarinmac) (< xamarintvos) (< xamarinwatchos)
      System.Runtime.Handles (>= 4.3) - restriction: && (< monoandroid) (< monotouch) (< net46) (>= netstandard1.3) (< xamarinios) (< xamarinmac) (< xamarintvos) (< xamarinwatchos)
      System.Runtime.InteropServices (>= 4.3) - restriction: && (< monoandroid) (< monotouch) (< net46) (>= netstandard1.3) (< xamarinios) (< xamarinmac) (< xamarintvos) (< xamarinwatchos)
      System.Security.Cryptography.Algorithms (>= 4.3) - restriction: && (< monoandroid) (< monotouch) (< net46) (>= netstandard1.3) (< xamarinios) (< xamarinmac) (< xamarintvos) (< xamarinwatchos)
      System.Security.Cryptography.Primitives (>= 4.3) - restriction: && (< monoandroid) (< monotouch) (< net46) (>= netstandard1.3) (< xamarinios) (< xamarinmac) (< xamarintvos) (< xamarinwatchos)
      System.Security.Cryptography.X509Certificates (>= 4.3) - restriction: || (&& (< monoandroid) (< monotouch) (>= netstandard1.3) (< xamarinios) (< xamarinmac) (< xamarintvos) (< xamarinwatchos)) (>= net46)
      System.Text.Encoding (>= 4.3) - restriction: && (< monoandroid) (< monotouch) (< net46) (>= netstandard1.3) (< xamarinios) (< xamarinmac) (< xamarintvos) (< xamarinwatchos)
      System.Text.Encoding.Extensions (>= 4.3) - restriction: && (< monoandroid) (< monotouch) (< net46) (>= netstandard1.3) (< xamarinios) (< xamarinmac) (< xamarintvos) (< xamarinwatchos)
      System.Threading (>= 4.3) - restriction: && (< monoandroid) (< monotouch) (< net46) (>= netstandard1.3) (< xamarinios) (< xamarinmac) (< xamarintvos) (< xamarinwatchos)
      System.Threading.Tasks (>= 4.3) - restriction: && (< monoandroid) (< monotouch) (< net46) (>= netstandard1.3) (< xamarinios) (< xamarinmac) (< xamarintvos) (< xamarinwatchos)
      System.Threading.Timer (>= 4.3) - restriction: && (< monoandroid) (< monotouch) (< net46) (>= netstandard1.3) (< xamarinios) (< xamarinmac) (< xamarintvos) (< xamarinwatchos)
    System.Numerics.Vectors (4.5) - restriction: || (>= net472) (&& (>= netstandard2.0) (>= uap10.0))
    System.ObjectModel (4.3) - restriction: || (&& (< monoandroid) (< monotouch) (< net40) (>= netstandard1.3) (< netstandard2.0) (< win8) (< wpa81) (< xamarintvos) (< xamarinwatchos)) (&& (< monoandroid) (< net40) (< netstandard1.3) (>= netstandard2.0) (< win8) (< wpa81)) (&& (< monoandroid) (< net40) (>= netstandard2.0) (< win8) (< wpa81) (< xamarinios) (< xamarinmac) (< xamarintvos) (< xamarinwatchos)) (&& (< monoandroid) (< net45) (< netstandard1.2) (>= netstandard1.6) (< win8)) (&& (< monoandroid) (< net45) (< netstandard1.3) (>= netstandard1.6) (< win8) (< wpa81)) (&& (< monoandroid) (< net45) (< netstandard1.4) (>= netstandard1.6) (< win8) (< wpa81)) (&& (< net45) (< netstandard1.2) (>= netstandard1.5) (< win8)) (&& (< net45) (< netstandard1.3) (>= netstandard1.5) (< win8) (< wpa81)) (&& (< net45) (< netstandard1.4) (>= netstandard1.5) (< win8) (< wpa81)) (&& (< net45) (>= netstandard1.5) (< netstandard1.6) (< win8) (< wpa81)) (&& (< net45) (>= netstandard1.6) (< netstandard2.0) (< win8) (< wpa81)) (&& (>= netstandard1.5) (< portable-net45+win8+wpa81)) (&& (>= netstandard1.6) (< portable-net45+win8+wpa81))
      System.Collections (>= 4.3) - restriction: && (< monoandroid) (< monotouch) (< net45) (>= netstandard1.3) (< win8) (< wpa81) (< xamarinios) (< xamarinmac) (< xamarintvos) (< xamarinwatchos)
      System.Diagnostics.Debug (>= 4.3) - restriction: && (< monoandroid) (< monotouch) (< net45) (>= netstandard1.3) (< win8) (< wpa81) (< xamarinios) (< xamarinmac) (< xamarintvos) (< xamarinwatchos)
      System.Resources.ResourceManager (>= 4.3) - restriction: && (< monoandroid) (< monotouch) (< net45) (>= netstandard1.3) (< win8) (< wpa81) (< xamarinios) (< xamarinmac) (< xamarintvos) (< xamarinwatchos)
      System.Runtime (>= 4.3) - restriction: || (&& (< monoandroid) (< monotouch) (< net45) (>= netstandard1.3) (< win8) (< wpa81) (< xamarinios) (< xamarinmac) (< xamarintvos) (< xamarinwatchos)) (&& (< monoandroid) (< net45) (>= netstandard1.0) (< netstandard1.3) (< win8) (< wp8) (< wpa81))
      System.Threading (>= 4.3) - restriction: && (< monoandroid) (< monotouch) (< net45) (>= netstandard1.3) (< win8) (< wpa81) (< xamarinios) (< xamarinmac) (< xamarintvos) (< xamarinwatchos)
    System.Private.DataContractSerialization (4.3) - copy_local: false, redirects: force, restriction: || (&& (< monoandroid) (< monotouch) (< net45) (>= netstandard1.3) (< win8) (< wpa81) (< xamarinios) (< xamarinmac) (< xamarintvos) (< xamarinwatchos)) (&& (>= uap10.0) (< win8) (< wpa81))
      System.Collections (>= 4.3) - restriction: && (< monoandroid) (< monotouch) (< net46) (>= netstandard1.3) (< xamarinios) (< xamarinmac) (< xamarintvos) (< xamarinwatchos)
      System.Collections.Concurrent (>= 4.3) - restriction: && (< monoandroid) (< monotouch) (< net46) (>= netstandard1.3) (< xamarinios) (< xamarinmac) (< xamarintvos) (< xamarinwatchos)
      System.Diagnostics.Debug (>= 4.3) - restriction: && (< monoandroid) (< monotouch) (< net46) (>= netstandard1.3) (< xamarinios) (< xamarinmac) (< xamarintvos) (< xamarinwatchos)
      System.Globalization (>= 4.3) - restriction: && (< monoandroid) (< monotouch) (< net46) (>= netstandard1.3) (< xamarinios) (< xamarinmac) (< xamarintvos) (< xamarinwatchos)
      System.IO (>= 4.3) - restriction: && (< monoandroid) (< monotouch) (< net46) (>= netstandard1.3) (< xamarinios) (< xamarinmac) (< xamarintvos) (< xamarinwatchos)
      System.Linq (>= 4.3) - restriction: && (< monoandroid) (< monotouch) (< net46) (>= netstandard1.3) (< xamarinios) (< xamarinmac) (< xamarintvos) (< xamarinwatchos)
      System.Reflection (>= 4.3) - restriction: && (< monoandroid) (< monotouch) (< net46) (>= netstandard1.3) (< xamarinios) (< xamarinmac) (< xamarintvos) (< xamarinwatchos)
      System.Reflection.Emit.ILGeneration (>= 4.3) - restriction: && (< monoandroid) (< monotouch) (< net46) (>= netstandard1.3) (< xamarinios) (< xamarinmac) (< xamarintvos) (< xamarinwatchos)
      System.Reflection.Emit.Lightweight (>= 4.3) - restriction: && (< monoandroid) (< monotouch) (< net46) (>= netstandard1.3) (< xamarinios) (< xamarinmac) (< xamarintvos) (< xamarinwatchos)
      System.Reflection.Extensions (>= 4.3) - restriction: && (< monoandroid) (< monotouch) (< net46) (>= netstandard1.3) (< xamarinios) (< xamarinmac) (< xamarintvos) (< xamarinwatchos)
      System.Reflection.Primitives (>= 4.3) - restriction: && (< monoandroid) (< monotouch) (< net46) (>= netstandard1.3) (< xamarinios) (< xamarinmac) (< xamarintvos) (< xamarinwatchos)
      System.Reflection.TypeExtensions (>= 4.3) - restriction: || (&& (< monoandroid) (< monotouch) (>= netstandard1.3) (< xamarinios) (< xamarinmac) (< xamarintvos) (< xamarinwatchos)) (>= net46)
      System.Resources.ResourceManager (>= 4.3) - restriction: && (< monoandroid) (< monotouch) (< net46) (>= netstandard1.3) (< xamarinios) (< xamarinmac) (< xamarintvos) (< xamarinwatchos)
      System.Runtime (>= 4.3) - restriction: && (< monoandroid) (< monotouch) (< net46) (>= netstandard1.3) (< xamarinios) (< xamarinmac) (< xamarintvos) (< xamarinwatchos)
      System.Runtime.Extensions (>= 4.3) - restriction: && (< monoandroid) (< monotouch) (< net46) (>= netstandard1.3) (< xamarinios) (< xamarinmac) (< xamarintvos) (< xamarinwatchos)
      System.Runtime.Serialization.Primitives (>= 4.3) - restriction: || (&& (< monoandroid) (< monotouch) (>= netstandard1.3) (< xamarinios) (< xamarinmac) (< xamarintvos) (< xamarinwatchos)) (>= net46)
      System.Text.Encoding (>= 4.3) - restriction: && (< monoandroid) (< monotouch) (< net46) (>= netstandard1.3) (< xamarinios) (< xamarinmac) (< xamarintvos) (< xamarinwatchos)
      System.Text.Encoding.Extensions (>= 4.3) - restriction: && (< monoandroid) (< monotouch) (< net46) (>= netstandard1.3) (< xamarinios) (< xamarinmac) (< xamarintvos) (< xamarinwatchos)
      System.Text.RegularExpressions (>= 4.3) - restriction: && (< monoandroid) (< monotouch) (< net46) (>= netstandard1.3) (< xamarinios) (< xamarinmac) (< xamarintvos) (< xamarinwatchos)
      System.Threading (>= 4.3) - restriction: && (< monoandroid) (< monotouch) (< net46) (>= netstandard1.3) (< xamarinios) (< xamarinmac) (< xamarintvos) (< xamarinwatchos)
      System.Threading.Tasks (>= 4.3) - restriction: && (< monoandroid) (< monotouch) (< net46) (>= netstandard1.3) (< xamarinios) (< xamarinmac) (< xamarintvos) (< xamarinwatchos)
      System.Xml.ReaderWriter (>= 4.3) - restriction: && (< monoandroid) (< monotouch) (< net46) (>= netstandard1.3) (< xamarinios) (< xamarinmac) (< xamarintvos) (< xamarinwatchos)
      System.Xml.XDocument (>= 4.3) - restriction: && (< monoandroid) (< monotouch) (< net46) (>= netstandard1.3) (< xamarinios) (< xamarinmac) (< xamarintvos) (< xamarinwatchos)
      System.Xml.XmlDocument (>= 4.3) - restriction: || (&& (< monoandroid) (< monotouch) (>= netstandard1.3) (< xamarinios) (< xamarinmac) (< xamarintvos) (< xamarinwatchos)) (>= net46)
      System.Xml.XmlSerializer (>= 4.3) - restriction: && (< monoandroid) (< monotouch) (< net46) (>= netstandard1.3) (< xamarinios) (< xamarinmac) (< xamarintvos) (< xamarinwatchos)
    System.Private.ServiceModel (4.8.1) - copy_local: false, redirects: force, restriction: || (&& (>= netstandard2.0) (>= uap10.0)) (&& (< netstandard2.0) (>= uap10.0))
      System.Numerics.Vectors (>= 4.5) - restriction: >= netstandard2.0
      System.Reflection.DispatchProxy (>= 4.7.1) - restriction: >= netstandard2.0
      System.Security.Cryptography.Xml (>= 4.7) - restriction: >= netstandard2.0
      System.Security.Principal.Windows (>= 4.7) - restriction: >= netstandard2.0
    System.Private.Uri (4.3.2) - copy_local: false, redirects: force, restriction: || (>= net45) (>= netstandard1.3)
      Microsoft.NETCore.Platforms (>= 1.1.1)
      Microsoft.NETCore.Targets (>= 1.1.3)
    System.Reflection (4.3) - restriction: || (&& (< monoandroid) (< monotouch) (< net20) (>= netstandard1.4) (< netstandard2.0) (< xamarintvos) (< xamarinwatchos)) (&& (< monoandroid) (< monotouch) (< net20) (>= netstandard1.5) (< netstandard2.0) (< win8) (< wpa81) (< xamarintvos) (< xamarinwatchos)) (&& (< monoandroid) (< monotouch) (< net40) (>= netstandard1.3) (< netstandard2.0) (< win8) (< wpa81) (< xamarintvos) (< xamarinwatchos)) (&& (< monoandroid) (< monotouch) (< net45) (>= netstandard1.3) (< netstandard2.0) (< win8) (< wpa81) (< xamarintvos) (< xamarinwatchos)) (&& (< monoandroid) (< monotouch) (< net45) (>= netstandard1.5) (< netstandard2.0) (< xamarintvos) (< xamarinwatchos)) (&& (< monoandroid) (< monotouch) (< net45) (>= netstandard1.6) (< uap10.0) (< xamarinios) (< xamarinmac) (< xamarintvos) (< xamarinwatchos)) (&& (< monoandroid) (< net20) (>= netstandard1.0) (< netstandard1.3) (< win8) (< wp8) (< wpa81)) (&& (< monoandroid) (< net20) (>= netstandard1.3) (< netstandard1.5) (< win8) (< wpa81)) (&& (< monoandroid) (< net20) (< netstandard1.3) (>= netstandard1.5) (< win8) (< wpa81)) (&& (< monoandroid) (< net40) (< netstandard1.3) (>= netstandard2.0) (< win8) (< wpa81)) (&& (< monoandroid) (< net40) (>= netstandard2.0) (< win8) (< wpa81) (< xamarinios) (< xamarinmac) (< xamarintvos) (< xamarinwatchos)) (&& (< monoandroid) (< net45) (< netstandard1.2) (>= netstandard1.6) (< win8)) (&& (< monoandroid) (< net45) (>= netstandard1.3) (< netstandard1.5) (< uap10.1)) (&& (< monoandroid) (< net45) (< netstandard1.3) (>= netstandard1.6) (< win8) (< wpa81)) (&& (< monoandroid) (< net45) (< netstandard1.4) (>= netstandard1.6) (< win8) (< wpa81)) (&& (< monoandroid) (< net45) (< netstandard1.5) (>= netstandard2.0)) (&& (< monoandroid) (< net45) (>= netstandard2.0) (< xamarinios) (< xamarinmac) (< xamarintvos) (< xamarinwatchos)) (&& (< monoandroid) (>= netcoreapp1.0) (< netcoreapp2.1) (< xamarinios) (< xamarinmac) (< xamarintvos) (< xamarinwatchos)) (&& (< net35) (>= net45) (< netstandard1.3) (>= netstandard1.5)) (&& (< net35) (>= net46) (>= netstandard1.5)) (&& (< net35) (>= net46) (< netstandard1.5)) (&& (< net35) (>= netstandard1.3) (< netstandard1.5)) (&& (< net35) (>= netstandard1.5) (< netstandard2.0)) (&& (< net35) (>= netstandard2.0)) (&& (< net45) (< netstandard1.2) (>= netstandard1.5) (< win8)) (&& (< net45) (< netstandard1.3) (>= netstandard1.5) (< win8) (< wpa81)) (&& (< net45) (< netstandard1.4) (>= netstandard1.5) (< win8) (< wpa81)) (&& (< net45) (>= netstandard1.5) (< netstandard1.6) (< win8) (< wpa81)) (&& (< net45) (>= netstandard1.6) (< netstandard2.0) (< win8) (< wpa81)) (&& (>= netstandard1.5) (< portable-net45+win8+wpa81)) (&& (>= netstandard1.6) (< portable-net45+win8+wpa81))
      Microsoft.NETCore.Platforms (>= 1.1) - restriction: || (&& (< monoandroid) (< monotouch) (< net45) (>= netstandard1.5) (< win8) (< wpa81) (< xamarinios) (< xamarinmac) (< xamarintvos) (< xamarinwatchos)) (&& (< monoandroid) (< net45) (>= netstandard1.0) (< netstandard1.3) (< win8) (< wp8) (< wpa81)) (&& (< monoandroid) (< net45) (>= netstandard1.3) (< netstandard1.5) (< win8) (< wpa81))
      Microsoft.NETCore.Targets (>= 1.1) - restriction: || (&& (< monoandroid) (< monotouch) (< net45) (>= netstandard1.5) (< win8) (< wpa81) (< xamarinios) (< xamarinmac) (< xamarintvos) (< xamarinwatchos)) (&& (< monoandroid) (< net45) (>= netstandard1.0) (< netstandard1.3) (< win8) (< wp8) (< wpa81)) (&& (< monoandroid) (< net45) (>= netstandard1.3) (< netstandard1.5) (< win8) (< wpa81))
      System.IO (>= 4.3) - restriction: || (&& (< monoandroid) (< monotouch) (< net45) (>= netstandard1.5) (< win8) (< wpa81) (< xamarinios) (< xamarinmac) (< xamarintvos) (< xamarinwatchos)) (&& (< monoandroid) (< net45) (>= netstandard1.0) (< netstandard1.3) (< win8) (< wp8) (< wpa81)) (&& (< monoandroid) (< net45) (>= netstandard1.3) (< netstandard1.5) (< win8) (< wpa81))
      System.Reflection.Primitives (>= 4.3) - restriction: || (&& (< monoandroid) (< monotouch) (< net45) (>= netstandard1.5) (< win8) (< wpa81) (< xamarinios) (< xamarinmac) (< xamarintvos) (< xamarinwatchos)) (&& (< monoandroid) (< net45) (>= netstandard1.0) (< netstandard1.3) (< win8) (< wp8) (< wpa81)) (&& (< monoandroid) (< net45) (>= netstandard1.3) (< netstandard1.5) (< win8) (< wpa81))
      System.Runtime (>= 4.3) - restriction: || (&& (< monoandroid) (< monotouch) (< net45) (>= netstandard1.5) (< win8) (< wpa81) (< xamarinios) (< xamarinmac) (< xamarintvos) (< xamarinwatchos)) (&& (< monoandroid) (< net45) (>= netstandard1.0) (< netstandard1.3) (< win8) (< wp8) (< wpa81)) (&& (< monoandroid) (< net45) (>= netstandard1.3) (< netstandard1.5) (< win8) (< wpa81))
    System.Reflection.DispatchProxy (4.7.1) - copy_local: false, redirects: force, restriction: && (>= netstandard2.0) (>= uap10.0)
    System.Reflection.Emit (4.7) - restriction: || (&& (< monoandroid) (< monotouch) (< net40) (>= netstandard1.3) (< netstandard2.0) (< win8) (< wpa81) (< xamarintvos) (< xamarinwatchos)) (&& (< monoandroid) (< monotouch) (< net45) (>= netstandard1.6) (< netstandard2.0) (< win8) (< wpa81) (< xamarintvos) (< xamarinwatchos)) (&& (< monoandroid) (< net40) (>= netstandard2.0) (< win8) (< wpa81) (< xamarinios) (< xamarinmac) (< xamarintvos) (< xamarinwatchos)) (&& (< monoandroid) (< net45) (< netstandard1.2) (>= netstandard1.6) (< win8)) (&& (< monoandroid) (< net45) (< netstandard1.3) (>= netstandard1.6) (< win8) (< wpa81)) (&& (< monoandroid) (< net45) (< netstandard1.4) (>= netstandard1.6) (< win8) (< wpa81)) (&& (< net35) (>= net45) (< netstandard1.3) (>= netstandard1.5)) (&& (< net35) (>= net46) (>= netstandard1.5)) (&& (< net35) (>= net46) (< netstandard1.5)) (&& (< net35) (>= netstandard1.3) (< netstandard1.5)) (&& (< net35) (>= netstandard1.5) (< netstandard2.0)) (&& (< net35) (>= netstandard2.0)) (>= net472) (&& (>= netstandard1.6) (< portable-net45+win8+wpa81))
      System.IO (>= 4.3) - restriction: && (< monoandroid) (< monotouch) (< net45) (>= netstandard1.1) (< netstandard2.0) (< win8) (< wpa81) (< xamarintvos) (< xamarinwatchos)
      System.Reflection (>= 4.3) - restriction: && (< monoandroid) (< monotouch) (< net45) (>= netstandard1.1) (< netstandard2.0) (< win8) (< wpa81) (< xamarintvos) (< xamarinwatchos)
      System.Reflection.Emit.ILGeneration (>= 4.7) - restriction: || (&& (< monoandroid) (< monotouch) (< net45) (>= netstandard1.1) (< netstandard2.0) (< win8) (< wpa81) (< xamarintvos) (< xamarinwatchos)) (&& (< monoandroid) (< net45) (< netcoreapp2.0) (>= netstandard2.0) (< netstandard2.1) (< xamarinios) (< xamarinmac) (< xamarintvos) (< xamarinwatchos)) (&& (< monoandroid) (< netstandard1.1) (>= portable-net45+win8+wpa81) (< win8)) (&& (< netstandard1.1) (>= win8)) (&& (< netstandard2.0) (>= wpa81)) (>= uap10.1)
      System.Reflection.Primitives (>= 4.3) - restriction: && (< monoandroid) (< monotouch) (< net45) (>= netstandard1.1) (< netstandard2.0) (< win8) (< wpa81) (< xamarintvos) (< xamarinwatchos)
      System.Resources.ResourceManager (>= 4.3) - restriction: && (< monoandroid) (< monotouch) (< net45) (>= netstandard1.1) (< netstandard2.0) (< win8) (< wpa81) (< xamarintvos) (< xamarinwatchos)
      System.Runtime (>= 4.3) - restriction: && (< monoandroid) (< monotouch) (< net45) (>= netstandard1.1) (< netstandard2.0) (< win8) (< wpa81) (< xamarintvos) (< xamarinwatchos)
      System.Runtime.InteropServices (>= 4.3) - restriction: && (< monoandroid) (< monotouch) (< net45) (>= netstandard1.1) (< netstandard2.0) (< win8) (< wpa81) (< xamarintvos) (< xamarinwatchos)
    System.Reflection.Emit.ILGeneration (4.7) - restriction: || (&& (< monoandroid) (< monotouch) (< net40) (>= netstandard1.3) (< netstandard2.0) (< win8) (< wpa81) (< xamarintvos) (< xamarinwatchos)) (&& (< monoandroid) (< monotouch) (< net45) (>= netstandard1.3) (< netstandard2.0) (< win8) (< wpa81) (< xamarintvos) (< xamarinwatchos)) (&& (< monoandroid) (< monotouch) (< net45) (>= netstandard1.6) (< netstandard2.0) (< win8) (< wpa81) (< xamarintvos) (< xamarinwatchos)) (&& (< monoandroid) (< net40) (>= netstandard2.0) (< win8) (< wpa81) (< xamarinios) (< xamarinmac) (< xamarintvos) (< xamarinwatchos)) (&& (< monoandroid) (< net45) (< netcoreapp2.0) (>= netstandard2.0) (< netstandard2.1) (< xamarinios) (< xamarinmac) (< xamarintvos) (< xamarinwatchos)) (&& (< monoandroid) (< net45) (< netstandard1.2) (>= netstandard1.6) (< win8)) (&& (< monoandroid) (< net45) (< netstandard1.3) (>= netstandard1.6) (< win8) (< wpa81)) (&& (< monoandroid) (< net45) (< netstandard1.4) (>= netstandard1.6) (< win8) (< wpa81)) (&& (>= net45) (< netstandard2.0) (>= wpa81)) (&& (>= net45) (< portable-net45+wp8)) (&& (>= netstandard1.3) (< netstandard2.0) (>= wpa81)) (&& (>= netstandard1.3) (< portable-net45+wp8) (>= win8)) (&& (>= netstandard1.3) (< portable-net45+wp8) (< win8)) (&& (>= netstandard1.6) (< portable-net45+win8+wpa81)) (>= uap10.1)
      System.Reflection (>= 4.3) - restriction: && (< monoandroid) (< monotouch) (< net45) (>= netstandard1.0) (< netstandard2.0) (< win8) (< wp8) (< wpa81) (< xamarintvos) (< xamarinwatchos)
      System.Reflection.Primitives (>= 4.3) - restriction: && (< monoandroid) (< monotouch) (< net45) (>= netstandard1.0) (< netstandard2.0) (< win8) (< wp8) (< wpa81) (< xamarintvos) (< xamarinwatchos)
      System.Resources.ResourceManager (>= 4.3) - restriction: && (< monoandroid) (< monotouch) (< net45) (>= netstandard1.0) (< netstandard2.0) (< win8) (< wp8) (< wpa81) (< xamarintvos) (< xamarinwatchos)
      System.Runtime (>= 4.3) - restriction: && (< monoandroid) (< monotouch) (< net45) (>= netstandard1.0) (< netstandard2.0) (< win8) (< wp8) (< wpa81) (< xamarintvos) (< xamarinwatchos)
    System.Reflection.Emit.Lightweight (4.7) - restriction: || (&& (< monoandroid) (< netstandard1.2) (>= netstandard1.6) (< win8)) (&& (< monoandroid) (>= netstandard1.6) (< win8) (< wpa81)) (>= net45) (>= netstandard1.3) (&& (>= netstandard1.6) (< portable-net45+win8+wpa81)) (&& (>= uap10.0) (< win8) (< wpa81))
      System.Reflection (>= 4.3) - restriction: && (< monoandroid) (< monotouch) (< net45) (>= netstandard1.0) (< netstandard2.0) (< win8) (< wp8) (< wpa81) (< xamarintvos) (< xamarinwatchos)
      System.Reflection.Emit.ILGeneration (>= 4.7) - restriction: || (&& (< monoandroid) (< monotouch) (< net45) (>= netstandard1.0) (< netstandard2.0) (< win8) (< wp8) (< wpa81) (< xamarintvos) (< xamarinwatchos)) (&& (< monoandroid) (< net45) (< netcoreapp2.0) (>= netstandard2.0) (< netstandard2.1) (< xamarinios) (< xamarinmac) (< xamarintvos) (< xamarinwatchos)) (&& (< netstandard2.0) (>= wpa81)) (&& (>= portable-net45+win8+wp8+wpa81) (< portable-net45+wp8) (< win8)) (&& (< portable-net45+wp8) (>= win8)) (>= uap10.1)
      System.Reflection.Primitives (>= 4.3) - restriction: && (< monoandroid) (< monotouch) (< net45) (>= netstandard1.0) (< netstandard2.0) (< win8) (< wp8) (< wpa81) (< xamarintvos) (< xamarinwatchos)
      System.Resources.ResourceManager (>= 4.3) - restriction: && (< monoandroid) (< monotouch) (< net45) (>= netstandard1.0) (< netstandard2.0) (< win8) (< wp8) (< wpa81) (< xamarintvos) (< xamarinwatchos)
      System.Runtime (>= 4.3) - restriction: && (< monoandroid) (< monotouch) (< net45) (>= netstandard1.0) (< netstandard2.0) (< win8) (< wp8) (< wpa81) (< xamarintvos) (< xamarinwatchos)
    System.Reflection.Extensions (4.3) - restriction: || (&& (< monoandroid) (< monotouch) (< net20) (>= netstandard1.5) (< netstandard2.0) (< win8) (< wpa81) (< xamarintvos) (< xamarinwatchos)) (&& (< monoandroid) (< monotouch) (< net45) (>= netstandard1.3) (< netstandard2.0) (< win8) (< wpa81) (< xamarintvos) (< xamarinwatchos)) (&& (< monoandroid) (< monotouch) (< net45) (>= netstandard1.3) (< win8) (< wpa81) (< xamarinios) (< xamarinmac) (< xamarintvos) (< xamarinwatchos)) (&& (< monoandroid) (< net20) (>= netstandard1.0) (< netstandard1.3) (< win8) (< wp8) (< wpa81)) (&& (< monoandroid) (< net20) (>= netstandard1.3) (< netstandard1.5) (< win8) (< wpa81)) (&& (< monoandroid) (< net20) (< netstandard1.3) (>= netstandard1.5) (< win8) (< wpa81)) (&& (< monoandroid) (< net45) (< netstandard1.2) (>= netstandard1.6) (< win8)) (&& (< monoandroid) (< net45) (< netstandard1.3) (>= netstandard1.6) (< win8) (< wpa81)) (&& (< monoandroid) (< net45) (< netstandard1.4) (>= netstandard1.6) (< win8) (< wpa81)) (&& (< monoandroid) (< netstandard1.0) (>= netstandard1.5) (< win8)) (&& (< net45) (>= net46) (< netstandard1.4) (>= netstandard1.5)) (&& (< net45) (< netstandard1.2) (>= netstandard1.5) (< win8)) (&& (< net45) (< netstandard1.3) (>= netstandard1.5) (< win8) (< wpa81)) (&& (< net45) (< netstandard1.4) (>= netstandard1.5) (< win8) (< wpa81)) (&& (< net45) (>= netstandard1.5) (< netstandard1.6) (< win8) (< wpa81)) (&& (< net45) (>= netstandard1.6) (< netstandard2.0) (< win8) (< wpa81)) (&& (< netstandard1.0) (>= netstandard1.5) (< portable-net45+win8)) (&& (>= netstandard1.5) (< portable-net45+win8+wpa81)) (&& (>= netstandard1.6) (< portable-net45+win8+wpa81)) (&& (>= uap10.0) (< win8) (< wpa81))
      Microsoft.NETCore.Platforms (>= 1.1) - restriction: && (< monoandroid) (< monotouch) (< net45) (>= netstandard1.0) (< win8) (< wp8) (< wpa81) (< xamarinios) (< xamarinmac) (< xamarintvos) (< xamarinwatchos)
      Microsoft.NETCore.Targets (>= 1.1) - restriction: && (< monoandroid) (< monotouch) (< net45) (>= netstandard1.0) (< win8) (< wp8) (< wpa81) (< xamarinios) (< xamarinmac) (< xamarintvos) (< xamarinwatchos)
      System.Reflection (>= 4.3) - restriction: && (< monoandroid) (< monotouch) (< net45) (>= netstandard1.0) (< win8) (< wp8) (< wpa81) (< xamarinios) (< xamarinmac) (< xamarintvos) (< xamarinwatchos)
      System.Runtime (>= 4.3) - restriction: && (< monoandroid) (< monotouch) (< net45) (>= netstandard1.0) (< win8) (< wp8) (< wpa81) (< xamarinios) (< xamarinmac) (< xamarintvos) (< xamarinwatchos)
    System.Reflection.Metadata (5.0) - copy_local: false, redirects: force, restriction: || (>= net45) (>= netcoreapp1.0) (>= netstandard2.0)
      System.Collections.Immutable (>= 5.0) - restriction: || (&& (>= net45) (< netstandard2.0)) (&& (< net45) (< net50) (>= netstandard2.0)) (&& (< net45) (>= netstandard1.1) (< netstandard2.0) (< win8) (< wpa81)) (>= net461) (&& (< netstandard1.1) (>= portable-net45+win8+wpa81) (< win8)) (&& (< netstandard1.1) (>= win8)) (&& (< netstandard2.0) (>= wpa81))
    System.Reflection.Primitives (4.3) - restriction: || (&& (< monoandroid) (< monotouch) (< net20) (>= netstandard1.5) (< netstandard2.0) (< win8) (< wpa81) (< xamarintvos) (< xamarinwatchos)) (&& (< monoandroid) (< monotouch) (< net40) (>= netstandard1.3) (< netstandard2.0) (< win8) (< wpa81) (< xamarintvos) (< xamarinwatchos)) (&& (< monoandroid) (< monotouch) (< net45) (>= netstandard1.3) (< netstandard2.0) (< win8) (< wpa81) (< xamarintvos) (< xamarinwatchos)) (&& (< monoandroid) (< net20) (>= netstandard1.0) (< netstandard1.3) (< win8) (< wp8) (< wpa81)) (&& (< monoandroid) (< net20) (>= netstandard1.3) (< netstandard1.5) (< win8) (< wpa81)) (&& (< monoandroid) (< net20) (< netstandard1.3) (>= netstandard1.5) (< win8) (< wpa81)) (&& (< monoandroid) (< net40) (>= netstandard2.0) (< win8) (< wpa81) (< xamarinios) (< xamarinmac) (< xamarintvos) (< xamarinwatchos)) (&& (< monoandroid) (< net45) (< netstandard1.2) (>= netstandard1.6) (< win8)) (&& (< monoandroid) (< net45) (< netstandard1.3) (>= netstandard1.6) (< win8) (< wpa81)) (&& (< monoandroid) (< net45) (< netstandard1.4) (>= netstandard1.6) (< win8) (< wpa81)) (&& (< monoandroid) (< net45) (< netstandard1.5) (>= netstandard1.6) (< win8) (< wpa81)) (&& (< net45) (< netstandard1.2) (>= netstandard1.5) (< win8)) (&& (< net45) (< netstandard1.3) (>= netstandard1.5) (< win8) (< wpa81)) (&& (< net45) (< netstandard1.4) (>= netstandard1.5) (< win8) (< wpa81)) (&& (< net45) (>= netstandard1.5) (< netstandard1.6) (< win8) (< wpa81)) (&& (< net45) (>= netstandard1.6) (< netstandard2.0) (< win8) (< wpa81)) (&& (>= netcoreapp1.1) (< netstandard1.2)) (&& (>= netcoreapp1.1) (< netstandard1.3)) (&& (>= netcoreapp1.1) (< netstandard1.4)) (&& (>= netcoreapp1.1) (< netstandard1.6)) (&& (>= netcoreapp1.1) (< netstandard2.0) (< xamarintvos) (< xamarinwatchos)) (&& (>= netstandard1.5) (< portable-net45+win8+wpa81)) (&& (>= netstandard1.6) (< portable-net45+win8+wpa81))
      Microsoft.NETCore.Platforms (>= 1.1) - restriction: && (< monoandroid) (< monotouch) (< net45) (>= netstandard1.0) (< win8) (< wp8) (< wpa81) (< xamarinios) (< xamarinmac) (< xamarintvos) (< xamarinwatchos)
      Microsoft.NETCore.Targets (>= 1.1) - restriction: && (< monoandroid) (< monotouch) (< net45) (>= netstandard1.0) (< win8) (< wp8) (< wpa81) (< xamarinios) (< xamarinmac) (< xamarintvos) (< xamarinwatchos)
      System.Runtime (>= 4.3) - restriction: && (< monoandroid) (< monotouch) (< net45) (>= netstandard1.0) (< win8) (< wp8) (< wpa81) (< xamarinios) (< xamarinmac) (< xamarintvos) (< xamarinwatchos)
    System.Reflection.TypeExtensions (4.7) - restriction: || (&& (< monoandroid) (< monotouch) (< net20) (>= netstandard1.3) (< netstandard2.0) (< win8) (< wpa81) (< xamarintvos) (< xamarinwatchos)) (&& (< monoandroid) (< monotouch) (< net20) (>= netstandard1.5) (< netstandard2.0) (< win8) (< wpa81) (< xamarintvos) (< xamarinwatchos)) (&& (< monoandroid) (< monotouch) (< net40) (>= netstandard1.3) (< netstandard2.0) (< win8) (< wpa81) (< xamarintvos) (< xamarinwatchos)) (&& (< monoandroid) (< monotouch) (< net45) (>= netstandard1.6) (< netstandard2.0) (< win8) (< wpa81) (< xamarintvos) (< xamarinwatchos)) (&& (< monoandroid) (< net20) (< netstandard1.3) (>= netstandard1.5) (< win8) (< wpa81)) (&& (< monoandroid) (< net40) (>= netstandard2.0) (< win8) (< wpa81) (< xamarinios) (< xamarinmac) (< xamarintvos) (< xamarinwatchos)) (&& (< monoandroid) (< net45) (< netstandard1.2) (>= netstandard1.6) (< win8)) (&& (< monoandroid) (< net45) (< netstandard1.3) (>= netstandard1.6) (< win8) (< wpa81)) (&& (< monoandroid) (< net45) (< netstandard1.4) (>= netstandard1.6) (< win8) (< wpa81)) (&& (< net45) (>= netstandard1.3) (< netstandard1.5)) (&& (< net45) (>= netstandard1.3) (< netstandard2.0)) (&& (< net45) (>= netstandard1.5) (< netstandard2.0)) (&& (< net45) (>= netstandard2.0)) (&& (>= netcoreapp1.0) (< netstandard2.0)) (&& (>= netstandard1.6) (< portable-net45+win8+wpa81))
      System.Reflection (>= 4.3) - restriction: || (&& (< monoandroid) (< monotouch) (< net46) (>= netstandard1.5) (< netstandard2.0) (< xamarintvos) (< xamarinwatchos)) (&& (< monoandroid) (< net46) (>= netstandard1.3) (< netstandard1.5) (< uap10.1))
      System.Resources.ResourceManager (>= 4.3) - restriction: || (&& (< monoandroid) (< monotouch) (< net46) (>= netstandard1.5) (< netstandard2.0) (< xamarintvos) (< xamarinwatchos)) (&& (< monoandroid) (< net46) (>= netstandard1.3) (< netstandard1.5) (< uap10.1))
      System.Runtime (>= 4.3) - restriction: || (&& (< monoandroid) (< monotouch) (< net46) (>= netstandard1.5) (< netstandard2.0) (< xamarintvos) (< xamarinwatchos)) (&& (< monoandroid) (< net46) (>= netstandard1.3) (< netstandard1.5) (< uap10.1))
    System.Resources.ResourceManager (4.3) - restriction: || (&& (< monoandroid) (< monotouch) (< net20) (>= netstandard1.3) (< netstandard2.0) (< xamarintvos) (< xamarinwatchos)) (&& (< monoandroid) (< monotouch) (< net20) (>= netstandard1.4) (< netstandard2.0) (< xamarintvos) (< xamarinwatchos)) (&& (< monoandroid) (< monotouch) (< net20) (>= netstandard1.5) (< netstandard2.0) (< win8) (< wpa81) (< xamarintvos) (< xamarinwatchos)) (&& (< monoandroid) (< monotouch) (< net35) (>= netstandard1.5) (< netstandard2.0) (< xamarintvos) (< xamarinwatchos)) (&& (< monoandroid) (< monotouch) (< net40) (>= netstandard1.3) (< netstandard2.0) (< win8) (< wpa81) (< xamarintvos) (< xamarinwatchos)) (&& (< monoandroid) (< monotouch) (< net45) (>= netstandard1.5) (< netstandard2.0) (< xamarintvos) (< xamarinwatchos)) (&& (< monoandroid) (< monotouch) (< net45) (>= netstandard1.6) (< xamarinios) (< xamarinmac) (< xamarintvos) (< xamarinwatchos)) (&& (< monoandroid) (< net20) (>= netstandard1.0) (< netstandard1.3) (< win8) (< wp8) (< wpa81)) (&& (< monoandroid) (< net20) (>= netstandard1.3) (< netstandard1.5) (< win8) (< wpa81)) (&& (< monoandroid) (< net20) (< netstandard1.3) (>= netstandard1.5) (< win8) (< wpa81)) (&& (< monoandroid) (< net35) (>= netstandard1.3) (< netstandard1.5)) (&& (< monoandroid) (< net35) (>= netstandard2.0) (< xamarinios) (< xamarinmac) (< xamarintvos) (< xamarinwatchos)) (&& (< monoandroid) (< net40) (>= netstandard2.0) (< win8) (< wpa81) (< xamarinios) (< xamarinmac) (< xamarintvos) (< xamarinwatchos)) (&& (< monoandroid) (< net45) (< netstandard1.2) (>= netstandard1.6) (< win8)) (&& (< monoandroid) (< net45) (>= netstandard1.3) (< netstandard1.5) (< uap10.1)) (&& (< monoandroid) (< net45) (>= netstandard1.3) (< netstandard1.6) (< win8) (< wpa81)) (&& (< monoandroid) (< net45) (< netstandard1.3) (>= netstandard1.6) (< win8) (< wpa81)) (&& (< monoandroid) (< net45) (< netstandard1.4) (>= netstandard1.6) (< win8) (< wpa81)) (&& (< monoandroid) (< net45) (< netstandard1.5) (>= netstandard2.0)) (&& (< monoandroid) (< net45) (>= netstandard2.0) (< xamarinios) (< xamarinmac) (< xamarintvos) (< xamarinwatchos)) (&& (< monoandroid) (>= netcoreapp1.0) (< netcoreapp2.1) (< xamarinios) (< xamarinmac) (< xamarintvos) (< xamarinwatchos)) (&& (< monoandroid) (>= netcoreapp1.0) (< netstandard1.3)) (&& (< monoandroid) (>= netcoreapp1.0) (< netstandard2.0) (< xamarintvos) (< xamarinwatchos)) (&& (< net35) (>= net45) (< netstandard1.3) (>= netstandard1.5)) (&& (< net35) (>= net46) (>= netstandard1.5)) (&& (< net35) (>= net46) (< netstandard1.5)) (&& (< net45) (>= net46) (< netstandard1.4) (>= netstandard1.5)) (&& (< net45) (< netstandard1.2) (>= netstandard1.5) (< win8)) (&& (< net45) (< netstandard1.3) (>= netstandard1.5) (< win8) (< wpa81)) (&& (< net45) (< netstandard1.4) (>= netstandard1.5) (< win8) (< wpa81)) (&& (< net45) (>= netstandard1.5) (< netstandard1.6) (< win8) (< wpa81)) (&& (< net45) (>= netstandard1.6) (< netstandard2.0) (< win8) (< wpa81)) (&& (>= netstandard1.5) (< portable-net45+win8+wpa81)) (&& (>= netstandard1.6) (< portable-net45+win8+wpa81)) (>= uap10.0)
      Microsoft.NETCore.Platforms (>= 1.1) - restriction: && (< monoandroid) (< monotouch) (< net45) (>= netstandard1.0) (< win8) (< wp8) (< wpa81) (< xamarinios) (< xamarinmac) (< xamarintvos) (< xamarinwatchos)
      Microsoft.NETCore.Targets (>= 1.1) - restriction: && (< monoandroid) (< monotouch) (< net45) (>= netstandard1.0) (< win8) (< wp8) (< wpa81) (< xamarinios) (< xamarinmac) (< xamarintvos) (< xamarinwatchos)
      System.Globalization (>= 4.3) - restriction: && (< monoandroid) (< monotouch) (< net45) (>= netstandard1.0) (< win8) (< wp8) (< wpa81) (< xamarinios) (< xamarinmac) (< xamarintvos) (< xamarinwatchos)
      System.Reflection (>= 4.3) - restriction: && (< monoandroid) (< monotouch) (< net45) (>= netstandard1.0) (< win8) (< wp8) (< wpa81) (< xamarinios) (< xamarinmac) (< xamarintvos) (< xamarinwatchos)
      System.Runtime (>= 4.3) - restriction: && (< monoandroid) (< monotouch) (< net45) (>= netstandard1.0) (< win8) (< wp8) (< wpa81) (< xamarinios) (< xamarinmac) (< xamarintvos) (< xamarinwatchos)
    System.Runtime (4.0) - redirects: on
    System.Runtime.CompilerServices.Unsafe (5.0) - restriction: || (&& (< monoandroid) (< monotouch) (< net45) (>= netstandard1.3) (< netstandard2.0) (< win8) (< wpa81) (< xamarintvos) (< xamarinwatchos)) (&& (< monoandroid) (< net45) (< netcoreapp2.0) (>= netstandard2.0) (< xamarinios) (< xamarinmac) (< xamarintvos) (< xamarinwatchos)) (&& (< monoandroid) (< net45) (< netcoreapp2.1) (>= netstandard2.0) (< xamarinios) (< xamarinmac) (< xamarintvos) (< xamarinwatchos)) (&& (< monoandroid) (>= netcoreapp2.0) (< netcoreapp2.1) (< xamarinios) (< xamarinmac) (< xamarintvos) (< xamarinwatchos)) (&& (< monoandroid) (< netcoreapp2.0) (>= netcoreapp2.1) (< xamarinios) (< xamarinmac) (< xamarintvos) (< xamarinwatchos)) (&& (< monoandroid) (>= netcoreapp2.1) (< netcoreapp3.1) (< xamarinios) (< xamarinmac) (< xamarintvos) (< xamarinwatchos)) (&& (< monoandroid) (< netstandard1.0) (>= netstandard1.3) (< win8)) (&& (< monoandroid) (< netstandard1.0) (>= netstandard2.0) (< win8)) (&& (>= net45) (< netstandard1.0)) (&& (>= net45) (< netstandard1.3)) (&& (>= net45) (>= wp8)) (&& (< net45) (>= net46) (>= netstandard2.0)) (&& (>= net46) (< netstandard1.0)) (&& (>= net46) (< netstandard2.0)) (&& (>= net46) (>= wp8)) (>= net461) (&& (>= netcoreapp2.0) (>= uap10.1)) (&& (< netstandard1.0) (>= netstandard1.3) (>= win8)) (&& (< netstandard1.0) (>= netstandard2.0) (>= win8)) (&& (>= netstandard1.3) (< netstandard2.0) (>= wpa81)) (&& (>= netstandard1.3) (>= wp8)) (&& (>= netstandard2.0) (>= uap10.1)) (&& (>= netstandard2.0) (>= wp8))
    System.Runtime.Extensions (4.3.1) - restriction: || (&& (< monoandroid) (< monotouch) (< net20) (>= netstandard1.3) (< netstandard2.0) (< xamarintvos) (< xamarinwatchos)) (&& (< monoandroid) (< monotouch) (< net20) (>= netstandard1.5) (< netstandard2.0) (< win8) (< wpa81) (< xamarintvos) (< xamarinwatchos)) (&& (< monoandroid) (< monotouch) (< net35) (>= netstandard1.5) (< netstandard2.0) (< xamarintvos) (< xamarinwatchos)) (&& (< monoandroid) (< monotouch) (< net40) (>= netstandard1.3) (< netstandard2.0) (< win8) (< wpa81) (< xamarintvos) (< xamarinwatchos)) (&& (< monoandroid) (< monotouch) (< net45) (>= netstandard1.6) (< xamarinios) (< xamarinmac) (< xamarintvos) (< xamarinwatchos)) (&& (< monoandroid) (< net20) (>= netstandard1.0) (< netstandard1.3) (< win8) (< wp8) (< wpa81)) (&& (< monoandroid) (< net20) (>= netstandard1.3) (< netstandard1.5) (< win8) (< wpa81)) (&& (< monoandroid) (< net20) (< netstandard1.3) (>= netstandard1.5) (< win8) (< wpa81)) (&& (< monoandroid) (< net35) (>= netstandard1.3) (< netstandard1.5)) (&& (< monoandroid) (< net35) (>= netstandard2.0) (< xamarinios) (< xamarinmac) (< xamarintvos) (< xamarinwatchos)) (&& (< monoandroid) (< net40) (>= netstandard2.0) (< win8) (< wpa81) (< xamarinios) (< xamarinmac) (< xamarintvos) (< xamarinwatchos)) (&& (< monoandroid) (< net45) (< netstandard1.2) (>= netstandard1.6) (< win8)) (&& (< monoandroid) (< net45) (>= netstandard1.3) (< netstandard1.6) (< win8) (< wpa81)) (&& (< monoandroid) (< net45) (< netstandard1.3) (>= netstandard1.6) (< win8) (< wpa81)) (&& (< monoandroid) (< net45) (< netstandard1.4) (>= netstandard1.6) (< win8) (< wpa81)) (&& (< monoandroid) (< net45) (>= netstandard2.0) (< xamarinios) (< xamarinmac) (< xamarintvos) (< xamarinwatchos)) (&& (< monoandroid) (>= netcoreapp1.0) (< netcoreapp2.1) (< xamarinios) (< xamarinmac) (< xamarintvos) (< xamarinwatchos)) (&& (< net35) (>= net45) (< netstandard1.3) (>= netstandard1.5)) (&& (< net35) (>= net46) (>= netstandard1.5)) (&& (< net35) (>= net46) (< netstandard1.5)) (&& (< net45) (>= net46) (< netstandard1.4) (>= netstandard1.5)) (&& (< net45) (< netstandard1.2) (>= netstandard1.5) (< win8)) (&& (< net45) (< netstandard1.3) (>= netstandard1.5) (< win8) (< wpa81)) (&& (< net45) (< netstandard1.4) (>= netstandard1.5) (< win8) (< wpa81)) (&& (< net45) (>= netstandard1.5) (< netstandard1.6) (< win8) (< wpa81)) (&& (< net45) (>= netstandard1.6) (< netstandard2.0) (< win8) (< wpa81)) (&& (>= netstandard1.5) (< portable-net45+win8+wpa81)) (&& (>= netstandard1.6) (< portable-net45+win8+wpa81)) (>= uap10.0)
      Microsoft.NETCore.Platforms (>= 1.1.1) - restriction: || (&& (< monoandroid) (< monotouch) (< net45) (>= netstandard1.5) (< win8) (< wpa81) (< xamarinios) (< xamarinmac) (< xamarintvos) (< xamarinwatchos)) (&& (< monoandroid) (< net45) (>= netstandard1.0) (< netstandard1.3) (< win8) (< wp8) (< wpa81)) (&& (< monoandroid) (< net45) (>= netstandard1.3) (< netstandard1.5) (< win8) (< wpa81))
      Microsoft.NETCore.Targets (>= 1.1.3) - restriction: || (&& (< monoandroid) (< monotouch) (< net45) (>= netstandard1.5) (< win8) (< wpa81) (< xamarinios) (< xamarinmac) (< xamarintvos) (< xamarinwatchos)) (&& (< monoandroid) (< net45) (>= netstandard1.0) (< netstandard1.3) (< win8) (< wp8) (< wpa81)) (&& (< monoandroid) (< net45) (>= netstandard1.3) (< netstandard1.5) (< win8) (< wpa81))
      System.Runtime (>= 4.3.1) - restriction: || (&& (< monoandroid) (< monotouch) (< net45) (>= netstandard1.5) (< win8) (< wpa81) (< xamarinios) (< xamarinmac) (< xamarintvos) (< xamarinwatchos)) (&& (< monoandroid) (< net45) (>= netstandard1.0) (< netstandard1.3) (< win8) (< wp8) (< wpa81)) (&& (< monoandroid) (< net45) (>= netstandard1.3) (< netstandard1.5) (< win8) (< wpa81))
    System.Runtime.Handles (4.3) - restriction: || (&& (< monoandroid) (< monotouch) (< net45) (>= netstandard1.6) (< xamarinios) (< xamarinmac) (< xamarintvos) (< xamarinwatchos)) (&& (< monoandroid) (< net45) (< netstandard1.2) (>= netstandard1.5) (< win8)) (&& (< monoandroid) (< net45) (>= netstandard1.3) (< netstandard1.4)) (&& (< monoandroid) (< net45) (>= netstandard1.3) (< netstandard1.6) (< win8) (< wpa81)) (&& (< monoandroid) (< net45) (< netstandard1.3) (>= netstandard1.5) (< win8) (< wpa81)) (&& (< monoandroid) (< net45) (>= netstandard1.4) (< netstandard1.6)) (&& (< monoandroid) (< net45) (< netstandard1.4) (>= netstandard1.6) (< win8) (< wpa81)) (&& (< monoandroid) (>= netcoreapp1.0) (< netcoreapp2.1) (< xamarinios) (< xamarinmac) (< xamarintvos) (< xamarinwatchos)) (&& (< monoandroid) (>= netcoreapp1.0) (< netstandard1.4)) (&& (< net45) (>= net46) (< netstandard1.4) (>= netstandard1.5)) (&& (< net45) (< netstandard1.4) (>= netstandard1.5) (< win8) (< wpa81)) (&& (< net45) (>= netstandard1.5) (< netstandard1.6) (< win8) (< wpa81)) (&& (< net45) (>= netstandard1.6) (< netstandard2.0) (< win8) (< wpa81)) (&& (< net452) (>= net46) (< netstandard1.4) (>= netstandard1.6)) (>= uap10.0)
      Microsoft.NETCore.Platforms (>= 1.1) - restriction: && (< monoandroid) (< monotouch) (< net46) (>= netstandard1.3) (< xamarinios) (< xamarinmac) (< xamarintvos) (< xamarinwatchos)
      Microsoft.NETCore.Targets (>= 1.1) - restriction: && (< monoandroid) (< monotouch) (< net46) (>= netstandard1.3) (< xamarinios) (< xamarinmac) (< xamarintvos) (< xamarinwatchos)
      System.Runtime (>= 4.3) - restriction: && (< monoandroid) (< monotouch) (< net46) (>= netstandard1.3) (< xamarinios) (< xamarinmac) (< xamarintvos) (< xamarinwatchos)
    System.Runtime.InteropServices (4.3) - restriction: || (&& (< monoandroid) (< monotouch) (< net35) (>= netstandard1.5) (< netstandard2.0) (< xamarintvos) (< xamarinwatchos)) (&& (< monoandroid) (< monotouch) (< net45) (>= netstandard1.3) (< xamarinios) (< xamarinmac) (< xamarintvos) (< xamarinwatchos)) (&& (< monoandroid) (< monotouch) (< net45) (>= netstandard1.6) (< xamarinios) (< xamarinmac) (< xamarintvos) (< xamarinwatchos)) (&& (< monoandroid) (< net35) (>= netstandard1.3) (< netstandard1.5)) (&& (< monoandroid) (< net35) (>= netstandard2.0) (< xamarinios) (< xamarinmac) (< xamarintvos) (< xamarinwatchos)) (&& (< monoandroid) (< net45) (>= netstandard1.3) (< netstandard1.6) (< win8) (< wpa81)) (&& (< monoandroid) (< net45) (< netstandard1.4) (>= netstandard1.6) (< win8) (< wpa81)) (&& (< monoandroid) (>= netcoreapp1.0) (< netcoreapp2.1) (< xamarinios) (< xamarinmac) (< xamarintvos) (< xamarinwatchos)) (&& (< net35) (>= net45) (< netstandard1.3) (>= netstandard1.5)) (&& (< net35) (>= net46) (>= netstandard1.5)) (&& (< net35) (>= net46) (< netstandard1.5)) (&& (< net45) (>= net46) (< netstandard1.4) (>= netstandard1.5)) (&& (< net45) (< netstandard1.2) (>= netstandard1.5) (< win8)) (&& (< net45) (< netstandard1.3) (>= netstandard1.5) (< win8) (< wpa81)) (&& (< net45) (< netstandard1.4) (>= netstandard1.5) (< win8) (< wpa81)) (&& (< net45) (>= netstandard1.5) (< netstandard1.6) (< win8) (< wpa81)) (&& (< net45) (>= netstandard1.6) (< netstandard2.0) (< win8) (< wpa81)) (&& (< net452) (>= net46) (< netstandard1.4) (>= netstandard1.6)) (>= uap10.0)
      Microsoft.NETCore.Platforms (>= 1.1) - restriction: || (&& (< monoandroid) (< monotouch) (< net45) (< netcoreapp1.1) (>= netstandard1.5) (< win8) (< wpa81) (< xamarinios) (< xamarinmac) (< xamarintvos) (< xamarinwatchos)) (&& (< monoandroid) (< net45) (>= netstandard1.1) (< netstandard1.2) (< win8)) (&& (< monoandroid) (< net45) (>= netstandard1.2) (< netstandard1.3) (< win8) (< wpa81)) (&& (< monoandroid) (< net45) (>= netstandard1.3) (< netstandard1.5) (< win8) (< wpa81)) (&& (>= netcoreapp1.1) (< xamarinios) (< xamarinmac) (< xamarintvos) (< xamarinwatchos))
      Microsoft.NETCore.Targets (>= 1.1) - restriction: || (&& (< monoandroid) (< monotouch) (< net45) (< netcoreapp1.1) (>= netstandard1.5) (< win8) (< wpa81) (< xamarinios) (< xamarinmac) (< xamarintvos) (< xamarinwatchos)) (&& (< monoandroid) (< net45) (>= netstandard1.1) (< netstandard1.2) (< win8)) (&& (< monoandroid) (< net45) (>= netstandard1.2) (< netstandard1.3) (< win8) (< wpa81)) (&& (< monoandroid) (< net45) (>= netstandard1.3) (< netstandard1.5) (< win8) (< wpa81)) (&& (>= netcoreapp1.1) (< xamarinios) (< xamarinmac) (< xamarintvos) (< xamarinwatchos))
      System.Reflection (>= 4.3) - restriction: || (&& (< monoandroid) (< monotouch) (< net45) (< netcoreapp1.1) (>= netstandard1.5) (< win8) (< wpa81) (< xamarinios) (< xamarinmac) (< xamarintvos) (< xamarinwatchos)) (&& (< monoandroid) (< net45) (>= netstandard1.1) (< netstandard1.2) (< win8)) (&& (< monoandroid) (< net45) (>= netstandard1.2) (< netstandard1.3) (< win8) (< wpa81)) (&& (< monoandroid) (< net45) (>= netstandard1.3) (< netstandard1.5) (< win8) (< wpa81)) (&& (>= netcoreapp1.1) (< xamarinios) (< xamarinmac) (< xamarintvos) (< xamarinwatchos))
      System.Reflection.Primitives (>= 4.3) - restriction: || (&& (< monoandroid) (< monotouch) (< net45) (< netcoreapp1.1) (>= netstandard1.5) (< win8) (< wpa81) (< xamarinios) (< xamarinmac) (< xamarintvos) (< xamarinwatchos)) (&& (< monoandroid) (< net45) (>= netstandard1.1) (< netstandard1.2) (< win8)) (&& (< monoandroid) (< net45) (>= netstandard1.2) (< netstandard1.3) (< win8) (< wpa81)) (&& (< monoandroid) (< net45) (>= netstandard1.3) (< netstandard1.5) (< win8) (< wpa81)) (&& (>= netcoreapp1.1) (< xamarinios) (< xamarinmac) (< xamarintvos) (< xamarinwatchos))
      System.Runtime (>= 4.3) - restriction: || (&& (< monoandroid) (< monotouch) (< net45) (< netcoreapp1.1) (>= netstandard1.5) (< win8) (< wpa81) (< xamarinios) (< xamarinmac) (< xamarintvos) (< xamarinwatchos)) (&& (< monoandroid) (< net45) (>= netstandard1.1) (< netstandard1.2) (< win8)) (&& (< monoandroid) (< net45) (>= netstandard1.2) (< netstandard1.3) (< win8) (< wpa81)) (&& (< monoandroid) (< net45) (>= netstandard1.3) (< netstandard1.5) (< win8) (< wpa81)) (>= net462) (&& (>= netcoreapp1.1) (< xamarinios) (< xamarinmac) (< xamarintvos) (< xamarinwatchos))
      System.Runtime.Handles (>= 4.3) - restriction: || (&& (< monoandroid) (< monotouch) (< net45) (< netcoreapp1.1) (>= netstandard1.5) (< win8) (< wpa81) (< xamarinios) (< xamarinmac) (< xamarintvos) (< xamarinwatchos)) (&& (< monoandroid) (< net45) (>= netstandard1.3) (< netstandard1.5) (< win8) (< wpa81)) (&& (>= netcoreapp1.1) (< xamarinios) (< xamarinmac) (< xamarintvos) (< xamarinwatchos))
    System.Runtime.InteropServices.RuntimeInformation (4.3) - restriction: || (&& (>= net45) (< net452) (< netstandard1.3) (>= netstandard1.5)) (&& (< net45) (< netstandard1.2) (>= netstandard1.5) (< win8)) (&& (< net45) (< netstandard1.3) (>= netstandard1.5) (< win8) (< wpa81)) (&& (< net45) (< netstandard1.4) (>= netstandard1.5) (< win8) (< wpa81)) (&& (< net45) (>= netstandard1.5) (< netstandard1.6) (< win8) (< wpa81)) (&& (< net45) (>= netstandard1.6) (< netstandard2.0) (< win8) (< wpa81)) (&& (< net452) (>= net46) (< netstandard1.4) (>= netstandard1.5)) (&& (>= netcoreapp1.0) (< netcoreapp2.1)) (&& (< netstandard1.0) (>= netstandard1.5) (< portable-net45+win8)) (&& (< netstandard1.0) (>= netstandard1.5) (>= win8)) (&& (< netstandard1.0) (>= netstandard1.5) (< win8)) (&& (< netstandard1.3) (>= netstandard1.5) (< win8) (>= wpa81))
      runtime.native.System (>= 4.3) - restriction: && (< monoandroid) (< monotouch) (< net45) (>= netstandard1.1) (< win8) (< wpa81) (< xamarinios) (< xamarinmac) (< xamarintvos) (< xamarinwatchos)
      System.Reflection (>= 4.3) - restriction: && (< monoandroid) (< monotouch) (< net45) (>= netstandard1.1) (< win8) (< wpa81) (< xamarinios) (< xamarinmac) (< xamarintvos) (< xamarinwatchos)
      System.Reflection.Extensions (>= 4.3) - restriction: && (< monoandroid) (< monotouch) (< net45) (>= netstandard1.1) (< win8) (< wpa81) (< xamarinios) (< xamarinmac) (< xamarintvos) (< xamarinwatchos)
      System.Resources.ResourceManager (>= 4.3) - restriction: && (< monoandroid) (< monotouch) (< net45) (>= netstandard1.1) (< win8) (< wpa81) (< xamarinios) (< xamarinmac) (< xamarintvos) (< xamarinwatchos)
      System.Runtime (>= 4.3) - restriction: && (< monoandroid) (< monotouch) (< net45) (>= netstandard1.1) (< win8) (< wpa81) (< xamarinios) (< xamarinmac) (< xamarintvos) (< xamarinwatchos)
      System.Runtime.InteropServices (>= 4.3) - restriction: && (< monoandroid) (< monotouch) (< net45) (>= netstandard1.1) (< win8) (< wpa81) (< xamarinios) (< xamarinmac) (< xamarintvos) (< xamarinwatchos)
      System.Threading (>= 4.3) - restriction: && (< monoandroid) (< monotouch) (< net45) (>= netstandard1.1) (< win8) (< wpa81) (< xamarinios) (< xamarinmac) (< xamarintvos) (< xamarinwatchos)
    System.Runtime.Loader (4.3) - restriction: || (&& (< net45) (>= netstandard1.5) (< netstandard2.0)) (&& (< net45) (>= netstandard2.0)) (&& (>= netcoreapp1.0) (< netcoreapp2.1))
      System.IO (>= 4.3) - restriction: && (< monoandroid) (< monotouch) (< net462) (>= netstandard1.5) (< xamarinios) (< xamarinmac) (< xamarintvos) (< xamarinwatchos)
      System.Reflection (>= 4.3) - restriction: && (< monoandroid) (< monotouch) (< net462) (>= netstandard1.5) (< xamarinios) (< xamarinmac) (< xamarintvos) (< xamarinwatchos)
      System.Runtime (>= 4.3) - restriction: && (< monoandroid) (< monotouch) (< net462) (>= netstandard1.5) (< xamarinios) (< xamarinmac) (< xamarintvos) (< xamarinwatchos)
    System.Runtime.Numerics (4.3) - restriction: || (&& (< monoandroid) (< monotouch) (< net45) (>= netstandard1.6) (< uap10.0) (< xamarinios) (< xamarinmac) (< xamarintvos) (< xamarinwatchos)) (&& (< monoandroid) (< net45) (< netstandard1.4) (>= netstandard1.6) (< win8) (< wpa81)) (&& (< net45) (< netstandard1.2) (>= netstandard1.5) (< win8)) (&& (< net45) (< netstandard1.3) (>= netstandard1.5) (< win8) (< wpa81)) (&& (< net45) (< netstandard1.4) (>= netstandard1.5) (< win8) (< wpa81)) (&& (< net45) (>= netstandard1.5) (< netstandard1.6) (< win8) (< wpa81)) (&& (< net45) (>= netstandard1.6) (< netstandard2.0) (< win8) (< wpa81)) (&& (< net452) (>= net46) (< netstandard1.4) (>= netstandard1.6))
      System.Globalization (>= 4.3) - restriction: && (< monoandroid) (< monotouch) (< net45) (>= netstandard1.3) (< win8) (< wpa81) (< xamarinios) (< xamarinmac) (< xamarintvos) (< xamarinwatchos)
      System.Resources.ResourceManager (>= 4.3) - restriction: && (< monoandroid) (< monotouch) (< net45) (>= netstandard1.3) (< win8) (< wpa81) (< xamarinios) (< xamarinmac) (< xamarintvos) (< xamarinwatchos)
      System.Runtime (>= 4.3) - restriction: || (&& (< monoandroid) (< monotouch) (< net45) (>= netstandard1.3) (< win8) (< wpa81) (< xamarinios) (< xamarinmac) (< xamarintvos) (< xamarinwatchos)) (&& (< monoandroid) (< net45) (>= netstandard1.1) (< netstandard1.3) (< win8) (< wpa81))
      System.Runtime.Extensions (>= 4.3) - restriction: && (< monoandroid) (< monotouch) (< net45) (>= netstandard1.3) (< win8) (< wpa81) (< xamarinios) (< xamarinmac) (< xamarintvos) (< xamarinwatchos)
    System.Runtime.Serialization.Formatters (4.3) - redirects: on, restriction: || (&& (< monoandroid8.1) (< net45) (>= netstandard1.3) (< uap10.0) (< xamarinios)) (&& (< net20) (>= netstandard1.3) (< netstandard2.0))
      System.Collections (>= 4.3) - restriction: && (< monoandroid) (< monotouch) (< net46) (>= netstandard1.4) (< xamarinios) (< xamarinmac) (< xamarintvos) (< xamarinwatchos)
      System.Reflection (>= 4.3) - restriction: && (< monoandroid) (< monotouch) (< net46) (>= netstandard1.4) (< xamarinios) (< xamarinmac) (< xamarintvos) (< xamarinwatchos)
      System.Resources.ResourceManager (>= 4.3) - restriction: && (< monoandroid) (< monotouch) (< net46) (>= netstandard1.4) (< xamarinios) (< xamarinmac) (< xamarintvos) (< xamarinwatchos)
      System.Runtime (>= 4.3) - restriction: || (&& (< monoandroid) (< monotouch) (< net46) (>= netstandard1.4) (< xamarinios) (< xamarinmac) (< xamarintvos) (< xamarinwatchos)) (&& (< monoandroid) (< net46) (>= netstandard1.3) (< netstandard1.4))
      System.Runtime.Serialization.Primitives (>= 4.3) - restriction: || (&& (< monoandroid) (< monotouch) (>= netstandard1.4) (< xamarinios) (< xamarinmac) (< xamarintvos) (< xamarinwatchos)) (&& (< monoandroid) (>= netstandard1.3) (< netstandard1.4)) (>= net46)
    System.Runtime.Serialization.Json (4.3) - copy_local: false, redirects: force, restriction: || (&& (< monoandroid8.1) (< net45) (>= netstandard1.3) (< xamarinios)) (&& (>= netcoreapp1.0) (< netstandard1.3)) (&& (>= netcoreapp1.0) (< netstandard2.0)) (>= uap10.0)
      System.IO (>= 4.3) - restriction: || (&& (< monoandroid) (< monotouch) (< net45) (>= netstandard1.3) (< win8) (< wpa81) (< xamarinios) (< xamarinmac) (< xamarintvos) (< xamarinwatchos)) (&& (< monoandroid) (< net45) (>= netstandard1.0) (< netstandard1.3) (< win8) (< wp8) (< wpa81))
      System.Private.DataContractSerialization (>= 4.3) - restriction: && (< monoandroid) (< monotouch) (< net45) (>= netstandard1.3) (< win8) (< wpa81) (< xamarinios) (< xamarinmac) (< xamarintvos) (< xamarinwatchos)
      System.Runtime (>= 4.3) - restriction: || (&& (< monoandroid) (< monotouch) (< net45) (>= netstandard1.3) (< win8) (< wpa81) (< xamarinios) (< xamarinmac) (< xamarintvos) (< xamarinwatchos)) (&& (< monoandroid) (< net45) (>= netstandard1.0) (< netstandard1.3) (< win8) (< wp8) (< wpa81))
    System.Runtime.Serialization.Primitives (4.3) - redirects: on, restriction: || (&& (< monoandroid) (< monotouch) (< net20) (>= netstandard1.4) (< netstandard2.0) (< xamarintvos) (< xamarinwatchos)) (&& (< monoandroid) (< monotouch) (< net45) (>= netstandard1.3) (< win8) (< wpa81) (< xamarinios) (< xamarinmac) (< xamarintvos) (< xamarinwatchos)) (&& (< monoandroid) (< net20) (>= netstandard1.3) (< netstandard1.4)) (&& (< monoandroid8.1) (< net45) (>= netstandard1.3) (< xamarinios)) (&& (< net20) (>= net46) (< netstandard2.0)) (&& (< net20) (>= netstandard1.0) (< netstandard1.3)) (&& (< net20) (>= netstandard1.3) (< netstandard2.0)) (&& (< net45) (>= net46)) (&& (>= netcoreapp1.0) (< netstandard1.3)) (&& (>= netcoreapp1.0) (< netstandard2.0)) (>= uap10.0)
      System.Resources.ResourceManager (>= 4.3) - restriction: && (< monoandroid) (< monotouch) (< net45) (>= netstandard1.3) (< win8) (< wpa81) (< xamarinios) (< xamarinmac) (< xamarintvos) (< xamarinwatchos)
      System.Runtime (>= 4.3) - restriction: || (&& (< monoandroid) (< monotouch) (< net45) (>= netstandard1.3) (< win8) (< wpa81) (< xamarinios) (< xamarinmac) (< xamarintvos) (< xamarinwatchos)) (&& (< monoandroid) (< net45) (>= netstandard1.0) (< netstandard1.3) (< win8) (< wp8) (< wpa81))
    System.Runtime.Serialization.Xml (4.3) - copy_local: false, redirects: force, restriction: || (&& (< netstandard1.3) (>= uap10.0) (< win8)) (&& (< netstandard2.0) (>= uap10.0))
    System.Security.AccessControl (5.0) - restriction: || (&& (>= monoandroid) (>= netstandard2.0)) (&& (>= monotouch) (>= netstandard2.0)) (&& (< net45) (>= netstandard2.0)) (>= net472) (&& (>= netstandard2.0) (>= xamarintvos)) (&& (>= netstandard2.0) (>= xamarinwatchos))
      System.Security.Principal.Windows (>= 5.0) - restriction: || (&& (>= net46) (< netstandard2.0)) (&& (< net46) (>= netstandard1.3) (< netstandard2.0) (< uap10.1)) (&& (< net46) (>= netstandard2.0)) (>= net461) (>= netcoreapp2.0)
    System.Security.Claims (4.3) - copy_local: false, redirects: force, restriction: || (&& (>= netstandard1.6) (< netstandard2.0) (>= uap10.0)) (&& (< netstandard1.6) (>= uap10.0))
      System.Collections (>= 4.3) - restriction: && (< monoandroid) (< monotouch) (< net46) (>= netstandard1.3) (< xamarinios) (< xamarinmac) (< xamarintvos) (< xamarinwatchos)
      System.Globalization (>= 4.3) - restriction: && (< monoandroid) (< monotouch) (< net46) (>= netstandard1.3) (< xamarinios) (< xamarinmac) (< xamarintvos) (< xamarinwatchos)
      System.IO (>= 4.3) - restriction: && (< monoandroid) (< monotouch) (< net46) (>= netstandard1.3) (< xamarinios) (< xamarinmac) (< xamarintvos) (< xamarinwatchos)
      System.Resources.ResourceManager (>= 4.3) - restriction: && (< monoandroid) (< monotouch) (< net46) (>= netstandard1.3) (< xamarinios) (< xamarinmac) (< xamarintvos) (< xamarinwatchos)
      System.Runtime (>= 4.3) - restriction: && (< monoandroid) (< monotouch) (< net46) (>= netstandard1.3) (< xamarinios) (< xamarinmac) (< xamarintvos) (< xamarinwatchos)
      System.Runtime.Extensions (>= 4.3) - restriction: && (< monoandroid) (< monotouch) (< net46) (>= netstandard1.3) (< xamarinios) (< xamarinmac) (< xamarintvos) (< xamarinwatchos)
      System.Security.Principal (>= 4.3) - restriction: && (< monoandroid) (< monotouch) (< net46) (>= netstandard1.3) (< xamarinios) (< xamarinmac) (< xamarintvos) (< xamarinwatchos)
    System.Security.Cryptography.Algorithms (4.3.1) - restriction: || (&& (< monoandroid) (< monotouch) (< net45) (>= netstandard1.6) (< xamarinios) (< xamarinmac) (< xamarintvos) (< xamarinwatchos)) (&& (< monoandroid) (< net45) (>= netstandard1.3) (< netstandard1.4)) (&& (< monoandroid) (< net45) (>= netstandard1.4) (< netstandard1.6) (< uap10.0)) (&& (< net45) (>= net46) (< netstandard1.4)) (&& (< net45) (>= net46) (>= netstandard1.6)) (&& (< net45) (>= net461)) (&& (< net45) (< netstandard1.4) (>= netstandard1.5) (< win8) (< wpa81)) (&& (< net45) (>= netstandard1.5) (< netstandard1.6) (< win8) (< wpa81)) (&& (< net45) (>= netstandard1.6) (< netstandard2.0) (< win8) (< wpa81)) (&& (< net452) (>= net46) (< netstandard1.4) (>= netstandard1.5)) (&& (< netstandard2.0) (>= uap10.0))
      Microsoft.NETCore.Platforms (>= 1.1) - restriction: && (< monoandroid) (< monotouch) (< net46) (>= netstandard1.6) (< xamarinios) (< xamarinmac) (< xamarintvos) (< xamarinwatchos)
      runtime.native.System.Security.Cryptography.Apple (>= 4.3.1) - restriction: && (< monoandroid) (< monotouch) (< net46) (>= netstandard1.6) (< xamarinios) (< xamarinmac) (< xamarintvos) (< xamarinwatchos)
      runtime.native.System.Security.Cryptography.OpenSsl (>= 4.3.2) - restriction: && (< monoandroid) (< monotouch) (< net46) (>= netstandard1.6) (< xamarinios) (< xamarinmac) (< xamarintvos) (< xamarinwatchos)
      System.Collections (>= 4.3) - restriction: && (< monoandroid) (< monotouch) (< net46) (>= netstandard1.6) (< xamarinios) (< xamarinmac) (< xamarintvos) (< xamarinwatchos)
      System.IO (>= 4.3) - restriction: || (&& (< monoandroid) (< monotouch) (< net46) (>= netstandard1.6) (< xamarinios) (< xamarinmac) (< xamarintvos) (< xamarinwatchos)) (&& (< monoandroid) (< net46) (>= netstandard1.3) (< netstandard1.4)) (&& (< monoandroid) (< net46) (>= netstandard1.4) (< netstandard1.6)) (>= net463)
      System.Resources.ResourceManager (>= 4.3) - restriction: && (< monoandroid) (< monotouch) (< net46) (>= netstandard1.6) (< xamarinios) (< xamarinmac) (< xamarintvos) (< xamarinwatchos)
      System.Runtime (>= 4.3) - restriction: || (&& (< monoandroid) (< monotouch) (< net46) (>= netstandard1.6) (< xamarinios) (< xamarinmac) (< xamarintvos) (< xamarinwatchos)) (&& (< monoandroid) (< net46) (>= netstandard1.3) (< netstandard1.4)) (&& (< monoandroid) (< net46) (>= netstandard1.4) (< netstandard1.6)) (>= net463)
      System.Runtime.Extensions (>= 4.3) - restriction: && (< monoandroid) (< monotouch) (< net46) (>= netstandard1.6) (< xamarinios) (< xamarinmac) (< xamarintvos) (< xamarinwatchos)
      System.Runtime.Handles (>= 4.3) - restriction: && (< monoandroid) (< monotouch) (< net46) (>= netstandard1.6) (< xamarinios) (< xamarinmac) (< xamarintvos) (< xamarinwatchos)
      System.Runtime.InteropServices (>= 4.3) - restriction: && (< monoandroid) (< monotouch) (< net46) (>= netstandard1.6) (< xamarinios) (< xamarinmac) (< xamarintvos) (< xamarinwatchos)
      System.Runtime.Numerics (>= 4.3) - restriction: && (< monoandroid) (< monotouch) (< net46) (>= netstandard1.6) (< xamarinios) (< xamarinmac) (< xamarintvos) (< xamarinwatchos)
      System.Security.Cryptography.Encoding (>= 4.3) - restriction: || (&& (< monoandroid) (< monotouch) (< net46) (>= netstandard1.6) (< xamarinios) (< xamarinmac) (< xamarintvos) (< xamarinwatchos)) (>= net463)
      System.Security.Cryptography.Primitives (>= 4.3) - restriction: || (&& (< monoandroid) (< monotouch) (< net46) (>= netstandard1.6) (< xamarinios) (< xamarinmac) (< xamarintvos) (< xamarinwatchos)) (&& (< monoandroid) (< net46) (>= netstandard1.3) (< netstandard1.4)) (&& (< monoandroid) (< net46) (>= netstandard1.4) (< netstandard1.6)) (&& (>= net46) (< netstandard1.4)) (&& (>= net461) (< netstandard1.6)) (>= net463)
      System.Text.Encoding (>= 4.3) - restriction: && (< monoandroid) (< monotouch) (< net46) (>= netstandard1.6) (< xamarinios) (< xamarinmac) (< xamarintvos) (< xamarinwatchos)
    System.Security.Cryptography.Cng (5.0) - copy_local: false, redirects: force, restriction: || (&& (< monoandroid) (< monotouch) (< net45) (>= netstandard1.6) (< uap10.0) (< xamarinios) (< xamarinmac) (< xamarintvos) (< xamarinwatchos)) (&& (< net45) (>= netstandard2.0)) (&& (>= netcoreapp2.0) (>= uap10.0)) (&& (>= netcoreapp2.1) (>= uap10.0)) (&& (>= netcoreapp3.0) (>= uap10.0)) (&& (>= netstandard2.0) (>= uap10.0)) (&& (>= netstandard2.1) (>= uap10.0)) (&& (>= uap10.0) (>= xamarinios)) (&& (>= uap10.0) (>= xamarinmac))
      Microsoft.NETCore.Platforms (>= 5.0) - restriction: && (< monoandroid) (>= netcoreapp2.0) (< netcoreapp2.1) (< netstandard2.1) (< xamarinios) (< xamarinmac) (< xamarintvos) (< xamarinwatchos)
      System.Formats.Asn1 (>= 5.0) - restriction: && (>= netcoreapp3.0) (< xamarinios) (< xamarinmac) (< xamarintvos) (< xamarinwatchos)
    System.Security.Cryptography.Csp (4.3) - copy_local: false, redirects: force, restriction: && (< monoandroid) (< monotouch) (< net45) (>= netstandard1.6) (< uap10.0) (< xamarinios) (< xamarinmac) (< xamarintvos) (< xamarinwatchos)
      Microsoft.NETCore.Platforms (>= 1.1) - restriction: && (< monoandroid) (< monotouch) (< net46) (>= netstandard1.3) (< xamarinios) (< xamarinmac) (< xamarintvos) (< xamarinwatchos)
      System.IO (>= 4.3) - restriction: && (< monoandroid) (< monotouch) (< net46) (>= netstandard1.3) (< xamarinios) (< xamarinmac) (< xamarintvos) (< xamarinwatchos)
      System.Reflection (>= 4.3) - restriction: && (< monoandroid) (< monotouch) (< net46) (>= netstandard1.3) (< xamarinios) (< xamarinmac) (< xamarintvos) (< xamarinwatchos)
      System.Resources.ResourceManager (>= 4.3) - restriction: && (< monoandroid) (< monotouch) (< net46) (>= netstandard1.3) (< xamarinios) (< xamarinmac) (< xamarintvos) (< xamarinwatchos)
      System.Runtime (>= 4.3) - restriction: && (< monoandroid) (< monotouch) (< net46) (>= netstandard1.3) (< xamarinios) (< xamarinmac) (< xamarintvos) (< xamarinwatchos)
      System.Runtime.Extensions (>= 4.3) - restriction: && (< monoandroid) (< monotouch) (< net46) (>= netstandard1.3) (< xamarinios) (< xamarinmac) (< xamarintvos) (< xamarinwatchos)
      System.Runtime.Handles (>= 4.3) - restriction: && (< monoandroid) (< monotouch) (< net46) (>= netstandard1.3) (< xamarinios) (< xamarinmac) (< xamarintvos) (< xamarinwatchos)
      System.Runtime.InteropServices (>= 4.3) - restriction: && (< monoandroid) (< monotouch) (< net46) (>= netstandard1.3) (< xamarinios) (< xamarinmac) (< xamarintvos) (< xamarinwatchos)
      System.Security.Cryptography.Algorithms (>= 4.3) - restriction: || (&& (< monoandroid) (< monotouch) (>= netstandard1.3) (< xamarinios) (< xamarinmac) (< xamarintvos) (< xamarinwatchos)) (>= net46)
      System.Security.Cryptography.Encoding (>= 4.3) - restriction: && (< monoandroid) (< monotouch) (< net46) (>= netstandard1.3) (< xamarinios) (< xamarinmac) (< xamarintvos) (< xamarinwatchos)
      System.Security.Cryptography.Primitives (>= 4.3) - restriction: || (&& (< monoandroid) (< monotouch) (>= netstandard1.3) (< xamarinios) (< xamarinmac) (< xamarintvos) (< xamarinwatchos)) (>= net46)
      System.Text.Encoding (>= 4.3) - restriction: && (< monoandroid) (< monotouch) (< net46) (>= netstandard1.3) (< xamarinios) (< xamarinmac) (< xamarintvos) (< xamarinwatchos)
      System.Threading (>= 4.3) - restriction: && (< monoandroid) (< monotouch) (< net46) (>= netstandard1.3) (< xamarinios) (< xamarinmac) (< xamarintvos) (< xamarinwatchos)
    System.Security.Cryptography.Encoding (4.3) - restriction: || (&& (< monoandroid) (< monotouch) (< net45) (>= netstandard1.6) (< xamarinios) (< xamarinmac) (< xamarintvos) (< xamarinwatchos)) (&& (< monoandroid) (< net45) (>= netstandard1.3) (< netstandard1.4)) (&& (< monoandroid) (< net45) (>= netstandard1.3) (< netstandard1.6) (< win8) (< wpa81)) (&& (< monoandroid) (< net45) (>= netstandard1.4) (< netstandard1.6) (< uap10.0)) (&& (< monoandroid) (< net45) (< netstandard1.4) (>= netstandard1.6) (< win8) (< wpa81)) (&& (< net45) (>= net46) (< netstandard1.4)) (&& (< net45) (>= net461)) (&& (< net45) (>= net463) (< netstandard1.4)) (&& (< net45) (>= net463) (>= netstandard1.6) (< netstandard2.0)) (&& (< net45) (>= net463) (< netstandard1.6)) (&& (< net45) (< netstandard1.4) (>= netstandard1.5) (< win8) (< wpa81)) (&& (< net45) (>= netstandard1.5) (< netstandard1.6) (< win8) (< wpa81)) (&& (< net45) (>= netstandard1.6) (< netstandard2.0) (< win8) (< wpa81)) (&& (< net452) (>= net46) (< netstandard1.4) (>= netstandard1.5)) (&& (< net452) (>= net46) (< netstandard1.4) (>= netstandard1.6)) (&& (< net452) (>= net463) (< netstandard1.4)) (&& (>= netstandard1.6) (< netstandard2.0) (>= uap10.0)) (&& (< netstandard1.6) (>= uap10.0))
      Microsoft.NETCore.Platforms (>= 1.1) - restriction: && (< monoandroid) (< monotouch) (< net46) (>= netstandard1.3) (< xamarinios) (< xamarinmac) (< xamarintvos) (< xamarinwatchos)
      runtime.native.System.Security.Cryptography.OpenSsl (>= 4.3) - restriction: && (< monoandroid) (< monotouch) (< net46) (>= netstandard1.3) (< xamarinios) (< xamarinmac) (< xamarintvos) (< xamarinwatchos)
      System.Collections (>= 4.3) - restriction: && (< monoandroid) (< monotouch) (< net46) (>= netstandard1.3) (< xamarinios) (< xamarinmac) (< xamarintvos) (< xamarinwatchos)
      System.Collections.Concurrent (>= 4.3) - restriction: && (< monoandroid) (< monotouch) (< net46) (>= netstandard1.3) (< xamarinios) (< xamarinmac) (< xamarintvos) (< xamarinwatchos)
      System.Linq (>= 4.3) - restriction: && (< monoandroid) (< monotouch) (< net46) (>= netstandard1.3) (< xamarinios) (< xamarinmac) (< xamarintvos) (< xamarinwatchos)
      System.Resources.ResourceManager (>= 4.3) - restriction: && (< monoandroid) (< monotouch) (< net46) (>= netstandard1.3) (< xamarinios) (< xamarinmac) (< xamarintvos) (< xamarinwatchos)
      System.Runtime (>= 4.3) - restriction: && (< monoandroid) (< monotouch) (< net46) (>= netstandard1.3) (< xamarinios) (< xamarinmac) (< xamarintvos) (< xamarinwatchos)
      System.Runtime.Extensions (>= 4.3) - restriction: && (< monoandroid) (< monotouch) (< net46) (>= netstandard1.3) (< xamarinios) (< xamarinmac) (< xamarintvos) (< xamarinwatchos)
      System.Runtime.Handles (>= 4.3) - restriction: && (< monoandroid) (< monotouch) (< net46) (>= netstandard1.3) (< xamarinios) (< xamarinmac) (< xamarintvos) (< xamarinwatchos)
      System.Runtime.InteropServices (>= 4.3) - restriction: && (< monoandroid) (< monotouch) (< net46) (>= netstandard1.3) (< xamarinios) (< xamarinmac) (< xamarintvos) (< xamarinwatchos)
      System.Security.Cryptography.Primitives (>= 4.3) - restriction: && (< monoandroid) (< monotouch) (< net46) (>= netstandard1.3) (< xamarinios) (< xamarinmac) (< xamarintvos) (< xamarinwatchos)
      System.Text.Encoding (>= 4.3) - restriction: && (< monoandroid) (< monotouch) (< net46) (>= netstandard1.3) (< xamarinios) (< xamarinmac) (< xamarintvos) (< xamarinwatchos)
    System.Security.Cryptography.OpenSsl (5.0) - copy_local: false, redirects: force, restriction: || (&& (< monoandroid) (< monotouch) (< net45) (>= netstandard1.6) (< xamarinios) (< xamarinmac) (< xamarintvos) (< xamarinwatchos)) (&& (< net45) (>= netstandard2.0))
      Microsoft.NETCore.Platforms (>= 5.0) - restriction: && (>= netcoreapp2.0) (< netcoreapp2.1)
      System.Formats.Asn1 (>= 5.0) - restriction: >= netcoreapp3.0
    System.Security.Cryptography.Pkcs (5.0.1) - copy_local: false, redirects: force, restriction: || (&& (>= netcoreapp2.1) (>= uap10.0)) (&& (>= netstandard2.0) (>= uap10.0)) (&& (>= uap10.0) (>= xamarinios)) (&& (>= uap10.0) (>= xamarinmac))
      System.Buffers (>= 4.5.1) - restriction: && (< monoandroid) (< net46) (< netcoreapp2.0) (>= netstandard2.0) (< netstandard2.1) (< xamarinios) (< xamarinmac) (< xamarintvos) (< xamarinwatchos)
      System.Formats.Asn1 (>= 5.0) - restriction: || (&& (>= monoandroid) (< netcoreapp2.0) (< netstandard2.1)) (&& (< monoandroid) (< net46) (< netcoreapp2.0) (>= netstandard2.0) (< netstandard2.1)) (&& (< monoandroid) (>= netcoreapp2.0) (< netcoreapp2.1) (< netstandard2.1)) (&& (< monoandroid) (< netcoreapp2.0) (>= netstandard2.1)) (>= monotouch) (>= netcoreapp3.0) (>= uap10.1) (>= xamarinios) (>= xamarinmac) (>= xamarintvos) (>= xamarinwatchos)
      System.Memory (>= 4.5.4) - restriction: || (&& (< monoandroid) (< net46) (< netcoreapp2.0) (>= netstandard2.0) (< netstandard2.1) (< xamarinios) (< xamarinmac) (< xamarintvos) (< xamarinwatchos)) (&& (< monoandroid) (>= netcoreapp2.0) (< netcoreapp2.1) (< netstandard2.1) (< xamarinios) (< xamarinmac) (< xamarintvos) (< xamarinwatchos)) (>= uap10.1)
      System.Security.Cryptography.Cng (>= 5.0) - restriction: || (&& (< monoandroid) (< net46) (< netcoreapp2.0) (>= netstandard2.0) (< netstandard2.1) (< xamarinios) (< xamarinmac) (< xamarintvos) (< xamarinwatchos)) (&& (< monoandroid) (>= netcoreapp2.0) (< netcoreapp2.1) (< netstandard2.1) (< xamarinios) (< xamarinmac) (< xamarintvos) (< xamarinwatchos)) (&& (< monoandroid) (< netcoreapp2.0) (>= netstandard2.1) (< xamarinios) (< xamarinmac) (< xamarintvos) (< xamarinwatchos)) (&& (< monoandroid) (>= netcoreapp2.1) (< netstandard2.1) (< xamarinios) (< xamarinmac) (< xamarintvos) (< xamarinwatchos)) (&& (>= netcoreapp3.0) (< xamarinios) (< xamarinmac) (< xamarintvos) (< xamarinwatchos))
    System.Security.Cryptography.Primitives (4.3) - restriction: || (&& (< monoandroid) (< monotouch) (< net45) (>= netstandard1.3) (< uap10.0) (< xamarinios) (< xamarinmac) (< xamarintvos) (< xamarinwatchos)) (&& (< monoandroid) (< monotouch) (< net45) (>= netstandard1.6) (< xamarinios) (< xamarinmac) (< xamarintvos) (< xamarinwatchos)) (&& (< monoandroid) (< net45) (< netstandard1.4) (>= netstandard1.6) (< win8) (< wpa81)) (&& (< net45) (>= net46) (< netstandard1.4) (>= netstandard1.5)) (&& (< net45) (>= net46) (< netstandard1.4) (>= netstandard1.6)) (&& (< net45) (>= net461) (< netstandard1.4) (>= netstandard1.5)) (&& (< net45) (>= net461) (>= netstandard1.5) (< netstandard1.6)) (&& (< net45) (>= net463) (< netstandard1.4)) (&& (< net45) (>= net463) (>= netstandard1.6) (< netstandard2.0)) (&& (< net45) (>= net463) (< netstandard1.6)) (&& (< net45) (< netstandard1.4) (>= netstandard1.5) (< win8) (< wpa81)) (&& (< net45) (>= netstandard1.5) (< netstandard1.6) (< win8) (< wpa81)) (&& (< net45) (>= netstandard1.6) (< netstandard2.0) (< win8) (< wpa81)) (&& (< net452) (>= net46) (< netstandard1.4) (>= netstandard1.5)) (&& (< net452) (>= net46) (< netstandard1.4) (>= netstandard1.6)) (&& (< net452) (>= net461) (< netstandard1.4) (>= netstandard1.5)) (&& (< net452) (>= net463) (< netstandard1.4)) (&& (>= netstandard1.6) (< netstandard2.0) (>= uap10.0)) (&& (< netstandard1.6) (>= uap10.0))
      System.Diagnostics.Debug (>= 4.3) - restriction: && (< monoandroid) (< monotouch) (< net46) (>= netstandard1.3) (< xamarinios) (< xamarinmac) (< xamarintvos) (< xamarinwatchos)
      System.Globalization (>= 4.3) - restriction: && (< monoandroid) (< monotouch) (< net46) (>= netstandard1.3) (< xamarinios) (< xamarinmac) (< xamarintvos) (< xamarinwatchos)
      System.IO (>= 4.3) - restriction: && (< monoandroid) (< monotouch) (< net46) (>= netstandard1.3) (< xamarinios) (< xamarinmac) (< xamarintvos) (< xamarinwatchos)
      System.Resources.ResourceManager (>= 4.3) - restriction: && (< monoandroid) (< monotouch) (< net46) (>= netstandard1.3) (< xamarinios) (< xamarinmac) (< xamarintvos) (< xamarinwatchos)
      System.Runtime (>= 4.3) - restriction: && (< monoandroid) (< monotouch) (< net46) (>= netstandard1.3) (< xamarinios) (< xamarinmac) (< xamarintvos) (< xamarinwatchos)
      System.Threading (>= 4.3) - restriction: && (< monoandroid) (< monotouch) (< net46) (>= netstandard1.3) (< xamarinios) (< xamarinmac) (< xamarintvos) (< xamarinwatchos)
      System.Threading.Tasks (>= 4.3) - restriction: && (< monoandroid) (< monotouch) (< net46) (>= netstandard1.3) (< xamarinios) (< xamarinmac) (< xamarintvos) (< xamarinwatchos)
    System.Security.Cryptography.ProtectedData (5.0) - copy_local: false, redirects: force, restriction: && (< net45) (>= netstandard2.0)
      System.Memory (>= 4.5.4) - restriction: && (< monoandroid) (< net46) (< netcoreapp2.1) (>= netstandard2.0) (< xamarinios) (< xamarinmac) (< xamarintvos) (< xamarinwatchos)
    System.Security.Cryptography.X509Certificates (4.3.2) - copy_local: false, redirects: force, restriction: || (&& (< monoandroid) (< monotouch) (< net45) (>= netstandard1.6) (< xamarinios) (< xamarinmac) (< xamarintvos) (< xamarinwatchos)) (&& (< monoandroid) (< net45) (>= netstandard1.3) (< netstandard1.6) (< win8) (< wpa81)) (&& (< monoandroid8.1) (< net45) (>= netstandard1.3) (< uap10.0) (< xamarinios)) (&& (< net45) (< netstandard1.4) (>= netstandard1.5) (< win8) (< wpa81)) (&& (< net45) (>= netstandard1.5) (< netstandard1.6) (< win8) (< wpa81)) (&& (< net45) (>= netstandard1.6) (< netstandard2.0) (< win8) (< wpa81)) (>= net46) (&& (>= netstandard1.6) (< netstandard2.0) (>= uap10.0)) (&& (< netstandard1.6) (>= uap10.0))
      Microsoft.NETCore.Platforms (>= 1.1) - restriction: && (< monoandroid) (< monotouch) (< net46) (>= netstandard1.6) (< xamarinios) (< xamarinmac) (< xamarintvos) (< xamarinwatchos)
      runtime.native.System (>= 4.3) - restriction: && (< monoandroid) (< monotouch) (< net46) (>= netstandard1.6) (< xamarinios) (< xamarinmac) (< xamarintvos) (< xamarinwatchos)
      runtime.native.System.Net.Http (>= 4.3) - restriction: && (< monoandroid) (< monotouch) (< net46) (>= netstandard1.6) (< xamarinios) (< xamarinmac) (< xamarintvos) (< xamarinwatchos)
      runtime.native.System.Security.Cryptography.OpenSsl (>= 4.3.2) - restriction: && (< monoandroid) (< monotouch) (< net46) (>= netstandard1.6) (< xamarinios) (< xamarinmac) (< xamarintvos) (< xamarinwatchos)
      System.Collections (>= 4.3) - restriction: && (< monoandroid) (< monotouch) (< net46) (>= netstandard1.6) (< xamarinios) (< xamarinmac) (< xamarintvos) (< xamarinwatchos)
      System.Diagnostics.Debug (>= 4.3) - restriction: && (< monoandroid) (< monotouch) (< net46) (>= netstandard1.6) (< xamarinios) (< xamarinmac) (< xamarintvos) (< xamarinwatchos)
      System.Globalization (>= 4.3) - restriction: && (< monoandroid) (< monotouch) (< net46) (>= netstandard1.6) (< xamarinios) (< xamarinmac) (< xamarintvos) (< xamarinwatchos)
      System.Globalization.Calendars (>= 4.3) - restriction: && (< monoandroid) (< monotouch) (< net46) (>= netstandard1.6) (< xamarinios) (< xamarinmac) (< xamarintvos) (< xamarinwatchos)
      System.IO (>= 4.3) - restriction: && (< monoandroid) (< monotouch) (< net46) (>= netstandard1.6) (< xamarinios) (< xamarinmac) (< xamarintvos) (< xamarinwatchos)
      System.IO.FileSystem (>= 4.3) - restriction: && (< monoandroid) (< monotouch) (< net46) (>= netstandard1.6) (< xamarinios) (< xamarinmac) (< xamarintvos) (< xamarinwatchos)
      System.IO.FileSystem.Primitives (>= 4.3) - restriction: && (< monoandroid) (< monotouch) (< net46) (>= netstandard1.6) (< xamarinios) (< xamarinmac) (< xamarintvos) (< xamarinwatchos)
      System.Resources.ResourceManager (>= 4.3) - restriction: && (< monoandroid) (< monotouch) (< net46) (>= netstandard1.6) (< xamarinios) (< xamarinmac) (< xamarintvos) (< xamarinwatchos)
      System.Runtime (>= 4.3) - restriction: || (&& (< monoandroid) (< monotouch) (< net46) (>= netstandard1.6) (< xamarinios) (< xamarinmac) (< xamarintvos) (< xamarinwatchos)) (&& (< monoandroid) (< net46) (>= netstandard1.3) (< netstandard1.4)) (&& (< monoandroid) (< net46) (>= netstandard1.4) (< netstandard1.6))
      System.Runtime.Extensions (>= 4.3) - restriction: && (< monoandroid) (< monotouch) (< net46) (>= netstandard1.6) (< xamarinios) (< xamarinmac) (< xamarintvos) (< xamarinwatchos)
      System.Runtime.Handles (>= 4.3) - restriction: || (&& (< monoandroid) (< monotouch) (< net46) (>= netstandard1.6) (< xamarinios) (< xamarinmac) (< xamarintvos) (< xamarinwatchos)) (&& (< monoandroid) (< net46) (>= netstandard1.3) (< netstandard1.4)) (&& (< monoandroid) (< net46) (>= netstandard1.4) (< netstandard1.6))
      System.Runtime.InteropServices (>= 4.3) - restriction: && (< monoandroid) (< monotouch) (< net46) (>= netstandard1.6) (< xamarinios) (< xamarinmac) (< xamarintvos) (< xamarinwatchos)
      System.Runtime.Numerics (>= 4.3) - restriction: && (< monoandroid) (< monotouch) (< net46) (>= netstandard1.6) (< xamarinios) (< xamarinmac) (< xamarintvos) (< xamarinwatchos)
      System.Security.Cryptography.Algorithms (>= 4.3) - restriction: || (&& (< monoandroid) (< monotouch) (< net46) (>= netstandard1.6) (< xamarinios) (< xamarinmac) (< xamarintvos) (< xamarinwatchos)) (&& (< monoandroid) (< net46) (>= netstandard1.3) (< netstandard1.4)) (&& (< monoandroid) (< net46) (>= netstandard1.4) (< netstandard1.6)) (&& (>= net46) (< netstandard1.4)) (>= net461)
      System.Security.Cryptography.Cng (>= 4.3) - restriction: && (< monoandroid) (< monotouch) (< net46) (>= netstandard1.6) (< xamarinios) (< xamarinmac) (< xamarintvos) (< xamarinwatchos)
      System.Security.Cryptography.Csp (>= 4.3) - restriction: && (< monoandroid) (< monotouch) (< net46) (>= netstandard1.6) (< xamarinios) (< xamarinmac) (< xamarintvos) (< xamarinwatchos)
      System.Security.Cryptography.Encoding (>= 4.3) - restriction: || (&& (< monoandroid) (< monotouch) (< net46) (>= netstandard1.6) (< xamarinios) (< xamarinmac) (< xamarintvos) (< xamarinwatchos)) (&& (< monoandroid) (< net46) (>= netstandard1.3) (< netstandard1.4)) (&& (< monoandroid) (< net46) (>= netstandard1.4) (< netstandard1.6)) (&& (>= net46) (< netstandard1.4)) (>= net461)
      System.Security.Cryptography.OpenSsl (>= 4.3) - restriction: && (< monoandroid) (< monotouch) (< net46) (>= netstandard1.6) (< xamarinios) (< xamarinmac) (< xamarintvos) (< xamarinwatchos)
      System.Security.Cryptography.Primitives (>= 4.3) - restriction: && (< monoandroid) (< monotouch) (< net46) (>= netstandard1.6) (< xamarinios) (< xamarinmac) (< xamarintvos) (< xamarinwatchos)
      System.Text.Encoding (>= 4.3) - restriction: && (< monoandroid) (< monotouch) (< net46) (>= netstandard1.6) (< xamarinios) (< xamarinmac) (< xamarintvos) (< xamarinwatchos)
      System.Threading (>= 4.3) - restriction: && (< monoandroid) (< monotouch) (< net46) (>= netstandard1.6) (< xamarinios) (< xamarinmac) (< xamarintvos) (< xamarinwatchos)
    System.Security.Cryptography.Xml (5.0) - copy_local: false, redirects: force, restriction: && (>= netstandard2.0) (>= uap10.0)
      System.Memory (>= 4.5.4) - restriction: && (< monoandroid) (< net461) (< netcoreapp2.1) (>= netstandard2.0) (< xamarinios) (< xamarinmac) (< xamarintvos) (< xamarinwatchos)
      System.Security.Cryptography.Pkcs (>= 5.0) - restriction: || (>= monoandroid) (>= monotouch) (&& (< net461) (>= netstandard2.0)) (>= netcoreapp2.1) (>= xamarinios) (>= xamarinmac) (>= xamarintvos) (>= xamarinwatchos)
      System.Security.Permissions (>= 5.0) - restriction: || (>= monoandroid) (>= monotouch) (>= net461) (>= netstandard2.0) (>= xamarintvos) (>= xamarinwatchos)
    System.Security.Permissions (5.0) - copy_local: false, redirects: force, restriction: || (&& (>= monoandroid) (>= netstandard2.0)) (&& (>= monotouch) (>= netstandard2.0)) (&& (< net45) (>= netstandard2.0)) (&& (>= netstandard2.0) (>= uap10.0)) (&& (>= netstandard2.0) (>= xamarintvos)) (&& (>= netstandard2.0) (>= xamarinwatchos))
      System.Security.AccessControl (>= 5.0) - restriction: || (>= net461) (>= netstandard2.0)
      System.Windows.Extensions (>= 5.0) - restriction: >= netcoreapp3.0
    System.Security.Principal (4.3) - copy_local: false, redirects: force, restriction: || (&& (>= net461) (< netstandard1.3) (>= uap10.0)) (&& (< netstandard1.1) (>= uap10.0) (< win8)) (&& (< netstandard1.3) (>= uap10.0) (< win8)) (&& (< netstandard2.0) (>= uap10.0))
    System.Security.Principal.Windows (5.0) - copy_local: false, redirects: force, restriction: || (&& (< monoandroid) (>= netcoreapp2.0) (< netcoreapp2.1) (< xamarinios) (< xamarinmac) (< xamarintvos) (< xamarinwatchos)) (&& (< monoandroid) (>= netcoreapp2.1) (< netcoreapp3.1) (< xamarinios) (< xamarinmac) (< xamarintvos) (< xamarinwatchos)) (&& (< net45) (>= netstandard2.0)) (>= net472) (&& (>= netcoreapp3.1) (< xamarinios) (< xamarinmac) (< xamarintvos) (< xamarinwatchos)) (>= uap10.0)
      Microsoft.NETCore.Platforms (>= 5.0) - restriction: || (&& (>= netcoreapp2.0) (< netcoreapp2.1)) (&& (>= netcoreapp2.1) (< netcoreapp3.0))
    System.Security.SecureString (4.3) - copy_local: false, redirects: force, restriction: && (< monoandroid8.1) (< net45) (>= netstandard1.3) (< uap10.0) (< xamarinios)
      Microsoft.NETCore.Platforms (>= 1.1) - restriction: && (< monoandroid) (< monotouch) (< net46) (>= netstandard1.3) (< xamarinios) (< xamarinmac) (< xamarintvos) (< xamarinwatchos)
      System.Resources.ResourceManager (>= 4.3) - restriction: && (< monoandroid) (< monotouch) (< net46) (>= netstandard1.3) (< xamarinios) (< xamarinmac) (< xamarintvos) (< xamarinwatchos)
      System.Runtime (>= 4.3) - restriction: && (< monoandroid) (< monotouch) (< net46) (>= netstandard1.3) (< xamarinios) (< xamarinmac) (< xamarintvos) (< xamarinwatchos)
      System.Runtime.Handles (>= 4.3) - restriction: && (< monoandroid) (< monotouch) (< net46) (>= netstandard1.3) (< xamarinios) (< xamarinmac) (< xamarintvos) (< xamarinwatchos)
      System.Runtime.InteropServices (>= 4.3) - restriction: && (< monoandroid) (< monotouch) (< net46) (>= netstandard1.3) (< xamarinios) (< xamarinmac) (< xamarintvos) (< xamarinwatchos)
      System.Security.Cryptography.Primitives (>= 4.3) - restriction: && (< monoandroid) (< monotouch) (< net46) (>= netstandard1.3) (< xamarinios) (< xamarinmac) (< xamarintvos) (< xamarinwatchos)
      System.Text.Encoding (>= 4.3) - restriction: && (< monoandroid) (< monotouch) (< net46) (>= netstandard1.3) (< xamarinios) (< xamarinmac) (< xamarintvos) (< xamarinwatchos)
      System.Threading (>= 4.3) - restriction: && (< monoandroid) (< monotouch) (< net46) (>= netstandard1.3) (< xamarinios) (< xamarinmac) (< xamarintvos) (< xamarinwatchos)
    System.ServiceModel.Http (4.8.1) - copy_local: false, redirects: force, restriction: >= uap10.0
      NETStandard.Library (>= 2.0.3) - restriction: || (&& (< monoandroid) (< monotouch) (< net45) (>= netstandard1.3) (< netstandard2.0) (< xamarintvos) (< xamarinwatchos)) (&& (< monoandroid) (< net45) (>= netstandard1.1) (< netstandard1.3) (< win8)) (&& (< monoandroid) (>= netstandard1.0) (< netstandard1.1) (< win8) (< wp8))
      System.Net.Security (>= 4.3.1) - restriction: && (< monoandroid) (< monotouch) (< net45) (>= netstandard1.3) (< netstandard2.0) (< xamarintvos) (< xamarinwatchos)
      System.Net.WebHeaderCollection (>= 4.3) - restriction: && (< monoandroid) (< monotouch) (< net45) (>= netstandard1.3) (< netstandard2.0) (< xamarintvos) (< xamarinwatchos)
      System.Net.WebSockets.Client (>= 4.3.1) - restriction: && (< monoandroid) (< monotouch) (< net45) (>= netstandard1.3) (< netstandard2.0) (< xamarintvos) (< xamarinwatchos)
      System.Private.ServiceModel (>= 4.5.3) - restriction: && (< monoandroid) (< monotouch) (< net45) (>= netstandard1.3) (< netstandard2.0) (< xamarintvos) (< xamarinwatchos)
      System.Private.ServiceModel (>= 4.8.1) - restriction: && (< monoandroid) (< net45) (>= netstandard2.0) (< xamarinios) (< xamarinmac) (< xamarintvos) (< xamarinwatchos)
      System.Runtime.Serialization.Xml (>= 4.3) - restriction: || (&& (< monoandroid) (< monotouch) (< net45) (>= netstandard1.3) (< netstandard2.0) (< xamarintvos) (< xamarinwatchos)) (&& (< monoandroid) (< net45) (>= netstandard1.1) (< netstandard1.3) (< win8))
      System.ServiceModel.Primitives (>= 4.5.3) - restriction: || (&& (< monoandroid) (< monotouch) (< net45) (>= netstandard1.3) (< netstandard2.0) (< xamarintvos) (< xamarinwatchos)) (&& (< monoandroid) (< net45) (>= netstandard1.1) (< netstandard1.3) (< win8)) (&& (< monoandroid) (>= netstandard1.0) (< netstandard1.1) (< win8) (< wp8))
      System.ServiceModel.Primitives (>= 4.8.1) - restriction: || (&& (< monoandroid) (< net45) (>= netstandard2.0) (< xamarinios) (< xamarinmac) (< xamarintvos) (< xamarinwatchos)) (>= net461)
    System.ServiceModel.NetTcp (4.8.1) - copy_local: false, redirects: force, restriction: >= uap10.0
      NETStandard.Library (>= 2.0.3) - restriction: || (&& (< monoandroid) (< monotouch) (< net45) (>= netstandard1.3) (< netstandard2.0) (< xamarintvos) (< xamarinwatchos)) (&& (< monoandroid) (< net45) (>= netstandard1.1) (< netstandard1.3) (< win8)) (&& (>= net46) (< net461) (< netstandard2.0))
      System.Net.Security (>= 4.3.1) - restriction: && (< monoandroid) (< monotouch) (< net45) (>= netstandard1.3) (< netstandard2.0) (< xamarintvos) (< xamarinwatchos)
      System.Net.WebSockets.Client (>= 4.3.1) - restriction: && (< monoandroid) (< monotouch) (< net45) (>= netstandard1.3) (< netstandard2.0) (< xamarintvos) (< xamarinwatchos)
      System.Private.ServiceModel (>= 4.5.3) - restriction: && (< monoandroid) (< monotouch) (< net45) (>= netstandard1.3) (< netstandard2.0) (< xamarintvos) (< xamarinwatchos)
      System.Private.ServiceModel (>= 4.8.1) - restriction: && (< monoandroid) (< net45) (>= netstandard2.0) (< xamarinios) (< xamarinmac) (< xamarintvos) (< xamarinwatchos)
      System.Runtime.Serialization.Xml (>= 4.3) - restriction: || (&& (< monoandroid) (< monotouch) (< net45) (>= netstandard1.3) (< netstandard2.0) (< xamarintvos) (< xamarinwatchos)) (&& (< monoandroid) (< net45) (>= netstandard1.1) (< netstandard1.3) (< win8))
      System.ServiceModel.Primitives (>= 4.5.3) - restriction: || (&& (< monoandroid) (< monotouch) (< net45) (>= netstandard1.3) (< netstandard2.0) (< xamarintvos) (< xamarinwatchos)) (&& (< monoandroid) (< net45) (>= netstandard1.1) (< netstandard1.3) (< win8)) (&& (>= net46) (< net461) (< netstandard2.0))
      System.ServiceModel.Primitives (>= 4.8.1) - restriction: || (&& (< monoandroid) (< net45) (>= netstandard2.0) (< xamarinios) (< xamarinmac) (< xamarintvos) (< xamarinwatchos)) (>= net461)
    System.ServiceModel.Primitives (4.8.1) - copy_local: false, redirects: force, restriction: || (&& (>= net461) (>= uap10.0)) (&& (< netstandard1.1) (>= uap10.0) (< win8)) (&& (< netstandard1.3) (>= uap10.0) (< win8)) (&& (>= netstandard2.0) (>= uap10.0)) (&& (< netstandard2.0) (>= uap10.0))
      NETStandard.Library (>= 2.0.3) - restriction: || (&& (< monoandroid) (< monotouch) (< net45) (>= netstandard1.3) (< netstandard2.0) (< xamarintvos) (< xamarinwatchos)) (&& (< monoandroid) (< net45) (>= netstandard1.1) (< netstandard1.3) (< win8)) (&& (< monoandroid) (>= netstandard1.0) (< netstandard1.1) (< win8) (< wp8)) (&& (>= net46) (< net461) (< netstandard2.0))
      System.ComponentModel.EventBasedAsync (>= 4.3) - restriction: || (&& (< monoandroid) (< monotouch) (< net45) (>= netstandard1.3) (< netstandard2.0) (< xamarintvos) (< xamarinwatchos)) (&& (< monoandroid) (< net45) (>= netstandard1.1) (< netstandard1.3) (< win8)) (&& (< monoandroid) (>= netstandard1.0) (< netstandard1.1) (< win8) (< wp8))
      System.Net.Security (>= 4.3.1) - restriction: && (< monoandroid) (< monotouch) (< net45) (>= netstandard1.3) (< netstandard2.0) (< xamarintvos) (< xamarinwatchos)
      System.Net.WebSockets.Client (>= 4.3.1) - restriction: && (< monoandroid) (< monotouch) (< net45) (>= netstandard1.3) (< netstandard2.0) (< xamarintvos) (< xamarinwatchos)
      System.Private.ServiceModel (>= 4.5.3) - restriction: && (< monoandroid) (< monotouch) (< net45) (>= netstandard1.3) (< netstandard2.0) (< xamarintvos) (< xamarinwatchos)
      System.Private.ServiceModel (>= 4.8.1) - restriction: || (&& (< monoandroid) (< net45) (< netcoreapp2.1) (>= netstandard2.0) (< xamarinios) (< xamarinmac) (< xamarintvos) (< xamarinwatchos)) (&& (>= netcoreapp2.1) (< xamarinios) (< xamarinmac) (< xamarintvos) (< xamarinwatchos))
      System.Runtime.Serialization.Primitives (>= 4.3) - restriction: || (&& (< monoandroid) (< monotouch) (< net45) (>= netstandard1.3) (< netstandard2.0) (< xamarintvos) (< xamarinwatchos)) (&& (< monoandroid) (< net45) (>= netstandard1.1) (< netstandard1.3) (< win8)) (&& (< monoandroid) (>= netstandard1.0) (< netstandard1.1) (< win8) (< wp8))
      System.Runtime.Serialization.Xml (>= 4.3) - restriction: || (&& (< monoandroid) (< monotouch) (< net45) (>= netstandard1.3) (< netstandard2.0) (< xamarintvos) (< xamarinwatchos)) (&& (< monoandroid) (< net45) (>= netstandard1.1) (< netstandard1.3) (< win8)) (&& (< monoandroid) (>= netstandard1.0) (< netstandard1.1) (< win8) (< wp8))
      System.Security.Principal (>= 4.3) - restriction: || (&& (< monoandroid) (< monotouch) (< net45) (>= netstandard1.3) (< netstandard2.0) (< xamarintvos) (< xamarinwatchos)) (&& (< monoandroid) (< net45) (>= netstandard1.1) (< netstandard1.3) (< win8))
    System.ServiceModel.Security (4.8.1) - copy_local: false, redirects: force, restriction: >= uap10.0
      NETStandard.Library (>= 2.0.3) - restriction: || (&& (< monoandroid) (< monotouch) (< net45) (>= netstandard1.3) (< netstandard2.0) (< xamarintvos) (< xamarinwatchos)) (&& (< monoandroid) (< net45) (>= netstandard1.1) (< netstandard1.3) (< win8)) (&& (< monoandroid) (>= netstandard1.0) (< netstandard1.1) (< win8) (< wp8))
      System.Net.Security (>= 4.3.1) - restriction: && (< monoandroid) (< monotouch) (< net45) (>= netstandard1.3) (< netstandard2.0) (< xamarintvos) (< xamarinwatchos)
      System.Net.WebSockets.Client (>= 4.3.1) - restriction: && (< monoandroid) (< monotouch) (< net45) (>= netstandard1.3) (< netstandard2.0) (< xamarintvos) (< xamarinwatchos)
      System.Private.ServiceModel (>= 4.5.3) - restriction: && (< monoandroid) (< monotouch) (< net45) (>= netstandard1.3) (< netstandard2.0) (< xamarintvos) (< xamarinwatchos)
      System.Private.ServiceModel (>= 4.8.1) - restriction: && (< monoandroid) (< net45) (>= netstandard2.0) (< xamarinios) (< xamarinmac) (< xamarintvos) (< xamarinwatchos)
      System.Runtime.Serialization.Xml (>= 4.3) - restriction: || (&& (< monoandroid) (< monotouch) (< net45) (>= netstandard1.3) (< netstandard2.0) (< xamarintvos) (< xamarinwatchos)) (&& (< monoandroid) (< net45) (>= netstandard1.1) (< netstandard1.3) (< win8))
      System.ServiceModel.Primitives (>= 4.5.3) - restriction: || (&& (< monoandroid) (< monotouch) (< net45) (>= netstandard1.3) (< netstandard2.0) (< xamarintvos) (< xamarinwatchos)) (&& (< monoandroid) (< net45) (>= netstandard1.1) (< netstandard1.3) (< win8)) (&& (< monoandroid) (>= netstandard1.0) (< netstandard1.1) (< win8) (< wp8))
      System.ServiceModel.Primitives (>= 4.8.1) - restriction: || (&& (< monoandroid) (< net45) (>= netstandard2.0) (< xamarinios) (< xamarinmac) (< xamarintvos) (< xamarinwatchos)) (>= net461)
    System.Text.Encoding (4.3) - restriction: || (&& (< monoandroid) (< monotouch) (< net20) (>= netstandard1.3) (< netstandard2.0) (< xamarintvos) (< xamarinwatchos)) (&& (< monoandroid) (< monotouch) (< net45) (>= netstandard1.3) (< uap10.0) (< xamarinios) (< xamarinmac) (< xamarintvos) (< xamarinwatchos)) (&& (< monoandroid) (< monotouch) (< net45) (>= netstandard1.6) (< xamarinios) (< xamarinmac) (< xamarintvos) (< xamarinwatchos)) (&& (< monoandroid) (< net45) (>= netstandard1.3) (< netstandard1.6) (< win8) (< wpa81)) (&& (< monoandroid) (< net45) (< netstandard1.4) (>= netstandard1.6) (< win8) (< wpa81)) (&& (< monoandroid) (>= netcoreapp1.0) (< netcoreapp2.1) (< xamarinios) (< xamarinmac) (< xamarintvos) (< xamarinwatchos)) (&& (< monoandroid) (>= netcoreapp1.0) (< netstandard1.4)) (&& (< net45) (< netstandard1.2) (>= netstandard1.5) (< win8)) (&& (< net45) (< netstandard1.3) (>= netstandard1.5) (< win8) (< wpa81)) (&& (< net45) (< netstandard1.4) (>= netstandard1.5) (< win8) (< wpa81)) (&& (< net45) (>= netstandard1.5) (< netstandard1.6) (< win8) (< wpa81)) (&& (< net45) (>= netstandard1.6) (< netstandard2.0) (< win8) (< wpa81)) (&& (< net452) (>= net46) (< netstandard1.4) (>= netstandard1.5)) (&& (< net452) (>= net46) (< netstandard1.4) (>= netstandard1.6)) (&& (>= netstandard1.5) (< portable-net45+win8+wpa81)) (&& (< netstandard2.0) (>= uap10.0))
      Microsoft.NETCore.Platforms (>= 1.1) - restriction: || (&& (< monoandroid) (< monotouch) (< net45) (>= netstandard1.3) (< win8) (< wpa81) (< xamarinios) (< xamarinmac) (< xamarintvos) (< xamarinwatchos)) (&& (< monoandroid) (< net45) (>= netstandard1.0) (< netstandard1.3) (< win8) (< wp8) (< wpa81))
      Microsoft.NETCore.Targets (>= 1.1) - restriction: || (&& (< monoandroid) (< monotouch) (< net45) (>= netstandard1.3) (< win8) (< wpa81) (< xamarinios) (< xamarinmac) (< xamarintvos) (< xamarinwatchos)) (&& (< monoandroid) (< net45) (>= netstandard1.0) (< netstandard1.3) (< win8) (< wp8) (< wpa81))
      System.Runtime (>= 4.3) - restriction: || (&& (< monoandroid) (< monotouch) (< net45) (>= netstandard1.3) (< win8) (< wpa81) (< xamarinios) (< xamarinmac) (< xamarintvos) (< xamarinwatchos)) (&& (< monoandroid) (< net45) (>= netstandard1.0) (< netstandard1.3) (< win8) (< wp8) (< wpa81))
    System.Text.Encoding.CodePages (5.0) - copy_local: false, redirects: force, restriction: || (&& (< monoandroid) (< net45) (< netcoreapp2.0) (>= netstandard2.0) (< xamarinios) (< xamarinmac) (< xamarintvos) (< xamarinwatchos)) (&& (< monoandroid) (>= netcoreapp2.0) (< netcoreapp2.1) (< xamarinios) (< xamarinmac) (< xamarintvos) (< xamarinwatchos)) (&& (< monoandroid) (>= netcoreapp2.1) (< netcoreapp3.1) (< xamarinios) (< xamarinmac) (< xamarintvos) (< xamarinwatchos)) (&& (>= netstandard2.0) (>= uap10.1))
      Microsoft.NETCore.Platforms (>= 5.0) - restriction: || (&& (< monoandroid) (>= netcoreapp2.0) (< xamarinios) (< xamarinmac) (< xamarintvos) (< xamarinwatchos)) (>= net50)
      System.Runtime.CompilerServices.Unsafe (>= 5.0) - restriction: || (&& (< monoandroid) (< net46) (< netcoreapp2.0) (>= netstandard2.0) (< xamarinios) (< xamarinmac) (< xamarintvos) (< xamarinwatchos)) (&& (< monoandroid) (< net50) (>= netcoreapp2.0) (< xamarinios) (< xamarinmac) (< xamarintvos) (< xamarinwatchos)) (>= net461)
    System.Text.Encoding.Extensions (4.3) - restriction: || (&& (< monoandroid) (< monotouch) (< net45) (>= netstandard1.3) (< win8) (< wpa81) (< xamarinios) (< xamarinmac) (< xamarintvos) (< xamarinwatchos)) (&& (< monoandroid) (>= netcoreapp1.0) (< netcoreapp2.1) (< xamarinios) (< xamarinmac) (< xamarintvos) (< xamarinwatchos)) (&& (< net45) (>= net46) (< netstandard1.4) (>= netstandard1.5)) (&& (< net45) (< netstandard1.2) (>= netstandard1.5) (< win8)) (&& (< net45) (< netstandard1.3) (>= netstandard1.5) (< win8) (< wpa81)) (&& (< net45) (< netstandard1.4) (>= netstandard1.5) (< win8) (< wpa81)) (&& (< net45) (>= netstandard1.5) (< netstandard1.6) (< win8) (< wpa81)) (&& (< net45) (>= netstandard1.6) (< netstandard2.0) (< win8) (< wpa81)) (&& (>= netstandard1.5) (< portable-net45+win8+wpa81)) (&& (< netstandard2.0) (>= uap10.0)) (&& (>= uap10.0) (< win8) (< wpa81))
      Microsoft.NETCore.Platforms (>= 1.1) - restriction: || (&& (< monoandroid) (< monotouch) (< net45) (>= netstandard1.3) (< win8) (< wpa81) (< xamarinios) (< xamarinmac) (< xamarintvos) (< xamarinwatchos)) (&& (< monoandroid) (< net45) (>= netstandard1.0) (< netstandard1.3) (< win8) (< wp8) (< wpa81))
      Microsoft.NETCore.Targets (>= 1.1) - restriction: || (&& (< monoandroid) (< monotouch) (< net45) (>= netstandard1.3) (< win8) (< wpa81) (< xamarinios) (< xamarinmac) (< xamarintvos) (< xamarinwatchos)) (&& (< monoandroid) (< net45) (>= netstandard1.0) (< netstandard1.3) (< win8) (< wp8) (< wpa81))
      System.Runtime (>= 4.3) - restriction: || (&& (< monoandroid) (< monotouch) (< net45) (>= netstandard1.3) (< win8) (< wpa81) (< xamarinios) (< xamarinmac) (< xamarintvos) (< xamarinwatchos)) (&& (< monoandroid) (< net45) (>= netstandard1.0) (< netstandard1.3) (< win8) (< wp8) (< wpa81))
      System.Text.Encoding (>= 4.3) - restriction: || (&& (< monoandroid) (< monotouch) (< net45) (>= netstandard1.3) (< win8) (< wpa81) (< xamarinios) (< xamarinmac) (< xamarintvos) (< xamarinwatchos)) (&& (< monoandroid) (< net45) (>= netstandard1.0) (< netstandard1.3) (< win8) (< wp8) (< wpa81))
    System.Text.RegularExpressions (4.3.1) - restriction: || (&& (< monoandroid) (< monotouch) (< net45) (>= netstandard1.3) (< win8) (< wpa81) (< xamarinios) (< xamarinmac) (< xamarintvos) (< xamarinwatchos)) (&& (< net45) (>= net46) (< netstandard1.4) (>= netstandard1.5)) (&& (< net45) (< netstandard1.2) (>= netstandard1.5) (< win8)) (&& (< net45) (< netstandard1.3) (>= netstandard1.5) (< win8) (< wpa81)) (&& (< net45) (< netstandard1.4) (>= netstandard1.5) (< win8) (< wpa81)) (&& (< net45) (>= netstandard1.5) (< netstandard1.6) (< win8) (< wpa81)) (&& (< net45) (>= netstandard1.6) (< netstandard2.0) (< win8) (< wpa81)) (&& (>= netstandard1.5) (< portable-net45+win8+wpa81)) (&& (>= uap10.0) (< win8) (< wpa81))
      System.Collections (>= 4.3) - restriction: && (< monoandroid) (< monotouch) (< net45) (< netcoreapp1.1) (>= netstandard1.6) (< xamarinios) (< xamarinmac) (< xamarintvos) (< xamarinwatchos)
      System.Globalization (>= 4.3) - restriction: && (< monoandroid) (< monotouch) (< net45) (< netcoreapp1.1) (>= netstandard1.6) (< xamarinios) (< xamarinmac) (< xamarintvos) (< xamarinwatchos)
      System.Resources.ResourceManager (>= 4.3) - restriction: && (< monoandroid) (< monotouch) (< net45) (< netcoreapp1.1) (>= netstandard1.6) (< xamarinios) (< xamarinmac) (< xamarintvos) (< xamarinwatchos)
      System.Runtime (>= 4.3.1) - restriction: || (&& (< monoandroid) (< monotouch) (< net45) (< netcoreapp1.1) (>= netstandard1.6) (< xamarinios) (< xamarinmac) (< xamarintvos) (< xamarinwatchos)) (&& (< monoandroid) (< net45) (>= netstandard1.0) (< netstandard1.3) (< win8) (< wp8) (< wpa81)) (&& (< monoandroid) (< net45) (>= netstandard1.3) (< netstandard1.6) (< win8) (< wpa81)) (&& (>= netcoreapp1.1) (< xamarinios) (< xamarinmac) (< xamarintvos) (< xamarinwatchos))
      System.Runtime.Extensions (>= 4.3.1) - restriction: && (< monoandroid) (< monotouch) (< net45) (< netcoreapp1.1) (>= netstandard1.6) (< xamarinios) (< xamarinmac) (< xamarintvos) (< xamarinwatchos)
      System.Threading (>= 4.3) - restriction: && (< monoandroid) (< monotouch) (< net45) (< netcoreapp1.1) (>= netstandard1.6) (< xamarinios) (< xamarinmac) (< xamarintvos) (< xamarinwatchos)
    System.Threading (4.3) - restriction: || (&& (< monoandroid) (< monotouch) (< net20) (>= netstandard1.3) (< netstandard2.0) (< xamarintvos) (< xamarinwatchos)) (&& (< monoandroid) (< monotouch) (< net20) (>= netstandard1.5) (< netstandard2.0) (< win8) (< wpa81) (< xamarintvos) (< xamarinwatchos)) (&& (< monoandroid) (< monotouch) (< net35) (>= netstandard1.5) (< netstandard2.0) (< xamarintvos) (< xamarinwatchos)) (&& (< monoandroid) (< monotouch) (< net40) (>= netstandard1.3) (< netstandard2.0) (< win8) (< wpa81) (< xamarintvos) (< xamarinwatchos)) (&& (< monoandroid) (< monotouch) (< net45) (>= netstandard1.6) (< xamarinios) (< xamarinmac) (< xamarintvos) (< xamarinwatchos)) (&& (< monoandroid) (< net20) (>= netstandard1.0) (< netstandard1.3) (< win8) (< wp8) (< wpa81)) (&& (< monoandroid) (< net20) (>= netstandard1.3) (< netstandard1.5) (< win8) (< wpa81)) (&& (< monoandroid) (< net20) (< netstandard1.3) (>= netstandard1.5) (< win8) (< wpa81)) (&& (< monoandroid) (< net35) (>= netstandard1.3) (< netstandard1.5)) (&& (< monoandroid) (< net35) (>= netstandard2.0) (< xamarinios) (< xamarinmac) (< xamarintvos) (< xamarinwatchos)) (&& (< monoandroid) (< net40) (>= netstandard2.0) (< win8) (< wpa81) (< xamarinios) (< xamarinmac) (< xamarintvos) (< xamarinwatchos)) (&& (< monoandroid) (< net45) (< netstandard1.2) (>= netstandard1.6) (< win8)) (&& (< monoandroid) (< net45) (>= netstandard1.3) (< netstandard1.6) (< win8) (< wpa81)) (&& (< monoandroid) (< net45) (< netstandard1.3) (>= netstandard1.6) (< win8) (< wpa81)) (&& (< monoandroid) (< net45) (< netstandard1.4) (>= netstandard1.6) (< win8) (< wpa81)) (&& (< monoandroid) (< net45) (>= netstandard2.0) (< xamarinios) (< xamarinmac) (< xamarintvos) (< xamarinwatchos)) (&& (< monoandroid) (>= netcoreapp1.0) (< netcoreapp2.1) (< xamarinios) (< xamarinmac) (< xamarintvos) (< xamarinwatchos)) (&& (< monoandroid) (>= netcoreapp1.0) (< netstandard1.3)) (&& (< monoandroid) (>= netcoreapp1.0) (< netstandard2.0) (< xamarintvos) (< xamarinwatchos)) (&& (< net35) (>= net45) (< netstandard1.3) (>= netstandard1.5)) (&& (< net35) (>= net46) (>= netstandard1.5)) (&& (< net35) (>= net46) (< netstandard1.5)) (&& (< net45) (>= net46) (< netstandard1.4) (>= netstandard1.5)) (&& (< net45) (< netstandard1.2) (>= netstandard1.5) (< win8)) (&& (< net45) (< netstandard1.3) (>= netstandard1.5) (< win8) (< wpa81)) (&& (< net45) (< netstandard1.4) (>= netstandard1.5) (< win8) (< wpa81)) (&& (< net45) (>= netstandard1.5) (< netstandard1.6) (< win8) (< wpa81)) (&& (< net45) (>= netstandard1.6) (< netstandard2.0) (< win8) (< wpa81)) (&& (>= netstandard1.5) (< portable-net45+win8+wpa81)) (&& (>= netstandard1.6) (< portable-net45+win8+wpa81)) (>= uap10.0)
      System.Runtime (>= 4.3) - restriction: || (&& (< monoandroid) (< monotouch) (< net45) (>= netstandard1.3) (< win8) (< wpa81) (< xamarinios) (< xamarinmac) (< xamarintvos) (< xamarinwatchos)) (&& (< monoandroid) (< net45) (>= netstandard1.0) (< netstandard1.3) (< win8) (< wp8) (< wpa81))
      System.Threading.Tasks (>= 4.3) - restriction: || (&& (< monoandroid) (< monotouch) (< net45) (>= netstandard1.3) (< win8) (< wpa81) (< xamarinios) (< xamarinmac) (< xamarintvos) (< xamarinwatchos)) (&& (< monoandroid) (< net45) (>= netstandard1.0) (< netstandard1.3) (< win8) (< wp8) (< wpa81))
    System.Threading.AccessControl (5.0) - restriction: >= net472
      System.Security.AccessControl (>= 5.0) - restriction: || (>= monoandroid) (>= monotouch) (&& (>= net46) (< netstandard2.0)) (&& (< net46) (>= netstandard1.3) (< netstandard2.0)) (&& (< net46) (>= netstandard2.0)) (>= net461) (>= netcoreapp2.1) (>= xamarinios) (>= xamarinmac) (>= xamarintvos) (>= xamarinwatchos)
      System.Security.Principal.Windows (>= 5.0) - restriction: || (>= monoandroid) (>= monotouch) (&& (>= net46) (< netstandard2.0)) (&& (< net46) (>= netstandard1.3) (< netstandard2.0)) (&& (< net46) (>= netstandard2.0)) (>= net461) (>= netcoreapp2.1) (>= xamarinios) (>= xamarinmac) (>= xamarintvos) (>= xamarinwatchos)
    System.Threading.Tasks (4.3) - restriction: || (&& (< monoandroid) (< monotouch) (< net45) (>= netstandard1.3) (< netstandard2.0) (< win8) (< wpa81) (< xamarintvos) (< xamarinwatchos)) (&& (< monoandroid) (< monotouch) (< net45) (>= netstandard1.5) (< netstandard2.0) (< win8) (< wpa81) (< xamarintvos) (< xamarinwatchos)) (&& (< monoandroid) (< monotouch) (< net45) (>= netstandard1.6) (< xamarinios) (< xamarinmac) (< xamarintvos) (< xamarinwatchos)) (&& (< monoandroid) (< net45) (>= netstandard1.3) (< netstandard1.5) (< win8) (< wpa81)) (&& (< monoandroid) (< net45) (>= netstandard1.3) (< netstandard1.6) (< win8) (< wpa81)) (&& (< monoandroid) (< net45) (< netstandard1.3) (>= netstandard1.6) (< win8) (< wpa81)) (&& (< monoandroid) (< net45) (< netstandard1.3) (>= netstandard2.0) (< win8) (< wpa81)) (&& (< monoandroid) (< net45) (< netstandard1.5) (>= netstandard1.6) (< win8) (< wpa81)) (&& (< monoandroid) (< net45) (>= netstandard2.0) (< win8) (< wpa81) (< xamarinios) (< xamarinmac) (< xamarintvos) (< xamarinwatchos)) (&& (< monoandroid) (>= netcoreapp1.0) (< netcoreapp2.1) (< xamarinios) (< xamarinmac) (< xamarintvos) (< xamarinwatchos)) (&& (< monoandroid) (>= netcoreapp1.0) (< netstandard1.3)) (&& (< monoandroid) (>= netcoreapp1.0) (< netstandard2.0) (< xamarintvos) (< xamarinwatchos)) (&& (< net45) (>= net46) (< netstandard2.0)) (&& (< net45) (< netstandard1.2) (>= netstandard1.5) (< win8)) (&& (< net45) (< netstandard1.3) (>= netstandard1.5) (< win8) (< wpa81)) (&& (< net45) (< netstandard1.4) (>= netstandard1.5) (< win8) (< wpa81)) (&& (< net45) (>= netstandard1.5) (< netstandard1.6) (< win8) (< wpa81)) (&& (< net45) (>= netstandard1.6) (< netstandard2.0) (< win8) (< wpa81)) (&& (>= netstandard1.5) (< portable-net45+win8+wpa81)) (>= uap10.0)
      Microsoft.NETCore.Platforms (>= 1.1) - restriction: || (&& (< monoandroid) (< monotouch) (< net45) (>= netstandard1.3) (< win8) (< wpa81) (< xamarinios) (< xamarinmac) (< xamarintvos) (< xamarinwatchos)) (&& (< monoandroid) (< net45) (>= netstandard1.0) (< netstandard1.3) (< win8) (< wp8) (< wpa81))
      Microsoft.NETCore.Targets (>= 1.1) - restriction: || (&& (< monoandroid) (< monotouch) (< net45) (>= netstandard1.3) (< win8) (< wpa81) (< xamarinios) (< xamarinmac) (< xamarintvos) (< xamarinwatchos)) (&& (< monoandroid) (< net45) (>= netstandard1.0) (< netstandard1.3) (< win8) (< wp8) (< wpa81))
      System.Runtime (>= 4.3) - restriction: || (&& (< monoandroid) (< monotouch) (< net45) (>= netstandard1.3) (< win8) (< wpa81) (< xamarinios) (< xamarinmac) (< xamarintvos) (< xamarinwatchos)) (&& (< monoandroid) (< net45) (>= netstandard1.0) (< netstandard1.3) (< win8) (< wp8) (< wpa81))
    System.Threading.Tasks.Dataflow (5.0) - restriction: >= net472
    System.Threading.Tasks.Extensions (4.5.4) - restriction: || (&& (< monoandroid) (< monotouch) (>= netstandard1.6) (< netstandard2.0) (< win8) (< wpa81) (< xamarintvos) (< xamarinwatchos)) (&& (< monoandroid) (< netstandard1.2) (>= netstandard1.5) (< win8)) (&& (< monoandroid) (>= netstandard1.5) (< win8) (< wpa81)) (>= net45) (&& (>= net46) (< netstandard1.4) (>= netstandard1.5)) (>= netstandard1.3) (&& (>= netstandard1.5) (< portable-net45+win8+wpa81)) (&& (>= netstandard2.0) (< netstandard2.1))
      System.Collections (>= 4.3) - restriction: && (< monoandroid) (< monotouch) (< net45) (>= netstandard1.0) (< netstandard2.0) (< win8) (< wp8) (< wpa81) (< xamarintvos) (< xamarinwatchos)
      System.Runtime (>= 4.3) - restriction: && (< monoandroid) (< monotouch) (< net45) (>= netstandard1.0) (< netstandard2.0) (< win8) (< wp8) (< wpa81) (< xamarintvos) (< xamarinwatchos)
      System.Runtime.CompilerServices.Unsafe (>= 4.5.3) - restriction: || (&& (< monoandroid) (< monotouch) (< net45) (>= netstandard1.0) (< netstandard2.0) (< win8) (< wpa81) (< xamarintvos) (< xamarinwatchos)) (&& (< monoandroid) (< net45) (< netcoreapp2.1) (>= netstandard2.0) (< xamarinios) (< xamarinmac) (< xamarintvos) (< xamarinwatchos)) (&& (< monoandroid) (< netstandard1.0) (>= portable-net45+win8+wp8+wpa81) (< win8)) (&& (>= net45) (< netstandard2.0)) (>= net461) (&& (< netstandard1.0) (>= win8)) (&& (< netstandard2.0) (>= wpa81)) (>= wp8)
      System.Threading.Tasks (>= 4.3) - restriction: && (< monoandroid) (< monotouch) (< net45) (>= netstandard1.0) (< netstandard2.0) (< win8) (< wp8) (< wpa81) (< xamarintvos) (< xamarinwatchos)
    System.Threading.Thread (4.3.0) - version_in_path: true, restriction: && (< monoandroid) (>= netcoreapp1.0) (< netcoreapp2.1) (< xamarinios) (< xamarinmac) (< xamarintvos) (< xamarinwatchos)
      System.Runtime (>= 4.3) - restriction: && (< monoandroid) (< monotouch) (< net46) (>= netstandard1.3) (< xamarinios) (< xamarinmac) (< xamarintvos) (< xamarinwatchos)
    System.Threading.ThreadPool (4.3.0) - version_in_path: true, restriction: || (&& (< monoandroid) (>= netcoreapp1.0) (< netcoreapp2.1) (< xamarinios) (< xamarinmac) (< xamarintvos) (< xamarinwatchos)) (&& (>= netstandard1.6) (< netstandard2.0) (>= uap10.0)) (&& (< netstandard1.6) (>= uap10.0))
      System.Runtime (>= 4.3) - restriction: && (< monoandroid) (< monotouch) (< net46) (>= netstandard1.3) (< xamarinios) (< xamarinmac) (< xamarintvos) (< xamarinwatchos)
      System.Runtime.Handles (>= 4.3) - restriction: && (< monoandroid) (< monotouch) (< net46) (>= netstandard1.3) (< xamarinios) (< xamarinmac) (< xamarintvos) (< xamarinwatchos)
    System.Threading.Timer (4.3) - restriction: || (&& (< net45) (< netstandard1.3) (>= netstandard1.5) (< win8) (< wpa81)) (&& (< net45) (< netstandard1.4) (>= netstandard1.5) (< win8) (< wpa81)) (&& (< net45) (>= netstandard1.5) (< netstandard1.6) (< win8) (< wpa81)) (&& (< net45) (>= netstandard1.6) (< netstandard2.0) (< win8) (< wpa81)) (&& (< netstandard2.0) (>= uap10.0))
      Microsoft.NETCore.Platforms (>= 1.1) - restriction: && (< monoandroid) (< monotouch) (< net451) (>= netstandard1.2) (< win81) (< wpa81) (< xamarinios) (< xamarinmac) (< xamarintvos) (< xamarinwatchos)
      Microsoft.NETCore.Targets (>= 1.1) - restriction: && (< monoandroid) (< monotouch) (< net451) (>= netstandard1.2) (< win81) (< wpa81) (< xamarinios) (< xamarinmac) (< xamarintvos) (< xamarinwatchos)
      System.Runtime (>= 4.3) - restriction: && (< monoandroid) (< monotouch) (< net451) (>= netstandard1.2) (< win81) (< wpa81) (< xamarinios) (< xamarinmac) (< xamarintvos) (< xamarinwatchos)
    System.Windows.Extensions (5.0) - copy_local: false, redirects: force, restriction: >= netcoreapp3.0
      System.Drawing.Common (>= 5.0) - restriction: >= netcoreapp3.0
    System.Xml.ReaderWriter (4.3.1) - restriction: || (&& (< monoandroid) (< monotouch) (< net20) (>= netstandard1.3) (< netstandard2.0) (< xamarintvos) (< xamarinwatchos)) (&& (< monoandroid) (< monotouch) (< net45) (>= netstandard1.3) (< win8) (< wpa81) (< xamarinios) (< xamarinmac) (< xamarintvos) (< xamarinwatchos)) (&& (< monoandroid) (< net45) (>= netstandard2.0) (< xamarinios) (< xamarinmac) (< xamarintvos) (< xamarinwatchos)) (&& (< net45) (< netstandard1.2) (>= netstandard1.5) (< win8)) (&& (< net45) (< netstandard1.3) (>= netstandard1.5) (< win8) (< wpa81)) (&& (< net45) (< netstandard1.4) (>= netstandard1.5) (< win8) (< wpa81)) (&& (< net45) (>= netstandard1.5) (< netstandard1.6) (< win8) (< wpa81)) (&& (< net45) (>= netstandard1.6) (< netstandard2.0) (< win8) (< wpa81)) (&& (< net452) (>= net46) (< netstandard1.4) (>= netstandard1.5)) (&& (>= netstandard1.5) (< portable-net45+win8+wpa81)) (&& (>= uap10.0) (< win8) (< wpa81))
      System.Collections (>= 4.3) - restriction: && (< monoandroid) (< monotouch) (< net45) (>= netstandard1.3) (< win8) (< wpa81) (< xamarinios) (< xamarinmac) (< xamarintvos) (< xamarinwatchos)
      System.Diagnostics.Debug (>= 4.3) - restriction: && (< monoandroid) (< monotouch) (< net45) (>= netstandard1.3) (< win8) (< wpa81) (< xamarinios) (< xamarinmac) (< xamarintvos) (< xamarinwatchos)
      System.Globalization (>= 4.3) - restriction: && (< monoandroid) (< monotouch) (< net45) (>= netstandard1.3) (< win8) (< wpa81) (< xamarinios) (< xamarinmac) (< xamarintvos) (< xamarinwatchos)
      System.IO (>= 4.3) - restriction: || (&& (< monoandroid) (< monotouch) (< net45) (>= netstandard1.3) (< win8) (< wpa81) (< xamarinios) (< xamarinmac) (< xamarintvos) (< xamarinwatchos)) (&& (< monoandroid) (< net45) (>= netstandard1.0) (< netstandard1.3) (< win8) (< wp8) (< wpa81))
      System.IO.FileSystem (>= 4.3) - restriction: && (< monoandroid) (< monotouch) (< net45) (>= netstandard1.3) (< win8) (< wpa81) (< xamarinios) (< xamarinmac) (< xamarintvos) (< xamarinwatchos)
      System.IO.FileSystem.Primitives (>= 4.3) - restriction: && (< monoandroid) (< monotouch) (< net45) (>= netstandard1.3) (< win8) (< wpa81) (< xamarinios) (< xamarinmac) (< xamarintvos) (< xamarinwatchos)
      System.Resources.ResourceManager (>= 4.3) - restriction: && (< monoandroid) (< monotouch) (< net45) (>= netstandard1.3) (< win8) (< wpa81) (< xamarinios) (< xamarinmac) (< xamarintvos) (< xamarinwatchos)
      System.Runtime (>= 4.3) - restriction: || (&& (< monoandroid) (< monotouch) (< net45) (>= netstandard1.3) (< win8) (< wpa81) (< xamarinios) (< xamarinmac) (< xamarintvos) (< xamarinwatchos)) (&& (< monoandroid) (< net45) (>= netstandard1.0) (< netstandard1.3) (< win8) (< wp8) (< wpa81))
      System.Runtime.Extensions (>= 4.3) - restriction: && (< monoandroid) (< monotouch) (< net45) (>= netstandard1.3) (< win8) (< wpa81) (< xamarinios) (< xamarinmac) (< xamarintvos) (< xamarinwatchos)
      System.Runtime.InteropServices (>= 4.3) - restriction: && (< monoandroid) (< monotouch) (< net45) (>= netstandard1.3) (< win8) (< wpa81) (< xamarinios) (< xamarinmac) (< xamarintvos) (< xamarinwatchos)
      System.Text.Encoding (>= 4.3) - restriction: || (&& (< monoandroid) (< monotouch) (< net45) (>= netstandard1.3) (< win8) (< wpa81) (< xamarinios) (< xamarinmac) (< xamarintvos) (< xamarinwatchos)) (&& (< monoandroid) (< net45) (>= netstandard1.0) (< netstandard1.3) (< win8) (< wp8) (< wpa81))
      System.Text.Encoding.Extensions (>= 4.3) - restriction: && (< monoandroid) (< monotouch) (< net45) (>= netstandard1.3) (< win8) (< wpa81) (< xamarinios) (< xamarinmac) (< xamarintvos) (< xamarinwatchos)
      System.Text.RegularExpressions (>= 4.3) - restriction: && (< monoandroid) (< monotouch) (< net45) (>= netstandard1.3) (< win8) (< wpa81) (< xamarinios) (< xamarinmac) (< xamarintvos) (< xamarinwatchos)
      System.Threading.Tasks (>= 4.3) - restriction: || (&& (< monoandroid) (< monotouch) (< net45) (>= netstandard1.3) (< win8) (< wpa81) (< xamarinios) (< xamarinmac) (< xamarintvos) (< xamarinwatchos)) (&& (< monoandroid) (< net45) (>= netstandard1.0) (< netstandard1.3) (< win8) (< wp8) (< wpa81))
      System.Threading.Tasks.Extensions (>= 4.3) - restriction: && (< monoandroid) (< monotouch) (< net45) (>= netstandard1.3) (< win8) (< wpa81) (< xamarinios) (< xamarinmac) (< xamarintvos) (< xamarinwatchos)
    System.Xml.XDocument (4.3) - copy_local: false, redirects: force, restriction: || (&& (< monoandroid) (< monotouch) (< net45) (>= netstandard1.3) (< win8) (< wpa81) (< xamarinios) (< xamarinmac) (< xamarintvos) (< xamarinwatchos)) (&& (< monoandroid8.1) (< net45) (>= netstandard1.3) (< xamarinios)) (&& (< net45) (< netstandard1.2) (>= netstandard1.5) (< win8)) (&& (< net45) (< netstandard1.3) (>= netstandard1.5) (< win8) (< wpa81)) (&& (< net45) (< netstandard1.4) (>= netstandard1.5) (< win8) (< wpa81)) (&& (< net45) (>= netstandard1.5) (< netstandard1.6) (< win8) (< wpa81)) (&& (< net45) (>= netstandard1.6) (< netstandard2.0) (< win8) (< wpa81)) (&& (>= netstandard1.5) (< portable-net45+win8+wpa81)) (>= uap10.0)
      System.Collections (>= 4.3) - restriction: && (< monoandroid) (< monotouch) (< net45) (>= netstandard1.3) (< win8) (< wpa81) (< xamarinios) (< xamarinmac) (< xamarintvos) (< xamarinwatchos)
      System.Diagnostics.Debug (>= 4.3) - restriction: && (< monoandroid) (< monotouch) (< net45) (>= netstandard1.3) (< win8) (< wpa81) (< xamarinios) (< xamarinmac) (< xamarintvos) (< xamarinwatchos)
      System.Diagnostics.Tools (>= 4.3) - restriction: && (< monoandroid) (< monotouch) (< net45) (>= netstandard1.3) (< win8) (< wpa81) (< xamarinios) (< xamarinmac) (< xamarintvos) (< xamarinwatchos)
      System.Globalization (>= 4.3) - restriction: && (< monoandroid) (< monotouch) (< net45) (>= netstandard1.3) (< win8) (< wpa81) (< xamarinios) (< xamarinmac) (< xamarintvos) (< xamarinwatchos)
      System.IO (>= 4.3) - restriction: || (&& (< monoandroid) (< monotouch) (< net45) (>= netstandard1.3) (< win8) (< wpa81) (< xamarinios) (< xamarinmac) (< xamarintvos) (< xamarinwatchos)) (&& (< monoandroid) (< net45) (>= netstandard1.0) (< netstandard1.3) (< win8) (< wp8) (< wpa81))
      System.Reflection (>= 4.3) - restriction: && (< monoandroid) (< monotouch) (< net45) (>= netstandard1.3) (< win8) (< wpa81) (< xamarinios) (< xamarinmac) (< xamarintvos) (< xamarinwatchos)
      System.Resources.ResourceManager (>= 4.3) - restriction: && (< monoandroid) (< monotouch) (< net45) (>= netstandard1.3) (< win8) (< wpa81) (< xamarinios) (< xamarinmac) (< xamarintvos) (< xamarinwatchos)
      System.Runtime (>= 4.3) - restriction: || (&& (< monoandroid) (< monotouch) (< net45) (>= netstandard1.3) (< win8) (< wpa81) (< xamarinios) (< xamarinmac) (< xamarintvos) (< xamarinwatchos)) (&& (< monoandroid) (< net45) (>= netstandard1.0) (< netstandard1.3) (< win8) (< wp8) (< wpa81))
      System.Runtime.Extensions (>= 4.3) - restriction: && (< monoandroid) (< monotouch) (< net45) (>= netstandard1.3) (< win8) (< wpa81) (< xamarinios) (< xamarinmac) (< xamarintvos) (< xamarinwatchos)
      System.Text.Encoding (>= 4.3) - restriction: && (< monoandroid) (< monotouch) (< net45) (>= netstandard1.3) (< win8) (< wpa81) (< xamarinios) (< xamarinmac) (< xamarintvos) (< xamarinwatchos)
      System.Threading (>= 4.3) - restriction: && (< monoandroid) (< monotouch) (< net45) (>= netstandard1.3) (< win8) (< wpa81) (< xamarinios) (< xamarinmac) (< xamarintvos) (< xamarinwatchos)
      System.Xml.ReaderWriter (>= 4.3) - restriction: || (&& (< monoandroid) (< monotouch) (< net45) (>= netstandard1.3) (< win8) (< wpa81) (< xamarinios) (< xamarinmac) (< xamarintvos) (< xamarinwatchos)) (&& (< monoandroid) (< net45) (>= netstandard1.0) (< netstandard1.3) (< win8) (< wp8) (< wpa81))
    System.Xml.XmlDocument (4.3) - redirects: on, restriction: || (&& (< monoandroid) (< monotouch) (< net45) (>= netstandard1.3) (< win8) (< wpa81) (< xamarinios) (< xamarinmac) (< xamarintvos) (< xamarinwatchos)) (&& (< monoandroid) (< net45) (>= netstandard2.0) (< xamarinios) (< xamarinmac) (< xamarintvos) (< xamarinwatchos)) (&& (< monoandroid8.1) (< net45) (>= netstandard1.3) (< uap10.0) (< xamarinios)) (&& (< net20) (>= netstandard1.3) (< netstandard2.0)) (&& (< net35) (>= net45) (< netstandard1.3) (>= netstandard1.5)) (&& (< net35) (>= net46) (>= netstandard1.5)) (&& (< net35) (>= net46) (< netstandard1.5)) (&& (< net35) (>= netstandard1.3) (< netstandard1.5)) (&& (< net35) (>= netstandard1.5) (< netstandard2.0)) (&& (< net35) (>= netstandard2.0)) (&& (< net45) (>= net46)) (&& (>= net46) (>= uap10.0)) (&& (>= netcoreapp1.0) (< netstandard2.0)) (&& (>= uap10.0) (< win8) (< wpa81))
      System.Collections (>= 4.3) - restriction: && (< monoandroid) (< monotouch) (< net46) (>= netstandard1.3) (< xamarinios) (< xamarinmac) (< xamarintvos) (< xamarinwatchos)
      System.Diagnostics.Debug (>= 4.3) - restriction: && (< monoandroid) (< monotouch) (< net46) (>= netstandard1.3) (< xamarinios) (< xamarinmac) (< xamarintvos) (< xamarinwatchos)
      System.Globalization (>= 4.3) - restriction: && (< monoandroid) (< monotouch) (< net46) (>= netstandard1.3) (< xamarinios) (< xamarinmac) (< xamarintvos) (< xamarinwatchos)
      System.IO (>= 4.3) - restriction: && (< monoandroid) (< monotouch) (< net46) (>= netstandard1.3) (< xamarinios) (< xamarinmac) (< xamarintvos) (< xamarinwatchos)
      System.Resources.ResourceManager (>= 4.3) - restriction: && (< monoandroid) (< monotouch) (< net46) (>= netstandard1.3) (< xamarinios) (< xamarinmac) (< xamarintvos) (< xamarinwatchos)
      System.Runtime (>= 4.3) - restriction: && (< monoandroid) (< monotouch) (< net46) (>= netstandard1.3) (< xamarinios) (< xamarinmac) (< xamarintvos) (< xamarinwatchos)
      System.Runtime.Extensions (>= 4.3) - restriction: && (< monoandroid) (< monotouch) (< net46) (>= netstandard1.3) (< xamarinios) (< xamarinmac) (< xamarintvos) (< xamarinwatchos)
      System.Text.Encoding (>= 4.3) - restriction: && (< monoandroid) (< monotouch) (< net46) (>= netstandard1.3) (< xamarinios) (< xamarinmac) (< xamarintvos) (< xamarinwatchos)
      System.Threading (>= 4.3) - restriction: && (< monoandroid) (< monotouch) (< net46) (>= netstandard1.3) (< xamarinios) (< xamarinmac) (< xamarintvos) (< xamarinwatchos)
      System.Xml.ReaderWriter (>= 4.3) - restriction: && (< monoandroid) (< monotouch) (< net46) (>= netstandard1.3) (< xamarinios) (< xamarinmac) (< xamarintvos) (< xamarinwatchos)
    System.Xml.XmlSerializer (4.3) - copy_local: false, redirects: force, restriction: || (&& (< monoandroid) (< monotouch) (< net45) (>= netstandard1.3) (< win8) (< wpa81) (< xamarinios) (< xamarinmac) (< xamarintvos) (< xamarinwatchos)) (&& (>= uap10.0) (< win8) (< wpa81))
      System.Collections (>= 4.3) - restriction: && (< monoandroid) (< monotouch) (< net45) (>= netstandard1.3) (< win8) (< wpa81) (< xamarinios) (< xamarinmac) (< xamarintvos) (< xamarinwatchos)
      System.Globalization (>= 4.3) - restriction: && (< monoandroid) (< monotouch) (< net45) (>= netstandard1.3) (< win8) (< wpa81) (< xamarinios) (< xamarinmac) (< xamarintvos) (< xamarinwatchos)
      System.IO (>= 4.3) - restriction: || (&& (< monoandroid) (< monotouch) (< net45) (>= netstandard1.3) (< win8) (< wpa81) (< xamarinios) (< xamarinmac) (< xamarintvos) (< xamarinwatchos)) (&& (< monoandroid) (< net45) (>= netstandard1.0) (< netstandard1.3) (< win8) (< wp8) (< wpa81))
      System.Linq (>= 4.3) - restriction: && (< monoandroid) (< monotouch) (< net45) (>= netstandard1.3) (< win8) (< wpa81) (< xamarinios) (< xamarinmac) (< xamarintvos) (< xamarinwatchos)
      System.Reflection (>= 4.3) - restriction: && (< monoandroid) (< monotouch) (< net45) (>= netstandard1.3) (< win8) (< wpa81) (< xamarinios) (< xamarinmac) (< xamarintvos) (< xamarinwatchos)
      System.Reflection.Emit (>= 4.3) - restriction: && (< monoandroid) (< monotouch) (< net45) (>= netstandard1.3) (< win8) (< wpa81) (< xamarinios) (< xamarinmac) (< xamarintvos) (< xamarinwatchos)
      System.Reflection.Emit.ILGeneration (>= 4.3) - restriction: && (< monoandroid) (< monotouch) (< net45) (>= netstandard1.3) (< win8) (< wpa81) (< xamarinios) (< xamarinmac) (< xamarintvos) (< xamarinwatchos)
      System.Reflection.Extensions (>= 4.3) - restriction: && (< monoandroid) (< monotouch) (< net45) (>= netstandard1.3) (< win8) (< wpa81) (< xamarinios) (< xamarinmac) (< xamarintvos) (< xamarinwatchos)
      System.Reflection.Primitives (>= 4.3) - restriction: && (< monoandroid) (< monotouch) (< net45) (>= netstandard1.3) (< win8) (< wpa81) (< xamarinios) (< xamarinmac) (< xamarintvos) (< xamarinwatchos)
      System.Reflection.TypeExtensions (>= 4.3) - restriction: && (< monoandroid) (< monotouch) (< net45) (>= netstandard1.3) (< win8) (< wpa81) (< xamarinios) (< xamarinmac) (< xamarintvos) (< xamarinwatchos)
      System.Resources.ResourceManager (>= 4.3) - restriction: && (< monoandroid) (< monotouch) (< net45) (>= netstandard1.3) (< win8) (< wpa81) (< xamarinios) (< xamarinmac) (< xamarintvos) (< xamarinwatchos)
      System.Runtime (>= 4.3) - restriction: || (&& (< monoandroid) (< monotouch) (< net45) (>= netstandard1.3) (< win8) (< wpa81) (< xamarinios) (< xamarinmac) (< xamarintvos) (< xamarinwatchos)) (&& (< monoandroid) (< net45) (>= netstandard1.0) (< netstandard1.3) (< win8) (< wp8) (< wpa81))
      System.Runtime.Extensions (>= 4.3) - restriction: && (< monoandroid) (< monotouch) (< net45) (>= netstandard1.3) (< win8) (< wpa81) (< xamarinios) (< xamarinmac) (< xamarintvos) (< xamarinwatchos)
      System.Text.RegularExpressions (>= 4.3) - restriction: && (< monoandroid) (< monotouch) (< net45) (>= netstandard1.3) (< win8) (< wpa81) (< xamarinios) (< xamarinmac) (< xamarintvos) (< xamarinwatchos)
      System.Threading (>= 4.3) - restriction: && (< monoandroid) (< monotouch) (< net45) (>= netstandard1.3) (< win8) (< wpa81) (< xamarinios) (< xamarinmac) (< xamarintvos) (< xamarinwatchos)
      System.Xml.ReaderWriter (>= 4.3) - restriction: || (&& (< monoandroid) (< monotouch) (< net45) (>= netstandard1.3) (< win8) (< wpa81) (< xamarinios) (< xamarinmac) (< xamarintvos) (< xamarinwatchos)) (&& (< monoandroid) (< net45) (>= netstandard1.0) (< netstandard1.3) (< win8) (< wp8) (< wpa81))
      System.Xml.XmlDocument (>= 4.3) - restriction: && (< monoandroid) (< monotouch) (< net45) (>= netstandard1.3) (< win8) (< wpa81) (< xamarinios) (< xamarinmac) (< xamarintvos) (< xamarinwatchos)
    System.Xml.XPath (4.3) - copy_local: false, redirects: force, restriction: || (&& (< monoandroid) (< net45) (>= netstandard2.0) (< xamarinios) (< xamarinmac) (< xamarintvos) (< xamarinwatchos)) (&& (< net45) (>= net46) (>= netstandard2.0)) (&& (>= netcoreapp1.0) (< netstandard2.0))
      System.Collections (>= 4.3) - restriction: && (< monoandroid) (< monotouch) (< net46) (>= netstandard1.3) (< xamarinios) (< xamarinmac) (< xamarintvos) (< xamarinwatchos)
      System.Diagnostics.Debug (>= 4.3) - restriction: && (< monoandroid) (< monotouch) (< net46) (>= netstandard1.3) (< xamarinios) (< xamarinmac) (< xamarintvos) (< xamarinwatchos)
      System.Globalization (>= 4.3) - restriction: && (< monoandroid) (< monotouch) (< net46) (>= netstandard1.3) (< xamarinios) (< xamarinmac) (< xamarintvos) (< xamarinwatchos)
      System.IO (>= 4.3) - restriction: && (< monoandroid) (< monotouch) (< net46) (>= netstandard1.3) (< xamarinios) (< xamarinmac) (< xamarintvos) (< xamarinwatchos)
      System.Resources.ResourceManager (>= 4.3) - restriction: && (< monoandroid) (< monotouch) (< net46) (>= netstandard1.3) (< xamarinios) (< xamarinmac) (< xamarintvos) (< xamarinwatchos)
      System.Runtime (>= 4.3) - restriction: && (< monoandroid) (< monotouch) (< net46) (>= netstandard1.3) (< xamarinios) (< xamarinmac) (< xamarintvos) (< xamarinwatchos)
      System.Runtime.Extensions (>= 4.3) - restriction: && (< monoandroid) (< monotouch) (< net46) (>= netstandard1.3) (< xamarinios) (< xamarinmac) (< xamarintvos) (< xamarinwatchos)
      System.Threading (>= 4.3) - restriction: && (< monoandroid) (< monotouch) (< net46) (>= netstandard1.3) (< xamarinios) (< xamarinmac) (< xamarintvos) (< xamarinwatchos)
      System.Xml.ReaderWriter (>= 4.3) - restriction: && (< monoandroid) (< monotouch) (< net46) (>= netstandard1.3) (< xamarinios) (< xamarinmac) (< xamarintvos) (< xamarinwatchos)
    System.Xml.XPath.XmlDocument (4.3) - copy_local: false, redirects: force, restriction: || (&& (< net45) (>= netstandard2.0)) (&& (>= netcoreapp1.0) (< netstandard2.0))
      System.Collections (>= 4.3) - restriction: && (< monoandroid) (< monotouch) (< net46) (>= netstandard1.3) (< xamarinios) (< xamarinmac) (< xamarintvos) (< xamarinwatchos)
      System.Globalization (>= 4.3) - restriction: && (< monoandroid) (< monotouch) (< net46) (>= netstandard1.3) (< xamarinios) (< xamarinmac) (< xamarintvos) (< xamarinwatchos)
      System.IO (>= 4.3) - restriction: && (< monoandroid) (< monotouch) (< net46) (>= netstandard1.3) (< xamarinios) (< xamarinmac) (< xamarintvos) (< xamarinwatchos)
      System.Resources.ResourceManager (>= 4.3) - restriction: && (< monoandroid) (< monotouch) (< net46) (>= netstandard1.3) (< xamarinios) (< xamarinmac) (< xamarintvos) (< xamarinwatchos)
      System.Runtime (>= 4.3) - restriction: && (< monoandroid) (< monotouch) (< net46) (>= netstandard1.3) (< xamarinios) (< xamarinmac) (< xamarintvos) (< xamarinwatchos)
      System.Runtime.Extensions (>= 4.3) - restriction: && (< monoandroid) (< monotouch) (< net46) (>= netstandard1.3) (< xamarinios) (< xamarinmac) (< xamarintvos) (< xamarinwatchos)
      System.Threading (>= 4.3) - restriction: && (< monoandroid) (< monotouch) (< net46) (>= netstandard1.3) (< xamarinios) (< xamarinmac) (< xamarintvos) (< xamarinwatchos)
      System.Xml.ReaderWriter (>= 4.3) - restriction: && (< monoandroid) (< monotouch) (< net46) (>= netstandard1.3) (< xamarinios) (< xamarinmac) (< xamarintvos) (< xamarinwatchos)
      System.Xml.XmlDocument (>= 4.3) - restriction: || (&& (< monoandroid) (< monotouch) (>= netstandard1.3) (< xamarinios) (< xamarinmac) (< xamarintvos) (< xamarinwatchos)) (>= net46)
      System.Xml.XPath (>= 4.3) - restriction: || (&& (< monoandroid) (< monotouch) (>= netstandard1.3) (< xamarinios) (< xamarinmac) (< xamarintvos) (< xamarinwatchos)) (>= net46)
    VSLangProj (16.9.31023.347) - restriction: >= net472
      EnvDTE (>= 16.9.31023.347) - restriction: || (>= net45) (>= netstandard2.0)
      Microsoft.VisualStudio.SDK.EmbedInteropTypes (>= 15.0.34) - restriction: || (>= net45) (>= netstandard2.0)
    VSLangProj100 (16.9.31023.347) - restriction: >= net472
      Microsoft.VisualStudio.SDK.EmbedInteropTypes (>= 15.0.34) - restriction: || (>= net45) (>= netstandard2.0)
    VSLangProj110 (16.9.31023.347) - restriction: >= net472
      Microsoft.VisualStudio.SDK.EmbedInteropTypes (>= 15.0.34) - restriction: || (>= net45) (>= netstandard2.0)
      VSLangProj80 (>= 16.9.31023.347) - restriction: || (>= net45) (>= netstandard2.0)
      VSLangProj90 (>= 16.9.31023.347) - restriction: || (>= net45) (>= netstandard2.0)
    VSLangProj140 (16.9.31023.347) - restriction: >= net472
      Microsoft.VisualStudio.SDK.EmbedInteropTypes (>= 15.0.34) - restriction: || (>= net45) (>= netstandard2.0)
      VSLangProj80 (>= 16.9.31023.347) - restriction: || (>= net45) (>= netstandard2.0)
    VSLangProj150 (16.9.31023.347) - restriction: >= net472
      Microsoft.VisualStudio.SDK.EmbedInteropTypes (>= 15.0.34) - restriction: || (>= net45) (>= netstandard2.0)
      VSLangProj110 (>= 16.9.31023.347) - restriction: || (>= net45) (>= netstandard2.0)
      VSLangProj140 (>= 16.9.31023.347) - restriction: || (>= net45) (>= netstandard2.0)
    VSLangProj157 (16.9.31023.347) - restriction: >= net472
      Microsoft.VisualStudio.SDK.EmbedInteropTypes (>= 15.0.34) - restriction: || (>= net45) (>= netstandard2.0)
      VSLangProj110 (>= 16.9.31023.347) - restriction: || (>= net45) (>= netstandard2.0)
    VSLangProj158 (16.9.31023.347) - restriction: >= net472
      Microsoft.VisualStudio.SDK.EmbedInteropTypes (>= 15.0.34) - restriction: || (>= net45) (>= netstandard2.0)
      VSLangProj110 (>= 16.9.31023.347) - restriction: || (>= net45) (>= netstandard2.0)
    VSLangProj165 (16.9.31024.71) - restriction: >= net472
      Microsoft.VisualStudio.SDK.EmbedInteropTypes (>= 15.0.34) - restriction: || (>= net45) (>= netstandard2.0)
    VSLangProj2 (16.9.31023.347) - restriction: >= net472
      Microsoft.VisualStudio.SDK.EmbedInteropTypes (>= 15.0.34) - restriction: || (>= net45) (>= netstandard2.0)
      VSLangProj (>= 16.9.31023.347) - restriction: || (>= net45) (>= netstandard2.0)
    VSLangProj80 (16.9.31023.347) - restriction: >= net472
      Microsoft.VisualStudio.SDK.EmbedInteropTypes (>= 15.0.34) - restriction: || (>= net45) (>= netstandard2.0)
      VSLangProj2 (>= 16.9.31023.347) - restriction: || (>= net45) (>= netstandard2.0)
    VSLangProj90 (16.9.31023.347) - restriction: >= net472
      Microsoft.VisualStudio.SDK.EmbedInteropTypes (>= 15.0.34) - restriction: || (>= net45) (>= netstandard2.0)
    Xamarin.Android.Arch.Core.Common (1.1.1.3) - copy_local: false, redirects: force, restriction: >= monoandroid8.1
      Xamarin.Android.Support.Annotations (28.0.0.3) - restriction: >= monoandroid8.0
    Xamarin.Android.Arch.Core.Runtime (1.1.1.3) - copy_local: false, redirects: force, restriction: >= monoandroid9.0
      Xamarin.Android.Arch.Core.Common (1.1.1.3) - restriction: >= monoandroid8.1
      Xamarin.Android.Support.Annotations (28.0.0.3) - restriction: >= monoandroid8.1
    Xamarin.Android.Arch.Lifecycle.Common (1.1.1.3) - copy_local: false, redirects: force, restriction: >= monoandroid8.1
      Xamarin.Android.Support.Annotations (28.0.0.3) - restriction: >= monoandroid8.0
    Xamarin.Android.Arch.Lifecycle.LiveData (1.1.1.3) - copy_local: false, redirects: force, restriction: >= monoandroid9.0
      Xamarin.Android.Arch.Core.Common (1.1.1.3) - restriction: >= monoandroid9.0
      Xamarin.Android.Arch.Core.Runtime (1.1.1.3) - restriction: >= monoandroid9.0
      Xamarin.Android.Arch.Lifecycle.LiveData.Core (1.1.1.3) - restriction: >= monoandroid9.0
    Xamarin.Android.Arch.Lifecycle.LiveData.Core (1.1.1.3) - copy_local: false, redirects: force, restriction: >= monoandroid9.0
      Xamarin.Android.Arch.Core.Common (1.1.1.3) - restriction: >= monoandroid9.0
      Xamarin.Android.Arch.Core.Runtime (1.1.1.3) - restriction: >= monoandroid9.0
      Xamarin.Android.Arch.Lifecycle.Common (1.1.1.3) - restriction: >= monoandroid9.0
    Xamarin.Android.Arch.Lifecycle.Runtime (1.1.1.3) - copy_local: false, redirects: force, restriction: >= monoandroid8.1
      Xamarin.Android.Arch.Core.Common (1.1.1.3) - restriction: >= monoandroid8.0
      Xamarin.Android.Arch.Lifecycle.Common (1.1.1.3) - restriction: >= monoandroid8.0
      Xamarin.Android.Support.Annotations (28.0.0.3) - restriction: >= monoandroid8.0
    Xamarin.Android.Arch.Lifecycle.ViewModel (1.1.1.3) - copy_local: false, redirects: force, restriction: >= monoandroid9.0
      Xamarin.Android.Support.Annotations (28.0.0.3) - restriction: >= monoandroid9.0
    Xamarin.Android.Support.Animated.Vector.Drawable (28.0.0.3) - copy_local: false, redirects: force, restriction: >= monoandroid8.1
      Xamarin.Android.Support.Core.UI (28.0.0.3) - restriction: >= monoandroid9.0
      Xamarin.Android.Support.Vector.Drawable (28.0.0.3) - restriction: >= monoandroid6.0
    Xamarin.Android.Support.Annotations (28.0.0.3) - copy_local: false, redirects: force, restriction: >= monoandroid8.1
    Xamarin.Android.Support.AsyncLayoutInflater (28.0.0.3) - copy_local: false, redirects: force, restriction: >= monoandroid9.0
      Xamarin.Android.Support.Annotations (28.0.0.3) - restriction: >= monoandroid9.0
      Xamarin.Android.Support.Compat (28.0.0.3) - restriction: >= monoandroid9.0
    Xamarin.Android.Support.Collections (28.0.0.3) - copy_local: false, redirects: force, restriction: >= monoandroid9.0
      Xamarin.Android.Support.Annotations (28.0.0.3) - restriction: >= monoandroid9.0
    Xamarin.Android.Support.Compat (28.0.0.3) - copy_local: false, redirects: force, restriction: >= monoandroid8.1
      Xamarin.Android.Arch.Lifecycle.Runtime (1.1.1.3) - restriction: >= monoandroid8.0
      Xamarin.Android.Support.Annotations (28.0.0.3) - restriction: >= monoandroid7.1
      Xamarin.Android.Support.Collections (28.0.0.3) - restriction: >= monoandroid9.0
      Xamarin.Android.Support.VersionedParcelable (28.0.0.3) - restriction: >= monoandroid9.0
    Xamarin.Android.Support.CoordinaterLayout (28.0.0.3) - copy_local: false, redirects: force, restriction: >= monoandroid9.0
      Xamarin.Android.Support.Annotations (28.0.0.3) - restriction: >= monoandroid9.0
      Xamarin.Android.Support.Compat (28.0.0.3) - restriction: >= monoandroid9.0
      Xamarin.Android.Support.CustomView (28.0.0.3) - restriction: >= monoandroid9.0
    Xamarin.Android.Support.Core.UI (28.0.0.3) - copy_local: false, redirects: force, restriction: >= monoandroid8.1
      Xamarin.Android.Support.Annotations (28.0.0.3) - restriction: >= monoandroid9.0
      Xamarin.Android.Support.AsyncLayoutInflater (28.0.0.3) - restriction: >= monoandroid9.0
      Xamarin.Android.Support.Compat (28.0.0.3) - restriction: >= monoandroid7.0
      Xamarin.Android.Support.CoordinaterLayout (28.0.0.3) - restriction: >= monoandroid9.0
      Xamarin.Android.Support.Core.Utils (28.0.0.3) - restriction: >= monoandroid9.0
      Xamarin.Android.Support.CursorAdapter (28.0.0.3) - restriction: >= monoandroid9.0
      Xamarin.Android.Support.CustomView (28.0.0.3) - restriction: >= monoandroid9.0
      Xamarin.Android.Support.DrawerLayout (28.0.0.3) - restriction: >= monoandroid9.0
      Xamarin.Android.Support.Interpolator (28.0.0.3) - restriction: >= monoandroid9.0
      Xamarin.Android.Support.SlidingPaneLayout (28.0.0.3) - restriction: >= monoandroid9.0
      Xamarin.Android.Support.SwipeRefreshLayout (28.0.0.3) - restriction: >= monoandroid9.0
      Xamarin.Android.Support.ViewPager (28.0.0.3) - restriction: >= monoandroid9.0
    Xamarin.Android.Support.Core.Utils (28.0.0.3) - copy_local: false, redirects: force, restriction: >= monoandroid8.1
      Xamarin.Android.Support.Annotations (28.0.0.3) - restriction: >= monoandroid9.0
      Xamarin.Android.Support.Compat (28.0.0.3) - restriction: >= monoandroid7.0
      Xamarin.Android.Support.DocumentFile (28.0.0.3) - restriction: >= monoandroid9.0
      Xamarin.Android.Support.Loader (28.0.0.3) - restriction: >= monoandroid9.0
      Xamarin.Android.Support.LocalBroadcastManager (28.0.0.3) - restriction: >= monoandroid9.0
      Xamarin.Android.Support.Print (28.0.0.3) - restriction: >= monoandroid9.0
    Xamarin.Android.Support.CursorAdapter (28.0.0.3) - copy_local: false, redirects: force, restriction: >= monoandroid9.0
      Xamarin.Android.Support.Annotations (28.0.0.3) - restriction: >= monoandroid9.0
    Xamarin.Android.Support.CustomTabs (28.0.0.3) - copy_local: false, redirects: force, restriction: >= monoandroid8.1
      Xamarin.Android.Support.Annotations (28.0.0.3) - restriction: >= monoandroid9.0
      Xamarin.Android.Support.Collections (28.0.0.3) - restriction: >= monoandroid9.0
      Xamarin.Android.Support.Compat (28.0.0.3) - restriction: >= monoandroid7.0
      Xamarin.Android.Support.Core.UI (28.0.0.3) - restriction: >= monoandroid9.0
      Xamarin.Android.Support.Interpolator (28.0.0.3) - restriction: >= monoandroid9.0
    Xamarin.Android.Support.CustomView (28.0.0.3) - copy_local: false, redirects: force, restriction: >= monoandroid9.0
      Xamarin.Android.Support.Annotations (28.0.0.3) - restriction: >= monoandroid9.0
      Xamarin.Android.Support.Compat (28.0.0.3) - restriction: >= monoandroid9.0
    Xamarin.Android.Support.DocumentFile (28.0.0.3) - copy_local: false, redirects: force, restriction: >= monoandroid9.0
      Xamarin.Android.Support.Annotations (28.0.0.3) - restriction: >= monoandroid9.0
    Xamarin.Android.Support.DrawerLayout (28.0.0.3) - copy_local: false, redirects: force, restriction: >= monoandroid9.0
      Xamarin.Android.Support.Annotations (28.0.0.3) - restriction: >= monoandroid9.0
      Xamarin.Android.Support.Compat (28.0.0.3) - restriction: >= monoandroid9.0
      Xamarin.Android.Support.CustomView (28.0.0.3) - restriction: >= monoandroid9.0
    Xamarin.Android.Support.Fragment (28.0.0.3) - copy_local: false, redirects: force, restriction: >= monoandroid8.1
      Xamarin.Android.Arch.Lifecycle.ViewModel (1.1.1.3) - restriction: >= monoandroid9.0
      Xamarin.Android.Support.Annotations (28.0.0.3) - restriction: >= monoandroid9.0
      Xamarin.Android.Support.Compat (28.0.0.3) - restriction: >= monoandroid7.0
      Xamarin.Android.Support.Core.UI (28.0.0.3) - restriction: >= monoandroid7.0
      Xamarin.Android.Support.Core.Utils (28.0.0.3) - restriction: >= monoandroid7.0
      Xamarin.Android.Support.Loader (28.0.0.3) - restriction: >= monoandroid9.0
    Xamarin.Android.Support.Interpolator (28.0.0.3) - copy_local: false, redirects: force, restriction: >= monoandroid9.0
      Xamarin.Android.Support.Annotations (28.0.0.3) - restriction: >= monoandroid9.0
    Xamarin.Android.Support.Loader (28.0.0.3) - copy_local: false, redirects: force, restriction: >= monoandroid9.0
      Xamarin.Android.Arch.Lifecycle.LiveData (1.1.1.3) - restriction: >= monoandroid9.0
      Xamarin.Android.Arch.Lifecycle.ViewModel (1.1.1.3) - restriction: >= monoandroid9.0
      Xamarin.Android.Support.Annotations (28.0.0.3) - restriction: >= monoandroid9.0
      Xamarin.Android.Support.Compat (28.0.0.3) - restriction: >= monoandroid9.0
    Xamarin.Android.Support.LocalBroadcastManager (28.0.0.3) - copy_local: false, redirects: force, restriction: >= monoandroid9.0
      Xamarin.Android.Support.Annotations (28.0.0.3) - restriction: >= monoandroid9.0
    Xamarin.Android.Support.Media.Compat (28.0.0.3) - copy_local: false, redirects: force, restriction: || (&& (< monoandroid7.1) (>= monoandroid8.1)) (&& (< monoandroid8.0) (>= monoandroid8.1)) (&& (>= monoandroid8.1) (< monoandroid9.0))
      Xamarin.Android.Support.Compat (28.0.0.3) - restriction: >= monoandroid7.0
    Xamarin.Android.Support.Print (28.0.0.3) - copy_local: false, redirects: force, restriction: >= monoandroid9.0
      Xamarin.Android.Support.Annotations (28.0.0.3) - restriction: >= monoandroid9.0
    Xamarin.Android.Support.SlidingPaneLayout (28.0.0.3) - copy_local: false, redirects: force, restriction: >= monoandroid9.0
      Xamarin.Android.Support.Annotations (28.0.0.3) - restriction: >= monoandroid9.0
      Xamarin.Android.Support.Compat (28.0.0.3) - restriction: >= monoandroid9.0
      Xamarin.Android.Support.CustomView (28.0.0.3) - restriction: >= monoandroid9.0
    Xamarin.Android.Support.SwipeRefreshLayout (28.0.0.3) - copy_local: false, redirects: force, restriction: >= monoandroid9.0
      Xamarin.Android.Support.Annotations (28.0.0.3) - restriction: >= monoandroid9.0
      Xamarin.Android.Support.Compat (28.0.0.3) - restriction: >= monoandroid9.0
      Xamarin.Android.Support.Interpolator (28.0.0.3) - restriction: >= monoandroid9.0
    Xamarin.Android.Support.v7.AppCompat (28.0.0.3) - copy_local: false, redirects: force, restriction: >= monoandroid8.1
      Xamarin.Android.Support.Animated.Vector.Drawable (28.0.0.3) - restriction: >= monoandroid6.0
      Xamarin.Android.Support.Annotations (28.0.0.3) - restriction: >= monoandroid9.0
      Xamarin.Android.Support.Collections (28.0.0.3) - restriction: >= monoandroid9.0
      Xamarin.Android.Support.Compat (28.0.0.3) - restriction: >= monoandroid7.0
      Xamarin.Android.Support.Core.UI (28.0.0.3) - restriction: || (&& (>= monoandroid7.0) (< monoandroid7.1)) (&& (>= monoandroid7.1) (< monoandroid8.0)) (&& (>= monoandroid8.0) (< monoandroid8.1)) (&& (>= monoandroid8.1) (< monoandroid9.0))
      Xamarin.Android.Support.Core.Utils (28.0.0.3) - restriction: >= monoandroid7.0
      Xamarin.Android.Support.CursorAdapter (28.0.0.3) - restriction: >= monoandroid9.0
      Xamarin.Android.Support.Fragment (28.0.0.3) - restriction: >= monoandroid7.0
      Xamarin.Android.Support.Media.Compat (28.0.0.3) - restriction: || (&& (>= monoandroid7.0) (< monoandroid7.1)) (&& (>= monoandroid7.1) (< monoandroid8.0)) (&& (>= monoandroid8.0) (< monoandroid8.1)) (&& (>= monoandroid8.1) (< monoandroid9.0))
      Xamarin.Android.Support.Vector.Drawable (28.0.0.3) - restriction: >= monoandroid6.0
    Xamarin.Android.Support.Vector.Drawable (28.0.0.3) - copy_local: false, redirects: force, restriction: >= monoandroid8.1
      Xamarin.Android.Support.Annotations (28.0.0.3) - restriction: >= monoandroid9.0
      Xamarin.Android.Support.Compat (28.0.0.3) - restriction: >= monoandroid7.0
    Xamarin.Android.Support.VersionedParcelable (28.0.0.3) - copy_local: false, redirects: force, restriction: >= monoandroid9.0
      Xamarin.Android.Support.Annotations (28.0.0.3) - restriction: >= monoandroid9.0
      Xamarin.Android.Support.Collections (28.0.0.3) - restriction: >= monoandroid9.0
    Xamarin.Android.Support.ViewPager (28.0.0.3) - copy_local: false, redirects: force, restriction: >= monoandroid9.0
      Xamarin.Android.Support.Annotations (28.0.0.3) - restriction: >= monoandroid9.0
      Xamarin.Android.Support.Compat (28.0.0.3) - restriction: >= monoandroid9.0
      Xamarin.Android.Support.CustomView (28.0.0.3) - restriction: >= monoandroid9.0
    xunit (2.3.1)
      xunit.analyzers (>= 0.7)
      xunit.assert (2.3.1)
      xunit.core (2.3.1)
    xunit.abstractions (2.0.3) - restriction: || (>= net452) (>= netstandard1.5)
      NETStandard.Library (>= 1.6) - restriction: && (< net35) (>= netstandard1.0) (< netstandard2.0)
    xunit.analyzers (0.10)
    xunit.assert (2.3.1)
      NETStandard.Library (>= 1.6.1) - restriction: && (< net452) (>= netstandard1.1)
    xunit.core (2.3.1)
      xunit.extensibility.core (2.3.1)
      xunit.extensibility.execution (2.3.1)
    xunit.extensibility.core (2.3.1)
      NETStandard.Library (>= 1.6.1) - restriction: && (< net452) (>= netstandard1.1)
      xunit.abstractions (>= 2.0.1) - restriction: >= netstandard1.1
    xunit.extensibility.execution (2.3.1)
      NETStandard.Library (>= 1.6.1) - restriction: && (< net452) (>= netstandard1.1)
      xunit.extensibility.core (2.3.1) - restriction: >= netstandard1.1
    xunit.runner.visualstudio (2.3.1) - version_in_path: true
      Microsoft.NET.Test.Sdk (>= 15.0) - restriction: >= netcoreapp1.0
    Xunit.StaFact (0.2.17)
      NETStandard.Library (>= 1.6.1) - restriction: && (< net45) (>= netstandard1.1)
      xunit.extensibility.execution (>= 2.1) - restriction: && (>= net45) (< net452)
      xunit.extensibility.execution (>= 2.3.1) - restriction: || (&& (< net45) (>= netstandard1.1)) (>= net452)

GROUP vs14
RESTRICTION: == net48
NUGET
  remote: https://api.nuget.org/v3/index.json
    Microsoft.AspNet.WebApi.Client (5.2.7) - copy_local: false, redirects: force
      Newtonsoft.Json (>= 6.0.4)
    Microsoft.AspNet.WebApi.Core (5.2.7) - copy_local: false, redirects: force
      Microsoft.AspNet.WebApi.Client (>= 5.2.7)
    Microsoft.Azure.Services.AppAuthentication (1.4) - copy_local: false, redirects: force
      Microsoft.IdentityModel.Clients.ActiveDirectory (>= 5.2)
    Microsoft.IdentityModel.Clients.ActiveDirectory (5.2.7) - copy_local: false, redirects: force
      System.Net.Http (>= 4.3.4)
    Microsoft.IdentityModel.JsonWebTokens (6.5) - copy_local: false, redirects: force
      Microsoft.IdentityModel.Tokens (>= 6.5)
    Microsoft.IdentityModel.Logging (6.5) - copy_local: false, redirects: force
    Microsoft.IdentityModel.Tokens (6.5) - copy_local: false, redirects: force
      Microsoft.IdentityModel.Logging (>= 6.5)
    Microsoft.Rest.ClientRuntime (2.3.21) - copy_local: false, redirects: force
      Newtonsoft.Json (>= 10.0.3)
    Microsoft.TeamFoundationServer.Client (14.102) - copy_local: false, redirects: force
      Microsoft.AspNet.WebApi.Client (>= 5.2.2)
      Microsoft.VisualStudio.Services.Client (14.102)
      Newtonsoft.Json (>= 6.0.8)
    Microsoft.TeamFoundationServer.ExtendedClient (14.102) - copy_local: false, redirects: force
      Microsoft.AspNet.WebApi.Client (>= 5.2.2)
      Microsoft.AspNet.WebApi.Core (>= 5.2.2)
      Microsoft.IdentityModel.Clients.ActiveDirectory (>= 2.16.204221202)
      Microsoft.TeamFoundationServer.Client (14.102)
      Microsoft.VisualStudio.Services.Client (14.102)
      Microsoft.VisualStudio.Services.InteractiveClient (14.102)
      Newtonsoft.Json (>= 6.0.8)
      System.IdentityModel.Tokens.Jwt (>= 4.0)
    Microsoft.VisualStudio.Services.Client (14.102) - copy_local: false, redirects: force
      Microsoft.AspNet.WebApi.Client (>= 5.2.2)
      Newtonsoft.Json (>= 6.0.8)
    Microsoft.VisualStudio.Services.InteractiveClient (14.102) - copy_local: false, redirects: force
      Microsoft.AspNet.WebApi.Client (>= 5.2.2)
      Microsoft.IdentityModel.Clients.ActiveDirectory (>= 2.16.204221202)
      Microsoft.VisualStudio.Services.Client (14.102)
      Newtonsoft.Json (>= 6.0.8)
      System.IdentityModel.Tokens.Jwt (>= 4.0)
      WindowsAzure.ServiceBus (>= 2.5.1)
    Newtonsoft.Json (12.0.3) - copy_local: false, redirects: force
    System.IdentityModel.Tokens.Jwt (6.5) - copy_local: false, redirects: force
      Microsoft.IdentityModel.JsonWebTokens (>= 6.5)
      Microsoft.IdentityModel.Tokens (>= 6.5)
    System.IO (4.3) - copy_local: false, redirects: force
    System.Net.Http (4.3.4) - copy_local: false, redirects: force
      System.Security.Cryptography.X509Certificates (>= 4.3)
    System.Runtime (4.3.1) - copy_local: false, redirects: force
    System.Security.Cryptography.Algorithms (4.3.1) - copy_local: false, redirects: force
      System.IO (>= 4.3)
      System.Runtime (>= 4.3)
      System.Security.Cryptography.Encoding (>= 4.3)
      System.Security.Cryptography.Primitives (>= 4.3)
    System.Security.Cryptography.Encoding (4.3) - copy_local: false, redirects: force
    System.Security.Cryptography.Primitives (4.3) - copy_local: false, redirects: force
    System.Security.Cryptography.X509Certificates (4.3.2) - copy_local: false, redirects: force
      System.Security.Cryptography.Algorithms (>= 4.3)
      System.Security.Cryptography.Encoding (>= 4.3)
    WindowsAzure.ServiceBus (6.0.1) - copy_local: false, redirects: force
      Microsoft.Azure.Services.AppAuthentication (>= 1.0.3)
      Microsoft.Rest.ClientRuntime (>= 2.3.20)
      System.IdentityModel.Tokens.Jwt (>= 4.0.4.403061554)

GROUP vs15
RESTRICTION: == net48
NUGET
  remote: https://api.nuget.org/v3/index.json
    Microsoft.AspNet.WebApi.Client (5.2.7) - copy_local: false, redirects: force
      Newtonsoft.Json (>= 6.0.4)
    Microsoft.AspNet.WebApi.Core (5.2.7) - copy_local: false, redirects: force
      Microsoft.AspNet.WebApi.Client (>= 5.2.7)
    Microsoft.Azure.Services.AppAuthentication (1.4) - copy_local: false, redirects: force
      Microsoft.IdentityModel.Clients.ActiveDirectory (>= 5.2)
    Microsoft.IdentityModel.Clients.ActiveDirectory (5.2.7) - copy_local: false, redirects: force
      System.Net.Http (>= 4.3.4)
    Microsoft.IdentityModel.JsonWebTokens (6.5) - copy_local: false, redirects: force
      Microsoft.IdentityModel.Tokens (>= 6.5)
    Microsoft.IdentityModel.Logging (6.5) - copy_local: false, redirects: force
    Microsoft.IdentityModel.Tokens (6.5) - copy_local: false, redirects: force
      Microsoft.IdentityModel.Logging (>= 6.5)
    Microsoft.Rest.ClientRuntime (2.3.21) - copy_local: false, redirects: force
      Newtonsoft.Json (>= 10.0.3)
    Microsoft.TeamFoundation.DistributedTask.Common (15.112.1) - copy_local: false, redirects: force
      Microsoft.Tpl.Dataflow (>= 4.5.24)
      Microsoft.VisualStudio.Services.Client (15.112.1)
      Newtonsoft.Json (>= 8.0.3)
    Microsoft.TeamFoundationServer.Client (15.112.1) - copy_local: false, redirects: force
      Microsoft.AspNet.WebApi.Client (>= 5.2.2)
      Microsoft.TeamFoundation.DistributedTask.Common (15.112.1)
      Microsoft.VisualStudio.Services.Client (15.112.1)
      Newtonsoft.Json (>= 8.0.3)
    Microsoft.TeamFoundationServer.ExtendedClient (15.112.1) - copy_local: false, redirects: force
      Microsoft.AspNet.WebApi.Client (>= 5.2.2)
      Microsoft.AspNet.WebApi.Core (>= 5.2.2)
      Microsoft.IdentityModel.Clients.ActiveDirectory (>= 3.13.5)
      Microsoft.TeamFoundationServer.Client (15.112.1)
      Microsoft.VisualStudio.Services.Client (15.112.1)
      Microsoft.VisualStudio.Services.InteractiveClient (15.112.1)
      Newtonsoft.Json (>= 8.0.3)
      System.IdentityModel.Tokens.Jwt (>= 4.0.2.206221351)
    Microsoft.Tpl.Dataflow (4.5.24) - copy_local: false, redirects: force
    Microsoft.VisualStudio.Services.Client (15.112.1) - copy_local: false, redirects: force
      Microsoft.AspNet.WebApi.Client (>= 5.2.2)
      Newtonsoft.Json (>= 8.0.3)
    Microsoft.VisualStudio.Services.InteractiveClient (15.112.1) - copy_local: false, redirects: force
      Microsoft.AspNet.WebApi.Client (>= 5.2.2)
      Microsoft.IdentityModel.Clients.ActiveDirectory (>= 3.13.5)
      Microsoft.VisualStudio.Services.Client (15.112.1)
      Newtonsoft.Json (>= 8.0.3)
      System.IdentityModel.Tokens.Jwt (>= 4.0.2.206221351)
      WindowsAzure.ServiceBus (>= 3.3.2)
    Newtonsoft.Json (12.0.3) - copy_local: false, redirects: force
    System.IdentityModel.Tokens.Jwt (6.5) - copy_local: false, redirects: force
      Microsoft.IdentityModel.JsonWebTokens (>= 6.5)
      Microsoft.IdentityModel.Tokens (>= 6.5)
    System.IO (4.3) - copy_local: false, redirects: force
    System.Net.Http (4.3.4) - copy_local: false, redirects: force
      System.Security.Cryptography.X509Certificates (>= 4.3)
    System.Runtime (4.3.1) - copy_local: false, redirects: force
    System.Security.Cryptography.Algorithms (4.3.1) - copy_local: false, redirects: force
      System.IO (>= 4.3)
      System.Runtime (>= 4.3)
      System.Security.Cryptography.Encoding (>= 4.3)
      System.Security.Cryptography.Primitives (>= 4.3)
    System.Security.Cryptography.Encoding (4.3) - copy_local: false, redirects: force
    System.Security.Cryptography.Primitives (4.3) - copy_local: false, redirects: force
    System.Security.Cryptography.X509Certificates (4.3.2) - copy_local: false, redirects: force
      System.Security.Cryptography.Algorithms (>= 4.3)
      System.Security.Cryptography.Encoding (>= 4.3)
    WindowsAzure.ServiceBus (6.0.1) - copy_local: false, redirects: force
      Microsoft.Azure.Services.AppAuthentication (>= 1.0.3)
      Microsoft.Rest.ClientRuntime (>= 2.3.20)
      System.IdentityModel.Tokens.Jwt (>= 4.0.4.403061554)

GROUP vs16
RESTRICTION: == net48
NUGET
  remote: https://api.nuget.org/v3/index.json
    Ben.Demystifier (0.1.6) - copy_local: false, redirects: force
      System.Reflection.Metadata (>= 1.6)
      System.Threading.Tasks.Extensions (>= 4.5.3)
    Microsoft.AspNet.WebApi.Client (5.2.7) - copy_local: false, redirects: force
      Newtonsoft.Json (>= 6.0.4)
    Microsoft.AspNet.WebApi.Core (5.2.7) - copy_local: false, redirects: force
      Microsoft.AspNet.WebApi.Client (>= 5.2.7)
    Microsoft.IdentityModel.Clients.ActiveDirectory (5.2.7) - copy_local: false, redirects: force
      System.Net.Http (>= 4.3.4)
    Microsoft.IdentityModel.JsonWebTokens (6.5) - copy_local: false, redirects: force
      Microsoft.IdentityModel.Tokens (>= 6.5)
    Microsoft.IdentityModel.Logging (6.5) - copy_local: false, redirects: force
    Microsoft.IdentityModel.Tokens (6.5) - copy_local: false, redirects: force
      Microsoft.IdentityModel.Logging (>= 6.5)
    Microsoft.TeamFoundation.DistributedTask.Common.Contracts (16.147.0-preview) - copy_local: false, redirects: force
      Microsoft.VisualStudio.Services.Client (16.147.0-preview)
    Microsoft.TeamFoundationServer.Client (16.147.0-preview) - copy_local: false, redirects: force
      Microsoft.AspNet.WebApi.Client (>= 5.2.3)
      Microsoft.TeamFoundation.DistributedTask.Common.Contracts (16.147.0-preview)
      Microsoft.VisualStudio.Services.Client (16.147.0-preview)
      Newtonsoft.Json (>= 10.0.3)
    Microsoft.TeamFoundationServer.ExtendedClient (16.147.0-preview) - copy_local: false, redirects: force
      Microsoft.AspNet.WebApi.Client (>= 5.2.3)
      Microsoft.AspNet.WebApi.Core (>= 5.2.3)
      Microsoft.IdentityModel.Clients.ActiveDirectory (>= 3.17.2)
      Microsoft.TeamFoundationServer.Client (16.147.0-preview)
      Microsoft.VisualStudio.Services.Client (16.147.0-preview)
      Microsoft.VisualStudio.Services.InteractiveClient (16.147.0-preview)
      Newtonsoft.Json (>= 10.0.3)
      System.IdentityModel.Tokens.Jwt (>= 5.2.1)
    Microsoft.VisualStudio.Services.Client (16.147.0-preview) - copy_local: false, redirects: force
      Microsoft.AspNet.WebApi.Client (>= 5.2.3)
      Microsoft.IdentityModel.Tokens (>= 5.2.1)
      Newtonsoft.Json (>= 10.0.3)
      System.IdentityModel.Tokens.Jwt (>= 5.2.1)
    Microsoft.VisualStudio.Services.InteractiveClient (16.147.0-preview) - copy_local: false, redirects: force
      Ben.Demystifier (>= 0.1.2)
      Microsoft.IdentityModel.Clients.ActiveDirectory (>= 3.17.2)
      Microsoft.IdentityModel.Logging (>= 5.2.1)
      Microsoft.IdentityModel.Tokens (>= 5.2.1)
      Microsoft.VisualStudio.Services.Client (16.147.0-preview)
      Newtonsoft.Json (>= 10.0.3)
      System.IdentityModel.Tokens.Jwt (>= 5.2.1)
    Newtonsoft.Json (12.0.3) - copy_local: false, redirects: force
    System.Buffers (4.5.1) - copy_local: false, redirects: force
    System.Collections.Immutable (5.0) - copy_local: false, redirects: force
      System.Memory (>= 4.5.4)
    System.IdentityModel.Tokens.Jwt (6.5) - copy_local: false, redirects: force
      Microsoft.IdentityModel.JsonWebTokens (>= 6.5)
      Microsoft.IdentityModel.Tokens (>= 6.5)
    System.IO (4.3) - copy_local: false, redirects: force
    System.Memory (4.5.4) - copy_local: false, redirects: force
      System.Buffers (>= 4.5.1)
      System.Numerics.Vectors (>= 4.5)
      System.Runtime.CompilerServices.Unsafe (>= 4.5.3)
    System.Net.Http (4.3.4) - copy_local: false, redirects: force
      System.Security.Cryptography.X509Certificates (>= 4.3)
    System.Numerics.Vectors (4.5) - copy_local: false, redirects: force
    System.Reflection.Metadata (1.8) - copy_local: false, redirects: force
      System.Collections.Immutable (>= 1.7)
    System.Runtime (4.3.1) - copy_local: false, redirects: force
    System.Runtime.CompilerServices.Unsafe (5.0) - copy_local: false, redirects: force
    System.Security.Cryptography.Algorithms (4.3.1) - copy_local: false, redirects: force
      System.IO (>= 4.3)
      System.Runtime (>= 4.3)
      System.Security.Cryptography.Encoding (>= 4.3)
      System.Security.Cryptography.Primitives (>= 4.3)
    System.Security.Cryptography.Encoding (4.3) - copy_local: false, redirects: force
    System.Security.Cryptography.Primitives (4.3) - copy_local: false, redirects: force
    System.Security.Cryptography.X509Certificates (4.3.2) - copy_local: false, redirects: force
      System.Security.Cryptography.Algorithms (>= 4.3)
      System.Security.Cryptography.Encoding (>= 4.3)
    System.Threading.Tasks.Extensions (4.5.4) - copy_local: false, redirects: force
      System.Runtime.CompilerServices.Unsafe (>= 4.5.3)
