RESTRICTION: == net48
NUGET
  remote: https://api.nuget.org/v3/index.json
    AutoFixture (4.11)
      Fare (>= 2.1.1 < 3.0)
    AutoFixture.AutoNSubstitute (4.11)
      AutoFixture (>= 4.11)
      NSubstitute (>= 2.0.3 < 5.0)
    AutoFixture.Xunit2 (4.11)
      AutoFixture (>= 4.11)
      xunit.extensibility.core (>= 2.0 < 3.0)
    Castle.Core (4.4)
    Fare (2.1.2)
    Microsoft.AspNet.WebApi.Client (5.2.7)
      Newtonsoft.Json (>= 6.0.4)
    Microsoft.AspNet.WebApi.Core (5.2.2)
      Microsoft.AspNet.WebApi.Client (>= 5.2.2)
    Microsoft.Azure.Services.AppAuthentication (1.4)
      Microsoft.IdentityModel.Clients.ActiveDirectory (>= 5.2)
    Microsoft.IdentityModel.Clients.ActiveDirectory (5.2.7)
      System.Net.Http (>= 4.3.4)
    Microsoft.IdentityModel.JsonWebTokens (6.5)
      Microsoft.IdentityModel.Tokens (>= 6.5)
    Microsoft.IdentityModel.Logging (6.5)
    Microsoft.IdentityModel.Tokens (6.5)
      Microsoft.IdentityModel.Logging (>= 6.5)
    Microsoft.Rest.ClientRuntime (2.3.21)
      Newtonsoft.Json (>= 10.0.3)
    Microsoft.VisualStudio.SDK.Analyzers (15.8.36)
      Microsoft.VisualStudio.Threading.Analyzers (>= 15.8.168)
    Microsoft.VisualStudio.Services.Client (15.112.1)
      Microsoft.AspNet.WebApi.Client (>= 5.2.2)
      Newtonsoft.Json (>= 8.0.3)
    Microsoft.VisualStudio.Services.InteractiveClient (15.112.1)
      Microsoft.AspNet.WebApi.Client (>= 5.2.2)
      Microsoft.IdentityModel.Clients.ActiveDirectory (>= 3.13.5)
      Microsoft.VisualStudio.Services.Client (15.112.1)
      Newtonsoft.Json (>= 8.0.3)
      System.IdentityModel.Tokens.Jwt (>= 4.0.2.206221351)
      WindowsAzure.ServiceBus (>= 3.3.2)
    Microsoft.VisualStudio.Threading.Analyzers (16.6.13)
    Microsoft.VSSDK.BuildTools (15.9.3039)
      Microsoft.VisualStudio.SDK.Analyzers (>= 15.8.33)
    Newtonsoft.Json (11.0.1)
    NSubstitute (3.1)
      Castle.Core (>= 4.2)
      System.Threading.Tasks.Extensions (>= 4.3)
    Shouldly (3.0.2)
    StructureMap (4.6.1)
      System.Reflection.Emit.Lightweight (>= 4.3)
    System.IdentityModel.Tokens.Jwt (6.5)
      Microsoft.IdentityModel.JsonWebTokens (>= 6.5)
      Microsoft.IdentityModel.Tokens (>= 6.5)
    System.IO (4.3)
    System.Net.Http (4.3.4)
      System.Security.Cryptography.X509Certificates (>= 4.3)
    System.Reflection.Emit.Lightweight (4.7)
    System.Runtime (4.3.1)
    System.Runtime.CompilerServices.Unsafe (4.7.1)
    System.Security.Cryptography.Algorithms (4.3.1)
      System.IO (>= 4.3)
      System.Runtime (>= 4.3)
      System.Security.Cryptography.Encoding (>= 4.3)
      System.Security.Cryptography.Primitives (>= 4.3)
    System.Security.Cryptography.Encoding (4.3)
    System.Security.Cryptography.Primitives (4.3)
    System.Security.Cryptography.X509Certificates (4.3.2)
      System.Security.Cryptography.Algorithms (>= 4.3)
      System.Security.Cryptography.Encoding (>= 4.3)
    System.Threading.Tasks.Extensions (4.5.4)
      System.Runtime.CompilerServices.Unsafe (>= 4.5.3)
    WindowsAzure.ServiceBus (6.0.1)
      Microsoft.Azure.Services.AppAuthentication (>= 1.0.3)
      Microsoft.Rest.ClientRuntime (>= 2.3.20)
      System.IdentityModel.Tokens.Jwt (>= 4.0.4.403061554)
    xunit (2.3.1)
      xunit.analyzers (>= 0.7)
      xunit.assert (2.3.1)
      xunit.core (2.3.1)
    xunit.abstractions (2.0.3)
    xunit.analyzers (0.10)
    xunit.assert (2.3.1)
    xunit.core (2.3.1)
      xunit.extensibility.core (2.3.1)
      xunit.extensibility.execution (2.3.1)
    xunit.extensibility.core (2.3.1)
      xunit.abstractions (>= 2.0.1)
    xunit.extensibility.execution (2.3.1)
      xunit.extensibility.core (2.3.1)
    xunit.runner.visualstudio (2.3.1) - version_in_path: true
    Xunit.StaFact (0.2.17)
      xunit.extensibility.execution (>= 2.3.1)

GROUP build-script
RESTRICTION: == netstandard2.0
NUGET
  remote: https://api.nuget.org/v3/index.json
    canopy (2.1.5)
      FSharp.Core (>= 4.7)
      Selenium.WebDriver (>= 3.141)
      System.Drawing.Common (>= 4.6)
    Fake (5.16)
    Fake.Api.GitHub (5.19.1)
      FSharp.Core (>= 4.7)
      Octokit (>= 0.36)
    Fake.Core (5.16)
    Fake.Core.CommandLineParsing (5.20.0-alpha.1566)
      FParsec (>= 1.1.1)
      FSharp.Core (>= 4.7)
    Fake.Core.Context (5.20.0-alpha.1566)
      FSharp.Core (>= 4.7)
    Fake.Core.Environment (5.20.0-alpha.1566)
      FSharp.Core (>= 4.7)
    Fake.Core.FakeVar (5.20.0-alpha.1566)
      Fake.Core.Context (>= 5.20.0-alpha.1566)
      FSharp.Core (>= 4.7)
    Fake.Core.Process (5.20.0-alpha.1566)
      Fake.Core.Environment (>= 5.20.0-alpha.1566)
      Fake.Core.FakeVar (>= 5.20.0-alpha.1566)
      Fake.Core.String (>= 5.20.0-alpha.1566)
      Fake.Core.Trace (>= 5.20.0-alpha.1566)
      Fake.IO.FileSystem (>= 5.20.0-alpha.1566)
      FSharp.Core (>= 4.7)
      System.Collections.Immutable (>= 1.7)
    Fake.Core.String (5.20.0-alpha.1566)
      FSharp.Core (>= 4.7)
    Fake.Core.Target (5.20.0-alpha.1566)
      Fake.Core.CommandLineParsing (>= 5.20.0-alpha.1566)
      Fake.Core.Context (>= 5.20.0-alpha.1566)
      Fake.Core.Environment (>= 5.20.0-alpha.1566)
      Fake.Core.FakeVar (>= 5.20.0-alpha.1566)
      Fake.Core.Process (>= 5.20.0-alpha.1566)
      Fake.Core.String (>= 5.20.0-alpha.1566)
      Fake.Core.Trace (>= 5.20.0-alpha.1566)
      FSharp.Control.Reactive (>= 4.2)
      FSharp.Core (>= 4.7)
    Fake.Core.Trace (5.20.0-alpha.1566)
      Fake.Core.Environment (>= 5.20.0-alpha.1566)
      Fake.Core.FakeVar (>= 5.20.0-alpha.1566)
      FSharp.Core (>= 4.7)
    Fake.IO.FileSystem (5.20.0-alpha.1566)
      Fake.Core.String (>= 5.20.0-alpha.1566)
      FSharp.Core (>= 4.7)
    FParsec (1.1.1)
      FSharp.Core (>= 4.3.4)
    FSharp.Control.Reactive (4.2)
      FSharp.Core (>= 4.2.3)
      System.Reactive (>= 4.0)
    FSharp.Core (4.7.1)
    Microsoft.NETCore.Platforms (3.1)
    Microsoft.NETCore.Targets (3.1)
    Newtonsoft.Json (12.0.3)
    Octokit (0.47)
    Selenium.Support (3.141)
      Selenium.WebDriver (>= 3.141)
    Selenium.WebDriver (3.141)
      Newtonsoft.Json (>= 10.0.3)
    Selenium.WebDriver.ChromeDriver (81.0.4044.6900)
    System.Buffers (4.5.1)
    System.Collections.Immutable (1.7)
      System.Memory (>= 4.5.3)
    System.Drawing.Common (4.7)
    System.Memory (4.5.4)
      System.Buffers (>= 4.5.1)
      System.Numerics.Vectors (>= 4.4)
      System.Runtime.CompilerServices.Unsafe (>= 4.5.3)
    System.Numerics.Vectors (4.5)
    System.Reactive (4.4.1)
      System.Runtime.InteropServices.WindowsRuntime (>= 4.3)
      System.Threading.Tasks.Extensions (>= 4.5.4)
    System.Runtime (4.3.1)
      Microsoft.NETCore.Platforms (>= 1.1.1)
      Microsoft.NETCore.Targets (>= 1.1.3)
    System.Runtime.CompilerServices.Unsafe (4.7.1)
    System.Runtime.InteropServices.WindowsRuntime (4.3)
      System.Runtime (>= 4.3)
    System.Threading.Tasks.Extensions (4.5.4)
      System.Runtime.CompilerServices.Unsafe (>= 4.5.3)

GROUP vs14
RESTRICTION: == net48
NUGET
  remote: https://api.nuget.org/v3/index.json
    Microsoft.AspNet.WebApi.Client (5.2.7) - copy_local: false, redirects: force
      Newtonsoft.Json (>= 6.0.4)
    Microsoft.AspNet.WebApi.Core (5.2.7) - copy_local: false, redirects: force
      Microsoft.AspNet.WebApi.Client (>= 5.2.7)
    Microsoft.Azure.Services.AppAuthentication (1.4) - copy_local: false, redirects: force
      Microsoft.IdentityModel.Clients.ActiveDirectory (>= 5.2)
    Microsoft.IdentityModel.Clients.ActiveDirectory (5.2.7) - copy_local: false, redirects: force
      System.Net.Http (>= 4.3.4)
    Microsoft.IdentityModel.JsonWebTokens (6.5) - copy_local: false, redirects: force
      Microsoft.IdentityModel.Tokens (>= 6.5)
    Microsoft.IdentityModel.Logging (6.5) - copy_local: false, redirects: force
    Microsoft.IdentityModel.Tokens (6.5) - copy_local: false, redirects: force
      Microsoft.IdentityModel.Logging (>= 6.5)
    Microsoft.Rest.ClientRuntime (2.3.21) - copy_local: false, redirects: force
      Newtonsoft.Json (>= 10.0.3)
    Microsoft.TeamFoundationServer.Client (14.102) - copy_local: false, redirects: force
      Microsoft.AspNet.WebApi.Client (>= 5.2.2)
      Microsoft.VisualStudio.Services.Client (14.102)
      Newtonsoft.Json (>= 6.0.8)
    Microsoft.TeamFoundationServer.ExtendedClient (14.102) - copy_local: false, redirects: force
      Microsoft.AspNet.WebApi.Client (>= 5.2.2)
      Microsoft.AspNet.WebApi.Core (>= 5.2.2)
      Microsoft.IdentityModel.Clients.ActiveDirectory (>= 2.16.204221202)
      Microsoft.TeamFoundationServer.Client (14.102)
      Microsoft.VisualStudio.Services.Client (14.102)
      Microsoft.VisualStudio.Services.InteractiveClient (14.102)
      Newtonsoft.Json (>= 6.0.8)
      System.IdentityModel.Tokens.Jwt (>= 4.0)
    Microsoft.VisualStudio.CoreUtility (15.5.27130) - copy_local: false
    Microsoft.VisualStudio.ImageCatalog (16.5.29903.111) - copy_local: false
    Microsoft.VisualStudio.Imaging (15.5.27130) - copy_local: false
      Microsoft.VisualStudio.CoreUtility (>= 15.5.27130)
      Microsoft.VisualStudio.ImageCatalog (>= 15.5.27130)
    Microsoft.VisualStudio.OLE.Interop (7.10.6071) - copy_local: false
    Microsoft.VisualStudio.Services.Client (14.102) - copy_local: false, redirects: force
      Microsoft.AspNet.WebApi.Client (>= 5.2.2)
      Newtonsoft.Json (>= 6.0.8)
    Microsoft.VisualStudio.Services.InteractiveClient (14.102) - copy_local: false, redirects: force
      Microsoft.AspNet.WebApi.Client (>= 5.2.2)
      Microsoft.IdentityModel.Clients.ActiveDirectory (>= 2.16.204221202)
      Microsoft.VisualStudio.Services.Client (14.102)
      Newtonsoft.Json (>= 6.0.8)
      System.IdentityModel.Tokens.Jwt (>= 4.0)
      WindowsAzure.ServiceBus (>= 2.5.1)
    Microsoft.VisualStudio.Shell.14.0 (14.3.25407) - copy_local: false
      Microsoft.VisualStudio.Imaging (>= 14.3.25407)
      Microsoft.VisualStudio.OLE.Interop (>= 7.10.6070)
      Microsoft.VisualStudio.Shell.Immutable.10.0 (>= 10.0.30319)
      Microsoft.VisualStudio.Shell.Immutable.11.0 (>= 11.0.50727)
      Microsoft.VisualStudio.Shell.Immutable.12.0 (>= 12.0.21003)
      Microsoft.VisualStudio.Shell.Immutable.14.0 (>= 14.3.25407)
      Microsoft.VisualStudio.Shell.Interop (>= 7.10.6071)
      Microsoft.VisualStudio.Shell.Interop.8.0 (>= 8.0.50727)
      Microsoft.VisualStudio.Shell.Interop.9.0 (>= 9.0.30729)
      Microsoft.VisualStudio.TextManager.Interop (>= 7.10.6070)
      Microsoft.VisualStudio.Threading (>= 14.1.111)
      Microsoft.VisualStudio.Utilities (>= 14.3.25407)
    Microsoft.VisualStudio.Shell.Immutable.10.0 (10.0.30319)
    Microsoft.VisualStudio.Shell.Immutable.11.0 (11.0.50727)
      Microsoft.VisualStudio.OLE.Interop (>= 7.10.6070)
      Microsoft.VisualStudio.Shell.Interop (>= 7.10.6071)
    Microsoft.VisualStudio.Shell.Immutable.12.0 (12.0.21003)
    Microsoft.VisualStudio.Shell.Immutable.14.0 (14.3.25407)
      Microsoft.VisualStudio.Shell.Immutable.11.0 (>= 11.0.50727)
    Microsoft.VisualStudio.Shell.Interop (7.10.6072) - copy_local: false
      Microsoft.VisualStudio.TextManager.Interop (>= 7.10.6071)
    Microsoft.VisualStudio.Shell.Interop.10.0 (10.0.30320)
      Microsoft.VisualStudio.Shell.Interop.8.0 (>= 8.0.50728)
    Microsoft.VisualStudio.Shell.Interop.11.0 (11.0.61031)
      Microsoft.VisualStudio.Shell.Interop.10.0 (>= 10.0.30320)
    Microsoft.VisualStudio.Shell.Interop.12.0 (12.0.30111)
      Microsoft.VisualStudio.Shell.Interop.11.0 (>= 11.0.61031)
    Microsoft.VisualStudio.Shell.Interop.8.0 (8.0.50728) - copy_local: false
      Microsoft.VisualStudio.Shell.Interop (>= 7.10.6072)
      Microsoft.VisualStudio.TextManager.Interop.8.0 (>= 8.0.50728)
    Microsoft.VisualStudio.Shell.Interop.9.0 (9.0.30730) - copy_local: false
      Microsoft.VisualStudio.Shell.Interop.8.0 (>= 8.0.50728)
    Microsoft.VisualStudio.TextManager.Interop (7.10.6071) - copy_local: false
      Microsoft.VisualStudio.OLE.Interop (>= 7.10.6071)
    Microsoft.VisualStudio.TextManager.Interop.8.0 (8.0.50728) - copy_local: false
      Microsoft.VisualStudio.Shell.Interop (>= 7.10.6072)
    Microsoft.VisualStudio.Threading (14.1.131)
      Microsoft.VisualStudio.Validation (>= 14.1.111)
    Microsoft.VisualStudio.Utilities (15.0.26607)
    Microsoft.VisualStudio.Validation (15.5.31)
    Newtonsoft.Json (12.0.3) - copy_local: false, redirects: force
    System.IdentityModel.Tokens.Jwt (6.5) - copy_local: false, redirects: force
      Microsoft.IdentityModel.JsonWebTokens (>= 6.5)
      Microsoft.IdentityModel.Tokens (>= 6.5)
    System.IO (4.3) - copy_local: false, redirects: force
    System.Net.Http (4.3.4) - copy_local: false, redirects: force
      System.Security.Cryptography.X509Certificates (>= 4.3)
    System.Runtime (4.3.1) - copy_local: false, redirects: force
    System.Security.Cryptography.Algorithms (4.3.1) - copy_local: false, redirects: force
      System.IO (>= 4.3)
      System.Runtime (>= 4.3)
      System.Security.Cryptography.Encoding (>= 4.3)
      System.Security.Cryptography.Primitives (>= 4.3)
    System.Security.Cryptography.Encoding (4.3) - copy_local: false, redirects: force
    System.Security.Cryptography.Primitives (4.3) - copy_local: false, redirects: force
    System.Security.Cryptography.X509Certificates (4.3.2) - copy_local: false, redirects: force
      System.Security.Cryptography.Algorithms (>= 4.3)
      System.Security.Cryptography.Encoding (>= 4.3)
    WindowsAzure.ServiceBus (6.0.1) - copy_local: false, redirects: force
      Microsoft.Azure.Services.AppAuthentication (>= 1.0.3)
      Microsoft.Rest.ClientRuntime (>= 2.3.20)
      System.IdentityModel.Tokens.Jwt (>= 4.0.4.403061554)

GROUP vs15
RESTRICTION: == net48
NUGET
  remote: https://api.nuget.org/v3/index.json
    Microsoft.AspNet.WebApi.Client (5.2.7) - copy_local: false, redirects: force
      Newtonsoft.Json (>= 6.0.4)
    Microsoft.AspNet.WebApi.Core (5.2.7) - copy_local: false, redirects: force
      Microsoft.AspNet.WebApi.Client (>= 5.2.7)
    Microsoft.Azure.Services.AppAuthentication (1.4) - copy_local: false, redirects: force
      Microsoft.IdentityModel.Clients.ActiveDirectory (>= 5.2)
    Microsoft.IdentityModel.Clients.ActiveDirectory (5.2.7) - copy_local: false, redirects: force
      System.Net.Http (>= 4.3.4)
    Microsoft.IdentityModel.JsonWebTokens (6.5) - copy_local: false, redirects: force
      Microsoft.IdentityModel.Tokens (>= 6.5)
    Microsoft.IdentityModel.Logging (6.5) - copy_local: false, redirects: force
    Microsoft.IdentityModel.Tokens (6.5) - copy_local: false, redirects: force
      Microsoft.IdentityModel.Logging (>= 6.5)
    Microsoft.Rest.ClientRuntime (2.3.21) - copy_local: false, redirects: force
      Newtonsoft.Json (>= 10.0.3)
    Microsoft.TeamFoundation.DistributedTask.Common (15.112.1) - copy_local: false, redirects: force
      Microsoft.Tpl.Dataflow (>= 4.5.24)
      Microsoft.VisualStudio.Services.Client (15.112.1)
      Newtonsoft.Json (>= 8.0.3)
    Microsoft.TeamFoundationServer.Client (15.112.1) - copy_local: false, redirects: force
      Microsoft.AspNet.WebApi.Client (>= 5.2.2)
      Microsoft.TeamFoundation.DistributedTask.Common (15.112.1)
      Microsoft.VisualStudio.Services.Client (15.112.1)
      Newtonsoft.Json (>= 8.0.3)
    Microsoft.TeamFoundationServer.ExtendedClient (15.112.1) - copy_local: false, redirects: force
      Microsoft.AspNet.WebApi.Client (>= 5.2.2)
      Microsoft.AspNet.WebApi.Core (>= 5.2.2)
      Microsoft.IdentityModel.Clients.ActiveDirectory (>= 3.13.5)
      Microsoft.TeamFoundationServer.Client (15.112.1)
      Microsoft.VisualStudio.Services.Client (15.112.1)
      Microsoft.VisualStudio.Services.InteractiveClient (15.112.1)
      Newtonsoft.Json (>= 8.0.3)
      System.IdentityModel.Tokens.Jwt (>= 4.0.2.206221351)
    Microsoft.Tpl.Dataflow (4.5.24) - copy_local: false, redirects: force
    Microsoft.VisualStudio.CoreUtility (15.6.27740) - copy_local: false
      Microsoft.VisualStudio.Threading (>= 15.3.23)
      Microsoft.VisualStudio.Validation (>= 15.3.15)
    Microsoft.VisualStudio.ImageCatalog (16.5.29903.111) - copy_local: false
    Microsoft.VisualStudio.Imaging (15.9.28307) - copy_local: false
      Microsoft.VisualStudio.ImageCatalog (>= 15.9.28307)
      Microsoft.VisualStudio.Utilities (>= 15.9.28307)
    Microsoft.VisualStudio.Imaging.Interop.14.0.DesignTime (14.3.26930) - copy_local: false
      Microsoft.VisualStudio.SDK.EmbedInteropTypes (>= 15.0.16)
    Microsoft.VisualStudio.OLE.Interop (7.10.6071) - copy_local: false
    Microsoft.VisualStudio.SDK.EmbedInteropTypes (15.0.30) - copy_local: false
    Microsoft.VisualStudio.Services.Client (15.112.1) - copy_local: false, redirects: force
      Microsoft.AspNet.WebApi.Client (>= 5.2.2)
      Newtonsoft.Json (>= 8.0.3)
    Microsoft.VisualStudio.Services.InteractiveClient (15.112.1) - copy_local: false, redirects: force
      Microsoft.AspNet.WebApi.Client (>= 5.2.2)
      Microsoft.IdentityModel.Clients.ActiveDirectory (>= 3.13.5)
      Microsoft.VisualStudio.Services.Client (15.112.1)
      Newtonsoft.Json (>= 8.0.3)
      System.IdentityModel.Tokens.Jwt (>= 4.0.2.206221351)
      WindowsAzure.ServiceBus (>= 3.3.2)
    Microsoft.VisualStudio.Shell.14.0 (14.3.25407) - copy_local: false
      Microsoft.VisualStudio.Imaging (>= 14.3.25407)
      Microsoft.VisualStudio.OLE.Interop (>= 7.10.6070)
      Microsoft.VisualStudio.Shell.Immutable.10.0 (>= 10.0.30319)
      Microsoft.VisualStudio.Shell.Immutable.11.0 (>= 11.0.50727)
      Microsoft.VisualStudio.Shell.Immutable.12.0 (>= 12.0.21003)
      Microsoft.VisualStudio.Shell.Immutable.14.0 (>= 14.3.25407)
      Microsoft.VisualStudio.Shell.Interop (>= 7.10.6071)
      Microsoft.VisualStudio.Shell.Interop.8.0 (>= 8.0.50727)
      Microsoft.VisualStudio.Shell.Interop.9.0 (>= 9.0.30729)
      Microsoft.VisualStudio.TextManager.Interop (>= 7.10.6070)
      Microsoft.VisualStudio.Threading (>= 14.1.111)
      Microsoft.VisualStudio.Utilities (>= 14.3.25407)
    Microsoft.VisualStudio.Shell.15.0 (15.9.28307) - copy_local: false
      Microsoft.VisualStudio.Imaging (>= 15.9.28307)
      Microsoft.VisualStudio.SDK.EmbedInteropTypes (>= 15.0.16)
      Microsoft.VisualStudio.Shell.Framework (>= 15.9.28307)
      Microsoft.VisualStudio.Shell.Interop.14.0.DesignTime (>= 14.3.26929)
      Microsoft.VisualStudio.Shell.Interop.15.3.DesignTime (>= 15.0.26929)
      Microsoft.VisualStudio.Shell.Interop.15.6.DesignTime (>= 15.6.27413)
      Microsoft.VisualStudio.Shell.Interop.9.0 (>= 9.0.30730)
      Microsoft.VisualStudio.Text.Data (>= 15.6.27740)
      Microsoft.VisualStudio.Threading (>= 15.6.31)
    Microsoft.VisualStudio.Shell.Framework (15.9.28307) - copy_local: false
      Microsoft.VisualStudio.CoreUtility (>= 15.6.27740)
      Microsoft.VisualStudio.OLE.Interop (>= 7.10.6071)
      Microsoft.VisualStudio.Utilities (>= 15.9.28307)
    Microsoft.VisualStudio.Shell.Immutable.10.0 (15.0.25415) - copy_local: false
      Microsoft.VisualStudio.Shell.Framework (>= 15.0.25415)
    Microsoft.VisualStudio.Shell.Immutable.11.0 (15.0.25415) - copy_local: false
      Microsoft.VisualStudio.Shell.Framework (>= 15.0.25415)
    Microsoft.VisualStudio.Shell.Immutable.12.0 (15.0.25415) - copy_local: false
      Microsoft.VisualStudio.Shell.Framework (>= 15.0.25415)
    Microsoft.VisualStudio.Shell.Immutable.14.0 (15.0.25405) - copy_local: false
      Microsoft.VisualStudio.Shell.Framework (>= 15.0.25405)
    Microsoft.VisualStudio.Shell.Interop (7.10.6072) - copy_local: false
      Microsoft.VisualStudio.TextManager.Interop (>= 7.10.6071)
    Microsoft.VisualStudio.Shell.Interop.10.0 (10.0.30320)
      Microsoft.VisualStudio.Shell.Interop.8.0 (>= 8.0.50728)
    Microsoft.VisualStudio.Shell.Interop.11.0 (11.0.61031)
      Microsoft.VisualStudio.Shell.Interop.10.0 (>= 10.0.30320)
    Microsoft.VisualStudio.Shell.Interop.12.0 (12.0.30111)
      Microsoft.VisualStudio.Shell.Interop.11.0 (>= 11.0.61031)
    Microsoft.VisualStudio.Shell.Interop.14.0.DesignTime (14.3.26929) - copy_local: false
      Microsoft.VisualStudio.Imaging.Interop.14.0.DesignTime (>= 14.3.26930)
      Microsoft.VisualStudio.SDK.EmbedInteropTypes (>= 15.0.16)
      Microsoft.VisualStudio.Shell.Interop.12.0 (>= 12.0.30111)
    Microsoft.VisualStudio.Shell.Interop.15.3.DesignTime (15.0.26929) - copy_local: false
      Microsoft.VisualStudio.SDK.EmbedInteropTypes (>= 15.0.12)
      Microsoft.VisualStudio.Shell.Interop.11.0 (>= 11.0.61031)
    Microsoft.VisualStudio.Shell.Interop.15.6.DesignTime (15.6.27413) - copy_local: false
      Microsoft.VisualStudio.SDK.EmbedInteropTypes (>= 15.0.16)
      Microsoft.VisualStudio.Shell.Interop.11.0 (>= 11.0.61031)
    Microsoft.VisualStudio.Shell.Interop.8.0 (8.0.50728) - copy_local: false
      Microsoft.VisualStudio.Shell.Interop (>= 7.10.6072)
      Microsoft.VisualStudio.TextManager.Interop.8.0 (>= 8.0.50728)
    Microsoft.VisualStudio.Shell.Interop.9.0 (9.0.30730) - copy_local: false
      Microsoft.VisualStudio.Shell.Interop.8.0 (>= 8.0.50728)
    Microsoft.VisualStudio.Text.Data (15.6.27740) - copy_local: false
      Microsoft.VisualStudio.CoreUtility (>= 15.6.27740)
      Microsoft.VisualStudio.Threading (>= 15.3.23)
      Microsoft.VisualStudio.Validation (>= 15.3.15)
    Microsoft.VisualStudio.TextManager.Interop (7.10.6071) - copy_local: false
      Microsoft.VisualStudio.OLE.Interop (>= 7.10.6071)
    Microsoft.VisualStudio.TextManager.Interop.8.0 (8.0.50728) - copy_local: false
      Microsoft.VisualStudio.Shell.Interop (>= 7.10.6072)
    Microsoft.VisualStudio.Threading (15.8.209)
      Microsoft.VisualStudio.Threading.Analyzers (>= 15.8.209)
      Microsoft.VisualStudio.Validation (>= 15.3.15)
    Microsoft.VisualStudio.Threading.Analyzers (16.6.13)
    Microsoft.VisualStudio.Utilities (15.9.28307)
      Microsoft.VisualStudio.Threading (>= 15.6.31)
      StreamJsonRpc (>= 1.3.23)
    Microsoft.VisualStudio.Validation (15.5.31) - copy_local: false
    Nerdbank.Streams (2.2.43)
      Microsoft.VisualStudio.Threading (>= 15.8.192)
      System.Buffers (>= 4.5)
      System.IO.Pipelines (>= 4.5.3)
      System.Net.WebSockets (>= 4.3)
      System.ValueTuple (>= 4.5)
    Newtonsoft.Json (12.0.3) - copy_local: false, redirects: force
    StreamJsonRpc (2.0.208)
      Microsoft.VisualStudio.Threading (>= 15.8.209)
      Nerdbank.Streams (>= 2.2.26)
      Newtonsoft.Json (>= 9.0.1)
      System.IO.Pipelines (>= 4.5.3)
      System.Memory (>= 4.5.2)
      System.Net.Http (>= 4.3.3)
      System.Net.WebSockets (>= 4.3)
      System.Reflection.Emit (>= 4.3)
      System.Threading.Tasks.Extensions (>= 4.5.2)
    System.Buffers (4.5.1)
    System.IdentityModel.Tokens.Jwt (6.5) - copy_local: false, redirects: force
      Microsoft.IdentityModel.JsonWebTokens (>= 6.5)
      Microsoft.IdentityModel.Tokens (>= 6.5)
    System.IO (4.3) - copy_local: false, redirects: force
    System.IO.Pipelines (4.7.1)
      System.Buffers (>= 4.5)
      System.Memory (>= 4.5.3)
      System.Threading.Tasks.Extensions (>= 4.5.2)
    System.Memory (4.5.4)
      System.Buffers (>= 4.5.1)
      System.Numerics.Vectors (>= 4.5)
      System.Runtime.CompilerServices.Unsafe (>= 4.5.3)
    System.Net.Http (4.3.4) - copy_local: false, redirects: force
      System.Security.Cryptography.X509Certificates (>= 4.3)
    System.Net.WebSockets (4.3)
    System.Numerics.Vectors (4.5)
    System.Reflection.Emit (4.7)
    System.Runtime (4.3.1) - copy_local: false, redirects: force
    System.Runtime.CompilerServices.Unsafe (4.7.1)
    System.Security.Cryptography.Algorithms (4.3.1) - copy_local: false, redirects: force
      System.IO (>= 4.3)
      System.Runtime (>= 4.3)
      System.Security.Cryptography.Encoding (>= 4.3)
      System.Security.Cryptography.Primitives (>= 4.3)
    System.Security.Cryptography.Encoding (4.3) - copy_local: false, redirects: force
    System.Security.Cryptography.Primitives (4.3) - copy_local: false, redirects: force
    System.Security.Cryptography.X509Certificates (4.3.2) - copy_local: false, redirects: force
      System.Security.Cryptography.Algorithms (>= 4.3)
      System.Security.Cryptography.Encoding (>= 4.3)
    System.Threading.Tasks.Extensions (4.5.4)
      System.Runtime.CompilerServices.Unsafe (>= 4.5.3)
    System.ValueTuple (4.5)
    WindowsAzure.ServiceBus (6.0.1) - copy_local: false, redirects: force
      Microsoft.Azure.Services.AppAuthentication (>= 1.0.3)
      Microsoft.Rest.ClientRuntime (>= 2.3.20)
      System.IdentityModel.Tokens.Jwt (>= 4.0.4.403061554)

GROUP vs16
RESTRICTION: == net48
NUGET
  remote: https://api.nuget.org/v3/index.json
    Ben.Demystifier (0.1.6) - copy_local: false, redirects: force
      System.Reflection.Metadata (>= 1.6)
      System.Threading.Tasks.Extensions (>= 4.5.3)
    MessagePack (2.1.115) - copy_local: false
      MessagePack.Annotations (>= 2.1.115)
      Microsoft.Bcl.AsyncInterfaces (>= 1.0)
      System.Memory (>= 4.5.3)
      System.Reflection.Emit (>= 4.6)
      System.Reflection.Emit.Lightweight (>= 4.6)
      System.Runtime.CompilerServices.Unsafe (>= 4.5.2)
      System.Threading.Tasks.Extensions (>= 4.5.3)
    MessagePack.Annotations (2.1.115) - copy_local: false
    Microsoft.AspNet.WebApi.Client (5.2.7) - copy_local: false, redirects: force
      Newtonsoft.Json (>= 6.0.4)
    Microsoft.AspNet.WebApi.Core (5.2.7) - copy_local: false, redirects: force
      Microsoft.AspNet.WebApi.Client (>= 5.2.7)
    Microsoft.Bcl.AsyncInterfaces (1.1)
      System.Threading.Tasks.Extensions (>= 4.5.2)
    Microsoft.CodeAnalysis.BannedApiAnalyzers (2.9.8) - copy_local: false
    Microsoft.IdentityModel.Clients.ActiveDirectory (5.2.7) - copy_local: false, redirects: force
      System.Net.Http (>= 4.3.4)
    Microsoft.IdentityModel.JsonWebTokens (6.5) - copy_local: false, redirects: force
      Microsoft.IdentityModel.Tokens (>= 6.5)
    Microsoft.IdentityModel.Logging (6.5) - copy_local: false, redirects: force
    Microsoft.IdentityModel.Tokens (6.5) - copy_local: false, redirects: force
      Microsoft.IdentityModel.Logging (>= 6.5)
    Microsoft.TeamFoundation.DistributedTask.Common.Contracts (16.147.0-preview) - copy_local: false, redirects: force
      Microsoft.VisualStudio.Services.Client (16.147.0-preview)
    Microsoft.TeamFoundationServer.Client (16.147.0-preview) - copy_local: false, redirects: force
      Microsoft.AspNet.WebApi.Client (>= 5.2.3)
      Microsoft.TeamFoundation.DistributedTask.Common.Contracts (16.147.0-preview)
      Microsoft.VisualStudio.Services.Client (16.147.0-preview)
      Newtonsoft.Json (>= 10.0.3)
    Microsoft.TeamFoundationServer.ExtendedClient (16.147.0-preview) - copy_local: false, redirects: force
      Microsoft.AspNet.WebApi.Client (>= 5.2.3)
      Microsoft.AspNet.WebApi.Core (>= 5.2.3)
      Microsoft.IdentityModel.Clients.ActiveDirectory (>= 3.17.2)
      Microsoft.TeamFoundationServer.Client (16.147.0-preview)
      Microsoft.VisualStudio.Services.Client (16.147.0-preview)
      Microsoft.VisualStudio.Services.InteractiveClient (16.147.0-preview)
      Newtonsoft.Json (>= 10.0.3)
      System.IdentityModel.Tokens.Jwt (>= 5.2.1)
    Microsoft.VisualStudio.CoreUtility (16.0.428) - copy_local: false
      Microsoft.VisualStudio.Threading (>= 15.8.192)
    Microsoft.VisualStudio.ImageCatalog (16.5.29903.111) - copy_local: false
    Microsoft.VisualStudio.Imaging (16.5.29903.186) - copy_local: false
      Microsoft.VisualStudio.ImageCatalog (>= 16.5.29903.111)
      Microsoft.VisualStudio.Utilities (>= 16.5.29903.186)
    Microsoft.VisualStudio.Imaging.Interop.14.0.DesignTime (14.3.26930) - copy_local: false
      Microsoft.VisualStudio.SDK.EmbedInteropTypes (>= 15.0.16)
    Microsoft.VisualStudio.OLE.Interop (7.10.6071) - copy_local: false
    Microsoft.VisualStudio.SDK.Analyzers (16.5.5) - copy_local: false
      Microsoft.CodeAnalysis.BannedApiAnalyzers (>= 2.9.4)
      Microsoft.VisualStudio.Threading.Analyzers (>= 16.3.52)
    Microsoft.VisualStudio.SDK.EmbedInteropTypes (15.0.30) - copy_local: false
    Microsoft.VisualStudio.Services.Client (16.147.0-preview) - copy_local: false, redirects: force
      Microsoft.AspNet.WebApi.Client (>= 5.2.3)
      Microsoft.IdentityModel.Tokens (>= 5.2.1)
      Newtonsoft.Json (>= 10.0.3)
      System.IdentityModel.Tokens.Jwt (>= 5.2.1)
    Microsoft.VisualStudio.Services.InteractiveClient (16.147.0-preview) - copy_local: false, redirects: force
      Ben.Demystifier (>= 0.1.2)
      Microsoft.IdentityModel.Clients.ActiveDirectory (>= 3.17.2)
      Microsoft.IdentityModel.Logging (>= 5.2.1)
      Microsoft.IdentityModel.Tokens (>= 5.2.1)
      Microsoft.VisualStudio.Services.Client (16.147.0-preview)
      Newtonsoft.Json (>= 10.0.3)
      System.IdentityModel.Tokens.Jwt (>= 5.2.1)
    Microsoft.VisualStudio.Shell.14.0 (14.3.25407) - copy_local: false
      Microsoft.VisualStudio.Imaging (>= 14.3.25407)
      Microsoft.VisualStudio.OLE.Interop (>= 7.10.6070)
      Microsoft.VisualStudio.Shell.Immutable.10.0 (>= 10.0.30319)
      Microsoft.VisualStudio.Shell.Immutable.11.0 (>= 11.0.50727)
      Microsoft.VisualStudio.Shell.Immutable.12.0 (>= 12.0.21003)
      Microsoft.VisualStudio.Shell.Immutable.14.0 (>= 14.3.25407)
      Microsoft.VisualStudio.Shell.Interop (>= 7.10.6071)
      Microsoft.VisualStudio.Shell.Interop.8.0 (>= 8.0.50727)
      Microsoft.VisualStudio.Shell.Interop.9.0 (>= 9.0.30729)
      Microsoft.VisualStudio.TextManager.Interop (>= 7.10.6070)
      Microsoft.VisualStudio.Threading (>= 14.1.111)
      Microsoft.VisualStudio.Utilities (>= 14.3.25407)
    Microsoft.VisualStudio.Shell.15.0 (15.9.28307) - copy_local: false
      Microsoft.VisualStudio.Imaging (>= 15.9.28307)
      Microsoft.VisualStudio.SDK.EmbedInteropTypes (>= 15.0.16)
      Microsoft.VisualStudio.Shell.Framework (>= 15.9.28307)
      Microsoft.VisualStudio.Shell.Interop.14.0.DesignTime (>= 14.3.26929)
      Microsoft.VisualStudio.Shell.Interop.15.3.DesignTime (>= 15.0.26929)
      Microsoft.VisualStudio.Shell.Interop.15.6.DesignTime (>= 15.6.27413)
      Microsoft.VisualStudio.Shell.Interop.9.0 (>= 9.0.30730)
      Microsoft.VisualStudio.Text.Data (>= 15.6.27740)
      Microsoft.VisualStudio.Threading (>= 15.6.31)
    Microsoft.VisualStudio.Shell.Framework (16.5.29911.84) - copy_local: false
      Microsoft.VisualStudio.OLE.Interop (>= 7.10.6071)
      Microsoft.VisualStudio.SDK.Analyzers (>= 16.3.14)
      Microsoft.VisualStudio.Utilities (>= 16.5.29903.186)
    Microsoft.VisualStudio.Shell.Immutable.10.0 (15.0.25415) - copy_local: false
      Microsoft.VisualStudio.Shell.Framework (>= 15.0.25415)
    Microsoft.VisualStudio.Shell.Immutable.11.0 (15.0.25415) - copy_local: false
      Microsoft.VisualStudio.Shell.Framework (>= 15.0.25415)
    Microsoft.VisualStudio.Shell.Immutable.12.0 (15.0.25415) - copy_local: false
      Microsoft.VisualStudio.Shell.Framework (>= 15.0.25415)
    Microsoft.VisualStudio.Shell.Immutable.14.0 (15.0.25405) - copy_local: false
      Microsoft.VisualStudio.Shell.Framework (>= 15.0.25405)
    Microsoft.VisualStudio.Shell.Interop (7.10.6072) - copy_local: false
      Microsoft.VisualStudio.TextManager.Interop (>= 7.10.6071)
    Microsoft.VisualStudio.Shell.Interop.10.0 (10.0.30320)
      Microsoft.VisualStudio.Shell.Interop.8.0 (>= 8.0.50728)
    Microsoft.VisualStudio.Shell.Interop.11.0 (11.0.61031)
      Microsoft.VisualStudio.Shell.Interop.10.0 (>= 10.0.30320)
    Microsoft.VisualStudio.Shell.Interop.12.0 (12.0.30111)
      Microsoft.VisualStudio.Shell.Interop.11.0 (>= 11.0.61031)
    Microsoft.VisualStudio.Shell.Interop.14.0.DesignTime (14.3.26929) - copy_local: false
      Microsoft.VisualStudio.Imaging.Interop.14.0.DesignTime (>= 14.3.26930)
      Microsoft.VisualStudio.SDK.EmbedInteropTypes (>= 15.0.16)
      Microsoft.VisualStudio.Shell.Interop.12.0 (>= 12.0.30111)
    Microsoft.VisualStudio.Shell.Interop.15.3.DesignTime (15.0.26929) - copy_local: false
      Microsoft.VisualStudio.SDK.EmbedInteropTypes (>= 15.0.12)
      Microsoft.VisualStudio.Shell.Interop.11.0 (>= 11.0.61031)
    Microsoft.VisualStudio.Shell.Interop.15.6.DesignTime (15.6.27413) - copy_local: false
      Microsoft.VisualStudio.SDK.EmbedInteropTypes (>= 15.0.16)
      Microsoft.VisualStudio.Shell.Interop.11.0 (>= 11.0.61031)
    Microsoft.VisualStudio.Shell.Interop.8.0 (8.0.50728) - copy_local: false
      Microsoft.VisualStudio.Shell.Interop (>= 7.10.6072)
      Microsoft.VisualStudio.TextManager.Interop.8.0 (>= 8.0.50728)
    Microsoft.VisualStudio.Shell.Interop.9.0 (9.0.30730) - copy_local: false
      Microsoft.VisualStudio.Shell.Interop.8.0 (>= 8.0.50728)
    Microsoft.VisualStudio.Text.Data (16.0.428) - copy_local: false
      Microsoft.VisualStudio.CoreUtility (>= 16.0.428)
      Microsoft.VisualStudio.Threading (>= 15.8.192)
    Microsoft.VisualStudio.TextManager.Interop (7.10.6071) - copy_local: false
      Microsoft.VisualStudio.OLE.Interop (>= 7.10.6071)
    Microsoft.VisualStudio.TextManager.Interop.8.0 (8.0.50728) - copy_local: false
      Microsoft.VisualStudio.Shell.Interop (>= 7.10.6072)
    Microsoft.VisualStudio.Threading (16.6.13)
      Microsoft.Bcl.AsyncInterfaces (>= 1.0)
      Microsoft.VisualStudio.Threading.Analyzers (>= 16.6.13)
      Microsoft.VisualStudio.Validation (>= 15.5.31)
      Microsoft.Win32.Registry (>= 4.6)
      System.Threading.Tasks.Extensions (>= 4.5.3)
    Microsoft.VisualStudio.Threading.Analyzers (16.6.13)
    Microsoft.VisualStudio.Utilities (16.5.29903.186) - copy_local: false
      Microsoft.VisualStudio.Threading (>= 16.5.132)
      Newtonsoft.Json (>= 12.0.2)
      StreamJsonRpc (>= 2.3.99)
      System.Threading.Tasks.Dataflow (>= 4.9)
    Microsoft.VisualStudio.Validation (15.5.31)
    Microsoft.Win32.Registry (4.7)
      System.Security.AccessControl (>= 4.7)
      System.Security.Principal.Windows (>= 4.7)
    Nerdbank.Streams (2.4.67) - copy_local: false
      Microsoft.VisualStudio.Threading (>= 16.4.33)
      Microsoft.VisualStudio.Validation (>= 15.5.31)
      System.Buffers (>= 4.5)
      System.IO.Pipelines (>= 4.5.3)
      System.Net.WebSockets (>= 4.3)
      System.Runtime.CompilerServices.Unsafe (>= 4.6)
      System.ValueTuple (>= 4.5)
    Newtonsoft.Json (12.0.3) - copy_local: false, redirects: force
    StreamJsonRpc (2.3.103) - copy_local: false
      MessagePack (>= 2.1.90)
      Microsoft.Bcl.AsyncInterfaces (>= 1.0)
      Microsoft.VisualStudio.Threading (>= 16.4.45)
      Nerdbank.Streams (>= 2.4.60)
      Newtonsoft.Json (>= 12.0.2)
      System.Collections.Immutable (>= 1.5)
      System.IO.Pipelines (>= 4.6)
      System.Memory (>= 4.5.3)
      System.Net.Http (>= 4.3.4)
      System.Net.WebSockets (>= 4.3)
      System.Reflection.Emit (>= 4.6)
      System.Threading.Tasks.Dataflow (>= 4.9)
      System.Threading.Tasks.Extensions (>= 4.5.3)
    System.Buffers (4.5.1) - copy_local: false
    System.Collections.Immutable (1.7) - copy_local: false, redirects: force
      System.Memory (>= 4.5.3)
    System.IdentityModel.Tokens.Jwt (6.5) - copy_local: false, redirects: force
      Microsoft.IdentityModel.JsonWebTokens (>= 6.5)
      Microsoft.IdentityModel.Tokens (>= 6.5)
    System.IO (4.3) - copy_local: false, redirects: force
    System.IO.Pipelines (4.7.1) - copy_local: false
      System.Buffers (>= 4.5)
      System.Memory (>= 4.5.3)
      System.Threading.Tasks.Extensions (>= 4.5.2)
    System.Memory (4.5.4) - copy_local: false
      System.Buffers (>= 4.5.1)
      System.Numerics.Vectors (>= 4.5)
      System.Runtime.CompilerServices.Unsafe (>= 4.5.3)
    System.Net.Http (4.3.4) - copy_local: false, redirects: force
      System.Security.Cryptography.X509Certificates (>= 4.3)
    System.Net.WebSockets (4.3) - copy_local: false
    System.Numerics.Vectors (4.5) - copy_local: false
    System.Reflection.Emit (4.7) - copy_local: false
    System.Reflection.Emit.Lightweight (4.7) - copy_local: false
    System.Reflection.Metadata (1.8) - copy_local: false, redirects: force
      System.Collections.Immutable (>= 1.7)
    System.Runtime (4.3.1) - copy_local: false, redirects: force
    System.Runtime.CompilerServices.Unsafe (4.7.1)
    System.Security.AccessControl (4.7)
      System.Security.Principal.Windows (>= 4.7)
    System.Security.Cryptography.Algorithms (4.3.1) - copy_local: false, redirects: force
      System.IO (>= 4.3)
      System.Runtime (>= 4.3)
      System.Security.Cryptography.Encoding (>= 4.3)
      System.Security.Cryptography.Primitives (>= 4.3)
    System.Security.Cryptography.Encoding (4.3) - copy_local: false, redirects: force
    System.Security.Cryptography.Primitives (4.3) - copy_local: false, redirects: force
    System.Security.Cryptography.X509Certificates (4.3.2) - copy_local: false, redirects: force
      System.Security.Cryptography.Algorithms (>= 4.3)
      System.Security.Cryptography.Encoding (>= 4.3)
    System.Security.Principal.Windows (4.7)
    System.Threading.Tasks.Dataflow (4.11) - copy_local: false
    System.Threading.Tasks.Extensions (4.5.4)
      System.Runtime.CompilerServices.Unsafe (>= 4.5.3)
    System.ValueTuple (4.5) - copy_local: false
